{
  "bids_meta": {
    "AcquisitionMatrixPE": 320,
    "AcquisitionNumber": 1,
    "AcquisitionTime": "11:26:3.280000",
    "BaseResolution": 320,
    "BodyPartExamined": "HEAD",
    "CoilString": "HC1-7;NC1_2",
    "ConsistencyInfo": "N4_VE11C_LATEST_20160120",
    "ConversionSoftware": "dcm2niix",
    "ConversionSoftwareVersion": "v1.0.20200427",
    "DeviceSerialNumber": "66072",
    "DwellTime": 2.1e-06,
    "EchoTime": 0.564,
    "EchoTrainLength": 326,
    "FlipAngle": 120,
    "ImageOrientationPatientDICOM": [
      0.00635617,
      0.98165,
      0.190588,
      -0.0219838,
      0.190683,
      -0.981405
    ],
    "ImageType": [
      "ORIGINAL",
      "PRIMARY",
      "M",
      "ND",
      "NORM"
    ],
    "ImagingFrequency": 123.232,
    "InPlanePhaseEncodingDirectionDICOM": "ROW",
    "InstitutionalDepartmentName": "Department",
    "MRAcquisitionType": "3D",
    "MagneticFieldStrength": 3,
    "Manufacturer": "Siemens",
    "ManufacturersModelName": "Prisma",
    "Modality": "MR",
    "ParallelReductionFactorInPlane": 2,
    "PartialFourier": 1,
    "PatientPosition": "HFS",
    "PercentPhaseFOV": 100,
    "PercentSampling": 100,
    "PhaseEncodingDirection": "i",
    "PhaseEncodingSteps": 287,
    "PhaseResolution": 1,
    "PixelBandwidth": 745,
    "ProcedureStepDescription": "Projets_PredictEye",
    "ProtocolName": "T2w_vNav_0p8mm",
    "PulseSequenceDetails": "%CustomerSeq%_tse_vfl_mgh_epinav_ABCD",
    "ReceiveCoilActiveElements": "HC1-7;NC1,2",
    "ReceiveCoilName": "HeadNeck_64",
    "ReconMatrixPE": 320,
    "RefLinesPE": 32,
    "RepetitionTime": 3.2,
    "SAR": 0.142876,
    "ScanOptions": "PFP",
    "ScanningSequence": "SE",
    "SequenceName": "spc_360ns",
    "SequenceVariant": "SK_SP",
    "SeriesDescription": "T2w_vNav_0p8mm",
    "SeriesNumber": 33,
    "ShimSetting": [
      -609,
      -10825,
      -675,
      -165,
      91,
      -281,
      -16,
      13
    ],
    "SliceThickness": 0.8,
    "SoftwareVersions": "syngo_MR_E11",
    "StationName": "AWP66072",
    "TxRefAmp": 251.232,
    "WipMemBlock": "Prisma_epi_moco_navigator_ABCD_tse_vfl.prot",
    "dataset": "ds004158",
    "modality": "T2w",
    "session_id": "01",
    "subject_id": "17"
  },
  "cjv": 0.8373810231992489,
  "cnr": 1.0441686920018627,
  "efc": 0.5852755215225557,
  "fber": 9665.669362133713,
  "fwhm_avg": 2.5994301336474614,
  "fwhm_x": 2.5309654794316425,
  "fwhm_y": 2.8297249578338124,
  "fwhm_z": 2.43759996367693,
  "icvs_csf": 0.25173003547940986,
  "icvs_gm": 0.38240493308475637,
  "icvs_wm": 0.36586503143583365,
  "inu_med": 0.9652230143547058,
  "inu_range": 0.35277613401412966,
  "provenance": {
    "md5sum": "a4cb74e8c6495c6e7879a0c66c745002",
    "settings": {
      "testing": false
    },
    "software": "mriqc",
    "version": "23.1.0",
    "warnings": {
      "large_rot_frame": true,
      "small_air_mask": false
    }
  },
  "qi_1": 0.0,
  "qi_2": 0.0028412265429985026,
  "rpve_csf": 8.269089211420617,
  "rpve_gm": 8.16351963919783,
  "rpve_wm": 8.21160161874482,
  "size_x": 240,
  "size_y": 320,
  "size_z": 320,
  "snr_csf": 1.7821380238332785,
  "snr_gm": 5.16932348696856,
  "snr_total": 4.240017600345612,
  "snr_wm": 5.768591290234997,
  "snrd_csf": 27.72709590840653,
  "snrd_gm": 30.0939109937641,
  "snrd_total": 26.847871217244432,
  "snrd_wm": 22.72260674956267,
  "spacing_x": 0.7999990582466125,
  "spacing_y": 0.800000011920929,
  "spacing_z": 0.800000011920929,
  "summary_bg_k": 952.7228800975971,
  "summary_bg_mad": 0.0,
  "summary_bg_mean": 7.0385677860593,
  "summary_bg_median": 0.0,
  "summary_bg_n": 5302286.0,
  "summary_bg_p05": 0.0,
  "summary_bg_p95": 27.643926106393337,
  "summary_bg_stdv": 33.738393030752086,
  "summary_csf_k": -1.7926757730309086,
  "summary_csf_mad": 1482.903034121299,
  "summary_csf_mean": 1335.0876245367244,
  "summary_csf_median": 1427.8975482955575,
  "summary_csf_n": 735465.7995971534,
  "summary_csf_p05": 26.52802450209856,
  "summary_csf_p95": 2527.821470528841,
  "summary_csf_stdv": 801.226705482792,
  "summary_gm_k": 1.5912327748930846,
  "summary_gm_mad": 156.11880413995723,
  "summary_gm_mean": 1554.973270705169,
  "summary_gm_median": 1549.7844371646643,
  "summary_gm_n": 1117251.4608574815,
  "summary_gm_p05": 1055.2371352612972,
  "summary_gm_p95": 2081.410106010735,
  "summary_gm_stdv": 299.803977735438,
  "summary_wm_k": 11.644776284002289,
  "summary_wm_mad": 161.75893434732563,
  "summary_wm_mean": 1194.53353624271,
  "summary_wm_median": 1170.1750005036592,
  "summary_wm_n": 1068927.7398985727,
  "summary_wm_p05": 903.3730714768171,
  "summary_wm_p95": 1541.9731259346008,
  "summary_wm_stdv": 202.85272335468198,
  "tpm_overlap_csf": 0.23984783667605433,
  "tpm_overlap_gm": 0.528675649375889,
  "tpm_overlap_wm": 0.5461740410961393,
  "wm2max": 0.4366754367700782
}