{
  "bids_meta": {
    "AcquisitionMatrixPE": 320,
    "AcquisitionNumber": 1,
    "AcquisitionTime": "11:32:58.580000",
    "BaseResolution": 320,
    "BodyPartExamined": "HEAD",
    "CoilString": "HC1-7;NC1_2",
    "ConsistencyInfo": "N4_VE11C_LATEST_20160120",
    "ConversionSoftware": "dcm2niix",
    "ConversionSoftwareVersion": "v1.0.20200427",
    "DeviceSerialNumber": "66072",
    "DwellTime": 7.4e-06,
    "EchoTime": 0.00228,
    "FlipAngle": 9,
    "ImageOrientationPatientDICOM": [
      0.00635617,
      0.98165,
      0.190588,
      -0.0219838,
      0.190683,
      -0.981405
    ],
    "ImageType": [
      "ORIGINAL",
      "PRIMARY",
      "M",
      "NORM",
      "DIS3D",
      "DIS2D"
    ],
    "ImagingFrequency": 123.232,
    "InPlanePhaseEncodingDirectionDICOM": "ROW",
    "InstitutionalDepartmentName": "Department",
    "InversionTime": 0.9,
    "MRAcquisitionType": "3D",
    "MagneticFieldStrength": 3,
    "Manufacturer": "Siemens",
    "ManufacturersModelName": "Prisma",
    "Modality": "MR",
    "PartialFourier": 1,
    "PatientPosition": "HFS",
    "PercentPhaseFOV": 100,
    "PercentSampling": 100,
    "PhaseEncodingSteps": 320,
    "PhaseResolution": 1,
    "PixelBandwidth": 210,
    "ProcedureStepDescription": "Projets_PredictEye",
    "ProtocolName": "T1w_CS_0p8mm",
    "PulseSequenceDetails": "%CustomerSeq%_cstfl_wip925b",
    "ReceiveCoilActiveElements": "HC1-7;NC1,2",
    "ReceiveCoilName": "HeadNeck_64",
    "ReconMatrixPE": 320,
    "RefLinesPE": 32,
    "RepetitionTime": 2.3,
    "SAR": 0.049117,
    "ScanOptions": "IR_WE",
    "ScanningSequence": "GR_IR",
    "SequenceName": "WIP_cmp3d1_16ns",
    "SequenceVariant": "SK_SP_MP",
    "SeriesDescription": "T1w_CS_0p8mm",
    "SeriesNumber": 36,
    "ShimSetting": [
      -609,
      -10825,
      -675,
      -165,
      91,
      -281,
      -16,
      13
    ],
    "SliceThickness": 0.8,
    "SoftwareVersions": "syngo_MR_E11",
    "StationName": "AWP66072",
    "TxRefAmp": 251.232,
    "WipMemBlock": "WIP_Identifier: WIP#925B",
    "dataset": "ds004158",
    "modality": "T1w",
    "session_id": "01",
    "subject_id": "17"
  },
  "cjv": 0.47814328408007234,
  "cnr": 2.325730613325025,
  "efc": 0.6021520794094599,
  "fber": -1.0,
  "fwhm_avg": 5.085795757549071,
  "fwhm_x": 4.998349925518782,
  "fwhm_y": 5.268699921490253,
  "fwhm_z": 4.990337425638177,
  "icvs_csf": 0.26760518550755424,
  "icvs_gm": 0.39381704781377247,
  "icvs_wm": 0.33857776667867334,
  "inu_med": 0.5998697578907013,
  "inu_range": 0.2957526937127114,
  "provenance": {
    "md5sum": "0b7c5db139ee6c324bf90a8d92065add",
    "settings": {
      "testing": false
    },
    "software": "mriqc",
    "version": "23.1.0",
    "warnings": {
      "large_rot_frame": true,
      "small_air_mask": false
    }
  },
  "qi_1": 0.0,
  "qi_2": 0.003463957220428227,
  "rpve_csf": 8.179042932563359,
  "rpve_gm": 8.129057840319454,
  "rpve_wm": 8.208663787315375,
  "size_x": 240,
  "size_y": 320,
  "size_z": 320,
  "snr_csf": 1.9523778427040814,
  "snr_gm": 6.983170374838837,
  "snr_total": 6.823691375408131,
  "snr_wm": 11.535525908681478,
  "snrd_csf": 15.83880602837369,
  "snrd_gm": 28.536942443115528,
  "snrd_total": 28.544855794743174,
  "snrd_wm": 41.25881891274031,
  "spacing_x": 0.800000011920929,
  "spacing_y": 0.800000011920929,
  "spacing_z": 0.800000011920929,
  "summary_bg_k": 2298.9157836498725,
  "summary_bg_mad": 0.0,
  "summary_bg_mean": 1.6844969780770154,
  "summary_bg_median": 0.0,
  "summary_bg_n": 5180538.0,
  "summary_bg_p05": 0.0,
  "summary_bg_p95": 7.323721766471863,
  "summary_bg_stdv": 15.40727755989213,
  "summary_csf_k": -0.7862916332887391,
  "summary_csf_mad": 158.5876552184301,
  "summary_csf_mean": 379.9881259873815,
  "summary_csf_median": 372.4917142391205,
  "summary_csf_n": 795812.329654173,
  "summary_csf_p05": 84.33774662017822,
  "summary_csf_p95": 695.2609407901764,
  "summary_csf_stdv": 190.78862301098155,
  "summary_gm_k": -0.5651398718899752,
  "summary_gm_mad": 79.02602530534604,
  "summary_gm_mean": 671.8649274790035,
  "summary_gm_median": 671.1222165822983,
  "summary_gm_n": 1171144.952530675,
  "summary_gm_p05": 512.4306310415268,
  "summary_gm_p95": 830.3392709493637,
  "summary_gm_stdv": 96.10562166382054,
  "summary_wm_k": -0.40235446434350397,
  "summary_wm_mad": 64.02909628868147,
  "summary_wm_mean": 950.6595739180224,
  "summary_wm_median": 970.3110295534134,
  "summary_wm_n": 1006872.7209400652,
  "summary_wm_p05": 781.1422520875931,
  "summary_wm_p95": 1056.8163350820541,
  "summary_wm_stdv": 84.11498143999793,
  "tpm_overlap_csf": 0.20571940362597826,
  "tpm_overlap_gm": 0.5222570919146216,
  "tpm_overlap_wm": 0.5478971478197259,
  "wm2max": 0.7648992906332522
}