{
  "aor": 0.00020711111111111112,
  "aqi": 0.003955678848484849,
  "bids_meta": {
    "AcquisitionMatrixPE": 100,
    "AcquisitionNumber": 1,
    "AcquisitionTime": "14:37:8.440000",
    "BandwidthPerPixelPhaseEncode": 17.241,
    "BaseResolution": 100,
    "BodyPartExamined": "HEAD",
    "ConsistencyInfo": "N4_VE11C_LATEST_20160120",
    "ConversionSoftware": "dcm2niix",
    "ConversionSoftwareVersion": "v1.0.20200427",
    "DerivedVendorReportedEchoSpacing": 0.000580013,
    "DeviceSerialNumber": "66072",
    "DwellTime": 2.1e-06,
    "EchoTime": 0.0352,
    "EchoTrainLength": 100,
    "EffectiveEchoSpacing": 0.000580013,
    "FlipAngle": 56,
    "ImageComments": "Unaliased_MB6_PE3_LB_SENSE1",
    "ImageOrientationPatientDICOM": [
      0.999227,
      0.00985414,
      0.0380621,
      -0.00470879,
      0.991108,
      -0.132976
    ],
    "ImageType": [
      "ORIGINAL",
      "PRIMARY",
      "M",
      "MB",
      "ND",
      "MOSAIC"
    ],
    "ImagingFrequency": 123.232,
    "InPlanePhaseEncodingDirectionDICOM": "COL",
    "InstitutionalDepartmentName": "Department",
    "MRAcquisitionType": "2D",
    "MagneticFieldStrength": 3,
    "Manufacturer": "Siemens",
    "ManufacturersModelName": "Prisma",
    "Modality": "MR",
    "MultibandAccelerationFactor": 6,
    "PartialFourier": 1,
    "PatientPosition": "HFS",
    "PercentPhaseFOV": 100,
    "PercentSampling": 100,
    "PhaseEncodingDirection": "j",
    "PhaseEncodingSteps": 100,
    "PhaseResolution": 1,
    "PixelBandwidth": 2380,
    "ProcedureStepDescription": "Projets_PredictEye",
    "ProtocolName": "task-rest_run2_bold",
    "PulseSequenceDetails": "%CustomerSeq%_cmrr_mbep2d_bold",
    "ReceiveCoilActiveElements": "HC1-6",
    "ReceiveCoilName": "HeadNeck_64",
    "ReconMatrixPE": 100,
    "RepetitionTime": 0.8,
    "SAR": 0.0815722,
    "ScanOptions": "FS_EXT",
    "ScanningSequence": "EP",
    "SequenceName": "epfid2d1_100",
    "SequenceVariant": "SK_SS",
    "SeriesDescription": "task-rest_run2_bold",
    "SeriesNumber": 13,
    "ShimSetting": [
      -587,
      -10754,
      -574,
      291,
      81,
      70,
      -144,
      33
    ],
    "SliceThickness": 2,
    "SliceTiming": [
      0.72,
      0.64,
      0.56,
      0.48,
      0.4,
      0.32,
      0.24,
      0.16,
      0.08,
      0,
      0.72,
      0.64,
      0.56,
      0.48,
      0.4,
      0.32,
      0.24,
      0.16,
      0.08,
      0,
      0.72,
      0.64,
      0.56,
      0.48,
      0.4,
      0.32,
      0.24,
      0.16,
      0.08,
      0,
      0.72,
      0.64,
      0.56,
      0.48,
      0.4,
      0.32,
      0.24,
      0.16,
      0.08,
      0,
      0.72,
      0.64,
      0.56,
      0.48,
      0.4,
      0.32,
      0.24,
      0.16,
      0.08,
      0,
      0.72,
      0.64,
      0.56,
      0.48,
      0.4,
      0.32,
      0.24,
      0.16,
      0.08,
      0
    ],
    "SoftwareVersions": "syngo_MR_E11",
    "SpacingBetweenSlices": 2,
    "StationName": "AWP66072",
    "TaskName": "rest",
    "TotalReadoutTime": 0.0574213,
    "TxRefAmp": 232.462,
    "WipMemBlock": "7540d5f2-1353-40cf-b078-5ec5592634af||Sequence: R016 ve11c/master r/e634e98; Dec 19 2017 11:00:25 by eja",
    "dataset": "ds004158",
    "modality": "bold",
    "run_id": 2,
    "session_id": "01",
    "subject_id": "20",
    "task_id": "rest"
  },
  "dummy_trs": 5,
  "dvars_nstd": 39.25196974281377,
  "dvars_std": 1.0089351346558695,
  "dvars_vstd": 1.0004097465991897,
  "efc": 0.5297076610647883,
  "fber": 6869.9140625,
  "fd_mean": 0.05189149694149451,
  "fd_num": 1,
  "fd_perc": 0.20202020202020202,
  "fwhm_avg": 3.3786616666666665,
  "fwhm_x": 3.14774,
  "fwhm_y": 3.59344,
  "fwhm_z": 3.394805,
  "gcor": 0.00437598,
  "gsr_x": 0.008377579040825367,
  "gsr_y": 0.03583135828375816,
  "provenance": {
    "md5sum": "35dff50b1684647bf290be3b43523fb9",
    "settings": {
      "fd_thres": 0.2,
      "testing": false
    },
    "software": "mriqc",
    "version": "23.1.0"
  },
  "size_t": 495,
  "size_x": 100,
  "size_y": 100,
  "size_z": 60,
  "snr": 1.881449292840508,
  "spacing_tr": 0.800000011920929,
  "spacing_x": 2.0,
  "spacing_y": 2.0,
  "spacing_z": 2.0,
  "summary_bg_k": 35.77994177409012,
  "summary_bg_mad": 103.09862128765536,
  "summary_bg_mean": 639.768188347635,
  "summary_bg_median": 105.10771942138672,
  "summary_bg_n": 417457.0,
  "summary_bg_p05": 29.006988525390625,
  "summary_bg_p95": 3294.791748046875,
  "summary_bg_stdv": 1384.5343500585159,
  "summary_fg_k": 1.5382063127850527,
  "summary_fg_mad": 4191.375833718226,
  "summary_fg_mean": 9684.038165176304,
  "summary_fg_median": 8711.84765625,
  "summary_fg_n": 182543.0,
  "summary_fg_p05": 4120.53759765625,
  "summary_fg_p95": 18716.015625,
  "summary_fg_stdv": 4630.379265024627,
  "tsnr": 33.82529830932617
}