{
  "bids_meta": {
    "AcquisitionMatrixPE": 300,
    "AcquisitionNumber": 1,
    "AcquisitionTime": "11:50:58.100000",
    "BaseResolution": 320,
    "BodyPartExamined": "HEAD",
    "CoilString": "HC1-7;NC1_2",
    "ConsistencyInfo": "N4_VE11C_LATEST_20160120",
    "ConversionSoftware": "dcm2niix",
    "ConversionSoftwareVersion": "v1.0.20200427",
    "DeviceSerialNumber": "66072",
    "DwellTime": 2.1e-06,
    "EchoTime": 0.564,
    "EchoTrainLength": 282,
    "FlipAngle": 120,
    "ImageOrientationPatientDICOM": [
      0.0120133,
      0.990511,
      0.136909,
      0.0174409,
      0.136691,
      -0.99046
    ],
    "ImageType": [
      "ORIGINAL",
      "PRIMARY",
      "M",
      "ND",
      "NORM"
    ],
    "ImagingFrequency": 123.232,
    "InPlanePhaseEncodingDirectionDICOM": "ROW",
    "InstitutionalDepartmentName": "Department",
    "MRAcquisitionType": "3D",
    "MagneticFieldStrength": 3,
    "Manufacturer": "Siemens",
    "ManufacturersModelName": "Prisma",
    "Modality": "MR",
    "ParallelReductionFactorInPlane": 2,
    "PartialFourier": 1,
    "PatientPosition": "HFS",
    "PercentPhaseFOV": 93.75,
    "PercentSampling": 100,
    "PhaseEncodingDirection": "i",
    "PhaseEncodingSteps": 295,
    "PhaseResolution": 1,
    "PixelBandwidth": 745,
    "ProcedureStepDescription": "Projets_PredictEye",
    "ProtocolName": "T2w_vNav_0p8mm",
    "PulseSequenceDetails": "%CustomerSeq%_tse_vfl_mgh_epinav_ABCD",
    "ReceiveCoilActiveElements": "HC1-7;NC1,2",
    "ReceiveCoilName": "HeadNeck_64",
    "ReconMatrixPE": 300,
    "RefLinesPE": 32,
    "RepetitionTime": 3.2,
    "SAR": 0.17048,
    "ScanOptions": "PFP",
    "ScanningSequence": "SE",
    "SequenceName": "spc_282ns",
    "SequenceVariant": "SK_SP",
    "SeriesDescription": "T2w_vNav_0p8mm",
    "SeriesNumber": 33,
    "ShimSetting": [
      -607,
      -10856,
      -618,
      -1,
      41,
      -278,
      69,
      11
    ],
    "SliceThickness": 1,
    "SoftwareVersions": "syngo_MR_E11",
    "StationName": "AWP66072",
    "TxRefAmp": 255.085,
    "WipMemBlock": "Prisma_epi_moco_navigator_ABCD_tse_vfl.prot",
    "dataset": "ds004158",
    "modality": "T2w",
    "session_id": "01",
    "subject_id": "05"
  },
  "cjv": 0.7295509303573645,
  "cnr": 1.1745069530129508,
  "efc": 0.539040642147381,
  "fber": 5439.8471027614305,
  "fwhm_avg": 2.7033300222618997,
  "fwhm_x": 2.4659526508884104,
  "fwhm_y": 3.0872249539967633,
  "fwhm_z": 2.5568124619005257,
  "icvs_csf": 0.25811302598407243,
  "icvs_gm": 0.3749260089205618,
  "icvs_wm": 0.3669609650953658,
  "inu_med": 1.0117323398590088,
  "inu_range": 0.390323168039322,
  "provenance": {
    "md5sum": "16b3e2ba1c106b25d3cd94d9e2e49468",
    "settings": {
      "testing": false
    },
    "software": "mriqc",
    "version": "23.1.0",
    "warnings": {
      "large_rot_frame": true,
      "small_air_mask": false
    }
  },
  "qi_1": 0.0,
  "qi_2": 0.0013135778263067134,
  "rpve_csf": 7.3148593691491195,
  "rpve_gm": 7.215396651161217,
  "rpve_wm": 7.2770759562567475,
  "size_x": 208,
  "size_y": 300,
  "size_z": 320,
  "snr_csf": 1.7192213460889616,
  "snr_gm": 4.2899911965912505,
  "snr_total": 3.6493304697138025,
  "snr_wm": 4.938778866461195,
  "snrd_csf": 75.58762263705837,
  "snrd_gm": 67.43259147764985,
  "snrd_total": 62.99470462933066,
  "snrd_wm": 45.96389977328375,
  "spacing_x": 1.0000029802322388,
  "spacing_y": 0.800000011920929,
  "spacing_z": 0.800000011920929,
  "summary_bg_k": 681.4246901851056,
  "summary_bg_mad": 0.0,
  "summary_bg_mean": 8.717876815443432,
  "summary_bg_median": 0.0,
  "summary_bg_n": 5421170.0,
  "summary_bg_p05": 0.0,
  "summary_bg_p95": 37.758113861083984,
  "summary_bg_stdv": 16.043351397316503,
  "summary_csf_k": -1.16369781354539,
  "summary_csf_mad": 1857.079635661833,
  "summary_csf_mean": 1871.5791977023712,
  "summary_csf_median": 1851.0325349867344,
  "summary_csf_n": 692026.8341688281,
  "summary_csf_p05": 41.814161248505116,
  "summary_csf_p95": 3561.9470693171024,
  "summary_csf_stdv": 1076.6683427923638,
  "summary_gm_k": 14.968194701543954,
  "summary_gm_mad": 215.17413735545998,
  "summary_gm_mean": 1641.9112068695583,
  "summary_gm_median": 1651.3275108933449,
  "summary_gm_n": 1005214.1228116895,
  "summary_gm_p05": 1007.8171562999487,
  "summary_gm_p95": 2264.0119053423405,
  "summary_gm_stdv": 384.9254261463942,
  "summary_wm_k": 41.680706477066686,
  "summary_wm_mad": 168.37813593872374,
  "summary_wm_mean": 1160.2143108782604,
  "summary_wm_median": 1125.5900231674314,
  "summary_wm_n": 983859.0438056943,
  "summary_wm_p05": 855.531013481319,
  "summary_wm_p95": 1566.9617252349854,
  "summary_wm_stdv": 227.90845299492378,
  "tpm_overlap_csf": 0.23581486047315983,
  "tpm_overlap_gm": 0.50233162994929,
  "tpm_overlap_wm": 0.5325643815735458,
  "wm2max": 0.2814545696817649
}