{
  "aor": 0.0001765863453815261,
  "aqi": 0.004158952369477912,
  "bids_meta": {
    "AcquisitionMatrixPE": 100,
    "AcquisitionNumber": 1,
    "AcquisitionTime": "16:14:1.297500",
    "BandwidthPerPixelPhaseEncode": 17.241,
    "BaseResolution": 100,
    "BodyPartExamined": "HEAD",
    "ConsistencyInfo": "N4_VE11C_LATEST_20160120",
    "ConversionSoftware": "dcm2niix",
    "ConversionSoftwareVersion": "v1.0.20200427",
    "DerivedVendorReportedEchoSpacing": 0.000580013,
    "DeviceSerialNumber": "66072",
    "DwellTime": 2.1e-06,
    "EchoTime": 0.0352,
    "EchoTrainLength": 100,
    "EffectiveEchoSpacing": 0.000580013,
    "FlipAngle": 56,
    "ImageComments": "Unaliased_MB6_PE3_LB_SENSE1",
    "ImageOrientationPatientDICOM": [
      0.999907,
      -0.000160001,
      -0.0136109,
      -0.00104706,
      0.996064,
      -0.08863
    ],
    "ImageType": [
      "ORIGINAL",
      "PRIMARY",
      "M",
      "MB",
      "ND",
      "MOSAIC"
    ],
    "ImagingFrequency": 123.232,
    "InPlanePhaseEncodingDirectionDICOM": "COL",
    "InstitutionalDepartmentName": "Department",
    "MRAcquisitionType": "2D",
    "MagneticFieldStrength": 3,
    "Manufacturer": "Siemens",
    "ManufacturersModelName": "Prisma",
    "Modality": "MR",
    "MultibandAccelerationFactor": 6,
    "PartialFourier": 1,
    "PatientPosition": "HFS",
    "PercentPhaseFOV": 100,
    "PercentSampling": 100,
    "PhaseEncodingDirection": "j-",
    "PhaseEncodingSteps": 100,
    "PhaseResolution": 1,
    "PixelBandwidth": 2380,
    "ProcedureStepDescription": "Projets_PredictEye",
    "ProtocolName": "task-rest_run1_bold",
    "PulseSequenceDetails": "%CustomerSeq%_cmrr_mbep2d_bold",
    "ReceiveCoilActiveElements": "HC1-6",
    "ReceiveCoilName": "HeadNeck_64",
    "ReconMatrixPE": 100,
    "RepetitionTime": 0.8,
    "SAR": 0.0789931,
    "ScanOptions": "FS_EXT",
    "ScanningSequence": "EP",
    "SequenceName": "epfid2d1_100",
    "SequenceVariant": "SK_SS",
    "SeriesDescription": "task-rest_run1_bold",
    "SeriesNumber": 10,
    "ShimSetting": [
      -617,
      -10753,
      -486,
      633,
      47,
      76,
      84,
      -3
    ],
    "SliceThickness": 2,
    "SliceTiming": [
      0.72,
      0.64,
      0.56,
      0.48,
      0.4,
      0.32,
      0.24,
      0.16,
      0.08,
      0,
      0.72,
      0.64,
      0.56,
      0.48,
      0.4,
      0.32,
      0.24,
      0.16,
      0.08,
      0,
      0.72,
      0.64,
      0.56,
      0.48,
      0.4,
      0.32,
      0.24,
      0.16,
      0.08,
      0,
      0.72,
      0.64,
      0.56,
      0.48,
      0.4,
      0.32,
      0.24,
      0.16,
      0.08,
      0,
      0.72,
      0.64,
      0.56,
      0.48,
      0.4,
      0.32,
      0.24,
      0.16,
      0.08,
      0,
      0.72,
      0.64,
      0.56,
      0.48,
      0.4,
      0.32,
      0.24,
      0.16,
      0.08,
      0
    ],
    "SoftwareVersions": "syngo_MR_E11",
    "SpacingBetweenSlices": 2,
    "StationName": "AWP66072",
    "TaskName": "rest",
    "TotalReadoutTime": 0.0574213,
    "TxRefAmp": 220.476,
    "WipMemBlock": "b20e2e1f-51fc-41e4-b471-e5e71fbfcf2a||Sequence: R016 ve11c/master r/e634e98; Dec 19 2017 11:00:25 by eja",
    "dataset": "ds004158",
    "modality": "bold",
    "run_id": 1,
    "session_id": "01",
    "subject_id": "24",
    "task_id": "rest"
  },
  "dummy_trs": 2,
  "dvars_nstd": 40.929130323923594,
  "dvars_std": 1.0198683354124742,
  "dvars_vstd": 1.0025760557545276,
  "efc": 0.46659139082212336,
  "fber": 19245.345703125,
  "fd_mean": 0.0775935678480665,
  "fd_num": 0,
  "fd_perc": 0.0,
  "fwhm_avg": 3.170168395739599,
  "fwhm_x": 3.044685,
  "fwhm_y": 3.32481,
  "fwhm_z": 3.1410101872187965,
  "gcor": 0.00643993,
  "gsr_x": -0.012588673271238804,
  "gsr_y": 0.03426482900977135,
  "provenance": {
    "md5sum": "272522ed5ff6e65bcde4aa5346a6c777",
    "settings": {
      "fd_thres": 0.2,
      "testing": false
    },
    "software": "mriqc",
    "version": "23.1.0"
  },
  "size_t": 498,
  "size_x": 100,
  "size_y": 100,
  "size_z": 60,
  "snr": 2.0296576210083463,
  "spacing_tr": 0.800000011920929,
  "spacing_x": 2.0,
  "spacing_y": 2.0,
  "spacing_z": 1.9999998807907104,
  "summary_bg_k": 36.33997714738555,
  "summary_bg_mad": 38.46581718354554,
  "summary_bg_mean": 344.4020410820313,
  "summary_bg_median": 58.91662406921387,
  "summary_bg_n": 451148.0,
  "summary_bg_p05": 26.48859405517578,
  "summary_bg_p95": 1816.4259033203125,
  "summary_bg_stdv": 780.0509193387226,
  "summary_fg_k": 2.2290103111835373,
  "summary_fg_mad": 3517.8393464711153,
  "summary_fg_mean": 8948.975086910314,
  "summary_fg_median": 8173.36181640625,
  "summary_fg_n": 148852.0,
  "summary_fg_p05": 4007.129150390625,
  "summary_fg_p95": 16587.2890625,
  "summary_fg_stdv": 4026.952268747934,
  "tsnr": 33.42430877685547
}