{
  "bids_meta": {
    "AcquisitionMatrixPE": 320,
    "AcquisitionNumber": 1,
    "AcquisitionTime": "16:13:6.585000",
    "BaseResolution": 320,
    "BodyPartExamined": "HEAD",
    "CoilString": "HC1-7;NC1_2",
    "ConsistencyInfo": "N4_VE11C_LATEST_20160120",
    "ConversionSoftware": "dcm2niix",
    "ConversionSoftwareVersion": "v1.0.20200427",
    "DeviceSerialNumber": "66072",
    "DwellTime": 7.4e-06,
    "EchoTime": 0.00228,
    "FlipAngle": 9,
    "ImageOrientationPatientDICOM": [
      -0.00527012,
      0.999203,
      0.0395761,
      0.0402946,
      0.0397567,
      -0.998397
    ],
    "ImageType": [
      "ORIGINAL",
      "PRIMARY",
      "M",
      "NORM",
      "DIS3D",
      "DIS2D"
    ],
    "ImagingFrequency": 123.232,
    "InPlanePhaseEncodingDirectionDICOM": "ROW",
    "InstitutionalDepartmentName": "Department",
    "InversionTime": 0.9,
    "MRAcquisitionType": "3D",
    "MagneticFieldStrength": 3,
    "Manufacturer": "Siemens",
    "ManufacturersModelName": "Prisma",
    "Modality": "MR",
    "PartialFourier": 1,
    "PatientPosition": "HFS",
    "PercentPhaseFOV": 100,
    "PercentSampling": 100,
    "PhaseEncodingSteps": 320,
    "PhaseResolution": 1,
    "PixelBandwidth": 210,
    "ProcedureStepDescription": "Projets_PredictEye",
    "ProtocolName": "T1w_CS_0p8mm",
    "PulseSequenceDetails": "%CustomerSeq%_cstfl_wip925b",
    "ReceiveCoilActiveElements": "HC1-7;NC1,2",
    "ReceiveCoilName": "HeadNeck_64",
    "ReconMatrixPE": 320,
    "RefLinesPE": 32,
    "RepetitionTime": 2.3,
    "SAR": 0.0540661,
    "ScanOptions": "IR_WE",
    "ScanningSequence": "GR_IR",
    "SequenceName": "WIP_cmp3d1_16ns",
    "SequenceVariant": "SK_SP_MP",
    "SeriesDescription": "T1w_CS_0p8mm",
    "SeriesNumber": 35,
    "ShimSetting": [
      -611,
      -10810,
      -628,
      -55,
      89,
      -142,
      112,
      -11
    ],
    "SliceThickness": 1,
    "SoftwareVersions": "syngo_MR_E11",
    "StationName": "AWP66072",
    "TxRefAmp": 269.389,
    "WipMemBlock": "WIP_Identifier: WIP#925B",
    "dataset": "ds004158",
    "modality": "T1w",
    "session_id": "01",
    "subject_id": "03"
  },
  "cjv": 0.5913638853393383,
  "cnr": 1.3724142457773314,
  "efc": 0.5743711936725283,
  "fber": -1.0,
  "fwhm_avg": 5.172377445160685,
  "fwhm_x": 4.47652,
  "fwhm_y": 5.78893741373811,
  "fwhm_z": 5.251674921743946,
  "icvs_csf": 0.2694523138736637,
  "icvs_gm": 0.3710632533027468,
  "icvs_wm": 0.3594844328235895,
  "inu_med": 0.6017573475837708,
  "inu_range": 0.2763531148433685,
  "provenance": {
    "md5sum": "579c24cece90946473b1bd81a32c4435",
    "settings": {
      "testing": false
    },
    "software": "mriqc",
    "version": "23.1.0",
    "warnings": {
      "large_rot_frame": true,
      "small_air_mask": false
    }
  },
  "qi_1": 0.0,
  "qi_2": 0.002624144413709227,
  "rpve_csf": 7.850158387046469,
  "rpve_gm": 7.728640274827334,
  "rpve_wm": 7.823439319259865,
  "size_x": 208,
  "size_y": 320,
  "size_z": 320,
  "snr_csf": 1.6507728602854816,
  "snr_gm": 3.9559455542536814,
  "snr_total": 4.913146865601445,
  "snr_wm": 9.132722182265173,
  "snrd_csf": 59.549179725154175,
  "snrd_gm": 134.17225262869206,
  "snrd_total": 127.46823734537429,
  "snrd_wm": 188.68327968227666,
  "spacing_x": 1.0,
  "spacing_y": 0.800000011920929,
  "spacing_z": 0.800000011920929,
  "summary_bg_k": 11.093987757298652,
  "summary_bg_mad": 0.0,
  "summary_bg_mean": 1.49932090107516,
  "summary_bg_median": 0.0,
  "summary_bg_n": 5775865.0,
  "summary_bg_p05": 0.0,
  "summary_bg_p95": 7.671388786286116,
  "summary_bg_stdv": 3.277662221557567,
  "summary_csf_k": -0.5410658464170948,
  "summary_csf_mad": 145.6906310014032,
  "summary_csf_mean": 339.092479509726,
  "summary_csf_median": 297.92589254677296,
  "summary_csf_n": 721920.142730252,
  "summary_csf_p05": 99.44392871111631,
  "summary_csf_p95": 670.049132719636,
  "summary_csf_stdv": 180.47648672421587,
  "summary_gm_k": 0.795238009383024,
  "summary_gm_mad": 84.67026758321946,
  "summary_gm_mean": 668.8659464712371,
  "summary_gm_median": 671.2668134793639,
  "summary_gm_n": 994157.4927869012,
  "summary_gm_p05": 358.4446263052523,
  "summary_gm_p95": 970.49156550318,
  "summary_gm_stdv": 169.68546878801695,
  "summary_wm_k": -0.5589392952269274,
  "summary_wm_mad": 76.6064325752938,
  "summary_wm_mean": 912.8326747105893,
  "summary_wm_median": 943.9867142997682,
  "summary_wm_n": 963135.3664121378,
  "summary_wm_p05": 707.3913426846266,
  "summary_wm_p95": 1037.1392924189568,
  "summary_wm_stdv": 103.36307241159234,
  "tpm_overlap_csf": 0.20377704506576436,
  "tpm_overlap_gm": 0.512641739018156,
  "tpm_overlap_wm": 0.5310712088562823,
  "wm2max": 0.6109041652201066
}