{
  "aor": 0.00032670682730923697,
  "aqi": 0.004005958373493976,
  "bids_meta": {
    "AcquisitionMatrixPE": 100,
    "AcquisitionNumber": 1,
    "AcquisitionTime": "16:05:43.685000",
    "BandwidthPerPixelPhaseEncode": 17.241,
    "BaseResolution": 100,
    "BodyPartExamined": "HEAD",
    "ConsistencyInfo": "N4_VE11C_LATEST_20160120",
    "ConversionSoftware": "dcm2niix",
    "ConversionSoftwareVersion": "v1.0.20200427",
    "DerivedVendorReportedEchoSpacing": 0.000580013,
    "DeviceSerialNumber": "66072",
    "DwellTime": 2.1e-06,
    "EchoTime": 0.0352,
    "EchoTrainLength": 100,
    "EffectiveEchoSpacing": 0.000580013,
    "FlipAngle": 56,
    "ImageComments": "Unaliased_MB6_PE3_LB_SENSE1",
    "ImageOrientationPatientDICOM": [
      0.998438,
      -0.0367427,
      0.0420806,
      0.0355641,
      0.998963,
      0.0284231
    ],
    "ImageType": [
      "ORIGINAL",
      "PRIMARY",
      "M",
      "MB",
      "ND",
      "MOSAIC"
    ],
    "ImagingFrequency": 123.232,
    "InPlanePhaseEncodingDirectionDICOM": "COL",
    "InstitutionalDepartmentName": "Department",
    "MRAcquisitionType": "2D",
    "MagneticFieldStrength": 3,
    "Manufacturer": "Siemens",
    "ManufacturersModelName": "Prisma",
    "Modality": "MR",
    "MultibandAccelerationFactor": 6,
    "PartialFourier": 1,
    "PatientPosition": "HFS",
    "PercentPhaseFOV": 100,
    "PercentSampling": 100,
    "PhaseEncodingDirection": "j-",
    "PhaseEncodingSteps": 100,
    "PhaseResolution": 1,
    "PixelBandwidth": 2380,
    "ProcedureStepDescription": "Projets_PredictEye",
    "ProtocolName": "task-rest_run1_bold",
    "PulseSequenceDetails": "%CustomerSeq%_cmrr_mbep2d_bold",
    "ReceiveCoilActiveElements": "HC1-6",
    "ReceiveCoilName": "HeadNeck_64",
    "ReconMatrixPE": 100,
    "RepetitionTime": 0.8,
    "SAR": 0.0730387,
    "ScanOptions": "FS_EXT",
    "ScanningSequence": "EP",
    "SequenceName": "epfid2d1_100",
    "SequenceVariant": "SK_SS",
    "SeriesDescription": "task-rest_run1_bold",
    "SeriesNumber": 10,
    "ShimSetting": [
      -579,
      -10819,
      -485,
      467,
      144,
      49,
      -87,
      48
    ],
    "SliceThickness": 2,
    "SliceTiming": [
      0.72,
      0.64,
      0.56,
      0.48,
      0.4,
      0.32,
      0.24,
      0.16,
      0.08,
      0,
      0.72,
      0.64,
      0.56,
      0.48,
      0.4,
      0.32,
      0.24,
      0.16,
      0.08,
      0,
      0.72,
      0.64,
      0.56,
      0.48,
      0.4,
      0.32,
      0.24,
      0.16,
      0.08,
      0,
      0.72,
      0.64,
      0.56,
      0.48,
      0.4,
      0.32,
      0.24,
      0.16,
      0.08,
      0,
      0.72,
      0.64,
      0.56,
      0.48,
      0.4,
      0.32,
      0.24,
      0.16,
      0.08,
      0,
      0.72,
      0.64,
      0.56,
      0.48,
      0.4,
      0.32,
      0.24,
      0.16,
      0.08,
      0
    ],
    "SoftwareVersions": "syngo_MR_E11",
    "SpacingBetweenSlices": 2,
    "StationName": "AWP66072",
    "TaskName": "rest",
    "TotalReadoutTime": 0.0574213,
    "TxRefAmp": 220.36,
    "WipMemBlock": "96d467cc-bf1a-4b01-a701-d45affd1c28d||Sequence: R016 ve11c/master r/e634e98; Dec 19 2017 11:00:25 by eja",
    "dataset": "ds004158",
    "modality": "bold",
    "run_id": 1,
    "session_id": "01",
    "subject_id": "07",
    "task_id": "rest"
  },
  "dummy_trs": 2,
  "dvars_nstd": 39.066520130764594,
  "dvars_std": 1.0444648230181082,
  "dvars_vstd": 1.004602828511066,
  "efc": 0.4745799416878889,
  "fber": 22872.03515625,
  "fd_mean": 0.07492460407864449,
  "fd_num": 1,
  "fd_perc": 0.20080321285140562,
  "fwhm_avg": 3.3418116666666666,
  "fwhm_x": 3.168135,
  "fwhm_y": 3.427685,
  "fwhm_z": 3.429615,
  "gcor": 0.00559514,
  "gsr_x": -0.002175627276301384,
  "gsr_y": 0.026339488103985786,
  "provenance": {
    "md5sum": "cdb0b79a56eb4e00fc890391572c2fc8",
    "settings": {
      "fd_thres": 0.2,
      "testing": false
    },
    "software": "mriqc",
    "version": "23.1.0"
  },
  "size_t": 498,
  "size_x": 100,
  "size_y": 100,
  "size_z": 60,
  "snr": 2.178783204736203,
  "spacing_tr": 0.800000011920929,
  "spacing_x": 2.0,
  "spacing_y": 2.0,
  "spacing_z": 2.0,
  "summary_bg_k": 33.880112819235386,
  "summary_bg_mad": 41.479212244234304,
  "summary_bg_mean": 349.5057993988366,
  "summary_bg_median": 59.841087341308594,
  "summary_bg_n": 444786.0,
  "summary_bg_p05": 22.866905212402344,
  "summary_bg_p95": 1842.0572509765625,
  "summary_bg_stdv": 852.0024092514723,
  "summary_fg_k": 1.970434167005413,
  "summary_fg_mad": 3713.7929560455414,
  "summary_fg_mean": 9780.086982944447,
  "summary_fg_median": 9050.06884765625,
  "summary_fg_n": 155214.0,
  "summary_fg_p05": 4574.5927734375,
  "summary_fg_p95": 17698.931640625,
  "summary_fg_stdv": 4153.712803741399,
  "tsnr": 36.083017349243164
}