{
  "aor": 0.0007182931726907631,
  "aqi": 0.004441871204819277,
  "bids_meta": {
    "AcquisitionMatrixPE": 100,
    "AcquisitionNumber": 1,
    "AcquisitionTime": "16:13:25.620000",
    "BandwidthPerPixelPhaseEncode": 17.241,
    "BaseResolution": 100,
    "BodyPartExamined": "HEAD",
    "ConsistencyInfo": "N4_VE11C_LATEST_20160120",
    "ConversionSoftware": "dcm2niix",
    "ConversionSoftwareVersion": "v1.0.20200427",
    "DerivedVendorReportedEchoSpacing": 0.000580013,
    "DeviceSerialNumber": "66072",
    "DwellTime": 2.1e-06,
    "EchoTime": 0.0352,
    "EchoTrainLength": 100,
    "EffectiveEchoSpacing": 0.000580013,
    "FlipAngle": 56,
    "ImageComments": "Unaliased_MB6_PE3_LB_SENSE1",
    "ImageOrientationPatientDICOM": [
      0.998438,
      -0.0367427,
      0.0420806,
      0.0355641,
      0.998963,
      0.0284231
    ],
    "ImageType": [
      "ORIGINAL",
      "PRIMARY",
      "M",
      "MB",
      "ND",
      "MOSAIC"
    ],
    "ImagingFrequency": 123.232,
    "InPlanePhaseEncodingDirectionDICOM": "COL",
    "InstitutionalDepartmentName": "Department",
    "MRAcquisitionType": "2D",
    "MagneticFieldStrength": 3,
    "Manufacturer": "Siemens",
    "ManufacturersModelName": "Prisma",
    "Modality": "MR",
    "MultibandAccelerationFactor": 6,
    "PartialFourier": 1,
    "PatientPosition": "HFS",
    "PercentPhaseFOV": 100,
    "PercentSampling": 100,
    "PhaseEncodingDirection": "j",
    "PhaseEncodingSteps": 100,
    "PhaseResolution": 1,
    "PixelBandwidth": 2380,
    "ProcedureStepDescription": "Projets_PredictEye",
    "ProtocolName": "task-rest_run2_bold",
    "PulseSequenceDetails": "%CustomerSeq%_cmrr_mbep2d_bold",
    "ReceiveCoilActiveElements": "HC1-6",
    "ReceiveCoilName": "HeadNeck_64",
    "ReconMatrixPE": 100,
    "RepetitionTime": 0.8,
    "SAR": 0.0730387,
    "ScanOptions": "FS_EXT",
    "ScanningSequence": "EP",
    "SequenceName": "epfid2d1_100",
    "SequenceVariant": "SK_SS",
    "SeriesDescription": "task-rest_run2_bold",
    "SeriesNumber": 13,
    "ShimSetting": [
      -579,
      -10819,
      -485,
      467,
      144,
      49,
      -87,
      48
    ],
    "SliceThickness": 2,
    "SliceTiming": [
      0.72,
      0.64,
      0.56,
      0.48,
      0.4,
      0.32,
      0.24,
      0.16,
      0.08,
      0,
      0.72,
      0.64,
      0.56,
      0.48,
      0.4,
      0.32,
      0.24,
      0.16,
      0.08,
      0,
      0.72,
      0.64,
      0.56,
      0.48,
      0.4,
      0.32,
      0.24,
      0.16,
      0.08,
      0,
      0.72,
      0.64,
      0.56,
      0.48,
      0.4,
      0.32,
      0.24,
      0.16,
      0.08,
      0,
      0.72,
      0.64,
      0.56,
      0.48,
      0.4,
      0.32,
      0.24,
      0.16,
      0.08,
      0,
      0.72,
      0.64,
      0.56,
      0.48,
      0.4,
      0.32,
      0.24,
      0.16,
      0.08,
      0
    ],
    "SoftwareVersions": "syngo_MR_E11",
    "SpacingBetweenSlices": 2,
    "StationName": "AWP66072",
    "TaskName": "rest",
    "TotalReadoutTime": 0.0574213,
    "TxRefAmp": 220.36,
    "WipMemBlock": "00212eea-5389-49fb-b6e9-ae2d03c644cd||Sequence: R016 ve11c/master r/e634e98; Dec 19 2017 11:00:25 by eja",
    "dataset": "ds004158",
    "modality": "bold",
    "run_id": 2,
    "session_id": "01",
    "subject_id": "07",
    "task_id": "rest"
  },
  "dummy_trs": 2,
  "dvars_nstd": 37.861583632957704,
  "dvars_std": 1.0411155777062377,
  "dvars_vstd": 1.0116581704426544,
  "efc": 0.47258455701034263,
  "fber": 23040.990234375,
  "fd_mean": 0.05777912205446157,
  "fd_num": 2,
  "fd_perc": 0.40160642570281124,
  "fwhm_avg": 3.2648216666666667,
  "fwhm_x": 3.12208,
  "fwhm_y": 3.38085,
  "fwhm_z": 3.291535,
  "gcor": 0.00713803,
  "gsr_x": -0.003146858187392354,
  "gsr_y": 0.03048577718436718,
  "provenance": {
    "md5sum": "dcde6a9fdf757a614eaaa20e72b7256f",
    "settings": {
      "fd_thres": 0.2,
      "testing": false
    },
    "software": "mriqc",
    "version": "23.1.0"
  },
  "size_t": 498,
  "size_x": 100,
  "size_y": 100,
  "size_z": 60,
  "snr": 2.1835955935866256,
  "spacing_tr": 0.800000011920929,
  "spacing_x": 2.0,
  "spacing_y": 2.0,
  "spacing_z": 2.0,
  "summary_bg_k": 35.000334643575776,
  "summary_bg_mad": 44.53538685807239,
  "summary_bg_mean": 369.00170106462207,
  "summary_bg_median": 60.1868782043457,
  "summary_bg_n": 447849.0,
  "summary_bg_p05": 21.825040817260742,
  "summary_bg_p95": 1994.307373046875,
  "summary_bg_stdv": 900.2144179922084,
  "summary_fg_k": 1.4028617456112968,
  "summary_fg_mad": 3799.8646025642583,
  "summary_fg_mean": 9884.72111001884,
  "summary_fg_median": 9135.921875,
  "summary_fg_n": 152151.0,
  "summary_fg_p05": 4564.75439453125,
  "summary_fg_p95": 17966.2109375,
  "summary_fg_stdv": 4183.875383900698,
  "tsnr": 34.855159759521484
}