{
  "bids_meta": {
    "AcquisitionMatrixPE": 320,
    "AcquisitionNumber": 1,
    "AcquisitionTime": "10:14:31.265000",
    "BaseResolution": 320,
    "BodyPartExamined": "HEAD",
    "CoilString": "HC1-7;NC1_2",
    "ConsistencyInfo": "N4_VE11C_LATEST_20160120",
    "ConversionSoftware": "dcm2niix",
    "ConversionSoftwareVersion": "v1.0.20200427",
    "DeviceSerialNumber": "66072",
    "DwellTime": 2.1e-06,
    "EchoTime": 0.564,
    "EchoTrainLength": 326,
    "FlipAngle": 120,
    "ImageOrientationPatientDICOM": [
      0.00487426,
      0.97317,
      0.230037,
      0.0118001,
      0.229968,
      -0.973127
    ],
    "ImageType": [
      "ORIGINAL",
      "PRIMARY",
      "M",
      "ND",
      "NORM"
    ],
    "ImagingFrequency": 123.232,
    "InPlanePhaseEncodingDirectionDICOM": "ROW",
    "InstitutionalDepartmentName": "Department",
    "MRAcquisitionType": "3D",
    "MagneticFieldStrength": 3,
    "Manufacturer": "Siemens",
    "ManufacturersModelName": "Prisma",
    "Modality": "MR",
    "ParallelReductionFactorInPlane": 2,
    "PartialFourier": 1,
    "PatientPosition": "HFS",
    "PercentPhaseFOV": 100,
    "PercentSampling": 100,
    "PhaseEncodingDirection": "i",
    "PhaseEncodingSteps": 287,
    "PhaseResolution": 1,
    "PixelBandwidth": 745,
    "ProcedureStepDescription": "Projets_PredictEye",
    "ProtocolName": "T2w_vNav_0p8mm",
    "PulseSequenceDetails": "%CustomerSeq%_tse_vfl_mgh_epinav_ABCD",
    "ReceiveCoilActiveElements": "HC1-7;NC1,2",
    "ReceiveCoilName": "HeadNeck_64",
    "ReconMatrixPE": 320,
    "RefLinesPE": 32,
    "RepetitionTime": 3.2,
    "SAR": 0.138871,
    "ScanOptions": "PFP",
    "ScanningSequence": "SE",
    "SequenceName": "spc_360ns",
    "SequenceVariant": "SK_SP",
    "SeriesDescription": "T2w_vNav_0p8mm",
    "SeriesNumber": 33,
    "ShimSetting": [
      -593,
      -10815,
      -615,
      123,
      64,
      -297,
      12,
      31
    ],
    "SliceThickness": 0.8,
    "SoftwareVersions": "syngo_MR_E11",
    "StationName": "AWP66072",
    "TxRefAmp": 243.133,
    "WipMemBlock": "Prisma_epi_moco_navigator_ABCD_tse_vfl.prot",
    "dataset": "ds004158",
    "modality": "T2w",
    "session_id": "01",
    "subject_id": "22"
  },
  "cjv": 0.6153559949099648,
  "cnr": 1.5110831316504758,
  "efc": 0.5875317012863138,
  "fber": 8487.828512110726,
  "fwhm_avg": 2.6531337946867284,
  "fwhm_x": 2.5325387830841337,
  "fwhm_y": 2.986212455501967,
  "fwhm_z": 2.440650145474085,
  "icvs_csf": 0.2415229646648755,
  "icvs_gm": 0.40161001432931054,
  "icvs_wm": 0.35686702100581397,
  "inu_med": 1.008055329322815,
  "inu_range": 0.3784376382827759,
  "provenance": {
    "md5sum": "6bf9778db8e4271463fafde27c3eccb8",
    "settings": {
      "testing": false
    },
    "software": "mriqc",
    "version": "23.1.0",
    "warnings": {
      "large_rot_frame": true,
      "small_air_mask": false
    }
  },
  "qi_1": 0.0,
  "qi_2": 0.0029595640133605714,
  "rpve_csf": 7.671231983975023,
  "rpve_gm": 7.605776093553968,
  "rpve_wm": 7.6472812208248,
  "size_x": 240,
  "size_y": 320,
  "size_z": 320,
  "snr_csf": 1.7714390985039634,
  "snr_gm": 6.652495086315017,
  "snr_total": 4.672951792645578,
  "snr_wm": 5.594921193117754,
  "snrd_csf": 15.869542864218426,
  "snrd_gm": 18.798958175825415,
  "snrd_total": 15.941604035951343,
  "snrd_wm": 13.15631106781019,
  "spacing_x": 0.7999995946884155,
  "spacing_y": 0.800000011920929,
  "spacing_z": 0.7999999523162842,
  "summary_bg_k": 798.8447232566996,
  "summary_bg_mad": 0.0,
  "summary_bg_mean": 8.675479810813675,
  "summary_bg_median": 0.0,
  "summary_bg_n": 5107157.0,
  "summary_bg_p05": 0.0,
  "summary_bg_p95": 29.780350361019373,
  "summary_bg_stdv": 55.84424275010382,
  "summary_csf_k": -1.6080589125981684,
  "summary_csf_mad": 1491.7498679773953,
  "summary_csf_mean": 1244.7468059583068,
  "summary_csf_median": 1352.729910966009,
  "summary_csf_n": 760227.5861711241,
  "summary_csf_p05": 27.202677309513092,
  "summary_csf_p95": 2438.1496420800686,
  "summary_csf_stdv": 763.6328126779363,
  "summary_gm_k": 1.842107370679452,
  "summary_gm_mad": 160.10331898220275,
  "summary_gm_mean": 1589.5165147100033,
  "summary_gm_median": 1602.435132317245,
  "summary_gm_n": 1264124.1473636318,
  "summary_gm_p05": 1141.9640059247613,
  "summary_gm_p95": 1966.3806295469403,
  "summary_gm_stdv": 240.87721639977082,
  "summary_wm_k": 19.108450185833885,
  "summary_wm_mad": 135.87234434700903,
  "summary_wm_mean": 1162.4432853094443,
  "summary_wm_median": 1121.4523097276688,
  "summary_wm_n": 1123289.2670880037,
  "summary_wm_p05": 898.1271040737629,
  "summary_wm_p95": 1542.1066140905023,
  "summary_wm_stdv": 200.4410378335107,
  "tpm_overlap_csf": 0.2415911112953972,
  "tpm_overlap_gm": 0.5239938021356714,
  "tpm_overlap_wm": 0.5497325270789324,
  "wm2max": 0.4311104551875356
}