{
  "aor": 0.00020674044265593563,
  "aqi": 0.004640930080482898,
  "bids_meta": {
    "AcquisitionMatrixPE": 100,
    "AcquisitionNumber": 1,
    "AcquisitionTime": "16:09:8.805000",
    "BandwidthPerPixelPhaseEncode": 17.241,
    "BaseResolution": 100,
    "BodyPartExamined": "HEAD",
    "ConsistencyInfo": "N4_VE11C_LATEST_20160120",
    "ConversionSoftware": "dcm2niix",
    "ConversionSoftwareVersion": "v1.0.20200427",
    "DerivedVendorReportedEchoSpacing": 0.000580013,
    "DeviceSerialNumber": "66072",
    "DwellTime": 2.1e-06,
    "EchoTime": 0.0352,
    "EchoTrainLength": 100,
    "EffectiveEchoSpacing": 0.000580013,
    "FlipAngle": 56,
    "ImageComments": "Unaliased_MB6_PE3_LB_SENSE1",
    "ImageOrientationPatientDICOM": [
      0.998763,
      0.0265923,
      -0.042017,
      -0.0312129,
      0.993054,
      -0.113447
    ],
    "ImageType": [
      "ORIGINAL",
      "PRIMARY",
      "M",
      "MB",
      "ND",
      "MOSAIC"
    ],
    "ImagingFrequency": 123.232,
    "InPlanePhaseEncodingDirectionDICOM": "COL",
    "InstitutionalDepartmentName": "Department",
    "MRAcquisitionType": "2D",
    "MagneticFieldStrength": 3,
    "Manufacturer": "Siemens",
    "ManufacturersModelName": "Prisma",
    "Modality": "MR",
    "MultibandAccelerationFactor": 6,
    "PartialFourier": 1,
    "PatientPosition": "HFS",
    "PercentPhaseFOV": 100,
    "PercentSampling": 100,
    "PhaseEncodingDirection": "j",
    "PhaseEncodingSteps": 100,
    "PhaseResolution": 1,
    "PixelBandwidth": 2380,
    "ProcedureStepDescription": "Projets_PredictEye",
    "ProtocolName": "task-rest_run2_bold",
    "PulseSequenceDetails": "%CustomerSeq%_cmrr_mbep2d_bold",
    "ReceiveCoilActiveElements": "HC1-6",
    "ReceiveCoilName": "HeadNeck_64",
    "ReconMatrixPE": 100,
    "RepetitionTime": 0.8,
    "SAR": 0.0902422,
    "ScanOptions": "FS_EXT",
    "ScanningSequence": "EP",
    "SequenceName": "epfid2d1_100",
    "SequenceVariant": "SK_SS",
    "SeriesDescription": "task-rest_run2_bold",
    "SeriesNumber": 13,
    "ShimSetting": [
      -605,
      -10764,
      -546,
      478,
      54,
      -81,
      -87,
      11
    ],
    "SliceThickness": 2,
    "SliceTiming": [
      0.72,
      0.64,
      0.56,
      0.48,
      0.4,
      0.32,
      0.24,
      0.16,
      0.08,
      0,
      0.72,
      0.64,
      0.56,
      0.48,
      0.4,
      0.32,
      0.24,
      0.16,
      0.08,
      0,
      0.72,
      0.64,
      0.56,
      0.48,
      0.4,
      0.32,
      0.24,
      0.16,
      0.08,
      0,
      0.72,
      0.64,
      0.56,
      0.48,
      0.4,
      0.32,
      0.24,
      0.16,
      0.08,
      0,
      0.72,
      0.64,
      0.56,
      0.48,
      0.4,
      0.32,
      0.24,
      0.16,
      0.08,
      0,
      0.72,
      0.64,
      0.56,
      0.48,
      0.4,
      0.32,
      0.24,
      0.16,
      0.08,
      0
    ],
    "SoftwareVersions": "syngo_MR_E11",
    "SpacingBetweenSlices": 2,
    "StationName": "AWP66072",
    "TaskName": "rest",
    "TotalReadoutTime": 0.0574213,
    "TxRefAmp": 241.191,
    "WipMemBlock": "89031404-ad1e-485c-9033-6d0f59079f61||Sequence: R016 ve11c/master r/e634e98; Dec 19 2017 11:00:25 by eja",
    "dataset": "ds004158",
    "modality": "bold",
    "run_id": 2,
    "session_id": "01",
    "subject_id": "25",
    "task_id": "rest"
  },
  "dummy_trs": 3,
  "dvars_nstd": 43.18998103731852,
  "dvars_std": 1.0426541128427411,
  "dvars_vstd": 0.9990784181854842,
  "efc": 0.5562596145855851,
  "fber": 9300.927734375,
  "fd_mean": 0.050382734046274344,
  "fd_num": 0,
  "fd_perc": 0.0,
  "fwhm_avg": 3.2929566666666665,
  "fwhm_x": 3.06996,
  "fwhm_y": 3.417755,
  "fwhm_z": 3.391155,
  "gcor": 0.00483773,
  "gsr_x": -0.01164866704493761,
  "gsr_y": 0.060659222304821014,
  "provenance": {
    "md5sum": "edc1bc0287ef8f2cc59da2aed7ac4ba2",
    "settings": {
      "fd_thres": 0.2,
      "testing": false
    },
    "software": "mriqc",
    "version": "23.1.0"
  },
  "size_t": 497,
  "size_x": 100,
  "size_y": 100,
  "size_z": 60,
  "snr": 1.9084755409681027,
  "spacing_tr": 0.800000011920929,
  "spacing_x": 2.0,
  "spacing_y": 2.0,
  "spacing_z": 2.0,
  "summary_bg_k": 19.724344928996853,
  "summary_bg_mad": 80.78392634137333,
  "summary_bg_mean": 684.1627784462511,
  "summary_bg_median": 88.73994445800781,
  "summary_bg_n": 398892.0,
  "summary_bg_p05": 27.599727630615234,
  "summary_bg_p95": 3628.253662109375,
  "summary_bg_stdv": 1390.3922526395493,
  "summary_fg_k": 1.5432158276969759,
  "summary_fg_mad": 4048.664149320662,
  "summary_fg_mean": 9480.495876414552,
  "summary_fg_median": 8558.19677734375,
  "summary_fg_n": 201108.0,
  "summary_fg_p05": 4028.494140625,
  "summary_fg_p95": 18029.884765625,
  "summary_fg_stdv": 4484.299282851734,
  "tsnr": 32.52633476257324
}