{
  "aor": 0.00023319919517102617,
  "aqi": 0.004471901549295775,
  "bids_meta": {
    "AcquisitionMatrixPE": 100,
    "AcquisitionNumber": 1,
    "AcquisitionTime": "16:01:40.132500",
    "BandwidthPerPixelPhaseEncode": 17.241,
    "BaseResolution": 100,
    "BodyPartExamined": "HEAD",
    "ConsistencyInfo": "N4_VE11C_LATEST_20160120",
    "ConversionSoftware": "dcm2niix",
    "ConversionSoftwareVersion": "v1.0.20200427",
    "DerivedVendorReportedEchoSpacing": 0.000580013,
    "DeviceSerialNumber": "66072",
    "DwellTime": 2.1e-06,
    "EchoTime": 0.0352,
    "EchoTrainLength": 100,
    "EffectiveEchoSpacing": 0.000580013,
    "FlipAngle": 56,
    "ImageComments": "Unaliased_MB6_PE3_LB_SENSE1",
    "ImageOrientationPatientDICOM": [
      0.998763,
      0.0265923,
      -0.042017,
      -0.0312129,
      0.993054,
      -0.113447
    ],
    "ImageType": [
      "ORIGINAL",
      "PRIMARY",
      "M",
      "MB",
      "ND",
      "MOSAIC"
    ],
    "ImagingFrequency": 123.232,
    "InPlanePhaseEncodingDirectionDICOM": "COL",
    "InstitutionalDepartmentName": "Department",
    "MRAcquisitionType": "2D",
    "MagneticFieldStrength": 3,
    "Manufacturer": "Siemens",
    "ManufacturersModelName": "Prisma",
    "Modality": "MR",
    "MultibandAccelerationFactor": 6,
    "PartialFourier": 1,
    "PatientPosition": "HFS",
    "PercentPhaseFOV": 100,
    "PercentSampling": 100,
    "PhaseEncodingDirection": "j-",
    "PhaseEncodingSteps": 100,
    "PhaseResolution": 1,
    "PixelBandwidth": 2380,
    "ProcedureStepDescription": "Projets_PredictEye",
    "ProtocolName": "task-rest_run1_bold",
    "PulseSequenceDetails": "%CustomerSeq%_cmrr_mbep2d_bold",
    "ReceiveCoilActiveElements": "HC1-6",
    "ReceiveCoilName": "HeadNeck_64",
    "ReconMatrixPE": 100,
    "RepetitionTime": 0.8,
    "SAR": 0.0902422,
    "ScanOptions": "FS_EXT",
    "ScanningSequence": "EP",
    "SequenceName": "epfid2d1_100",
    "SequenceVariant": "SK_SS",
    "SeriesDescription": "task-rest_run1_bold",
    "SeriesNumber": 10,
    "ShimSetting": [
      -605,
      -10764,
      -546,
      478,
      54,
      -81,
      -87,
      11
    ],
    "SliceThickness": 2,
    "SliceTiming": [
      0.72,
      0.64,
      0.56,
      0.48,
      0.4,
      0.32,
      0.24,
      0.16,
      0.08,
      0,
      0.72,
      0.64,
      0.56,
      0.48,
      0.4,
      0.32,
      0.24,
      0.16,
      0.08,
      0,
      0.72,
      0.64,
      0.56,
      0.48,
      0.4,
      0.32,
      0.24,
      0.16,
      0.08,
      0,
      0.72,
      0.64,
      0.56,
      0.48,
      0.4,
      0.32,
      0.24,
      0.16,
      0.08,
      0,
      0.72,
      0.64,
      0.56,
      0.48,
      0.4,
      0.32,
      0.24,
      0.16,
      0.08,
      0,
      0.72,
      0.64,
      0.56,
      0.48,
      0.4,
      0.32,
      0.24,
      0.16,
      0.08,
      0
    ],
    "SoftwareVersions": "syngo_MR_E11",
    "SpacingBetweenSlices": 2,
    "StationName": "AWP66072",
    "TaskName": "rest",
    "TotalReadoutTime": 0.0574213,
    "TxRefAmp": 241.191,
    "WipMemBlock": "984c148c-6865-40e7-83bf-f87cb4445589||Sequence: R016 ve11c/master r/e634e98; Dec 19 2017 11:00:25 by eja",
    "dataset": "ds004158",
    "modality": "bold",
    "run_id": 1,
    "session_id": "01",
    "subject_id": "25",
    "task_id": "rest"
  },
  "dummy_trs": 3,
  "dvars_nstd": 43.03489225909274,
  "dvars_std": 1.0410593624395168,
  "dvars_vstd": 1.0013644392540324,
  "efc": 0.5566484575643011,
  "fber": 8487.634765625,
  "fd_mean": 0.0628317706932165,
  "fd_num": 0,
  "fd_perc": 0.0,
  "fwhm_avg": 3.345,
  "fwhm_x": 3.15071,
  "fwhm_y": 3.45876,
  "fwhm_z": 3.42553,
  "gcor": 0.00363313,
  "gsr_x": -0.012309937737882137,
  "gsr_y": 0.06079462543129921,
  "provenance": {
    "md5sum": "8253712b2eb725954283f8c0c53ad5fc",
    "settings": {
      "fd_thres": 0.2,
      "testing": false
    },
    "software": "mriqc",
    "version": "23.1.0"
  },
  "size_t": 497,
  "size_x": 100,
  "size_y": 100,
  "size_z": 60,
  "snr": 1.898811356711316,
  "spacing_tr": 0.800000011920929,
  "spacing_x": 2.0,
  "spacing_y": 2.0,
  "spacing_z": 2.0,
  "summary_bg_k": 16.57944820279539,
  "summary_bg_mad": 89.14709427140306,
  "summary_bg_mean": 648.4546469293615,
  "summary_bg_median": 92.82347106933594,
  "summary_bg_n": 396574.0,
  "summary_bg_p05": 25.325847625732422,
  "summary_bg_p95": 3379.336181640625,
  "summary_bg_stdv": 1267.5253351081435,
  "summary_fg_k": 2.1199149717156285,
  "summary_fg_mad": 3974.7736581875333,
  "summary_fg_mean": 9508.092677447625,
  "summary_fg_median": 8551.67431640625,
  "summary_fg_n": 203426.0,
  "summary_fg_p05": 4116.36083984375,
  "summary_fg_p95": 18042.681640625,
  "summary_fg_stdv": 4503.687671251081,
  "tsnr": 32.41607856750488
}