{
  "aor": 0.00020538306451612905,
  "aqi": 0.0036603396572580647,
  "bids_meta": {
    "AcquisitionMatrixPE": 100,
    "AcquisitionNumber": 1,
    "AcquisitionTime": "16:12:48.427500",
    "BandwidthPerPixelPhaseEncode": 17.241,
    "BaseResolution": 100,
    "BodyPartExamined": "HEAD",
    "ConsistencyInfo": "N4_VE11C_LATEST_20160120",
    "ConversionSoftware": "dcm2niix",
    "ConversionSoftwareVersion": "v1.0.20200427",
    "DerivedVendorReportedEchoSpacing": 0.000580013,
    "DeviceSerialNumber": "66072",
    "DwellTime": 2.1e-06,
    "EchoTime": 0.0352,
    "EchoTrainLength": 100,
    "EffectiveEchoSpacing": 0.000580013,
    "FlipAngle": 56,
    "ImageComments": "Unaliased_MB6_PE3_LB_SENSE1",
    "ImageOrientationPatientDICOM": [
      0.993017,
      0.0447838,
      -0.109141,
      -0.0513467,
      0.996991,
      -0.0580818
    ],
    "ImageType": [
      "ORIGINAL",
      "PRIMARY",
      "M",
      "MB",
      "ND",
      "MOSAIC"
    ],
    "ImagingFrequency": 123.232,
    "InPlanePhaseEncodingDirectionDICOM": "COL",
    "InstitutionalDepartmentName": "Department",
    "MRAcquisitionType": "2D",
    "MagneticFieldStrength": 3,
    "Manufacturer": "Siemens",
    "ManufacturersModelName": "Prisma",
    "Modality": "MR",
    "MultibandAccelerationFactor": 6,
    "PartialFourier": 1,
    "PatientPosition": "HFS",
    "PercentPhaseFOV": 100,
    "PercentSampling": 100,
    "PhaseEncodingDirection": "j",
    "PhaseEncodingSteps": 100,
    "PhaseResolution": 1,
    "PixelBandwidth": 2380,
    "ProcedureStepDescription": "Projets_PredictEye",
    "ProtocolName": "task-rest_run2_bold",
    "PulseSequenceDetails": "%CustomerSeq%_cmrr_mbep2d_bold",
    "ReceiveCoilActiveElements": "HC1-6",
    "ReceiveCoilName": "HeadNeck_64",
    "ReconMatrixPE": 100,
    "RepetitionTime": 0.8,
    "SAR": 0.0863876,
    "ScanOptions": "FS_EXT",
    "ScanningSequence": "EP",
    "SequenceName": "epfid2d1_100",
    "SequenceVariant": "SK_SS",
    "SeriesDescription": "task-rest_run2_bold",
    "SeriesNumber": 13,
    "ShimSetting": [
      -623,
      -10739,
      -606,
      345,
      30,
      156,
      -89,
      10
    ],
    "SliceThickness": 2,
    "SliceTiming": [
      0.72,
      0.64,
      0.56,
      0.48,
      0.4,
      0.32,
      0.24,
      0.16,
      0.08,
      0,
      0.72,
      0.64,
      0.56,
      0.48,
      0.4,
      0.32,
      0.24,
      0.16,
      0.08,
      0,
      0.72,
      0.64,
      0.56,
      0.48,
      0.4,
      0.32,
      0.24,
      0.16,
      0.08,
      0,
      0.72,
      0.64,
      0.56,
      0.48,
      0.4,
      0.32,
      0.24,
      0.16,
      0.08,
      0,
      0.72,
      0.64,
      0.56,
      0.48,
      0.4,
      0.32,
      0.24,
      0.16,
      0.08,
      0,
      0.72,
      0.64,
      0.56,
      0.48,
      0.4,
      0.32,
      0.24,
      0.16,
      0.08,
      0
    ],
    "SoftwareVersions": "syngo_MR_E11",
    "SpacingBetweenSlices": 2,
    "StationName": "AWP66072",
    "TaskName": "rest",
    "TotalReadoutTime": 0.0574213,
    "TxRefAmp": 221.348,
    "WipMemBlock": "8b6a9d9b-5bc0-45f5-8899-71b113e3df7e||Sequence: R016 ve11c/master r/e634e98; Dec 19 2017 11:00:25 by eja",
    "dataset": "ds004158",
    "modality": "bold",
    "run_id": 2,
    "session_id": "01",
    "subject_id": "13",
    "task_id": "rest"
  },
  "dummy_trs": 4,
  "dvars_nstd": 38.02428213557574,
  "dvars_std": 1.009684073373738,
  "dvars_vstd": 0.999232633515152,
  "efc": 0.4932899362980985,
  "fber": 10958.705078125,
  "fd_mean": 0.06740824781969722,
  "fd_num": 0,
  "fd_perc": 0.0,
  "fwhm_avg": 3.056373333333333,
  "fwhm_x": 2.88264,
  "fwhm_y": 3.261675,
  "fwhm_z": 3.024805,
  "gcor": 0.00345408,
  "gsr_x": -0.0024224494118243456,
  "gsr_y": 0.044594358652830124,
  "provenance": {
    "md5sum": "fe381f53883b97bfca8b1e86ae82f981",
    "settings": {
      "fd_thres": 0.2,
      "testing": false
    },
    "software": "mriqc",
    "version": "23.1.0"
  },
  "size_t": 496,
  "size_x": 100,
  "size_y": 100,
  "size_z": 60,
  "snr": 2.0130523674807583,
  "spacing_tr": 0.800000011920929,
  "spacing_x": 2.0,
  "spacing_y": 2.0,
  "spacing_z": 2.0,
  "summary_bg_k": 29.067940214514195,
  "summary_bg_mad": 73.93339793904752,
  "summary_bg_mean": 531.076315212033,
  "summary_bg_median": 84.46101760864258,
  "summary_bg_n": 444018.0,
  "summary_bg_p05": 28.467079162597656,
  "summary_bg_p95": 2959.742919921875,
  "summary_bg_stdv": 1179.5016706401204,
  "summary_fg_k": 2.4087046182625205,
  "summary_fg_mad": 3694.0847710862654,
  "summary_fg_mean": 9730.002913952088,
  "summary_fg_median": 8841.703125,
  "summary_fg_n": 155982.0,
  "summary_fg_p05": 4426.0546875,
  "summary_fg_p95": 18362.66015625,
  "summary_fg_stdv": 4392.173261720565,
  "tsnr": 36.09440231323242
}