{
  "aor": 0.0005726653306613226,
  "aqi": 0.00583900124248497,
  "bids_meta": {
    "AcquisitionMatrixPE": 100,
    "AcquisitionNumber": 1,
    "AcquisitionTime": "11:05:47.045000",
    "BandwidthPerPixelPhaseEncode": 17.241,
    "BaseResolution": 100,
    "BodyPartExamined": "HEAD",
    "ConsistencyInfo": "N4_VE11C_LATEST_20160120",
    "ConversionSoftware": "dcm2niix",
    "ConversionSoftwareVersion": "v1.0.20200427",
    "DerivedVendorReportedEchoSpacing": 0.000580013,
    "DeviceSerialNumber": "66072",
    "DwellTime": 2.1e-06,
    "EchoTime": 0.0352,
    "EchoTrainLength": 100,
    "EffectiveEchoSpacing": 0.000580013,
    "FlipAngle": 56,
    "ImageComments": "Unaliased_MB6_PE3_LB_SENSE1",
    "ImageOrientationPatientDICOM": [
      0.999624,
      0.00672143,
      0.0265655,
      -0.000348902,
      0.972495,
      -0.232925
    ],
    "ImageType": [
      "ORIGINAL",
      "PRIMARY",
      "M",
      "MB",
      "ND",
      "MOSAIC"
    ],
    "ImagingFrequency": 123.232,
    "InPlanePhaseEncodingDirectionDICOM": "COL",
    "InstitutionalDepartmentName": "Department",
    "MRAcquisitionType": "2D",
    "MagneticFieldStrength": 3,
    "Manufacturer": "Siemens",
    "ManufacturersModelName": "Prisma",
    "Modality": "MR",
    "MultibandAccelerationFactor": 6,
    "PartialFourier": 1,
    "PatientPosition": "HFS",
    "PercentPhaseFOV": 100,
    "PercentSampling": 100,
    "PhaseEncodingDirection": "j",
    "PhaseEncodingSteps": 100,
    "PhaseResolution": 1,
    "PixelBandwidth": 2380,
    "ProcedureStepDescription": "Projets_PredictEye",
    "ProtocolName": "task-rest_run2_bold",
    "PulseSequenceDetails": "%CustomerSeq%_cmrr_mbep2d_bold",
    "ReceiveCoilActiveElements": "HC1-6",
    "ReceiveCoilName": "HeadNeck_64",
    "ReconMatrixPE": 100,
    "RepetitionTime": 0.8,
    "SAR": 0.092137,
    "ScanOptions": "FS_EXT",
    "ScanningSequence": "EP",
    "SequenceName": "epfid2d1_100",
    "SequenceVariant": "SK_SS",
    "SeriesDescription": "task-rest_run2_bold",
    "SeriesNumber": 13,
    "ShimSetting": [
      -591,
      -10761,
      -575,
      292,
      37,
      53,
      -32,
      43
    ],
    "SliceThickness": 2,
    "SliceTiming": [
      0.72,
      0.64,
      0.56,
      0.48,
      0.4,
      0.32,
      0.24,
      0.16,
      0.08,
      0,
      0.72,
      0.64,
      0.56,
      0.48,
      0.4,
      0.32,
      0.24,
      0.16,
      0.08,
      0,
      0.72,
      0.64,
      0.56,
      0.48,
      0.4,
      0.32,
      0.24,
      0.16,
      0.08,
      0,
      0.72,
      0.64,
      0.56,
      0.48,
      0.4,
      0.32,
      0.24,
      0.16,
      0.08,
      0,
      0.72,
      0.64,
      0.56,
      0.48,
      0.4,
      0.32,
      0.24,
      0.16,
      0.08,
      0,
      0.72,
      0.64,
      0.56,
      0.48,
      0.4,
      0.32,
      0.24,
      0.16,
      0.08,
      0
    ],
    "SoftwareVersions": "syngo_MR_E11",
    "SpacingBetweenSlices": 2,
    "StationName": "AWP66072",
    "TaskName": "rest",
    "TotalReadoutTime": 0.0574213,
    "TxRefAmp": 255.522,
    "WipMemBlock": "cf97850a-75fa-43d9-b878-34e38940d51c||Sequence: R016 ve11c/master r/e634e98; Dec 19 2017 11:00:25 by eja",
    "dataset": "ds004158",
    "modality": "bold",
    "run_id": 2,
    "session_id": "01",
    "subject_id": "12",
    "task_id": "rest"
  },
  "dummy_trs": 1,
  "dvars_nstd": 47.17418568787152,
  "dvars_std": 1.054881238694779,
  "dvars_vstd": 1.9682662780522104,
  "efc": 0.5251439322675595,
  "fber": 8587.23046875,
  "fd_mean": 0.063332846902993,
  "fd_num": 8,
  "fd_perc": 1.6032064128256514,
  "fwhm_avg": 3.106733333333333,
  "fwhm_x": 2.8271,
  "fwhm_y": 3.35337,
  "fwhm_z": 3.13973,
  "gcor": 0.00547165,
  "gsr_x": 0.0032408994156867266,
  "gsr_y": 0.053919997066259384,
  "provenance": {
    "md5sum": "a49427f01fe231bd409ab6e743b3c873",
    "settings": {
      "fd_thres": 0.2,
      "testing": false
    },
    "software": "mriqc",
    "version": "23.1.0"
  },
  "size_t": 499,
  "size_x": 100,
  "size_y": 100,
  "size_z": 60,
  "snr": 2.1941758654723884,
  "spacing_tr": 0.800000011920929,
  "spacing_x": 2.0,
  "spacing_y": 2.0,
  "spacing_z": 2.0,
  "summary_bg_k": 26.707514318550444,
  "summary_bg_mad": 80.38501153279879,
  "summary_bg_mean": 592.833146266021,
  "summary_bg_median": 86.0142822265625,
  "summary_bg_n": 431803.0,
  "summary_bg_p05": 21.877777099609375,
  "summary_bg_p95": 3164.30712890625,
  "summary_bg_stdv": 1301.8592140215712,
  "summary_fg_k": 0.5637005070627006,
  "summary_fg_mad": 3599.404910221723,
  "summary_fg_mean": 8470.295523186014,
  "summary_fg_median": 7970.7119140625,
  "summary_fg_n": 168197.0,
  "summary_fg_p05": 3604.038330078125,
  "summary_fg_p95": 15092.7119140625,
  "summary_fg_stdv": 3632.6569555713695,
  "tsnr": 30.111522674560547
}