{
  "aor": 0.00035600000000000003,
  "aqi": 0.00634761426,
  "bids_meta": {
    "AcquisitionMatrixPE": 100,
    "AcquisitionNumber": 1,
    "AcquisitionTime": "10:58:11.365000",
    "BandwidthPerPixelPhaseEncode": 17.241,
    "BaseResolution": 100,
    "BodyPartExamined": "HEAD",
    "ConsistencyInfo": "N4_VE11C_LATEST_20160120",
    "ConversionSoftware": "dcm2niix",
    "ConversionSoftwareVersion": "v1.0.20200427",
    "DerivedVendorReportedEchoSpacing": 0.000580013,
    "DeviceSerialNumber": "66072",
    "DwellTime": 2.1e-06,
    "EchoTime": 0.0352,
    "EchoTrainLength": 100,
    "EffectiveEchoSpacing": 0.000580013,
    "FlipAngle": 56,
    "ImageComments": "Unaliased_MB6_PE3_LB_SENSE1",
    "ImageOrientationPatientDICOM": [
      0.999624,
      0.00672143,
      0.0265655,
      -0.000348902,
      0.972495,
      -0.232925
    ],
    "ImageType": [
      "ORIGINAL",
      "PRIMARY",
      "M",
      "MB",
      "ND",
      "MOSAIC"
    ],
    "ImagingFrequency": 123.232,
    "InPlanePhaseEncodingDirectionDICOM": "COL",
    "InstitutionalDepartmentName": "Department",
    "MRAcquisitionType": "2D",
    "MagneticFieldStrength": 3,
    "Manufacturer": "Siemens",
    "ManufacturersModelName": "Prisma",
    "Modality": "MR",
    "MultibandAccelerationFactor": 6,
    "PartialFourier": 1,
    "PatientPosition": "HFS",
    "PercentPhaseFOV": 100,
    "PercentSampling": 100,
    "PhaseEncodingDirection": "j-",
    "PhaseEncodingSteps": 100,
    "PhaseResolution": 1,
    "PixelBandwidth": 2380,
    "ProcedureStepDescription": "Projets_PredictEye",
    "ProtocolName": "task-rest_run1_bold",
    "PulseSequenceDetails": "%CustomerSeq%_cmrr_mbep2d_bold",
    "ReceiveCoilActiveElements": "HC1-6",
    "ReceiveCoilName": "HeadNeck_64",
    "ReconMatrixPE": 100,
    "RepetitionTime": 0.8,
    "SAR": 0.092137,
    "ScanOptions": "FS_EXT",
    "ScanningSequence": "EP",
    "SequenceName": "epfid2d1_100",
    "SequenceVariant": "SK_SS",
    "SeriesDescription": "task-rest_run1_bold",
    "SeriesNumber": 10,
    "ShimSetting": [
      -591,
      -10761,
      -575,
      292,
      37,
      53,
      -32,
      43
    ],
    "SliceThickness": 2,
    "SliceTiming": [
      0.72,
      0.64,
      0.56,
      0.48,
      0.4,
      0.32,
      0.24,
      0.16,
      0.08,
      0,
      0.72,
      0.64,
      0.56,
      0.48,
      0.4,
      0.32,
      0.24,
      0.16,
      0.08,
      0,
      0.72,
      0.64,
      0.56,
      0.48,
      0.4,
      0.32,
      0.24,
      0.16,
      0.08,
      0,
      0.72,
      0.64,
      0.56,
      0.48,
      0.4,
      0.32,
      0.24,
      0.16,
      0.08,
      0,
      0.72,
      0.64,
      0.56,
      0.48,
      0.4,
      0.32,
      0.24,
      0.16,
      0.08,
      0,
      0.72,
      0.64,
      0.56,
      0.48,
      0.4,
      0.32,
      0.24,
      0.16,
      0.08,
      0
    ],
    "SoftwareVersions": "syngo_MR_E11",
    "SpacingBetweenSlices": 2,
    "StationName": "AWP66072",
    "TaskName": "rest",
    "TotalReadoutTime": 0.0574213,
    "TxRefAmp": 255.522,
    "WipMemBlock": "ec81a2dd-d000-462d-9af6-2e2db28aebc0||Sequence: R016 ve11c/master r/e634e98; Dec 19 2017 11:00:25 by eja",
    "dataset": "ds004158",
    "modality": "bold",
    "run_id": 1,
    "session_id": "01",
    "subject_id": "12",
    "task_id": "rest"
  },
  "dummy_trs": 0,
  "dvars_nstd": 46.273375035290584,
  "dvars_std": 1.029693573547095,
  "dvars_vstd": 0.9957959504008013,
  "efc": 0.5258276174366677,
  "fber": 8180.08203125,
  "fd_mean": 0.0907773627921545,
  "fd_num": 12,
  "fd_perc": 2.4,
  "fwhm_avg": 3.1128933333333335,
  "fwhm_x": 2.891775,
  "fwhm_y": 3.332235,
  "fwhm_z": 3.11467,
  "gcor": 0.00505859,
  "gsr_x": 0.008066186681389809,
  "gsr_y": 0.04761657863855362,
  "provenance": {
    "md5sum": "0b64dfec36b20d0d8aecf8275d5b829a",
    "settings": {
      "fd_thres": 0.2,
      "testing": false
    },
    "software": "mriqc",
    "version": "23.1.0"
  },
  "size_t": 500,
  "size_x": 100,
  "size_y": 100,
  "size_z": 60,
  "snr": 2.205983782436838,
  "spacing_tr": 0.800000011920929,
  "spacing_x": 2.0,
  "spacing_y": 2.0,
  "spacing_z": 2.0,
  "summary_bg_k": 23.695549088687034,
  "summary_bg_mad": 80.74052466357482,
  "summary_bg_mean": 587.5895749086822,
  "summary_bg_median": 87.61974334716797,
  "summary_bg_n": 432301.0,
  "summary_bg_p05": 23.814495086669922,
  "summary_bg_p95": 3087.966064453125,
  "summary_bg_stdv": 1258.8508288396806,
  "summary_fg_k": 0.8911093288195233,
  "summary_fg_mad": 3442.2548664750457,
  "summary_fg_mean": 8451.049884122527,
  "summary_fg_median": 7924.6630859375,
  "summary_fg_n": 167699.0,
  "summary_fg_p05": 3669.009033203125,
  "summary_fg_p95": 15030.765625,
  "summary_fg_stdv": 3592.338040449542,
  "tsnr": 29.69061851501465
}