{
  "bids_meta": {
    "AcquisitionMatrixPE": 320,
    "AcquisitionNumber": 1,
    "AcquisitionTime": "14:49:9.335000",
    "BaseResolution": 320,
    "BodyPartExamined": "HEAD",
    "CoilString": "HC1-7;NC1_2",
    "ConsistencyInfo": "N4_VE11C_LATEST_20160120",
    "ConversionSoftware": "dcm2niix",
    "ConversionSoftwareVersion": "v1.0.20200427",
    "DeviceSerialNumber": "66072",
    "DwellTime": 7.4e-06,
    "EchoTime": 0.00228,
    "FlipAngle": 9,
    "ImageOrientationPatientDICOM": [
      0.0230559,
      0.991602,
      0.127252,
      0.0756225,
      0.125191,
      -0.989246
    ],
    "ImageType": [
      "ORIGINAL",
      "PRIMARY",
      "M",
      "NORM",
      "DIS3D",
      "DIS2D"
    ],
    "ImagingFrequency": 123.232,
    "InPlanePhaseEncodingDirectionDICOM": "ROW",
    "InstitutionalDepartmentName": "Department",
    "InversionTime": 0.9,
    "MRAcquisitionType": "3D",
    "MagneticFieldStrength": 3,
    "Manufacturer": "Siemens",
    "ManufacturersModelName": "Prisma",
    "Modality": "MR",
    "PartialFourier": 1,
    "PatientPosition": "HFS",
    "PercentPhaseFOV": 100,
    "PercentSampling": 100,
    "PhaseEncodingSteps": 320,
    "PhaseResolution": 1,
    "PixelBandwidth": 210,
    "ProcedureStepDescription": "Projets_PredictEye",
    "ProtocolName": "T1w_CS_0p8mm",
    "PulseSequenceDetails": "%CustomerSeq%_cstfl_wip925b",
    "ReceiveCoilActiveElements": "HC1-7;NC1,2",
    "ReceiveCoilName": "HeadNeck_64",
    "ReconMatrixPE": 320,
    "RefLinesPE": 32,
    "RepetitionTime": 2.3,
    "SAR": 0.0454197,
    "ScanOptions": "IR_WE",
    "ScanningSequence": "GR_IR",
    "SequenceName": "WIP_cmp3d1_16ns",
    "SequenceVariant": "SK_SP_MP",
    "SeriesDescription": "T1w_CS_0p8mm",
    "SeriesNumber": 38,
    "ShimSetting": [
      -603,
      -10854,
      -608,
      127,
      18,
      -321,
      -51,
      31
    ],
    "SliceThickness": 1,
    "SoftwareVersions": "syngo_MR_E11",
    "StationName": "AWP66072",
    "TxRefAmp": 222.435,
    "WipMemBlock": "WIP_Identifier: WIP#925B",
    "dataset": "ds004158",
    "modality": "T1w",
    "session_id": "01",
    "subject_id": "02"
  },
  "cjv": 0.4850528136307609,
  "cnr": 2.400004126225248,
  "efc": 0.5426014794546029,
  "fber": 26445.9302498605,
  "fwhm_avg": 5.0944091128052404,
  "fwhm_x": 4.43949,
  "fwhm_y": 5.697674915098028,
  "fwhm_z": 5.146062423317694,
  "icvs_csf": 0.2722441722438196,
  "icvs_gm": 0.3878922282430515,
  "icvs_wm": 0.33986359951312894,
  "inu_med": 0.5330572724342346,
  "inu_range": 0.23057380318641668,
  "provenance": {
    "md5sum": "fe6b2ff4554773922de655a685460478",
    "settings": {
      "testing": false
    },
    "software": "mriqc",
    "version": "23.1.0",
    "warnings": {
      "large_rot_frame": true,
      "small_air_mask": false
    }
  },
  "qi_1": 0.0,
  "qi_2": 0.002490288157861427,
  "rpve_csf": 8.33815534149427,
  "rpve_gm": 8.299648398789573,
  "rpve_wm": 8.392036455744138,
  "size_x": 208,
  "size_y": 320,
  "size_z": 320,
  "snr_csf": 1.8865193135172682,
  "snr_gm": 5.90233233341957,
  "snr_total": 7.816043443516155,
  "snr_wm": 15.659278683611628,
  "snrd_csf": 81.99448994432956,
  "snrd_gm": 147.55663684361053,
  "snrd_total": 148.55343067493746,
  "snrd_wm": 216.10916523687223,
  "spacing_x": 1.0,
  "spacing_y": 0.800000011920929,
  "spacing_z": 0.800000011920929,
  "summary_bg_k": 8.327506233454017,
  "summary_bg_mad": 0.0,
  "summary_bg_mean": 1.482126894094354,
  "summary_bg_median": 0.0,
  "summary_bg_n": 6366582.0,
  "summary_bg_p05": 0.0,
  "summary_bg_p95": 7.9659995920956135,
  "summary_bg_stdv": 2.9639165103634615,
  "summary_csf_k": -0.8141974329836081,
  "summary_csf_mad": 157.3621490102558,
  "summary_csf_mean": 377.6013204309122,
  "summary_csf_median": 370.95301452465355,
  "summary_csf_n": 687434.231693987,
  "summary_csf_p05": 69.9806388746947,
  "summary_csf_p95": 699.6951317694038,
  "summary_csf_stdv": 196.63342010695962,
  "summary_gm_k": -0.7416678984038141,
  "summary_gm_mad": 97.55133639902022,
  "summary_gm_mean": 670.7622992725063,
  "summary_gm_median": 667.5641166549176,
  "summary_gm_n": 979453.0906010391,
  "summary_gm_p05": 487.0607962887734,
  "summary_gm_p95": 856.4562131278217,
  "summary_gm_stdv": 113.10169237521616,
  "summary_wm_k": -0.4200368158200427,
  "summary_wm_mad": 52.882919258582824,
  "summary_wm_mean": 964.7394793520631,
  "summary_wm_median": 977.704067254439,
  "summary_wm_n": 858177.6810370808,
  "summary_wm_p05": 840.6577223166823,
  "summary_wm_p95": 1045.7933375108987,
  "summary_wm_stdv": 62.43604940998007,
  "tpm_overlap_csf": 0.20539043736384677,
  "tpm_overlap_gm": 0.5192183692267162,
  "tpm_overlap_wm": 0.5364985935545233,
  "wm2max": 0.9053427564749758
}