{
  "bids_meta": {
    "AcquisitionMatrixPE": 300,
    "AcquisitionNumber": 1,
    "AcquisitionTime": "14:41:34.282500",
    "BaseResolution": 320,
    "BodyPartExamined": "HEAD",
    "CoilString": "HC1-7;NC1_2",
    "ConsistencyInfo": "N4_VE11C_LATEST_20160120",
    "ConversionSoftware": "dcm2niix",
    "ConversionSoftwareVersion": "v1.0.20200427",
    "DeviceSerialNumber": "66072",
    "DwellTime": 2.1e-06,
    "EchoTime": 0.564,
    "EchoTrainLength": 282,
    "FlipAngle": 120,
    "ImageOrientationPatientDICOM": [
      0.0230559,
      0.991602,
      0.127252,
      0.0756225,
      0.125191,
      -0.989246
    ],
    "ImageType": [
      "ORIGINAL",
      "PRIMARY",
      "M",
      "ND",
      "NORM"
    ],
    "ImagingFrequency": 123.232,
    "InPlanePhaseEncodingDirectionDICOM": "ROW",
    "InstitutionalDepartmentName": "Department",
    "MRAcquisitionType": "3D",
    "MagneticFieldStrength": 3,
    "Manufacturer": "Siemens",
    "ManufacturersModelName": "Prisma",
    "Modality": "MR",
    "ParallelReductionFactorInPlane": 2,
    "PartialFourier": 1,
    "PatientPosition": "HFS",
    "PercentPhaseFOV": 93.75,
    "PercentSampling": 100,
    "PhaseEncodingDirection": "i",
    "PhaseEncodingSteps": 295,
    "PhaseResolution": 1,
    "PixelBandwidth": 745,
    "ProcedureStepDescription": "Projets_PredictEye",
    "ProtocolName": "T2w_vNav_0p8mm",
    "PulseSequenceDetails": "%CustomerSeq%_tse_vfl_mgh_epinav_ABCD",
    "ReceiveCoilActiveElements": "HC1-7;NC1,2",
    "ReceiveCoilName": "HeadNeck_64",
    "ReconMatrixPE": 300,
    "RefLinesPE": 32,
    "RepetitionTime": 3.2,
    "SAR": 0.136185,
    "ScanOptions": "PFP",
    "ScanningSequence": "SE",
    "SequenceName": "spc_282ns",
    "SequenceVariant": "SK_SP",
    "SeriesDescription": "T2w_vNav_0p8mm",
    "SeriesNumber": 37,
    "ShimSetting": [
      -603,
      -10854,
      -608,
      127,
      18,
      -321,
      -51,
      31
    ],
    "SliceThickness": 1,
    "SoftwareVersions": "syngo_MR_E11",
    "StationName": "AWP66072",
    "TxRefAmp": 222.435,
    "WipMemBlock": "Prisma_epi_moco_navigator_ABCD_tse_vfl.prot",
    "dataset": "ds004158",
    "modality": "T2w",
    "session_id": "01",
    "subject_id": "02"
  },
  "cjv": 0.7617183008212044,
  "cnr": 1.1561949581317383,
  "efc": 0.5260704662282363,
  "fber": 6663.223673469388,
  "fwhm_avg": 2.6146979648316595,
  "fwhm_x": 2.292331477222686,
  "fwhm_y": 3.039424954709039,
  "fwhm_z": 2.5123374625632544,
  "icvs_csf": 0.26152761101544125,
  "icvs_gm": 0.368655153008636,
  "icvs_wm": 0.36981723597592275,
  "inu_med": 1.001018226146698,
  "inu_range": 0.377260521054268,
  "provenance": {
    "md5sum": "c724d16604aff3abd0c1ad4361bb35c5",
    "settings": {
      "testing": false
    },
    "software": "mriqc",
    "version": "23.1.0",
    "warnings": {
      "large_rot_frame": true,
      "small_air_mask": false
    }
  },
  "qi_1": 0.0,
  "qi_2": 0.0026601579785258873,
  "rpve_csf": 7.936982261889459,
  "rpve_gm": 7.84496298276174,
  "rpve_wm": 7.904520262425555,
  "size_x": 208,
  "size_y": 300,
  "size_z": 320,
  "snr_csf": 1.7396406463646488,
  "snr_gm": 4.618449388693608,
  "snr_total": 4.083935162878816,
  "snr_wm": 5.893715453578191,
  "snrd_csf": 101.03468618742386,
  "snrd_gm": 93.27555921900412,
  "snrd_total": 86.94190860386398,
  "snrd_wm": 66.51548040516401,
  "spacing_x": 0.9999949932098389,
  "spacing_y": 0.800000011920929,
  "spacing_z": 0.800000011920929,
  "summary_bg_k": 75.21647204467205,
  "summary_bg_mad": 0.0,
  "summary_bg_mean": 5.80587440770225,
  "summary_bg_median": 0.0,
  "summary_bg_n": 5865034.0,
  "summary_bg_p05": 0.0,
  "summary_bg_p95": 26.76618194580078,
  "summary_bg_stdv": 10.408963154133302,
  "summary_csf_k": -1.3998661474707865,
  "summary_csf_mad": 1597.6465026181738,
  "summary_csf_mean": 1589.911374561874,
  "summary_csf_median": 1605.2631571292877,
  "summary_csf_n": 647269.8533564284,
  "summary_csf_p05": 33.00733494758606,
  "summary_csf_p95": 2961.4592702388763,
  "summary_csf_stdv": 922.7548921998023,
  "summary_gm_k": 10.527674986102753,
  "summary_gm_mad": 184.7767659166111,
  "summary_gm_mean": 1481.0830147857625,
  "summary_gm_median": 1481.9842998981476,
  "summary_gm_n": 912406.0205364045,
  "summary_gm_p05": 956.440612077713,
  "summary_gm_p95": 2008.3000891208649,
  "summary_gm_stdv": 320.8833448291377,
  "summary_wm_k": 67.42485653217449,
  "summary_wm_mad": 139.08338911018018,
  "summary_wm_mean": 1079.1348554562096,
  "summary_wm_median": 1056.813794374466,
  "summary_wm_n": 915282.1270740782,
  "summary_wm_p05": 838.0517303943634,
  "summary_wm_p95": 1384.9568903446198,
  "summary_wm_stdv": 179.31188320549586,
  "tpm_overlap_csf": 0.23849005721958508,
  "tpm_overlap_gm": 0.5180290553248226,
  "tpm_overlap_wm": 0.5506863284089626,
  "wm2max": 0.31662650602409637
}