{
  "bids_meta": {
    "AcquisitionMatrixPE": 320,
    "AcquisitionNumber": 1,
    "AcquisitionTime": "15:19:1.640000",
    "BaseResolution": 320,
    "BodyPartExamined": "HEAD",
    "CoilString": "HC1-7;NC1_2",
    "ConsistencyInfo": "N4_VE11C_LATEST_20160120",
    "ConversionSoftware": "dcm2niix",
    "ConversionSoftwareVersion": "v1.0.20200427",
    "DeviceSerialNumber": "66072",
    "DwellTime": 7.4e-06,
    "EchoTime": 0.00228,
    "FlipAngle": 9,
    "ImageOrientationPatientDICOM": [
      -0.012312,
      0.999559,
      0.0270303,
      0.0372087,
      0.0274716,
      -0.99893
    ],
    "ImageType": [
      "ORIGINAL",
      "PRIMARY",
      "M",
      "NORM",
      "DIS3D",
      "DIS2D"
    ],
    "ImagingFrequency": 123.232,
    "InPlanePhaseEncodingDirectionDICOM": "ROW",
    "InstitutionalDepartmentName": "Department",
    "InversionTime": 0.9,
    "MRAcquisitionType": "3D",
    "MagneticFieldStrength": 3,
    "Manufacturer": "Siemens",
    "ManufacturersModelName": "Prisma",
    "Modality": "MR",
    "PartialFourier": 1,
    "PatientPosition": "HFS",
    "PercentPhaseFOV": 100,
    "PercentSampling": 100,
    "PhaseEncodingSteps": 320,
    "PhaseResolution": 1,
    "PixelBandwidth": 210,
    "ProcedureStepDescription": "Projets_PredictEye",
    "ProtocolName": "T1w_CS_0p8mm",
    "PulseSequenceDetails": "%CustomerSeq%_cstfl_wip925b",
    "ReceiveCoilActiveElements": "HC1-7;NC1,2",
    "ReceiveCoilName": "HeadNeck_64",
    "ReconMatrixPE": 320,
    "RefLinesPE": 32,
    "RepetitionTime": 2.3,
    "SAR": 0.0413417,
    "ScanOptions": "IR_WE",
    "ScanningSequence": "GR_IR",
    "SequenceName": "WIP_cmp3d1_16ns",
    "SequenceVariant": "SK_SP_MP",
    "SeriesDescription": "T1w_CS_0p8mm",
    "SeriesNumber": 38,
    "ShimSetting": [
      -587,
      -10785,
      -619,
      67,
      48,
      -261,
      -35,
      10
    ],
    "SliceThickness": 0.8,
    "SoftwareVersions": "syngo_MR_E11",
    "StationName": "AWP66072",
    "TxRefAmp": 232.462,
    "WipMemBlock": "WIP_Identifier: WIP#925B",
    "dataset": "ds004158",
    "modality": "T1w",
    "session_id": "01",
    "subject_id": "20"
  },
  "cjv": 0.46075011997164,
  "cnr": 2.4076298577481685,
  "efc": 0.592324633657877,
  "fber": -1.0,
  "fwhm_avg": 5.072474924414234,
  "fwhm_x": 4.938599926409126,
  "fwhm_y": 5.277487421359309,
  "fwhm_z": 5.001337425474265,
  "icvs_csf": 0.26785128973884614,
  "icvs_gm": 0.39421075503429603,
  "icvs_wm": 0.3379379552268577,
  "inu_med": 0.5542329549789429,
  "inu_range": 0.2454130917787552,
  "provenance": {
    "md5sum": "0dc59c1bafb616f3c117f1e1b5d22840",
    "settings": {
      "testing": false
    },
    "software": "mriqc",
    "version": "23.1.0",
    "warnings": {
      "large_rot_frame": true,
      "small_air_mask": false
    }
  },
  "qi_1": 0.0,
  "qi_2": 0.001978564204995166,
  "rpve_csf": 7.461277097111346,
  "rpve_gm": 7.413359597464948,
  "rpve_wm": 7.503545653502062,
  "size_x": 240,
  "size_y": 320,
  "size_z": 320,
  "snr_csf": 1.958843778509658,
  "snr_gm": 6.632556024525136,
  "snr_total": 6.725571378583878,
  "snr_wm": 11.58531433271684,
  "snrd_csf": 69.19030647465827,
  "snrd_gm": 117.74874202883764,
  "snrd_total": 120.21977019469797,
  "snrd_wm": 173.72026208059805,
  "spacing_x": 0.800000011920929,
  "spacing_y": 0.800000011920929,
  "spacing_z": 0.800000011920929,
  "summary_bg_k": 418.89754039194503,
  "summary_bg_mad": 0.0,
  "summary_bg_mean": 1.344795837559061,
  "summary_bg_median": 0.0,
  "summary_bg_n": 5019433.0,
  "summary_bg_p05": 0.0,
  "summary_bg_p95": 8.022616328671575,
  "summary_bg_stdv": 3.6643137258231575,
  "summary_csf_k": -0.8379863804470671,
  "summary_csf_mad": 161.8386629073771,
  "summary_csf_mean": 392.7322563685892,
  "summary_csf_median": 386.9957305211574,
  "summary_csf_n": 870868.916713287,
  "summary_csf_p05": 93.26609839871526,
  "summary_csf_p95": 704.8950861226767,
  "summary_csf_stdv": 197.56323223800104,
  "summary_gm_k": -0.5802050532476657,
  "summary_gm_mad": 81.18365031517983,
  "summary_gm_mean": 662.9227949336428,
  "summary_gm_median": 658.5931290257722,
  "summary_gm_n": 1281703.3419109765,
  "summary_gm_p05": 503.97311718016863,
  "summary_gm_p95": 830.6591478083283,
  "summary_gm_stdv": 99.29699344708179,
  "summary_wm_k": -0.3928617245195638,
  "summary_wm_mad": 63.05892838434899,
  "summary_wm_mean": 951.7407247812206,
  "summary_wm_median": 971.653446206823,
  "summary_wm_n": 1098742.7436756336,
  "summary_wm_p05": 782.7526674456894,
  "summary_wm_p95": 1057.1770831327885,
  "summary_wm_stdv": 83.86936911126755,
  "tpm_overlap_csf": 0.19938339060763505,
  "tpm_overlap_gm": 0.5063976534074781,
  "tpm_overlap_wm": 0.524986873305124,
  "wm2max": 0.8180063895023478
}