{
  "bids_meta": {
    "AcquisitionMatrixPE": 320,
    "AcquisitionNumber": 1,
    "AcquisitionTime": "16:55:27.325000",
    "BaseResolution": 320,
    "BodyPartExamined": "HEAD",
    "CoilString": "HC1-7;NC1_2",
    "ConsistencyInfo": "N4_VE11C_LATEST_20160120",
    "ConversionSoftware": "dcm2niix",
    "ConversionSoftwareVersion": "v1.0.20200427",
    "DeviceSerialNumber": "66072",
    "DwellTime": 2.1e-06,
    "EchoTime": 0.564,
    "EchoTrainLength": 326,
    "FlipAngle": 120,
    "ImageOrientationPatientDICOM": [
      -4.4665e-05,
      0.99497,
      0.100178,
      -0.0141682,
      0.100167,
      -0.99487
    ],
    "ImageType": [
      "ORIGINAL",
      "PRIMARY",
      "M",
      "ND",
      "NORM"
    ],
    "ImagingFrequency": 123.232,
    "InPlanePhaseEncodingDirectionDICOM": "ROW",
    "InstitutionalDepartmentName": "Department",
    "MRAcquisitionType": "3D",
    "MagneticFieldStrength": 3,
    "Manufacturer": "Siemens",
    "ManufacturersModelName": "Prisma",
    "Modality": "MR",
    "ParallelReductionFactorInPlane": 2,
    "PartialFourier": 1,
    "PatientPosition": "HFS",
    "PercentPhaseFOV": 100,
    "PercentSampling": 100,
    "PhaseEncodingDirection": "i",
    "PhaseEncodingSteps": 287,
    "PhaseResolution": 1,
    "PixelBandwidth": 745,
    "ProcedureStepDescription": "Projets_PredictEye",
    "ProtocolName": "T2w_vNav_0p8mm",
    "PulseSequenceDetails": "%CustomerSeq%_tse_vfl_mgh_epinav_ABCD",
    "ReceiveCoilActiveElements": "HC1-7;NC1,2",
    "ReceiveCoilName": "HeadNeck_64",
    "ReconMatrixPE": 320,
    "RefLinesPE": 32,
    "RepetitionTime": 3.2,
    "SAR": 0.116456,
    "ScanOptions": "PFP",
    "ScanningSequence": "SE",
    "SequenceName": "spc_360ns",
    "SequenceVariant": "SK_SP",
    "SeriesDescription": "T2w_vNav_0p8mm",
    "SeriesNumber": 33,
    "ShimSetting": [
      -616,
      -10806,
      -650,
      -5,
      127,
      -338,
      171,
      3
    ],
    "SliceThickness": 0.8,
    "SoftwareVersions": "syngo_MR_E11",
    "StationName": "AWP66072",
    "TxRefAmp": 220.476,
    "WipMemBlock": "Prisma_epi_moco_navigator_ABCD_tse_vfl.prot",
    "dataset": "ds004158",
    "modality": "T2w",
    "session_id": "01",
    "subject_id": "24"
  },
  "cjv": 0.6003648402249014,
  "cnr": 1.6331459085876887,
  "efc": 0.5571081377389002,
  "fber": 9141.82726326743,
  "fwhm_avg": 2.677154826057137,
  "fwhm_x": 2.55971455970684,
  "fwhm_y": 2.9615999558687216,
  "fwhm_z": 2.5101499625958508,
  "icvs_csf": 0.2408485016704912,
  "icvs_gm": 0.4044667337643682,
  "icvs_wm": 0.35468476456514053,
  "inu_med": 0.9414660930633545,
  "inu_range": 0.2894993722438812,
  "provenance": {
    "md5sum": "61d362be3b261c0d48cbd41965352057",
    "settings": {
      "testing": false
    },
    "software": "mriqc",
    "version": "23.1.0",
    "warnings": {
      "large_rot_frame": true,
      "small_air_mask": false
    }
  },
  "qi_1": 0.0,
  "qi_2": 0.0034832592608620597,
  "rpve_csf": 9.022045054950942,
  "rpve_gm": 8.984268606443782,
  "rpve_wm": 9.039633935885576,
  "size_x": 240,
  "size_y": 320,
  "size_z": 320,
  "snr_csf": 1.7105553200863757,
  "snr_gm": 5.350676748157617,
  "snr_total": 4.20791747021643,
  "snr_wm": 5.562520342405301,
  "snrd_csf": 57.58034647855872,
  "snrd_gm": 71.84815798041309,
  "snrd_total": 58.496727326612834,
  "snrd_wm": 46.061677520866674,
  "spacing_x": 0.7999993562698364,
  "spacing_y": 0.800000011920929,
  "spacing_z": 0.800000011920929,
  "summary_bg_k": 2384.933805190114,
  "summary_bg_mad": 0.0,
  "summary_bg_mean": 6.511938785781117,
  "summary_bg_median": 0.0,
  "summary_bg_n": 5711553.0,
  "summary_bg_p05": 0.0,
  "summary_bg_p95": 30.802183613181114,
  "summary_bg_stdv": 15.421998622505992,
  "summary_csf_k": -1.2446510534975235,
  "summary_csf_mad": 1670.7156012127741,
  "summary_csf_mean": 1247.1946358875757,
  "summary_csf_median": 1355.4490699581802,
  "summary_csf_n": 645092.4804672413,
  "summary_csf_p05": 9.026467714458704,
  "summary_csf_p95": 2502.8814065419137,
  "summary_csf_stdv": 792.4023289140097,
  "summary_gm_k": 0.39770694229461023,
  "summary_gm_mad": 219.18832999573843,
  "summary_gm_mean": 1695.6123971563925,
  "summary_gm_median": 1691.3152641244233,
  "summary_gm_n": 1083330.171210724,
  "summary_gm_p05": 1136.3659891597927,
  "summary_gm_p95": 2263.093546692282,
  "summary_gm_stdv": 316.0935640706168,
  "summary_wm_k": 17.936325779330623,
  "summary_wm_mad": 145.24345702718645,
  "summary_wm_mean": 1119.947504331602,
  "summary_wm_median": 1084.2980595752597,
  "summary_wm_n": 949993.3483924975,
  "summary_wm_p05": 863.8380599729717,
  "summary_wm_p95": 1484.8284405320883,
  "summary_wm_stdv": 194.92917277477517,
  "tpm_overlap_csf": 0.24585960518513217,
  "tpm_overlap_gm": 0.5266930824388976,
  "tpm_overlap_wm": 0.5432756008865691,
  "wm2max": 0.4024226365098893
}