{
  "aor": 0.00039376257545271627,
  "aqi": 0.0050443344265593566,
  "bids_meta": {
    "AcquisitionMatrixPE": 100,
    "AcquisitionNumber": 1,
    "AcquisitionTime": "14:02:36.465000",
    "BandwidthPerPixelPhaseEncode": 17.241,
    "BaseResolution": 100,
    "BodyPartExamined": "HEAD",
    "ConsistencyInfo": "N4_VE11C_LATEST_20160120",
    "ConversionSoftware": "dcm2niix",
    "ConversionSoftwareVersion": "v1.0.20200427",
    "DerivedVendorReportedEchoSpacing": 0.000580013,
    "DeviceSerialNumber": "66072",
    "DwellTime": 2.1e-06,
    "EchoTime": 0.0352,
    "EchoTrainLength": 100,
    "EffectiveEchoSpacing": 0.000580013,
    "FlipAngle": 56,
    "ImageComments": "Unaliased_MB6_PE3_LB_SENSE1",
    "ImageOrientationPatientDICOM": [
      0.996785,
      -0.0340478,
      0.0725347,
      0.0384668,
      0.997431,
      -0.0604234
    ],
    "ImageType": [
      "ORIGINAL",
      "PRIMARY",
      "M",
      "MB",
      "ND",
      "MOSAIC"
    ],
    "ImagingFrequency": 123.232,
    "InPlanePhaseEncodingDirectionDICOM": "COL",
    "InstitutionalDepartmentName": "Department",
    "MRAcquisitionType": "2D",
    "MagneticFieldStrength": 3,
    "Manufacturer": "Siemens",
    "ManufacturersModelName": "Prisma",
    "Modality": "MR",
    "MultibandAccelerationFactor": 6,
    "PartialFourier": 1,
    "PatientPosition": "HFS",
    "PercentPhaseFOV": 100,
    "PercentSampling": 100,
    "PhaseEncodingDirection": "j-",
    "PhaseEncodingSteps": 100,
    "PhaseResolution": 1,
    "PixelBandwidth": 2380,
    "ProcedureStepDescription": "Projets_PredictEye",
    "ProtocolName": "task-rest_run1_bold",
    "PulseSequenceDetails": "%CustomerSeq%_cmrr_mbep2d_bold",
    "ReceiveCoilActiveElements": "HC1-6",
    "ReceiveCoilName": "HeadNeck_64",
    "ReconMatrixPE": 100,
    "RepetitionTime": 0.8,
    "SAR": 0.0898956,
    "ScanOptions": "FS_EXT",
    "ScanningSequence": "EP",
    "SequenceName": "epfid2d1_100",
    "SequenceVariant": "SK_SS",
    "SeriesDescription": "task-rest_run1_bold",
    "SeriesNumber": 16,
    "ShimSetting": [
      -581,
      -10750,
      -450,
      567,
      140,
      168,
      -165,
      31
    ],
    "SliceThickness": 2,
    "SliceTiming": [
      0.72,
      0.64,
      0.56,
      0.48,
      0.4,
      0.32,
      0.24,
      0.16,
      0.08,
      0,
      0.72,
      0.64,
      0.56,
      0.48,
      0.4,
      0.32,
      0.24,
      0.16,
      0.08,
      0,
      0.72,
      0.64,
      0.56,
      0.48,
      0.4,
      0.32,
      0.24,
      0.16,
      0.08,
      0,
      0.72,
      0.64,
      0.56,
      0.48,
      0.4,
      0.32,
      0.24,
      0.16,
      0.08,
      0,
      0.72,
      0.64,
      0.56,
      0.48,
      0.4,
      0.32,
      0.24,
      0.16,
      0.08,
      0,
      0.72,
      0.64,
      0.56,
      0.48,
      0.4,
      0.32,
      0.24,
      0.16,
      0.08,
      0
    ],
    "SoftwareVersions": "syngo_MR_E11",
    "SpacingBetweenSlices": 2,
    "StationName": "AWP66072",
    "TaskName": "rest",
    "TotalReadoutTime": 0.0574213,
    "TxRefAmp": 222.435,
    "WipMemBlock": "bef2ecd2-cec4-4236-9f2a-8fdbe83f7be6||Sequence: R016 ve11c/master r/e634e98; Dec 19 2017 11:00:25 by eja",
    "dataset": "ds004158",
    "modality": "bold",
    "run_id": 1,
    "session_id": "01",
    "subject_id": "02",
    "task_id": "rest"
  },
  "dummy_trs": 3,
  "dvars_nstd": 42.21601650024194,
  "dvars_std": 1.018122355564517,
  "dvars_vstd": 1.0082003932258066,
  "efc": 0.51848266874257,
  "fber": 12844.5595703125,
  "fd_mean": 0.1127377104946223,
  "fd_num": 48,
  "fd_perc": 9.6579476861167,
  "fwhm_avg": 3.066266666666666,
  "fwhm_x": 2.83982,
  "fwhm_y": 3.25277,
  "fwhm_z": 3.10621,
  "gcor": 0.00399527,
  "gsr_x": -0.01174540352076292,
  "gsr_y": 0.046610914170742035,
  "provenance": {
    "md5sum": "67478b87336a28f27b33fe586eda874e",
    "settings": {
      "fd_thres": 0.2,
      "testing": false
    },
    "software": "mriqc",
    "version": "23.1.0"
  },
  "size_t": 497,
  "size_x": 100,
  "size_y": 100,
  "size_z": 60,
  "snr": 2.0431393094097765,
  "spacing_tr": 0.800000011920929,
  "spacing_x": 2.0,
  "spacing_y": 2.0,
  "spacing_z": 2.0,
  "summary_bg_k": 34.39117255306866,
  "summary_bg_mad": 57.70881409207268,
  "summary_bg_mean": 424.3621880286946,
  "summary_bg_median": 71.09391021728516,
  "summary_bg_n": 417329.0,
  "summary_bg_p05": 24.159822463989258,
  "summary_bg_p95": 2178.397705078125,
  "summary_bg_stdv": 961.4864024771601,
  "summary_fg_k": 3.1029720889414527,
  "summary_fg_mad": 3307.154911094316,
  "summary_fg_mean": 8710.231959996729,
  "summary_fg_median": 8057.34619140625,
  "summary_fg_n": 182671.0,
  "summary_fg_p05": 3787.7841796875,
  "summary_fg_p95": 15973.240234375,
  "summary_fg_stdv": 3943.5999787244737,
  "tsnr": 31.595094680786133
}