{
  "bids_meta": {
    "AcquisitionMatrixPE": 300,
    "AcquisitionNumber": 1,
    "AcquisitionTime": "11:43:57.975000",
    "BaseResolution": 320,
    "BodyPartExamined": "HEAD",
    "CoilString": "HC1-7;NC1_2",
    "ConsistencyInfo": "N4_VE11C_LATEST_20160120",
    "ConversionSoftware": "dcm2niix",
    "ConversionSoftwareVersion": "v1.0.20200427",
    "DeviceSerialNumber": "66072",
    "DwellTime": 2.1e-06,
    "EchoTime": 0.564,
    "EchoTrainLength": 282,
    "FlipAngle": 120,
    "ImageOrientationPatientDICOM": [
      -0.00956348,
      0.998648,
      0.0510988,
      0.0253977,
      0.0513272,
      -0.998359
    ],
    "ImageType": [
      "ORIGINAL",
      "PRIMARY",
      "M",
      "ND",
      "NORM"
    ],
    "ImagingFrequency": 123.232,
    "InPlanePhaseEncodingDirectionDICOM": "ROW",
    "InstitutionalDepartmentName": "Department",
    "MRAcquisitionType": "3D",
    "MagneticFieldStrength": 3,
    "Manufacturer": "Siemens",
    "ManufacturersModelName": "Prisma",
    "Modality": "MR",
    "ParallelReductionFactorInPlane": 2,
    "PartialFourier": 1,
    "PatientPosition": "HFS",
    "PercentPhaseFOV": 93.75,
    "PercentSampling": 100,
    "PhaseEncodingDirection": "i",
    "PhaseEncodingSteps": 295,
    "PhaseResolution": 1,
    "PixelBandwidth": 745,
    "ProcedureStepDescription": "Projets_PredictEye",
    "ProtocolName": "T2w_vNav_0p8mm",
    "PulseSequenceDetails": "%CustomerSeq%_tse_vfl_mgh_epinav_ABCD",
    "ReceiveCoilActiveElements": "HC1-7;NC1,2",
    "ReceiveCoilName": "HeadNeck_64",
    "ReconMatrixPE": 300,
    "RefLinesPE": 32,
    "RepetitionTime": 3.2,
    "SAR": 0.139581,
    "ScanOptions": "PFP",
    "ScanningSequence": "SE",
    "SequenceName": "spc_282ns",
    "SequenceVariant": "SK_SP",
    "SeriesDescription": "T2w_vNav_0p8mm",
    "SeriesNumber": 33,
    "ShimSetting": [
      -593,
      -10766,
      -612,
      -38,
      32,
      -315,
      137,
      25
    ],
    "SliceThickness": 1,
    "SoftwareVersions": "syngo_MR_E11",
    "StationName": "AWP66072",
    "TxRefAmp": 255.522,
    "WipMemBlock": "Prisma_epi_moco_navigator_ABCD_tse_vfl.prot",
    "dataset": "ds004158",
    "modality": "T2w",
    "session_id": "01",
    "subject_id": "12"
  },
  "cjv": 0.7524101173704006,
  "cnr": 1.1653582792053199,
  "efc": 0.5358244637108185,
  "fber": 7303.243482934695,
  "fwhm_avg": 2.5346967174636084,
  "fwhm_x": 2.263265413361546,
  "fwhm_y": 2.906299956692756,
  "fwhm_z": 2.434524782336523,
  "icvs_csf": 0.25963345281620975,
  "icvs_gm": 0.37489537825409125,
  "icvs_wm": 0.365471168929699,
  "inu_med": 0.9543154239654541,
  "inu_range": 0.24677048921585087,
  "provenance": {
    "md5sum": "7438a43a8d9048f3a4f1ddb736414008",
    "settings": {
      "testing": false
    },
    "software": "mriqc",
    "version": "23.1.0",
    "warnings": {
      "large_rot_frame": true,
      "small_air_mask": false
    }
  },
  "qi_1": 0.0,
  "qi_2": 0.0012993265173057065,
  "rpve_csf": 8.351487694449968,
  "rpve_gm": 8.254625067821129,
  "rpve_wm": 8.310562262641934,
  "size_x": 208,
  "size_y": 300,
  "size_z": 320,
  "snr_csf": 1.7052680764754409,
  "snr_gm": 4.914919806189072,
  "snr_total": 4.0804637222885765,
  "snr_wm": 5.621203284201215,
  "snrd_csf": 11.149877572958879,
  "snrd_gm": 10.75975534080069,
  "snrd_total": 9.856307038503024,
  "snrd_wm": 7.659288201749504,
  "spacing_x": 1.0000020265579224,
  "spacing_y": 0.800000011920929,
  "spacing_z": 0.8000000715255737,
  "summary_bg_k": 137.84067522793129,
  "summary_bg_mad": 0.0,
  "summary_bg_mean": 16.362225200175537,
  "summary_bg_median": 0.0,
  "summary_bg_n": 6025922.0,
  "summary_bg_p05": 0.0,
  "summary_bg_p95": 34.7020343542099,
  "summary_bg_stdv": 94.78666762924973,
  "summary_csf_k": -1.6109373163074663,
  "summary_csf_mad": 1760.9492651196215,
  "summary_csf_mean": 1585.039352137765,
  "summary_csf_median": 1613.190382361412,
  "summary_csf_n": 611107.8259054283,
  "summary_csf_p05": 25.43604612350464,
  "summary_csf_p95": 3041.4243721961975,
  "summary_csf_stdv": 946.0032030887369,
  "summary_gm_k": 4.970597808629044,
  "summary_gm_mad": 188.10874517772828,
  "summary_gm_mean": 1547.8884472983575,
  "summary_gm_median": 1556.7465847730637,
  "summary_gm_n": 882403.6235000427,
  "summary_gm_p05": 1013.5053139925003,
  "summary_gm_p95": 2058.5634375810623,
  "summary_gm_stdv": 316.7387798895039,
  "summary_wm_k": 29.633711939267847,
  "summary_wm_mad": 149.40952361610493,
  "summary_wm_mean": 1136.7908089016494,
  "summary_wm_median": 1108.1637427806854,
  "summary_wm_n": 860221.5510103939,
  "summary_wm_p05": 866.88467669487,
  "summary_wm_p95": 1485.7679036855698,
  "summary_wm_stdv": 197.13983690640717,
  "tpm_overlap_csf": 0.23545680746622866,
  "tpm_overlap_gm": 0.5161411532876319,
  "tpm_overlap_wm": 0.5442711214254956,
  "wm2max": 0.34294817730297067
}