{
  "aor": 0.0007737826961770624,
  "aqi": 0.005279176116700201,
  "bids_meta": {
    "AcquisitionMatrixPE": 100,
    "AcquisitionNumber": 1,
    "AcquisitionTime": "09:55:20.822500",
    "BandwidthPerPixelPhaseEncode": 17.241,
    "BaseResolution": 100,
    "BodyPartExamined": "HEAD",
    "ConsistencyInfo": "N4_VE11C_LATEST_20160120",
    "ConversionSoftware": "dcm2niix",
    "ConversionSoftwareVersion": "v1.0.20200427",
    "DerivedVendorReportedEchoSpacing": 0.000580013,
    "DeviceSerialNumber": "66072",
    "DwellTime": 2.1e-06,
    "EchoTime": 0.0352,
    "EchoTrainLength": 100,
    "EffectiveEchoSpacing": 0.000580013,
    "FlipAngle": 56,
    "ImageComments": "Unaliased_MB6_PE3_LB_SENSE1",
    "ImageOrientationPatientDICOM": [
      0.997489,
      -0.0273132,
      0.065342,
      0.030476,
      0.998387,
      -0.0479076
    ],
    "ImageType": [
      "ORIGINAL",
      "PRIMARY",
      "M",
      "MB",
      "ND",
      "MOSAIC"
    ],
    "ImagingFrequency": 123.232,
    "InPlanePhaseEncodingDirectionDICOM": "COL",
    "InstitutionalDepartmentName": "Department",
    "MRAcquisitionType": "2D",
    "MagneticFieldStrength": 3,
    "Manufacturer": "Siemens",
    "ManufacturersModelName": "Prisma",
    "Modality": "MR",
    "MultibandAccelerationFactor": 6,
    "PartialFourier": 1,
    "PatientPosition": "HFS",
    "PercentPhaseFOV": 100,
    "PercentSampling": 100,
    "PhaseEncodingDirection": "j",
    "PhaseEncodingSteps": 100,
    "PhaseResolution": 1,
    "PixelBandwidth": 2380,
    "ProcedureStepDescription": "Projets_PredictEye",
    "ProtocolName": "task-rest_run2_bold",
    "PulseSequenceDetails": "%CustomerSeq%_cmrr_mbep2d_bold",
    "ReceiveCoilActiveElements": "HC1-6",
    "ReceiveCoilName": "HeadNeck_64",
    "ReconMatrixPE": 100,
    "RepetitionTime": 0.8,
    "SAR": 0.0825086,
    "ScanOptions": "FS_EXT",
    "ScanningSequence": "EP",
    "SequenceName": "epfid2d1_100",
    "SequenceVariant": "SK_SS",
    "SeriesDescription": "task-rest_run2_bold",
    "SeriesNumber": 13,
    "ShimSetting": [
      -594,
      -10781,
      -521,
      526,
      67,
      -27,
      -68,
      9
    ],
    "SliceThickness": 2,
    "SliceTiming": [
      0.72,
      0.64,
      0.56,
      0.48,
      0.4,
      0.32,
      0.24,
      0.16,
      0.08,
      0,
      0.72,
      0.64,
      0.56,
      0.48,
      0.4,
      0.32,
      0.24,
      0.16,
      0.08,
      0,
      0.72,
      0.64,
      0.56,
      0.48,
      0.4,
      0.32,
      0.24,
      0.16,
      0.08,
      0,
      0.72,
      0.64,
      0.56,
      0.48,
      0.4,
      0.32,
      0.24,
      0.16,
      0.08,
      0,
      0.72,
      0.64,
      0.56,
      0.48,
      0.4,
      0.32,
      0.24,
      0.16,
      0.08,
      0,
      0.72,
      0.64,
      0.56,
      0.48,
      0.4,
      0.32,
      0.24,
      0.16,
      0.08,
      0
    ],
    "SoftwareVersions": "syngo_MR_E11",
    "SpacingBetweenSlices": 2,
    "StationName": "AWP66072",
    "TaskName": "rest",
    "TotalReadoutTime": 0.0574213,
    "TxRefAmp": 236.35,
    "WipMemBlock": "4ddf8b7e-9682-4fa3-b23c-a88c2bafded0||Sequence: R016 ve11c/master r/e634e98; Dec 19 2017 11:00:25 by eja",
    "dataset": "ds004158",
    "modality": "bold",
    "run_id": 2,
    "session_id": "01",
    "subject_id": "08",
    "task_id": "rest"
  },
  "dummy_trs": 3,
  "dvars_nstd": 37.885750293871006,
  "dvars_std": 1.0022656140725805,
  "dvars_vstd": 0.9984030822983871,
  "efc": 0.48691394431872226,
  "fber": 15448.6064453125,
  "fd_mean": 0.08266977829670762,
  "fd_num": 5,
  "fd_perc": 1.0060362173038229,
  "fwhm_avg": 3.222628333333333,
  "fwhm_x": 3.00109,
  "fwhm_y": 3.38493,
  "fwhm_z": 3.281865,
  "gcor": 0.00309378,
  "gsr_x": -0.004070749972015619,
  "gsr_y": 0.04235979542136192,
  "provenance": {
    "md5sum": "d03c595303ea4f33f11fd885271d620a",
    "settings": {
      "fd_thres": 0.2,
      "testing": false
    },
    "software": "mriqc",
    "version": "23.1.0"
  },
  "size_t": 497,
  "size_x": 100,
  "size_y": 100,
  "size_z": 60,
  "snr": 2.122319967255134,
  "spacing_tr": 0.800000011920929,
  "spacing_x": 2.0,
  "spacing_y": 2.0,
  "spacing_z": 2.0,
  "summary_bg_k": 27.377941622741247,
  "summary_bg_mad": 64.58430241810767,
  "summary_bg_mean": 476.03294376558546,
  "summary_bg_median": 70.75789260864258,
  "summary_bg_n": 447946.0,
  "summary_bg_p05": 19.174829483032227,
  "summary_bg_p95": 2515.515625,
  "summary_bg_stdv": 1041.2532746647619,
  "summary_fg_k": 1.3110445733421123,
  "summary_fg_mad": 3828.18751721114,
  "summary_fg_mean": 9610.365961842053,
  "summary_fg_median": 8794.65087890625,
  "summary_fg_n": 152054.0,
  "summary_fg_p05": 4475.22119140625,
  "summary_fg_p95": 17465.8203125,
  "summary_fg_stdv": 4143.871845457157,
  "tsnr": 32.0781307220459
}