{
  "aor": 0.00022549295774647887,
  "aqi": 0.006160819637826961,
  "bids_meta": {
    "AcquisitionMatrixPE": 100,
    "AcquisitionNumber": 1,
    "AcquisitionTime": "10:43:11.937500",
    "BandwidthPerPixelPhaseEncode": 17.241,
    "BaseResolution": 100,
    "BodyPartExamined": "HEAD",
    "ConsistencyInfo": "N4_VE11C_LATEST_20160120",
    "ConversionSoftware": "dcm2niix",
    "ConversionSoftwareVersion": "v1.0.20200427",
    "DerivedVendorReportedEchoSpacing": 0.000580013,
    "DeviceSerialNumber": "66072",
    "DwellTime": 2.1e-06,
    "EchoTime": 0.0352,
    "EchoTrainLength": 100,
    "EffectiveEchoSpacing": 0.000580013,
    "FlipAngle": 56,
    "ImageComments": "Unaliased_MB6_PE3_LB_SENSE1",
    "ImageOrientationPatientDICOM": [
      0.999743,
      -0.00366885,
      -0.0223803,
      0.00261733,
      0.998899,
      -0.046834
    ],
    "ImageType": [
      "ORIGINAL",
      "PRIMARY",
      "M",
      "MB",
      "ND",
      "MOSAIC"
    ],
    "ImagingFrequency": 123.232,
    "InPlanePhaseEncodingDirectionDICOM": "COL",
    "InstitutionalDepartmentName": "Department",
    "MRAcquisitionType": "2D",
    "MagneticFieldStrength": 3,
    "Manufacturer": "Siemens",
    "ManufacturersModelName": "Prisma",
    "Modality": "MR",
    "MultibandAccelerationFactor": 6,
    "PartialFourier": 1,
    "PatientPosition": "HFS",
    "PercentPhaseFOV": 100,
    "PercentSampling": 100,
    "PhaseEncodingDirection": "j-",
    "PhaseEncodingSteps": 100,
    "PhaseResolution": 1,
    "PixelBandwidth": 2380,
    "ProcedureStepDescription": "Projets_PredictEye",
    "ProtocolName": "task-rest_run1_bold",
    "PulseSequenceDetails": "%CustomerSeq%_cmrr_mbep2d_bold",
    "ReceiveCoilActiveElements": "HC1-6",
    "ReceiveCoilName": "HeadNeck_64",
    "ReconMatrixPE": 100,
    "RepetitionTime": 0.8,
    "SAR": 0.0969138,
    "ScanOptions": "FS_EXT",
    "ScanningSequence": "EP",
    "SequenceName": "epfid2d1_100",
    "SequenceVariant": "SK_SS",
    "SeriesDescription": "task-rest_run1_bold",
    "SeriesNumber": 10,
    "ShimSetting": [
      -606,
      -10781,
      -574,
      380,
      6,
      -111,
      -37,
      11
    ],
    "SliceThickness": 2,
    "SliceTiming": [
      0.72,
      0.64,
      0.56,
      0.48,
      0.4,
      0.32,
      0.24,
      0.16,
      0.08,
      0,
      0.72,
      0.64,
      0.56,
      0.48,
      0.4,
      0.32,
      0.24,
      0.16,
      0.08,
      0,
      0.72,
      0.64,
      0.56,
      0.48,
      0.4,
      0.32,
      0.24,
      0.16,
      0.08,
      0,
      0.72,
      0.64,
      0.56,
      0.48,
      0.4,
      0.32,
      0.24,
      0.16,
      0.08,
      0,
      0.72,
      0.64,
      0.56,
      0.48,
      0.4,
      0.32,
      0.24,
      0.16,
      0.08,
      0,
      0.72,
      0.64,
      0.56,
      0.48,
      0.4,
      0.32,
      0.24,
      0.16,
      0.08,
      0
    ],
    "SoftwareVersions": "syngo_MR_E11",
    "SpacingBetweenSlices": 2,
    "StationName": "AWP66072",
    "TaskName": "rest",
    "TotalReadoutTime": 0.0574213,
    "TxRefAmp": 251.232,
    "WipMemBlock": "f70a403b-230c-496b-9257-322bfa10e545||Sequence: R016 ve11c/master r/e634e98; Dec 19 2017 11:00:25 by eja",
    "dataset": "ds004158",
    "modality": "bold",
    "run_id": 1,
    "session_id": "01",
    "subject_id": "17",
    "task_id": "rest"
  },
  "dummy_trs": 3,
  "dvars_nstd": 47.71422457667337,
  "dvars_std": 1.0375856665322596,
  "dvars_vstd": 1.0034931273387095,
  "efc": 0.5243061691933966,
  "fber": 7698.28369140625,
  "fd_mean": 0.07806200250200455,
  "fd_num": 0,
  "fd_perc": 0.0,
  "fwhm_avg": 3.250598333333333,
  "fwhm_x": 3.02549,
  "fwhm_y": 3.41257,
  "fwhm_z": 3.313735,
  "gcor": 0.0044452,
  "gsr_x": -0.008253710344433784,
  "gsr_y": 0.05135275796055794,
  "provenance": {
    "md5sum": "82fed47e949354bc4decfa4adf07963b",
    "settings": {
      "fd_thres": 0.2,
      "testing": false
    },
    "software": "mriqc",
    "version": "23.1.0"
  },
  "size_t": 497,
  "size_x": 100,
  "size_y": 100,
  "size_z": 60,
  "snr": 1.9898709937592802,
  "spacing_tr": 0.800000011920929,
  "spacing_x": 2.0,
  "spacing_y": 2.0,
  "spacing_z": 2.0,
  "summary_bg_k": 29.670601704305312,
  "summary_bg_mad": 79.87205562035024,
  "summary_bg_mean": 554.2149551817457,
  "summary_bg_median": 87.7867202758789,
  "summary_bg_n": 425872.0,
  "summary_bg_p05": 26.149187088012695,
  "summary_bg_p95": 2779.9638671875,
  "summary_bg_stdv": 1169.1171232305585,
  "summary_fg_k": 2.030997681151831,
  "summary_fg_mad": 3409.6452188999992,
  "summary_fg_mean": 8398.104887930958,
  "summary_fg_median": 7702.394775390625,
  "summary_fg_n": 174128.0,
  "summary_fg_p05": 3522.5419921875,
  "summary_fg_p95": 15602.9423828125,
  "summary_fg_stdv": 3870.7899569706174,
  "tsnr": 29.291285514831543
}