{
  "bids_meta": {
    "AcquisitionMatrixPE": 300,
    "AcquisitionNumber": 1,
    "AcquisitionTime": "09:58:20.285000",
    "BaseResolution": 320,
    "BodyPartExamined": "HEAD",
    "CoilString": "HC1-7;NC1_2",
    "ConsistencyInfo": "N4_VE11C_LATEST_20160120",
    "ConversionSoftware": "dcm2niix",
    "ConversionSoftwareVersion": "v1.0.20200427",
    "DeviceSerialNumber": "66072",
    "DwellTime": 2.1e-06,
    "EchoTime": 0.564,
    "EchoTrainLength": 282,
    "FlipAngle": 120,
    "ImageOrientationPatientDICOM": [
      0.0218801,
      0.988981,
      0.146415,
      -0.0106054,
      0.146671,
      -0.989128
    ],
    "ImageType": [
      "ORIGINAL",
      "PRIMARY",
      "M",
      "ND",
      "NORM"
    ],
    "ImagingFrequency": 123.232,
    "InPlanePhaseEncodingDirectionDICOM": "ROW",
    "InstitutionalDepartmentName": "Department",
    "MRAcquisitionType": "3D",
    "MagneticFieldStrength": 3,
    "Manufacturer": "Siemens",
    "ManufacturersModelName": "Prisma",
    "Modality": "MR",
    "ParallelReductionFactorInPlane": 2,
    "PartialFourier": 1,
    "PatientPosition": "HFS",
    "PercentPhaseFOV": 93.75,
    "PercentSampling": 100,
    "PhaseEncodingDirection": "i",
    "PhaseEncodingSteps": 295,
    "PhaseResolution": 1,
    "PixelBandwidth": 745,
    "ProcedureStepDescription": "Projets_PredictEye",
    "ProtocolName": "T2w_vNav_0p8mm",
    "PulseSequenceDetails": "%CustomerSeq%_tse_vfl_mgh_epinav_ABCD",
    "ReceiveCoilActiveElements": "HC1-7;NC1,2",
    "ReceiveCoilName": "HeadNeck_64",
    "ReconMatrixPE": 300,
    "RefLinesPE": 32,
    "RepetitionTime": 3.2,
    "SAR": 0.153437,
    "ScanOptions": "PFP",
    "ScanningSequence": "SE",
    "SequenceName": "spc_282ns",
    "SequenceVariant": "SK_SP",
    "SeriesDescription": "T2w_vNav_0p8mm",
    "SeriesNumber": 33,
    "ShimSetting": [
      -604,
      -10820,
      -657,
      -125,
      90,
      -394,
      8,
      29
    ],
    "SliceThickness": 1,
    "SoftwareVersions": "syngo_MR_E11",
    "StationName": "AWP66072",
    "TxRefAmp": 230.77,
    "WipMemBlock": "Prisma_epi_moco_navigator_ABCD_tse_vfl.prot",
    "dataset": "ds004158",
    "modality": "T2w",
    "session_id": "01",
    "subject_id": "11"
  },
  "cjv": 0.6971081585088841,
  "cnr": 1.2268104268052045,
  "efc": 0.5347160909938926,
  "fber": 8372.76695713237,
  "fwhm_avg": 2.5017596764009915,
  "fwhm_x": 2.2232041079120246,
  "fwhm_y": 2.8831124570382767,
  "fwhm_z": 2.3989624642526737,
  "icvs_csf": 0.26317856578981075,
  "icvs_gm": 0.37469348640552663,
  "icvs_wm": 0.3621279478046626,
  "inu_med": 0.9514191746711731,
  "inu_range": 0.2875091642141343,
  "provenance": {
    "md5sum": "157db7dfe2f9f08127d48f8be3d2866e",
    "settings": {
      "testing": false
    },
    "software": "mriqc",
    "version": "23.1.0",
    "warnings": {
      "large_rot_frame": true,
      "small_air_mask": false
    }
  },
  "qi_1": 0.0,
  "qi_2": 0.001517789543460002,
  "rpve_csf": 8.35681272356697,
  "rpve_gm": 8.271137539746967,
  "rpve_wm": 8.333887167513241,
  "size_x": 208,
  "size_y": 300,
  "size_z": 320,
  "snr_csf": 1.7026066819671803,
  "snr_gm": 4.549256272942043,
  "snr_total": 3.9200639366412964,
  "snr_wm": 5.508328855014664,
  "snrd_csf": 59.88351758215116,
  "snrd_gm": 59.79645487252566,
  "snrd_total": 53.6343497579212,
  "snrd_wm": 41.22307681908679,
  "spacing_x": 0.999998152256012,
  "spacing_y": 0.800000011920929,
  "spacing_z": 0.800000011920929,
  "summary_bg_k": 972.1999153510806,
  "summary_bg_mad": 0.0,
  "summary_bg_mean": 6.210218799709873,
  "summary_bg_median": 0.0,
  "summary_bg_n": 5754214.0,
  "summary_bg_p05": 0.0,
  "summary_bg_p95": 27.906692877411842,
  "summary_bg_stdv": 17.9207561460712,
  "summary_csf_k": -1.7227136251330788,
  "summary_csf_mad": 1809.0716717247788,
  "summary_csf_mean": 1590.9508623428778,
  "summary_csf_median": 1638.067913427949,
  "summary_csf_n": 618318.0388652179,
  "summary_csf_p05": 20.27357119321823,
  "summary_csf_p95": 3020.8842377364635,
  "summary_csf_stdv": 962.0933631711226,
  "summary_gm_k": 2.5707398048453465,
  "summary_gm_mad": 204.60924722740467,
  "summary_gm_mean": 1636.8228601455905,
  "summary_gm_median": 1635.6863794624805,
  "summary_gm_n": 880313.8697657807,
  "summary_gm_p05": 1040.1807581484318,
  "summary_gm_p95": 2237.6648879647255,
  "summary_gm_stdv": 359.5500785820763,
  "summary_wm_k": 29.04972543931558,
  "summary_wm_mad": 149.56392761932412,
  "summary_wm_mean": 1165.195353992412,
  "summary_wm_median": 1127.6258001625538,
  "summary_wm_n": 850792.0917985864,
  "summary_wm_p05": 892.464587315917,
  "summary_wm_p95": 1535.173433125019,
  "summary_wm_stdv": 204.7127481221539,
  "tpm_overlap_csf": 0.23438483436319482,
  "tpm_overlap_gm": 0.5210905824984957,
  "tpm_overlap_wm": 0.5460408310683615,
  "wm2max": 0.3528422661698672
}