{
  "bids_meta": {
    "AcquisitionMatrixPE": 320,
    "AcquisitionNumber": 1,
    "AcquisitionTime": "10:06:39.692500",
    "BaseResolution": 320,
    "BodyPartExamined": "HEAD",
    "CoilString": "HC1-7;NC1_2",
    "ConsistencyInfo": "N4_VE11C_LATEST_20160120",
    "ConversionSoftware": "dcm2niix",
    "ConversionSoftwareVersion": "v1.0.20200427",
    "DeviceSerialNumber": "66072",
    "DwellTime": 7.4e-06,
    "EchoTime": 0.00228,
    "FlipAngle": 9,
    "ImageOrientationPatientDICOM": [
      0.0218801,
      0.988981,
      0.146415,
      -0.0106054,
      0.146671,
      -0.989128
    ],
    "ImageType": [
      "ORIGINAL",
      "PRIMARY",
      "M",
      "NORM",
      "DIS3D",
      "DIS2D"
    ],
    "ImagingFrequency": 123.232,
    "InPlanePhaseEncodingDirectionDICOM": "ROW",
    "InstitutionalDepartmentName": "Department",
    "InversionTime": 0.9,
    "MRAcquisitionType": "3D",
    "MagneticFieldStrength": 3,
    "Manufacturer": "Siemens",
    "ManufacturersModelName": "Prisma",
    "Modality": "MR",
    "PartialFourier": 1,
    "PatientPosition": "HFS",
    "PercentPhaseFOV": 100,
    "PercentSampling": 100,
    "PhaseEncodingSteps": 320,
    "PhaseResolution": 1,
    "PixelBandwidth": 210,
    "ProcedureStepDescription": "Projets_PredictEye",
    "ProtocolName": "T1w_CS_0p8mm",
    "PulseSequenceDetails": "%CustomerSeq%_cstfl_wip925b",
    "ReceiveCoilActiveElements": "HC1-7;NC1,2",
    "ReceiveCoilName": "HeadNeck_64",
    "ReconMatrixPE": 320,
    "RefLinesPE": 32,
    "RepetitionTime": 2.3,
    "SAR": 0.0511736,
    "ScanOptions": "IR_WE",
    "ScanningSequence": "GR_IR",
    "SequenceName": "WIP_cmp3d1_16ns",
    "SequenceVariant": "SK_SP_MP",
    "SeriesDescription": "T1w_CS_0p8mm",
    "SeriesNumber": 34,
    "ShimSetting": [
      -604,
      -10820,
      -657,
      -125,
      90,
      -394,
      8,
      29
    ],
    "SliceThickness": 1,
    "SoftwareVersions": "syngo_MR_E11",
    "StationName": "AWP66072",
    "TxRefAmp": 230.77,
    "WipMemBlock": "WIP_Identifier: WIP#925B",
    "dataset": "ds004158",
    "modality": "T1w",
    "session_id": "01",
    "subject_id": "11"
  },
  "cjv": 0.44594298436409785,
  "cnr": 2.4322152491208753,
  "efc": 0.5511403222154487,
  "fber": 18144.09,
  "fwhm_avg": 4.804416616215061,
  "fwhm_x": 4.256,
  "fwhm_y": 5.209737422368863,
  "fwhm_z": 4.94751242627632,
  "icvs_csf": 0.27030084112292424,
  "icvs_gm": 0.3922876765273233,
  "icvs_wm": 0.33741148234975227,
  "inu_med": 0.5197949707508087,
  "inu_range": 0.22909325510263434,
  "provenance": {
    "md5sum": "c2bf6e6f6abf0691a621b50a7bad4f26",
    "settings": {
      "testing": false
    },
    "software": "mriqc",
    "version": "23.1.0",
    "warnings": {
      "large_rot_frame": true,
      "small_air_mask": false
    }
  },
  "qi_1": 0.0,
  "qi_2": 0.0034253030814573662,
  "rpve_csf": 8.814595199114317,
  "rpve_gm": 8.77289635603512,
  "rpve_wm": 8.872435251598475,
  "size_x": 208,
  "size_y": 320,
  "size_z": 320,
  "snr_csf": 2.125122910070385,
  "snr_gm": 6.283201867863841,
  "snr_total": 7.338891533697712,
  "snr_wm": 13.608349823158909,
  "snrd_csf": 91.76772740717703,
  "snrd_gm": 150.21656005613931,
  "snrd_total": 154.15395087681986,
  "snrd_wm": 220.4775651671432,
  "spacing_x": 1.0,
  "spacing_y": 0.800000011920929,
  "spacing_z": 0.800000011920929,
  "summary_bg_k": 6.128566662218033,
  "summary_bg_mad": 0.0,
  "summary_bg_mean": 1.444885071096486,
  "summary_bg_median": 0.0,
  "summary_bg_n": 6221816.0,
  "summary_bg_p05": 0.0,
  "summary_bg_p95": 6.971003655344248,
  "summary_bg_stdv": 2.9034974360250088,
  "summary_csf_k": -0.5950644270956831,
  "summary_csf_mad": 139.8271556810809,
  "summary_csf_mean": 410.11798796525744,
  "summary_csf_median": 406.70517046004534,
  "summary_csf_n": 645389.7505884068,
  "summary_csf_p05": 98.70615681633353,
  "summary_csf_p95": 713.4022067673504,
  "summary_csf_stdv": 191.3794507826946,
  "summary_gm_k": -0.5684045887357212,
  "summary_gm_mad": 84.4914737089304,
  "summary_gm_mean": 668.2766954566531,
  "summary_gm_median": 665.7444113492966,
  "summary_gm_n": 936654.3021511993,
  "summary_gm_p05": 492.3915539123118,
  "summary_gm_p95": 843.1116989068687,
  "summary_gm_stdv": 105.95617807060377,
  "summary_wm_k": -0.22547125356106568,
  "summary_wm_mad": 54.370524728450214,
  "summary_wm_mean": 960.539537310985,
  "summary_wm_median": 977.1339909732342,
  "summary_wm_n": 805627.9497122986,
  "summary_wm_p05": 815.4446805082262,
  "summary_wm_p95": 1050.8042085915804,
  "summary_wm_stdv": 71.80395839528501,
  "tpm_overlap_csf": 0.2043642312620017,
  "tpm_overlap_gm": 0.5143945124277163,
  "tpm_overlap_wm": 0.530667822741186,
  "wm2max": 0.8241026696863634
}