{
  "aor": 0.00040725450901803607,
  "aqi": 0.007436959839679358,
  "bids_meta": {
    "AcquisitionMatrixPE": 100,
    "AcquisitionNumber": 1,
    "AcquisitionTime": "14:22:6.655000",
    "BandwidthPerPixelPhaseEncode": 17.241,
    "BaseResolution": 100,
    "BodyPartExamined": "HEAD",
    "ConsistencyInfo": "N4_VE11C_LATEST_20160120",
    "ConversionSoftware": "dcm2niix",
    "ConversionSoftwareVersion": "v1.0.20200427",
    "DerivedVendorReportedEchoSpacing": 0.000580013,
    "DeviceSerialNumber": "66072",
    "DwellTime": 2.1e-06,
    "EchoTime": 0.0352,
    "EchoTrainLength": 100,
    "EffectiveEchoSpacing": 0.000580013,
    "FlipAngle": 56,
    "ImageComments": "Unaliased_MB6_PE3_LB_SENSE1",
    "ImageOrientationPatientDICOM": [
      0.998414,
      -0.0483926,
      -0.0287531,
      0.0460362,
      0.995919,
      -0.0776214
    ],
    "ImageType": [
      "ORIGINAL",
      "PRIMARY",
      "M",
      "MB",
      "ND",
      "MOSAIC"
    ],
    "ImagingFrequency": 123.232,
    "InPlanePhaseEncodingDirectionDICOM": "COL",
    "InstitutionalDepartmentName": "Department",
    "MRAcquisitionType": "2D",
    "MagneticFieldStrength": 3,
    "Manufacturer": "Siemens",
    "ManufacturersModelName": "Prisma",
    "Modality": "MR",
    "MultibandAccelerationFactor": 6,
    "PartialFourier": 1,
    "PatientPosition": "HFS",
    "PercentPhaseFOV": 100,
    "PercentSampling": 100,
    "PhaseEncodingDirection": "j",
    "PhaseEncodingSteps": 100,
    "PhaseResolution": 1,
    "PixelBandwidth": 2380,
    "ProcedureStepDescription": "Projets_PredictEye",
    "ProtocolName": "task-rest_run2_bold",
    "PulseSequenceDetails": "%CustomerSeq%_cmrr_mbep2d_bold",
    "ReceiveCoilActiveElements": "HC1-6",
    "ReceiveCoilName": "HeadNeck_64",
    "ReconMatrixPE": 100,
    "RepetitionTime": 0.8,
    "SAR": 0.100557,
    "ScanOptions": "FS_EXT",
    "ScanningSequence": "EP",
    "SequenceName": "epfid2d1_100",
    "SequenceVariant": "SK_SS",
    "SeriesDescription": "task-rest_run2_bold",
    "SeriesNumber": 13,
    "ShimSetting": [
      -602,
      -10754,
      -556,
      300,
      26,
      -65,
      -134,
      24
    ],
    "SliceThickness": 2,
    "SliceTiming": [
      0.72,
      0.64,
      0.56,
      0.48,
      0.4,
      0.32,
      0.24,
      0.16,
      0.08,
      0,
      0.72,
      0.64,
      0.56,
      0.48,
      0.4,
      0.32,
      0.24,
      0.16,
      0.08,
      0,
      0.72,
      0.64,
      0.56,
      0.48,
      0.4,
      0.32,
      0.24,
      0.16,
      0.08,
      0,
      0.72,
      0.64,
      0.56,
      0.48,
      0.4,
      0.32,
      0.24,
      0.16,
      0.08,
      0,
      0.72,
      0.64,
      0.56,
      0.48,
      0.4,
      0.32,
      0.24,
      0.16,
      0.08,
      0,
      0.72,
      0.64,
      0.56,
      0.48,
      0.4,
      0.32,
      0.24,
      0.16,
      0.08,
      0
    ],
    "SoftwareVersions": "syngo_MR_E11",
    "SpacingBetweenSlices": 2,
    "StationName": "AWP66072",
    "TaskName": "rest",
    "TotalReadoutTime": 0.0574213,
    "TxRefAmp": 238.359,
    "WipMemBlock": "a96560e7-bfb6-473f-8ed4-ae44cb4fb0b6||Sequence: R016 ve11c/master r/e634e98; Dec 19 2017 11:00:25 by eja",
    "dataset": "ds004158",
    "modality": "bold",
    "run_id": 2,
    "session_id": "01",
    "subject_id": "23",
    "task_id": "rest"
  },
  "dummy_trs": 1,
  "dvars_nstd": 48.741485120642594,
  "dvars_std": 1.0551449996586348,
  "dvars_vstd": 1.0041667393574292,
  "efc": 0.5470967171777881,
  "fber": 7052.35205078125,
  "fd_mean": 0.07276698219271041,
  "fd_num": 5,
  "fd_perc": 1.002004008016032,
  "fwhm_avg": 3.063435,
  "fwhm_x": 2.774145,
  "fwhm_y": 3.246155,
  "fwhm_z": 3.170005,
  "gcor": 0.0188252,
  "gsr_x": -0.0033852371852844954,
  "gsr_y": 0.060005154460668564,
  "provenance": {
    "md5sum": "8fcaf0712cf4559905042014cefac73d",
    "settings": {
      "fd_thres": 0.2,
      "testing": false
    },
    "software": "mriqc",
    "version": "23.1.0"
  },
  "size_t": 499,
  "size_x": 100,
  "size_y": 100,
  "size_z": 60,
  "snr": 2.0817218255011345,
  "spacing_tr": 0.800000011920929,
  "spacing_x": 2.0,
  "spacing_y": 2.0,
  "spacing_z": 2.0,
  "summary_bg_k": 25.211759225631187,
  "summary_bg_mad": 82.34539417052022,
  "summary_bg_mean": 670.8178371395712,
  "summary_bg_median": 91.91393280029297,
  "summary_bg_n": 415150.0,
  "summary_bg_p05": 28.70591926574707,
  "summary_bg_p95": 3572.056396484375,
  "summary_bg_stdv": 1519.3772258812753,
  "summary_fg_k": 0.6496009852915403,
  "summary_fg_mad": 3565.1946603492574,
  "summary_fg_mean": 8376.445332130546,
  "summary_fg_median": 7718.774169921875,
  "summary_fg_n": 184850.0,
  "summary_fg_p05": 3605.518798828125,
  "summary_fg_p95": 15221.392578125,
  "summary_fg_stdv": 3707.8697051923295,
  "tsnr": 28.371848106384277
}