{
  "aor": 0.0006395975855130786,
  "aqi": 0.0063466611871227365,
  "bids_meta": {
    "AcquisitionMatrixPE": 100,
    "AcquisitionNumber": 1,
    "AcquisitionTime": "09:47:35.422500",
    "BandwidthPerPixelPhaseEncode": 17.241,
    "BaseResolution": 100,
    "BodyPartExamined": "HEAD",
    "ConsistencyInfo": "N4_VE11C_LATEST_20160120",
    "ConversionSoftware": "dcm2niix",
    "ConversionSoftwareVersion": "v1.0.20200427",
    "DerivedVendorReportedEchoSpacing": 0.000580013,
    "DeviceSerialNumber": "66072",
    "DwellTime": 2.1e-06,
    "EchoTime": 0.0352,
    "EchoTrainLength": 100,
    "EffectiveEchoSpacing": 0.000580013,
    "FlipAngle": 56,
    "ImageComments": "Unaliased_MB6_PE3_LB_SENSE1",
    "ImageOrientationPatientDICOM": [
      0.997489,
      -0.0273132,
      0.065342,
      0.030476,
      0.998387,
      -0.0479076
    ],
    "ImageType": [
      "ORIGINAL",
      "PRIMARY",
      "M",
      "MB",
      "ND",
      "MOSAIC"
    ],
    "ImagingFrequency": 123.232,
    "InPlanePhaseEncodingDirectionDICOM": "COL",
    "InstitutionalDepartmentName": "Department",
    "MRAcquisitionType": "2D",
    "MagneticFieldStrength": 3,
    "Manufacturer": "Siemens",
    "ManufacturersModelName": "Prisma",
    "Modality": "MR",
    "MultibandAccelerationFactor": 6,
    "PartialFourier": 1,
    "PatientPosition": "HFS",
    "PercentPhaseFOV": 100,
    "PercentSampling": 100,
    "PhaseEncodingDirection": "j-",
    "PhaseEncodingSteps": 100,
    "PhaseResolution": 1,
    "PixelBandwidth": 2380,
    "ProcedureStepDescription": "Projets_PredictEye",
    "ProtocolName": "task-rest_run1_bold",
    "PulseSequenceDetails": "%CustomerSeq%_cmrr_mbep2d_bold",
    "ReceiveCoilActiveElements": "HC1-6",
    "ReceiveCoilName": "HeadNeck_64",
    "ReconMatrixPE": 100,
    "RepetitionTime": 0.8,
    "SAR": 0.0825086,
    "ScanOptions": "FS_EXT",
    "ScanningSequence": "EP",
    "SequenceName": "epfid2d1_100",
    "SequenceVariant": "SK_SS",
    "SeriesDescription": "task-rest_run1_bold",
    "SeriesNumber": 10,
    "ShimSetting": [
      -594,
      -10781,
      -521,
      526,
      67,
      -27,
      -68,
      9
    ],
    "SliceThickness": 2,
    "SliceTiming": [
      0.72,
      0.64,
      0.56,
      0.48,
      0.4,
      0.32,
      0.24,
      0.16,
      0.08,
      0,
      0.72,
      0.64,
      0.56,
      0.48,
      0.4,
      0.32,
      0.24,
      0.16,
      0.08,
      0,
      0.72,
      0.64,
      0.56,
      0.48,
      0.4,
      0.32,
      0.24,
      0.16,
      0.08,
      0,
      0.72,
      0.64,
      0.56,
      0.48,
      0.4,
      0.32,
      0.24,
      0.16,
      0.08,
      0,
      0.72,
      0.64,
      0.56,
      0.48,
      0.4,
      0.32,
      0.24,
      0.16,
      0.08,
      0,
      0.72,
      0.64,
      0.56,
      0.48,
      0.4,
      0.32,
      0.24,
      0.16,
      0.08,
      0
    ],
    "SoftwareVersions": "syngo_MR_E11",
    "SpacingBetweenSlices": 2,
    "StationName": "AWP66072",
    "TaskName": "rest",
    "TotalReadoutTime": 0.0574213,
    "TxRefAmp": 236.35,
    "WipMemBlock": "a781f840-a94c-4cb1-922c-dc1ce5011765||Sequence: R016 ve11c/master r/e634e98; Dec 19 2017 11:00:25 by eja",
    "dataset": "ds004158",
    "modality": "bold",
    "run_id": 1,
    "session_id": "01",
    "subject_id": "08",
    "task_id": "rest"
  },
  "dummy_trs": 3,
  "dvars_nstd": 39.39815672752019,
  "dvars_std": 1.0018798244758063,
  "dvars_vstd": 0.9975035676612904,
  "efc": 0.4927364971809569,
  "fber": 13593.0908203125,
  "fd_mean": 0.09499035572447731,
  "fd_num": 14,
  "fd_perc": 2.816901408450704,
  "fwhm_avg": 3.3435333333333332,
  "fwhm_x": 3.099515,
  "fwhm_y": 3.507455,
  "fwhm_z": 3.42363,
  "gcor": 0.00212135,
  "gsr_x": -0.004717092029750347,
  "gsr_y": 0.03959464281797409,
  "provenance": {
    "md5sum": "ca29b25dd3684736e96d463c86dece6a",
    "settings": {
      "fd_thres": 0.2,
      "testing": false
    },
    "software": "mriqc",
    "version": "23.1.0"
  },
  "size_t": 497,
  "size_x": 100,
  "size_y": 100,
  "size_z": 60,
  "snr": 2.0413307567163606,
  "spacing_tr": 0.800000011920929,
  "spacing_x": 2.0,
  "spacing_y": 2.0,
  "spacing_z": 2.0,
  "summary_bg_k": 29.95184853684345,
  "summary_bg_mad": 63.29323399813019,
  "summary_bg_mean": 454.75571243866534,
  "summary_bg_median": 73.3083724975586,
  "summary_bg_n": 440603.0,
  "summary_bg_p05": 23.19176483154297,
  "summary_bg_p95": 2292.35546875,
  "summary_bg_stdv": 977.3670534617311,
  "summary_fg_k": 1.774936093612392,
  "summary_fg_mad": 3725.2603195427278,
  "summary_fg_mean": 9388.566955693497,
  "summary_fg_median": 8546.98046875,
  "summary_fg_n": 159397.0,
  "summary_fg_p05": 4269.88037109375,
  "summary_fg_p95": 17289.515625,
  "summary_fg_stdv": 4186.951884319275,
  "tsnr": 29.91775894165039
}