{
  "bids_meta": {
    "AcquisitionMatrixPE": 320,
    "AcquisitionNumber": 1,
    "AcquisitionTime": "16:54:31.595000",
    "BaseResolution": 320,
    "BodyPartExamined": "HEAD",
    "CoilString": "HC1-7;NC1_2",
    "ConsistencyInfo": "N4_VE11C_LATEST_20160120",
    "ConversionSoftware": "dcm2niix",
    "ConversionSoftwareVersion": "v1.0.20200427",
    "DeviceSerialNumber": "66072",
    "DwellTime": 7.4e-06,
    "EchoTime": 0.00228,
    "FlipAngle": 9,
    "ImageOrientationPatientDICOM": [
      -0.022216,
      0.976961,
      0.212256,
      -0.116889,
      0.208314,
      -0.971052
    ],
    "ImageType": [
      "ORIGINAL",
      "PRIMARY",
      "M",
      "NORM",
      "DIS3D",
      "DIS2D"
    ],
    "ImagingFrequency": 123.232,
    "InPlanePhaseEncodingDirectionDICOM": "ROW",
    "InstitutionalDepartmentName": "Department",
    "InversionTime": 0.9,
    "MRAcquisitionType": "3D",
    "MagneticFieldStrength": 3,
    "Manufacturer": "Siemens",
    "ManufacturersModelName": "Prisma",
    "Modality": "MR",
    "PartialFourier": 1,
    "PatientPosition": "HFS",
    "PercentPhaseFOV": 100,
    "PercentSampling": 100,
    "PhaseEncodingSteps": 320,
    "PhaseResolution": 1,
    "PixelBandwidth": 210,
    "ProcedureStepDescription": "Projets_PredictEye",
    "ProtocolName": "T1w_CS_0p8mm",
    "PulseSequenceDetails": "%CustomerSeq%_cstfl_wip925b",
    "ReceiveCoilActiveElements": "HC1-7;NC1,2",
    "ReceiveCoilName": "HeadNeck_64",
    "ReconMatrixPE": 320,
    "RefLinesPE": 32,
    "RepetitionTime": 2.3,
    "SAR": 0.0436473,
    "ScanOptions": "IR_WE",
    "ScanningSequence": "GR_IR",
    "SequenceName": "WIP_cmp3d1_16ns",
    "SequenceVariant": "SK_SP_MP",
    "SeriesDescription": "T1w_CS_0p8mm",
    "SeriesNumber": 34,
    "ShimSetting": [
      -622,
      -10785,
      -684,
      50,
      89,
      -301,
      11,
      29
    ],
    "SliceThickness": 1,
    "SoftwareVersions": "syngo_MR_E11",
    "StationName": "AWP66072",
    "TxRefAmp": 221.348,
    "WipMemBlock": "WIP_Identifier: WIP#925B",
    "dataset": "ds004158",
    "modality": "T1w",
    "session_id": "01",
    "subject_id": "13"
  },
  "cjv": 0.49628901859472246,
  "cnr": 2.1511775029085958,
  "efc": 0.5338767994335119,
  "fber": -1.0,
  "fwhm_avg": 5.168614945639695,
  "fwhm_x": 4.56167,
  "fwhm_y": 5.752224914285169,
  "fwhm_z": 5.191949922633917,
  "icvs_csf": 0.2766192406726224,
  "icvs_gm": 0.38523755098416684,
  "icvs_wm": 0.33814320834321077,
  "inu_med": 0.478999525308609,
  "inu_range": 0.16615574359893803,
  "provenance": {
    "md5sum": "84288b5ad082f7eb4c77bb3b8ad7671a",
    "settings": {
      "testing": false
    },
    "software": "mriqc",
    "version": "23.1.0",
    "warnings": {
      "large_rot_frame": true,
      "small_air_mask": false
    }
  },
  "qi_1": 0.0,
  "qi_2": 0.0038876997361761935,
  "rpve_csf": 9.031591556840306,
  "rpve_gm": 8.971485376483026,
  "rpve_wm": 9.055620373357906,
  "size_x": 208,
  "size_y": 320,
  "size_z": 320,
  "snr_csf": 1.6896040084807193,
  "snr_gm": 5.566084164414731,
  "snr_total": 6.489261051294766,
  "snr_wm": 12.212094980988846,
  "snrd_csf": 101.76494233577985,
  "snrd_gm": 208.5715872666071,
  "snrd_total": 205.27995868904293,
  "snrd_wm": 305.5033464647418,
  "spacing_x": 1.0,
  "spacing_y": 0.800000011920929,
  "spacing_z": 0.800000011920929,
  "summary_bg_k": 13.989190060987855,
  "summary_bg_mad": 0.0,
  "summary_bg_mean": 0.7752602509553139,
  "summary_bg_median": 0.0,
  "summary_bg_n": 6308214.0,
  "summary_bg_p05": 0.0,
  "summary_bg_p95": 4.776317197829485,
  "summary_bg_stdv": 2.080103603995962,
  "summary_csf_k": -0.881887470779958,
  "summary_csf_mad": 167.569252993608,
  "summary_csf_mean": 344.39875887712356,
  "summary_csf_median": 323.11076489277184,
  "summary_csf_n": 646040.9178577868,
  "summary_csf_p05": 68.94921261817217,
  "summary_csf_p95": 672.7513708546758,
  "summary_csf_stdv": 191.23446275042994,
  "summary_gm_k": -0.6469179795840079,
  "summary_gm_mad": 92.8642157280476,
  "summary_gm_mean": 665.1761852180881,
  "summary_gm_median": 662.2292859386653,
  "summary_gm_n": 899717.6784446621,
  "summary_gm_p05": 470.9874369483441,
  "summary_gm_p95": 868.5094405617565,
  "summary_gm_stdv": 118.97572842174087,
  "summary_wm_k": -0.5090733027442083,
  "summary_wm_mad": 59.87621006549842,
  "summary_wm_mean": 947.4981513182697,
  "summary_wm_median": 969.9943584483117,
  "summary_wm_n": 789729.4062200267,
  "summary_wm_p05": 786.0352109279484,
  "summary_wm_p95": 1041.5208907425404,
  "summary_wm_stdv": 79.42893875517007,
  "tpm_overlap_csf": 0.192112221965678,
  "tpm_overlap_gm": 0.5238335620027966,
  "tpm_overlap_wm": 0.5496295887191334,
  "wm2max": 0.8661585237109919
}