{
  "bids_meta": {
    "AcquisitionMatrixPE": 300,
    "AcquisitionNumber": 1,
    "AcquisitionTime": "16:46:52.132500",
    "BaseResolution": 320,
    "BodyPartExamined": "HEAD",
    "CoilString": "HC1-7;NC1_2",
    "ConsistencyInfo": "N4_VE11C_LATEST_20160120",
    "ConversionSoftware": "dcm2niix",
    "ConversionSoftwareVersion": "v1.0.20200427",
    "DeviceSerialNumber": "66072",
    "DwellTime": 2.1e-06,
    "EchoTime": 0.564,
    "EchoTrainLength": 282,
    "FlipAngle": 120,
    "ImageOrientationPatientDICOM": [
      -0.022216,
      0.976961,
      0.212256,
      -0.116889,
      0.208314,
      -0.971052
    ],
    "ImageType": [
      "ORIGINAL",
      "PRIMARY",
      "M",
      "ND",
      "NORM"
    ],
    "ImagingFrequency": 123.232,
    "InPlanePhaseEncodingDirectionDICOM": "ROW",
    "InstitutionalDepartmentName": "Department",
    "MRAcquisitionType": "3D",
    "MagneticFieldStrength": 3,
    "Manufacturer": "Siemens",
    "ManufacturersModelName": "Prisma",
    "Modality": "MR",
    "ParallelReductionFactorInPlane": 2,
    "PartialFourier": 1,
    "PatientPosition": "HFS",
    "PercentPhaseFOV": 93.75,
    "PercentSampling": 100,
    "PhaseEncodingDirection": "i",
    "PhaseEncodingSteps": 295,
    "PhaseResolution": 1,
    "PixelBandwidth": 745,
    "ProcedureStepDescription": "Projets_PredictEye",
    "ProtocolName": "T2w_vNav_0p8mm",
    "PulseSequenceDetails": "%CustomerSeq%_tse_vfl_mgh_epinav_ABCD",
    "ReceiveCoilActiveElements": "HC1-7;NC1,2",
    "ReceiveCoilName": "HeadNeck_64",
    "ReconMatrixPE": 300,
    "RefLinesPE": 32,
    "RepetitionTime": 3.2,
    "SAR": 0.130871,
    "ScanOptions": "PFP",
    "ScanningSequence": "SE",
    "SequenceName": "spc_282ns",
    "SequenceVariant": "SK_SP",
    "SeriesDescription": "T2w_vNav_0p8mm",
    "SeriesNumber": 33,
    "ShimSetting": [
      -622,
      -10785,
      -684,
      50,
      89,
      -301,
      11,
      29
    ],
    "SliceThickness": 1,
    "SoftwareVersions": "syngo_MR_E11",
    "StationName": "AWP66072",
    "TxRefAmp": 221.348,
    "WipMemBlock": "Prisma_epi_moco_navigator_ABCD_tse_vfl.prot",
    "dataset": "ds004158",
    "modality": "T2w",
    "session_id": "01",
    "subject_id": "13"
  },
  "cjv": 0.860304231593419,
  "cnr": 0.9546726105027095,
  "efc": 0.5129727158647837,
  "fber": 6668.580274908318,
  "fwhm_avg": 2.6584668261406774,
  "fwhm_x": 2.357750562131539,
  "fwhm_y": 3.031399954828621,
  "fwhm_z": 2.5862499614618724,
  "icvs_csf": 0.265097107726835,
  "icvs_gm": 0.3591736406801663,
  "icvs_wm": 0.3757292515929987,
  "inu_med": 0.940331757068634,
  "inu_range": 0.2674396276473999,
  "provenance": {
    "md5sum": "d6d2dd685e29eec43d334fb6669c389b",
    "settings": {
      "testing": false
    },
    "software": "mriqc",
    "version": "23.1.0",
    "warnings": {
      "large_rot_frame": true,
      "small_air_mask": false
    }
  },
  "qi_1": 0.0,
  "qi_2": 0.0029301899441121315,
  "rpve_csf": 8.567710846882445,
  "rpve_gm": 8.447742425498028,
  "rpve_wm": 8.50259538853547,
  "size_x": 208,
  "size_y": 300,
  "size_z": 320,
  "snr_csf": 1.905962770302625,
  "snr_gm": 4.501932860147366,
  "snr_total": 4.1780859496364045,
  "snr_wm": 6.1263622184592235,
  "snrd_csf": 47.928815649996395,
  "snrd_gm": 38.818188202392584,
  "snrd_total": 38.708448182897804,
  "snrd_wm": 29.37834069630444,
  "spacing_x": 0.9999997615814209,
  "spacing_y": 0.800000011920929,
  "spacing_z": 0.800000011920929,
  "summary_bg_k": 1267.8488757601742,
  "summary_bg_mad": 0.0,
  "summary_bg_mean": 5.147365995787961,
  "summary_bg_median": 0.0,
  "summary_bg_n": 5845663.0,
  "summary_bg_p05": 0.0,
  "summary_bg_p95": 23.700329400599003,
  "summary_bg_stdv": 24.37766873675676,
  "summary_csf_k": -0.8641889580098083,
  "summary_csf_mad": 1393.1139966754954,
  "summary_csf_mean": 1754.1915218401148,
  "summary_csf_median": 1783.4343975707889,
  "summary_csf_n": 609244.3174764281,
  "summary_csf_p05": 62.91360168159008,
  "summary_csf_p95": 3102.896372564137,
  "summary_csf_stdv": 935.7123663241056,
  "summary_gm_k": 14.954928898195902,
  "summary_gm_mad": 158.80623389775695,
  "summary_gm_mean": 1445.3875222710633,
  "summary_gm_median": 1444.4273481965065,
  "summary_gm_n": 825450.3470373426,
  "summary_gm_p05": 942.4112799838185,
  "summary_gm_p95": 1990.2736359760165,
  "summary_gm_stdv": 320.84584957938483,
  "summary_wm_k": 33.331665987689135,
  "summary_wm_mad": 143.381950260561,
  "summary_wm_mean": 1113.0663317447331,
  "summary_wm_median": 1093.169998690486,
  "summary_wm_n": 863498.3361590771,
  "summary_wm_p05": 862.5688715875149,
  "summary_wm_p95": 1416.479427292943,
  "summary_wm_stdv": 178.436946220293,
  "tpm_overlap_csf": 0.22699164244369782,
  "tpm_overlap_gm": 0.5033439507305288,
  "tpm_overlap_wm": 0.5473997990614528,
  "wm2max": 0.3202062822315987
}