{
  "bids_meta": {
    "AcquisitionMatrixPE": 320,
    "AcquisitionNumber": 1,
    "AcquisitionTime": "10:21:50.717500",
    "BaseResolution": 320,
    "BodyPartExamined": "HEAD",
    "CoilString": "HC1-7;NC1_2",
    "ConsistencyInfo": "N4_VE11C_LATEST_20160120",
    "ConversionSoftware": "dcm2niix",
    "ConversionSoftwareVersion": "v1.0.20200427",
    "DeviceSerialNumber": "66072",
    "DwellTime": 7.4e-06,
    "EchoTime": 0.00228,
    "FlipAngle": 9,
    "ImageOrientationPatientDICOM": [
      0.00487426,
      0.97317,
      0.230037,
      0.0118001,
      0.229968,
      -0.973127
    ],
    "ImageType": [
      "ORIGINAL",
      "PRIMARY",
      "M",
      "NORM",
      "DIS3D",
      "DIS2D"
    ],
    "ImagingFrequency": 123.232,
    "InPlanePhaseEncodingDirectionDICOM": "ROW",
    "InstitutionalDepartmentName": "Department",
    "InversionTime": 0.9,
    "MRAcquisitionType": "3D",
    "MagneticFieldStrength": 3,
    "Manufacturer": "Siemens",
    "ManufacturersModelName": "Prisma",
    "Modality": "MR",
    "PartialFourier": 1,
    "PatientPosition": "HFS",
    "PercentPhaseFOV": 100,
    "PercentSampling": 100,
    "PhaseEncodingSteps": 320,
    "PhaseResolution": 1,
    "PixelBandwidth": 210,
    "ProcedureStepDescription": "Projets_PredictEye",
    "ProtocolName": "T1w_CS_0p8mm",
    "PulseSequenceDetails": "%CustomerSeq%_cstfl_wip925b",
    "ReceiveCoilActiveElements": "HC1-7;NC1,2",
    "ReceiveCoilName": "HeadNeck_64",
    "ReconMatrixPE": 320,
    "RefLinesPE": 32,
    "RepetitionTime": 2.3,
    "SAR": 0.0477403,
    "ScanOptions": "IR_WE",
    "ScanningSequence": "GR_IR",
    "SequenceName": "WIP_cmp3d1_16ns",
    "SequenceVariant": "SK_SP_MP",
    "SeriesDescription": "T1w_CS_0p8mm",
    "SeriesNumber": 34,
    "ShimSetting": [
      -593,
      -10815,
      -615,
      123,
      64,
      -297,
      12,
      31
    ],
    "SliceThickness": 0.8,
    "SoftwareVersions": "syngo_MR_E11",
    "StationName": "AWP66072",
    "TxRefAmp": 243.133,
    "WipMemBlock": "WIP_Identifier: WIP#925B",
    "dataset": "ds004158",
    "modality": "T1w",
    "session_id": "01",
    "subject_id": "22"
  },
  "cjv": 0.4435293288871088,
  "cnr": 2.453050080076632,
  "efc": 0.6095037866513006,
  "fber": -1.0,
  "fwhm_avg": 4.709095763162338,
  "fwhm_x": 4.580599931743742,
  "fwhm_y": 4.915349926755578,
  "fwhm_z": 4.631337430987695,
  "icvs_csf": 0.2680516073687535,
  "icvs_gm": 0.3932987167531271,
  "icvs_wm": 0.3386496758781194,
  "inu_med": 0.5617848634719849,
  "inu_range": 0.2569106593728065,
  "provenance": {
    "md5sum": "657e83a1b75b8aa110e5f434053124c6",
    "settings": {
      "testing": false
    },
    "software": "mriqc",
    "version": "23.1.0",
    "warnings": {
      "large_rot_frame": true,
      "small_air_mask": false
    }
  },
  "qi_1": 0.0,
  "qi_2": 0.0028716375180794186,
  "rpve_csf": 7.50783406006304,
  "rpve_gm": 7.472286705680468,
  "rpve_wm": 7.580442327054054,
  "size_x": 240,
  "size_y": 320,
  "size_z": 320,
  "snr_csf": 2.245595763939206,
  "snr_gm": 6.189883744726883,
  "snr_total": 7.30128816674048,
  "snr_wm": 13.468384991555347,
  "snrd_csf": 6.934441925082135,
  "snrd_gm": 10.674980803897846,
  "snrd_total": 11.224424216480775,
  "snrd_wm": 16.063849920462342,
  "spacing_x": 0.800000011920929,
  "spacing_y": 0.800000011920929,
  "spacing_z": 0.800000011920929,
  "summary_bg_k": 561.8726607683931,
  "summary_bg_mad": 0.0,
  "summary_bg_mean": 3.2386750635058776,
  "summary_bg_median": 0.0,
  "summary_bg_n": 4981509.0,
  "summary_bg_p05": 0.0,
  "summary_bg_p95": 9.085790570825338,
  "summary_bg_stdv": 39.81463095802229,
  "summary_csf_k": -0.46355171717777255,
  "summary_csf_mad": 136.6413474341288,
  "summary_csf_mean": 420.59096383721203,
  "summary_csf_median": 421.4271198287606,
  "summary_csf_n": 864188.1970260056,
  "summary_csf_p05": 114.32739853486419,
  "summary_csf_p95": 713.0426064878702,
  "summary_csf_stdv": 187.66818265683858,
  "summary_gm_k": -0.5970713032492201,
  "summary_gm_mad": 85.87041634085905,
  "summary_gm_mean": 653.5165943730213,
  "summary_gm_median": 648.751040533185,
  "summary_gm_n": 1267980.1186789917,
  "summary_gm_p05": 484.72052850946784,
  "summary_gm_p95": 828.3937560729682,
  "summary_gm_stdv": 104.80823412315833,
  "summary_wm_k": -0.29602511590467584,
  "summary_wm_mad": 59.38453449997544,
  "summary_wm_mean": 961.8590391814794,
  "summary_wm_median": 976.2490015029907,
  "summary_wm_n": 1091793.687392258,
  "summary_wm_p05": 817.6187762692571,
  "summary_wm_p95": 1055.8456456586719,
  "summary_wm_stdv": 72.48445563666822,
  "tpm_overlap_csf": 0.20577924785015642,
  "tpm_overlap_gm": 0.5086492982544619,
  "tpm_overlap_wm": 0.510587696811379,
  "wm2max": 0.8467036625971143
}