{
  "aor": 0.0001850301810865191,
  "aqi": 0.004054402897384306,
  "bids_meta": {
    "AcquisitionMatrixPE": 100,
    "AcquisitionNumber": 1,
    "AcquisitionTime": "16:21:41.730000",
    "BandwidthPerPixelPhaseEncode": 17.241,
    "BaseResolution": 100,
    "BodyPartExamined": "HEAD",
    "ConsistencyInfo": "N4_VE11C_LATEST_20160120",
    "ConversionSoftware": "dcm2niix",
    "ConversionSoftwareVersion": "v1.0.20200427",
    "DerivedVendorReportedEchoSpacing": 0.000580013,
    "DeviceSerialNumber": "66072",
    "DwellTime": 2.1e-06,
    "EchoTime": 0.0352,
    "EchoTrainLength": 100,
    "EffectiveEchoSpacing": 0.000580013,
    "FlipAngle": 56,
    "ImageComments": "Unaliased_MB6_PE3_LB_SENSE1",
    "ImageOrientationPatientDICOM": [
      0.999907,
      -0.000160001,
      -0.0136109,
      -0.00104706,
      0.996064,
      -0.08863
    ],
    "ImageType": [
      "ORIGINAL",
      "PRIMARY",
      "M",
      "MB",
      "ND",
      "MOSAIC"
    ],
    "ImagingFrequency": 123.232,
    "InPlanePhaseEncodingDirectionDICOM": "COL",
    "InstitutionalDepartmentName": "Department",
    "MRAcquisitionType": "2D",
    "MagneticFieldStrength": 3,
    "Manufacturer": "Siemens",
    "ManufacturersModelName": "Prisma",
    "Modality": "MR",
    "MultibandAccelerationFactor": 6,
    "PartialFourier": 1,
    "PatientPosition": "HFS",
    "PercentPhaseFOV": 100,
    "PercentSampling": 100,
    "PhaseEncodingDirection": "j",
    "PhaseEncodingSteps": 100,
    "PhaseResolution": 1,
    "PixelBandwidth": 2380,
    "ProcedureStepDescription": "Projets_PredictEye",
    "ProtocolName": "task-rest_run2_bold",
    "PulseSequenceDetails": "%CustomerSeq%_cmrr_mbep2d_bold",
    "ReceiveCoilActiveElements": "HC1-6",
    "ReceiveCoilName": "HeadNeck_64",
    "ReconMatrixPE": 100,
    "RepetitionTime": 0.8,
    "SAR": 0.0789931,
    "ScanOptions": "FS_EXT",
    "ScanningSequence": "EP",
    "SequenceName": "epfid2d1_100",
    "SequenceVariant": "SK_SS",
    "SeriesDescription": "task-rest_run2_bold",
    "SeriesNumber": 13,
    "ShimSetting": [
      -617,
      -10753,
      -486,
      633,
      47,
      76,
      84,
      -3
    ],
    "SliceThickness": 2,
    "SliceTiming": [
      0.72,
      0.64,
      0.56,
      0.48,
      0.4,
      0.32,
      0.24,
      0.16,
      0.08,
      0,
      0.72,
      0.64,
      0.56,
      0.48,
      0.4,
      0.32,
      0.24,
      0.16,
      0.08,
      0,
      0.72,
      0.64,
      0.56,
      0.48,
      0.4,
      0.32,
      0.24,
      0.16,
      0.08,
      0,
      0.72,
      0.64,
      0.56,
      0.48,
      0.4,
      0.32,
      0.24,
      0.16,
      0.08,
      0,
      0.72,
      0.64,
      0.56,
      0.48,
      0.4,
      0.32,
      0.24,
      0.16,
      0.08,
      0,
      0.72,
      0.64,
      0.56,
      0.48,
      0.4,
      0.32,
      0.24,
      0.16,
      0.08,
      0
    ],
    "SoftwareVersions": "syngo_MR_E11",
    "SpacingBetweenSlices": 2,
    "StationName": "AWP66072",
    "TaskName": "rest",
    "TotalReadoutTime": 0.0574213,
    "TxRefAmp": 220.476,
    "WipMemBlock": "a7e3ef2c-2931-435c-a2bf-c8a6c1b4ebad||Sequence: R016 ve11c/master r/e634e98; Dec 19 2017 11:00:25 by eja",
    "dataset": "ds004158",
    "modality": "bold",
    "run_id": 2,
    "session_id": "01",
    "subject_id": "24",
    "task_id": "rest"
  },
  "dummy_trs": 3,
  "dvars_nstd": 39.139941215524175,
  "dvars_std": 1.0071600252620967,
  "dvars_vstd": 0.9970218816733862,
  "efc": 0.46256338123536633,
  "fber": 19831.025390625,
  "fd_mean": 0.07008409056971705,
  "fd_num": 0,
  "fd_perc": 0.0,
  "fwhm_avg": 3.1393417288102743,
  "fwhm_x": 3.00658,
  "fwhm_y": 3.283655,
  "fwhm_z": 3.127790186430823,
  "gcor": 0.00525836,
  "gsr_x": -0.012013350613415241,
  "gsr_y": 0.03910886123776436,
  "provenance": {
    "md5sum": "49a4263f569fc4c61d001d00b06116e5",
    "settings": {
      "fd_thres": 0.2,
      "testing": false
    },
    "software": "mriqc",
    "version": "23.1.0"
  },
  "size_t": 497,
  "size_x": 100,
  "size_y": 100,
  "size_z": 60,
  "snr": 2.0913843570147996,
  "spacing_tr": 0.800000011920929,
  "spacing_x": 2.0,
  "spacing_y": 2.0,
  "spacing_z": 1.9999998807907104,
  "summary_bg_k": 37.66683406181218,
  "summary_bg_mad": 40.45225553271051,
  "summary_bg_mean": 361.14124751792497,
  "summary_bg_median": 59.39547348022461,
  "summary_bg_n": 456254.0,
  "summary_bg_p05": 25.48491096496582,
  "summary_bg_p95": 1972.1678466796875,
  "summary_bg_stdv": 835.3285509421783,
  "summary_fg_k": 1.2728218341773854,
  "summary_fg_mad": 3754.5902164581353,
  "summary_fg_mean": 9061.258998563771,
  "summary_fg_median": 8364.2294921875,
  "summary_fg_n": 143746.0,
  "summary_fg_p05": 4008.67333984375,
  "summary_fg_p95": 16651.96875,
  "summary_fg_stdv": 3999.3606963256057,
  "tsnr": 33.308645248413086
}