{
  "aor": 0.00033378,
  "aqi": 0.00647339122,
  "bids_meta": {
    "AcquisitionMatrixPE": 100,
    "AcquisitionNumber": 1,
    "AcquisitionTime": "11:29:22.025000",
    "BandwidthPerPixelPhaseEncode": 17.241,
    "BaseResolution": 100,
    "BodyPartExamined": "HEAD",
    "ConsistencyInfo": "N4_VE11C_LATEST_20160120",
    "ConversionSoftware": "dcm2niix",
    "ConversionSoftwareVersion": "v1.0.20200427",
    "DerivedVendorReportedEchoSpacing": 0.000580013,
    "DeviceSerialNumber": "66072",
    "DwellTime": 2.1e-06,
    "EchoTime": 0.0352,
    "EchoTrainLength": 100,
    "EffectiveEchoSpacing": 0.000580013,
    "FlipAngle": 56,
    "ImageComments": "Unaliased_MB6_PE3_LB_SENSE1",
    "ImageOrientationPatientDICOM": [
      0.999415,
      0.0327515,
      0.00985889,
      -0.0303603,
      0.982218,
      -0.185271
    ],
    "ImageType": [
      "ORIGINAL",
      "PRIMARY",
      "M",
      "MB",
      "ND",
      "MOSAIC"
    ],
    "ImagingFrequency": 123.232,
    "InPlanePhaseEncodingDirectionDICOM": "COL",
    "InstitutionalDepartmentName": "Department",
    "MRAcquisitionType": "2D",
    "MagneticFieldStrength": 3,
    "Manufacturer": "Siemens",
    "ManufacturersModelName": "Prisma",
    "Modality": "MR",
    "MultibandAccelerationFactor": 6,
    "PartialFourier": 1,
    "PatientPosition": "HFS",
    "PercentPhaseFOV": 100,
    "PercentSampling": 100,
    "PhaseEncodingDirection": "j-",
    "PhaseEncodingSteps": 100,
    "PhaseResolution": 1,
    "PixelBandwidth": 2380,
    "ProcedureStepDescription": "Projets_PredictEye",
    "ProtocolName": "task-rest_run1_bold",
    "PulseSequenceDetails": "%CustomerSeq%_cmrr_mbep2d_bold",
    "ReceiveCoilActiveElements": "HC1-6",
    "ReceiveCoilName": "HeadNeck_64",
    "ReconMatrixPE": 100,
    "RepetitionTime": 0.8,
    "SAR": 0.0885473,
    "ScanOptions": "FS_EXT",
    "ScanningSequence": "EP",
    "SequenceName": "epfid2d1_100",
    "SequenceVariant": "SK_SS",
    "SeriesDescription": "task-rest_run1_bold",
    "SeriesNumber": 10,
    "ShimSetting": [
      -597,
      -10752,
      -612,
      382,
      100,
      85,
      -62,
      10
    ],
    "SliceThickness": 2,
    "SliceTiming": [
      0.72,
      0.64,
      0.56,
      0.48,
      0.4,
      0.32,
      0.24,
      0.16,
      0.08,
      0,
      0.72,
      0.64,
      0.56,
      0.48,
      0.4,
      0.32,
      0.24,
      0.16,
      0.08,
      0,
      0.72,
      0.64,
      0.56,
      0.48,
      0.4,
      0.32,
      0.24,
      0.16,
      0.08,
      0,
      0.72,
      0.64,
      0.56,
      0.48,
      0.4,
      0.32,
      0.24,
      0.16,
      0.08,
      0,
      0.72,
      0.64,
      0.56,
      0.48,
      0.4,
      0.32,
      0.24,
      0.16,
      0.08,
      0,
      0.72,
      0.64,
      0.56,
      0.48,
      0.4,
      0.32,
      0.24,
      0.16,
      0.08,
      0
    ],
    "SoftwareVersions": "syngo_MR_E11",
    "SpacingBetweenSlices": 2,
    "StationName": "AWP66072",
    "TaskName": "rest",
    "TotalReadoutTime": 0.0574213,
    "TxRefAmp": 234.754,
    "WipMemBlock": "9f89e798-9e02-4343-822a-41be27039f53||Sequence: R016 ve11c/master r/e634e98; Dec 19 2017 11:00:25 by eja",
    "dataset": "ds004158",
    "modality": "bold",
    "run_id": 1,
    "session_id": "01",
    "subject_id": "14",
    "task_id": "rest"
  },
  "dummy_trs": 0,
  "dvars_nstd": 45.43668853204402,
  "dvars_std": 1.026148694609218,
  "dvars_vstd": 0.9955610624649299,
  "efc": 0.5344153285691375,
  "fber": 8841.1142578125,
  "fd_mean": 0.061378270948145436,
  "fd_num": 5,
  "fd_perc": 1.0,
  "fwhm_avg": 3.2912016666666672,
  "fwhm_x": 3.112575,
  "fwhm_y": 3.46741,
  "fwhm_z": 3.29362,
  "gcor": 0.0097926,
  "gsr_x": 0.007616744842380285,
  "gsr_y": 0.044559210538864136,
  "provenance": {
    "md5sum": "34dff2c7b0e76199bf005738ae4de2ef",
    "settings": {
      "fd_thres": 0.2,
      "testing": false
    },
    "software": "mriqc",
    "version": "23.1.0"
  },
  "size_t": 500,
  "size_x": 100,
  "size_y": 100,
  "size_z": 60,
  "snr": 1.97887093211861,
  "spacing_tr": 0.800000011920929,
  "spacing_x": 2.0,
  "spacing_y": 2.0,
  "spacing_z": 2.0,
  "summary_bg_k": 28.24564766992035,
  "summary_bg_mad": 76.3862572769021,
  "summary_bg_mean": 620.4351647812218,
  "summary_bg_median": 86.00072479248047,
  "summary_bg_n": 417453.0,
  "summary_bg_p05": 26.672800064086914,
  "summary_bg_p95": 3163.09375,
  "summary_bg_stdv": 1394.5377830685804,
  "summary_fg_k": 1.54765728036398,
  "summary_fg_mad": 3730.4342248433427,
  "summary_fg_mean": 8836.591502041274,
  "summary_fg_median": 8086.4072265625,
  "summary_fg_n": 182547.0,
  "summary_fg_p05": 3681.822998046875,
  "summary_fg_p95": 16380.267578125,
  "summary_fg_stdv": 4086.363060090279,
  "tsnr": 29.34908103942871
}