{
  "aor": 0.0008071399999999999,
  "aqi": 0.006886012239999999,
  "bids_meta": {
    "AcquisitionMatrixPE": 100,
    "AcquisitionNumber": 1,
    "AcquisitionTime": "11:36:54.435000",
    "BandwidthPerPixelPhaseEncode": 17.241,
    "BaseResolution": 100,
    "BodyPartExamined": "HEAD",
    "ConsistencyInfo": "N4_VE11C_LATEST_20160120",
    "ConversionSoftware": "dcm2niix",
    "ConversionSoftwareVersion": "v1.0.20200427",
    "DerivedVendorReportedEchoSpacing": 0.000580013,
    "DeviceSerialNumber": "66072",
    "DwellTime": 2.1e-06,
    "EchoTime": 0.0352,
    "EchoTrainLength": 100,
    "EffectiveEchoSpacing": 0.000580013,
    "FlipAngle": 56,
    "ImageComments": "Unaliased_MB6_PE3_LB_SENSE1",
    "ImageOrientationPatientDICOM": [
      0.999415,
      0.0327515,
      0.00985889,
      -0.0303603,
      0.982218,
      -0.185271
    ],
    "ImageType": [
      "ORIGINAL",
      "PRIMARY",
      "M",
      "MB",
      "ND",
      "MOSAIC"
    ],
    "ImagingFrequency": 123.232,
    "InPlanePhaseEncodingDirectionDICOM": "COL",
    "InstitutionalDepartmentName": "Department",
    "MRAcquisitionType": "2D",
    "MagneticFieldStrength": 3,
    "Manufacturer": "Siemens",
    "ManufacturersModelName": "Prisma",
    "Modality": "MR",
    "MultibandAccelerationFactor": 6,
    "PartialFourier": 1,
    "PatientPosition": "HFS",
    "PercentPhaseFOV": 100,
    "PercentSampling": 100,
    "PhaseEncodingDirection": "j",
    "PhaseEncodingSteps": 100,
    "PhaseResolution": 1,
    "PixelBandwidth": 2380,
    "ProcedureStepDescription": "Projets_PredictEye",
    "ProtocolName": "task-rest_run2_bold",
    "PulseSequenceDetails": "%CustomerSeq%_cmrr_mbep2d_bold",
    "ReceiveCoilActiveElements": "HC1-6",
    "ReceiveCoilName": "HeadNeck_64",
    "ReconMatrixPE": 100,
    "RepetitionTime": 0.8,
    "SAR": 0.0885473,
    "ScanOptions": "FS_EXT",
    "ScanningSequence": "EP",
    "SequenceName": "epfid2d1_100",
    "SequenceVariant": "SK_SS",
    "SeriesDescription": "task-rest_run2_bold",
    "SeriesNumber": 13,
    "ShimSetting": [
      -597,
      -10752,
      -612,
      382,
      100,
      85,
      -62,
      10
    ],
    "SliceThickness": 2,
    "SliceTiming": [
      0.72,
      0.64,
      0.56,
      0.48,
      0.4,
      0.32,
      0.24,
      0.16,
      0.08,
      0,
      0.72,
      0.64,
      0.56,
      0.48,
      0.4,
      0.32,
      0.24,
      0.16,
      0.08,
      0,
      0.72,
      0.64,
      0.56,
      0.48,
      0.4,
      0.32,
      0.24,
      0.16,
      0.08,
      0,
      0.72,
      0.64,
      0.56,
      0.48,
      0.4,
      0.32,
      0.24,
      0.16,
      0.08,
      0,
      0.72,
      0.64,
      0.56,
      0.48,
      0.4,
      0.32,
      0.24,
      0.16,
      0.08,
      0,
      0.72,
      0.64,
      0.56,
      0.48,
      0.4,
      0.32,
      0.24,
      0.16,
      0.08,
      0
    ],
    "SoftwareVersions": "syngo_MR_E11",
    "SpacingBetweenSlices": 2,
    "StationName": "AWP66072",
    "TaskName": "rest",
    "TotalReadoutTime": 0.0574213,
    "TxRefAmp": 234.754,
    "WipMemBlock": "ed4cabb5-aa42-4232-9ed4-ff3f4bfd2b4a||Sequence: R016 ve11c/master r/e634e98; Dec 19 2017 11:00:25 by eja",
    "dataset": "ds004158",
    "modality": "bold",
    "run_id": 2,
    "session_id": "01",
    "subject_id": "14",
    "task_id": "rest"
  },
  "dummy_trs": 0,
  "dvars_nstd": 43.763351104148285,
  "dvars_std": 1.0232646527254512,
  "dvars_vstd": 1.0057353793186372,
  "efc": 0.5349140444450927,
  "fber": 8622.068359375,
  "fd_mean": 0.06274278297197727,
  "fd_num": 15,
  "fd_perc": 3.0,
  "fwhm_avg": 3.26514,
  "fwhm_x": 3.083595,
  "fwhm_y": 3.42344,
  "fwhm_z": 3.288385,
  "gcor": 0.0119378,
  "gsr_x": 0.008849290199577808,
  "gsr_y": 0.04833143576979637,
  "provenance": {
    "md5sum": "65d31853c9ef713bfe20736845c5cea6",
    "settings": {
      "fd_thres": 0.2,
      "testing": false
    },
    "software": "mriqc",
    "version": "23.1.0"
  },
  "size_t": 500,
  "size_x": 100,
  "size_y": 100,
  "size_z": 60,
  "snr": 2.061706169283179,
  "spacing_tr": 0.800000011920929,
  "spacing_x": 2.0,
  "spacing_y": 2.0,
  "spacing_z": 2.0,
  "summary_bg_k": 25.866599869741094,
  "summary_bg_mad": 81.64408153701336,
  "summary_bg_mean": 717.5878279360842,
  "summary_bg_median": 89.0697021484375,
  "summary_bg_n": 425251.0,
  "summary_bg_p05": 26.84882354736328,
  "summary_bg_p95": 3872.333984375,
  "summary_bg_stdv": 1646.7602562496345,
  "summary_fg_k": 0.654159432582913,
  "summary_fg_mad": 3893.4191191179284,
  "summary_fg_mean": 9016.59682174372,
  "summary_fg_median": 8270.5751953125,
  "summary_fg_n": 174749.0,
  "summary_fg_p05": 3880.775390625,
  "summary_fg_p95": 16499.123046875,
  "summary_fg_stdv": 4011.5083586320034,
  "tsnr": 28.913408279418945
}