{
  "bids_meta": {
    "AcquisitionMatrixPE": 320,
    "AcquisitionNumber": 1,
    "AcquisitionTime": "15:43:8.445000",
    "BaseResolution": 320,
    "BodyPartExamined": "HEAD",
    "CoilString": "HC1-7;NC1_2",
    "ConsistencyInfo": "N4_VE11C_LATEST_20160120",
    "ConversionSoftware": "dcm2niix",
    "ConversionSoftwareVersion": "v1.0.20200427",
    "DeviceSerialNumber": "66072",
    "DwellTime": 2.1e-06,
    "EchoTime": 0.564,
    "EchoTrainLength": 326,
    "FlipAngle": 120,
    "ImageComments": "sub-test_19660101_20.06.23-14:32:14-DST-1.3.12.2.1107.5.2.43.66072_2",
    "ImageOrientationPatientDICOM": [
      -0.0132997,
      0.996304,
      0.0848652,
      -0.0278278,
      0.084471,
      -0.996037
    ],
    "ImageType": [
      "ORIGINAL",
      "PRIMARY",
      "M",
      "ND",
      "NORM"
    ],
    "ImagingFrequency": 123.232,
    "InPlanePhaseEncodingDirectionDICOM": "ROW",
    "InstitutionalDepartmentName": "Department",
    "MRAcquisitionType": "3D",
    "MagneticFieldStrength": 3,
    "Manufacturer": "Siemens",
    "ManufacturersModelName": "Prisma",
    "Modality": "MR",
    "ParallelReductionFactorInPlane": 2,
    "PartialFourier": 1,
    "PatientPosition": "HFS",
    "PercentPhaseFOV": 100,
    "PercentSampling": 100,
    "PhaseEncodingDirection": "i",
    "PhaseEncodingSteps": 287,
    "PhaseResolution": 1,
    "PixelBandwidth": 745,
    "ProcedureStepDescription": "Projets_pRFseqTest",
    "ProtocolName": "T2w_vNav_0p8mm",
    "PulseSequenceDetails": "%CustomerSeq%_tse_vfl_mgh_epinav_ABCD",
    "ReceiveCoilActiveElements": "HC1-7;NC1,2",
    "ReceiveCoilName": "HeadNeck_64",
    "ReconMatrixPE": 320,
    "RefLinesPE": 32,
    "RepetitionTime": 3.2,
    "ScanOptions": "PFP",
    "ScanningSequence": "SE",
    "SequenceName": "spc_360ns",
    "SequenceVariant": "SK_SP",
    "SeriesDescription": "T2w_vNav_0p8mm_RR",
    "SeriesNumber": 60,
    "ShimSetting": [
      -603,
      -10786,
      -599,
      28,
      40,
      -264,
      7,
      -16
    ],
    "SliceThickness": 0.8,
    "SoftwareVersions": "syngo_MR_E11",
    "TxRefAmp": 279.362,
    "WipMemBlock": "Prisma_epi_moco_navigator_ABCD_tse_vfl.prot",
    "dataset": "ds004158",
    "modality": "T2w",
    "session_id": "01",
    "subject_id": "01"
  },
  "cjv": 0.9390262915875627,
  "cnr": 0.9235076198768839,
  "efc": 0.5990873755146788,
  "fber": 7072.085712323436,
  "fwhm_avg": 2.5223017585063747,
  "fwhm_x": 2.4496805279108758,
  "fwhm_y": 2.7531249589752416,
  "fwhm_z": 2.3640997886330077,
  "icvs_csf": 0.261989598004755,
  "icvs_gm": 0.3727048205171067,
  "icvs_wm": 0.36530558147813824,
  "inu_med": 0.9846466183662415,
  "inu_range": 0.35021304190158853,
  "provenance": {
    "md5sum": "cd51dcb7d76014341623fdf1e130cca4",
    "settings": {
      "testing": false
    },
    "software": "mriqc",
    "version": "23.1.0",
    "warnings": {
      "large_rot_frame": true,
      "small_air_mask": false
    }
  },
  "qi_1": 0.0,
  "qi_2": 0.002236972144178467,
  "rpve_csf": 7.405781364618058,
  "rpve_gm": 7.280365357427138,
  "rpve_wm": 7.328659877771966,
  "size_x": 240,
  "size_y": 320,
  "size_z": 320,
  "snr_csf": 1.7888951517688394,
  "snr_gm": 4.890422509661557,
  "snr_total": 3.9772416716268624,
  "snr_wm": 5.2524073534501925,
  "snrd_csf": 13.538109491225551,
  "snrd_gm": 13.305989561785664,
  "snrd_total": 12.335969255560778,
  "snrd_wm": 10.163808713671123,
  "spacing_x": 0.8000022768974304,
  "spacing_y": 0.800000011920929,
  "spacing_z": 0.8000000715255737,
  "summary_bg_k": 206.11410775752861,
  "summary_bg_mad": 0.0,
  "summary_bg_mean": 18.313883490117817,
  "summary_bg_median": 0.0,
  "summary_bg_n": 4946256.0,
  "summary_bg_p05": 0.0,
  "summary_bg_p95": 54.56214169040322,
  "summary_bg_stdv": 76.60577731719845,
  "summary_csf_k": -1.6200977015810145,
  "summary_csf_mad": 1572.8555010061127,
  "summary_csf_mean": 1540.4132431503936,
  "summary_csf_median": 1583.0251547321677,
  "summary_csf_n": 853669.0022408124,
  "summary_csf_p05": 55.285187400877476,
  "summary_csf_p95": 2852.1372333168983,
  "summary_csf_stdv": 884.9172775595813,
  "summary_gm_k": 3.3952765028274694,
  "summary_gm_mad": 165.25125427368405,
  "summary_gm_mean": 1549.8714090102192,
  "summary_gm_median": 1555.8831311389804,
  "summary_gm_n": 1214424.3690751605,
  "summary_gm_p05": 1017.9371225461364,
  "summary_gm_p95": 2075.808615870774,
  "summary_gm_stdv": 318.1488894835612,
  "summary_wm_k": 11.63355429474619,
  "summary_wm_mad": 179.76433848135292,
  "summary_wm_mean": 1211.6346624923692,
  "summary_wm_median": 1188.4646724164486,
  "summary_wm_n": 1190314.629391439,
  "summary_wm_p05": 880.6140564568341,
  "summary_wm_p95": 1592.2022733651102,
  "summary_wm_stdv": 226.2703734151074,
  "tpm_overlap_csf": 0.2340514367883152,
  "tpm_overlap_gm": 0.5112206701551555,
  "tpm_overlap_wm": 0.5362994566571395,
  "wm2max": 0.38808572466400293
}