{
  "bids_meta": {
    "AcquisitionMatrixPE": 320,
    "AcquisitionNumber": 1,
    "AcquisitionTime": "15:35:19.527500",
    "BaseResolution": 320,
    "BodyPartExamined": "HEAD",
    "CoilString": "HC1-7;NC1_2",
    "ConsistencyInfo": "N4_VE11C_LATEST_20160120",
    "ConversionSoftware": "dcm2niix",
    "ConversionSoftwareVersion": "v1.0.20200427",
    "DeviceSerialNumber": "66072",
    "DwellTime": 7.4e-06,
    "EchoTime": 0.00228,
    "FlipAngle": 9,
    "ImageOrientationPatientDICOM": [
      -0.0132997,
      0.996304,
      0.0848652,
      -0.0278278,
      0.084471,
      -0.996037
    ],
    "ImageType": [
      "ORIGINAL",
      "PRIMARY",
      "M",
      "NORM",
      "DIS3D",
      "DIS2D"
    ],
    "ImagingFrequency": 123.232,
    "InPlanePhaseEncodingDirectionDICOM": "ROW",
    "InstitutionalDepartmentName": "Department",
    "InversionTime": 0.9,
    "MRAcquisitionType": "3D",
    "MagneticFieldStrength": 3,
    "Manufacturer": "Siemens",
    "ManufacturersModelName": "Prisma",
    "Modality": "MR",
    "PartialFourier": 1,
    "PatientPosition": "HFS",
    "PercentPhaseFOV": 100,
    "PercentSampling": 100,
    "PhaseEncodingSteps": 320,
    "PhaseResolution": 1,
    "PixelBandwidth": 210,
    "ProcedureStepDescription": "Projets_pRFseqTest",
    "ProtocolName": "T1w_MPRAGE_0p8iso_CS3_WIP925B",
    "PulseSequenceDetails": "%CustomerSeq%_cstfl_wip925b",
    "ReceiveCoilActiveElements": "HC1-7;NC1,2",
    "ReceiveCoilName": "HeadNeck_64",
    "ReconMatrixPE": 320,
    "RefLinesPE": 32,
    "RepetitionTime": 2.3,
    "SAR": 0.0585032,
    "ScanOptions": "IR_WE",
    "ScanningSequence": "GR_IR",
    "SequenceName": "WIP_cmp3d1_16ns",
    "SequenceVariant": "SK_SP_MP",
    "SeriesDescription": "T1w_MPRAGE_0p8iso_CS3_WIP925B",
    "SeriesNumber": 37,
    "ShimSetting": [
      -603,
      -10786,
      -599,
      28,
      40,
      -264,
      7,
      -16
    ],
    "SliceThickness": 0.8,
    "SoftwareVersions": "syngo_MR_E11",
    "StationName": "AWP66072",
    "TxRefAmp": 279.362,
    "WipMemBlock": "WIP_Identifier: WIP#925B",
    "dataset": "ds004158",
    "modality": "T1w",
    "session_id": "01",
    "subject_id": "01"
  },
  "cjv": 0.4790342255957334,
  "cnr": 2.1591207287354823,
  "efc": 0.6118506002424702,
  "fber": 21445.44181671594,
  "fwhm_avg": 4.848979094411248,
  "fwhm_x": 4.708062429844403,
  "fwhm_y": 5.111087423838862,
  "fwhm_z": 4.727787429550478,
  "icvs_csf": 0.2651638581751992,
  "icvs_gm": 0.3914971416516864,
  "icvs_wm": 0.3433390001731143,
  "inu_med": 0.5584718585014343,
  "inu_range": 0.23532411456108093,
  "provenance": {
    "md5sum": "b85f0fd376ed8638a049eb3cddd11b49",
    "settings": {
      "testing": false
    },
    "software": "mriqc",
    "version": "23.1.0",
    "warnings": {
      "large_rot_frame": true,
      "small_air_mask": false
    }
  },
  "qi_1": 0.0,
  "qi_2": 0.0018138008687774035,
  "rpve_csf": 7.333547006771823,
  "rpve_gm": 7.27708634695846,
  "rpve_wm": 7.361827631581148,
  "size_x": 240,
  "size_y": 320,
  "size_z": 320,
  "snr_csf": 1.9781586723096196,
  "snr_gm": 6.393794883288785,
  "snr_total": 6.76903131124654,
  "snr_wm": 11.935140378141213,
  "snrd_csf": 7.939045981118562,
  "snrd_gm": 14.341825821930048,
  "snrd_total": 14.298971564913165,
  "snrd_wm": 20.616042891690885,
  "spacing_x": 0.800000011920929,
  "spacing_y": 0.800000011920929,
  "spacing_z": 0.800000011920929,
  "summary_bg_k": 872.0351089677032,
  "summary_bg_mad": 0.0,
  "summary_bg_mean": 3.3388899874317266,
  "summary_bg_median": 0.0,
  "summary_bg_n": 4793237.0,
  "summary_bg_p05": 0.0,
  "summary_bg_p95": 9.750812731683254,
  "summary_bg_stdv": 30.86076575475301,
  "summary_csf_k": -0.745905357499796,
  "summary_csf_mad": 158.07504542909513,
  "summary_csf_mean": 388.08264310212763,
  "summary_csf_median": 373.97561536729336,
  "summary_csf_n": 877849.082986262,
  "summary_csf_p05": 104.98097240179777,
  "summary_csf_p95": 700.7528522983193,
  "summary_csf_stdv": 189.0522775525446,
  "summary_gm_k": -0.5299866568054798,
  "summary_gm_mad": 80.54084193241155,
  "summary_gm_mean": 677.9840318986621,
  "summary_gm_median": 675.5840878114104,
  "summary_gm_n": 1296086.9145432415,
  "summary_gm_p05": 504.65317402780056,
  "summary_gm_p95": 858.182640761137,
  "summary_gm_stdv": 105.66241794095973,
  "summary_wm_k": -0.3400900702267875,
  "summary_wm_mad": 61.03887892806644,
  "summary_wm_mean": 952.6353754015225,
  "summary_wm_median": 971.1364999264479,
  "summary_wm_n": 1136655.0046810957,
  "summary_wm_p05": 786.9267015680671,
  "summary_wm_p95": 1054.504559777677,
  "summary_wm_stdv": 81.36779643701793,
  "tpm_overlap_csf": 0.21150662071648146,
  "tpm_overlap_gm": 0.5127862510302558,
  "tpm_overlap_wm": 0.5355753458175254,
  "wm2max": 0.7163377799635253
}