{
  "bids_meta": {
    "AcquisitionMatrixPE": 320,
    "AcquisitionNumber": 1,
    "AcquisitionTime": "11:51:25.587500",
    "BaseResolution": 320,
    "BodyPartExamined": "HEAD",
    "CoilString": "HC1-7;NC1_2",
    "ConsistencyInfo": "N4_VE11C_LATEST_20160120",
    "ConversionSoftware": "dcm2niix",
    "ConversionSoftwareVersion": "v1.0.20200427",
    "DeviceSerialNumber": "66072",
    "DwellTime": 7.4e-06,
    "EchoTime": 0.00228,
    "FlipAngle": 9,
    "ImageOrientationPatientDICOM": [
      -0.00956348,
      0.998648,
      0.0510988,
      0.0253977,
      0.0513272,
      -0.998359
    ],
    "ImageType": [
      "ORIGINAL",
      "PRIMARY",
      "M",
      "NORM",
      "DIS3D",
      "DIS2D"
    ],
    "ImagingFrequency": 123.232,
    "InPlanePhaseEncodingDirectionDICOM": "ROW",
    "InstitutionalDepartmentName": "Department",
    "InversionTime": 0.9,
    "MRAcquisitionType": "3D",
    "MagneticFieldStrength": 3,
    "Manufacturer": "Siemens",
    "ManufacturersModelName": "Prisma",
    "Modality": "MR",
    "PartialFourier": 1,
    "PatientPosition": "HFS",
    "PercentPhaseFOV": 100,
    "PercentSampling": 100,
    "PhaseEncodingSteps": 320,
    "PhaseResolution": 1,
    "PixelBandwidth": 210,
    "ProcedureStepDescription": "Projets_PredictEye",
    "ProtocolName": "T1w_CS_0p8mm",
    "PulseSequenceDetails": "%CustomerSeq%_cstfl_wip925b",
    "ReceiveCoilActiveElements": "HC1-7;NC1,2",
    "ReceiveCoilName": "HeadNeck_64",
    "ReconMatrixPE": 320,
    "RefLinesPE": 32,
    "RepetitionTime": 2.3,
    "SAR": 0.0465522,
    "ScanOptions": "IR_WE",
    "ScanningSequence": "GR_IR",
    "SequenceName": "WIP_cmp3d1_16ns",
    "SequenceVariant": "SK_SP_MP",
    "SeriesDescription": "T1w_CS_0p8mm",
    "SeriesNumber": 34,
    "ShimSetting": [
      -593,
      -10766,
      -612,
      -38,
      32,
      -315,
      137,
      25
    ],
    "SliceThickness": 1,
    "SoftwareVersions": "syngo_MR_E11",
    "StationName": "AWP66072",
    "TxRefAmp": 255.522,
    "WipMemBlock": "WIP_Identifier: WIP#925B",
    "dataset": "ds004158",
    "modality": "T1w",
    "session_id": "01",
    "subject_id": "12"
  },
  "cjv": 0.4927083795451834,
  "cnr": 2.330830277735621,
  "efc": 0.5384352276494944,
  "fber": -1.0,
  "fwhm_avg": 4.931148281348523,
  "fwhm_x": 4.32752,
  "fwhm_y": 5.4183624192601085,
  "fwhm_z": 5.0475624247854585,
  "icvs_csf": 0.26548978815771673,
  "icvs_gm": 0.3904420993220311,
  "icvs_wm": 0.3440681125202522,
  "inu_med": 0.3972302973270416,
  "inu_range": 0.13276258558034892,
  "provenance": {
    "md5sum": "a4244e9afe75c632cf9ba20e7e65c7d7",
    "settings": {
      "testing": false
    },
    "software": "mriqc",
    "version": "23.1.0",
    "warnings": {
      "large_rot_frame": true,
      "small_air_mask": false
    }
  },
  "qi_1": 0.0,
  "qi_2": 0.00228681441141039,
  "rpve_csf": 8.791970492528854,
  "rpve_gm": 8.748074503581858,
  "rpve_wm": 8.841651242444767,
  "size_x": 208,
  "size_y": 320,
  "size_z": 320,
  "snr_csf": 2.0989585353357647,
  "snr_gm": 6.447596188694667,
  "snr_total": 8.076285033197257,
  "snr_wm": 15.682300375561338,
  "snrd_csf": 141.79350785448446,
  "snrd_gm": 234.51370916362904,
  "snrd_total": 236.32504642964102,
  "snrd_wm": 332.6679222708095,
  "spacing_x": 1.0,
  "spacing_y": 0.800000011920929,
  "spacing_z": 0.800000011920929,
  "summary_bg_k": 17.325418412933505,
  "summary_bg_mad": 0.0,
  "summary_bg_mean": 0.7050754996712183,
  "summary_bg_median": 0.0,
  "summary_bg_n": 6436373.0,
  "summary_bg_p05": 0.0,
  "summary_bg_p95": 4.356665695086122,
  "summary_bg_stdv": 1.9259136859469883,
  "summary_csf_k": -0.7413223874908943,
  "summary_csf_mad": 151.77469022632874,
  "summary_csf_mean": 419.58689535818064,
  "summary_csf_median": 416.83236858062446,
  "summary_csf_n": 635908.5748485415,
  "summary_csf_p05": 97.65633719600737,
  "summary_csf_p95": 737.1925193592906,
  "summary_csf_stdv": 198.58993582657874,
  "summary_gm_k": -0.7191260013564649,
  "summary_gm_mad": 91.15756165492289,
  "summary_gm_mean": 693.5287226636909,
  "summary_gm_median": 689.4032479654998,
  "summary_gm_n": 935197.8494677511,
  "summary_gm_p05": 521.7051315177232,
  "summary_gm_p95": 871.8916859012097,
  "summary_gm_stdv": 106.92401620736868,
  "summary_wm_k": -0.4085519679942302,
  "summary_wm_mad": 51.01113551910656,
  "summary_wm_mean": 964.6646554367318,
  "summary_wm_median": 977.9485682323575,
  "summary_wm_n": 824121.5777143317,
  "summary_wm_p05": 839.9874878879637,
  "summary_wm_p95": 1045.532741194591,
  "summary_wm_stdv": 62.35998236765836,
  "tpm_overlap_csf": 0.20299879152638814,
  "tpm_overlap_gm": 0.5166051970683516,
  "tpm_overlap_wm": 0.5277109784686111,
  "wm2max": 0.910304668815639
}