{
  "bids_meta": {
    "AcquisitionMatrixPE": 320,
    "AcquisitionNumber": 1,
    "AcquisitionTime": "10:48:23.370000",
    "BaseResolution": 320,
    "BodyPartExamined": "HEAD",
    "CoilString": "HC1-7;NC1_2",
    "ConsistencyInfo": "N4_VE11C_LATEST_20160120",
    "ConversionSoftware": "dcm2niix",
    "ConversionSoftwareVersion": "v1.0.20200427",
    "DeviceSerialNumber": "66072",
    "DwellTime": 7.4e-06,
    "EchoTime": 0.00228,
    "FlipAngle": 9,
    "ImageOrientationPatientDICOM": [
      0.0136594,
      0.990661,
      0.135664,
      0.0598247,
      0.134624,
      -0.989089
    ],
    "ImageType": [
      "ORIGINAL",
      "PRIMARY",
      "M",
      "NORM",
      "DIS3D",
      "DIS2D"
    ],
    "ImagingFrequency": 123.232,
    "InPlanePhaseEncodingDirectionDICOM": "ROW",
    "InstitutionalDepartmentName": "Department",
    "InversionTime": 0.9,
    "MRAcquisitionType": "3D",
    "MagneticFieldStrength": 3,
    "Manufacturer": "Siemens",
    "ManufacturersModelName": "Prisma",
    "Modality": "MR",
    "PartialFourier": 1,
    "PatientPosition": "HFS",
    "PercentPhaseFOV": 100,
    "PercentSampling": 100,
    "PhaseEncodingSteps": 320,
    "PhaseResolution": 1,
    "PixelBandwidth": 210,
    "ProcedureStepDescription": "Projets_PredictEye",
    "ProtocolName": "T1w_CS_0p8mm",
    "PulseSequenceDetails": "%CustomerSeq%_cstfl_wip925b",
    "ReceiveCoilActiveElements": "HC1-7;NC1,2",
    "ReceiveCoilName": "HeadNeck_64",
    "ReconMatrixPE": 320,
    "RefLinesPE": 32,
    "RepetitionTime": 2.3,
    "SAR": 0.0434709,
    "ScanOptions": "IR_WE",
    "ScanningSequence": "GR_IR",
    "SequenceName": "WIP_cmp3d1_16ns",
    "SequenceVariant": "SK_SP_MP",
    "SeriesDescription": "T1w_CS_0p8mm",
    "SeriesNumber": 9,
    "ShimSetting": [
      -601,
      -10858,
      -600,
      265,
      38,
      -441,
      30,
      -5
    ],
    "SliceThickness": 1,
    "SoftwareVersions": "syngo_MR_E11",
    "StationName": "AWP66072",
    "TxRefAmp": 239.265,
    "WipMemBlock": "WIP_Identifier: WIP#925B",
    "dataset": "ds004158",
    "modality": "T1w",
    "session_id": "01",
    "subject_id": "08"
  },
  "cjv": 0.5226470327004707,
  "cnr": 1.9146530225143674,
  "efc": 0.543248131914847,
  "fber": -1.0,
  "fwhm_avg": 4.724703283143988,
  "fwhm_x": 4.06966,
  "fwhm_y": 5.263387421569416,
  "fwhm_z": 4.841062427862549,
  "icvs_csf": 0.28355978602448506,
  "icvs_gm": 0.38176780177575964,
  "icvs_wm": 0.33467241219975524,
  "inu_med": 0.4996168613433838,
  "inu_range": 0.19006185531616204,
  "provenance": {
    "md5sum": "0338bf4c4e69dee63d9d38139d86cbc3",
    "settings": {
      "testing": false
    },
    "software": "mriqc",
    "version": "23.1.0",
    "warnings": {
      "large_rot_frame": true,
      "small_air_mask": false
    }
  },
  "qi_1": 0.0,
  "qi_2": 0.004132952980489789,
  "rpve_csf": 9.19367139304334,
  "rpve_gm": 9.115371017193288,
  "rpve_wm": 9.21201349755609,
  "size_x": 208,
  "size_y": 320,
  "size_z": 320,
  "snr_csf": 1.9597251559705513,
  "snr_gm": 5.155733803066428,
  "snr_total": 5.508574060654667,
  "snr_wm": 9.410263222927023,
  "snrd_csf": 68.36829804849089,
  "snrd_gm": 126.28755973793638,
  "snrd_total": 127.10084452277435,
  "snrd_wm": 186.6466757818958,
  "spacing_x": 1.0,
  "spacing_y": 0.800000011920929,
  "spacing_z": 0.800000011920929,
  "summary_bg_k": 648.5259885036534,
  "summary_bg_mad": 0.0,
  "summary_bg_mean": 1.1921985753054536,
  "summary_bg_median": 0.0,
  "summary_bg_n": 6424651.0,
  "summary_bg_p05": 0.0,
  "summary_bg_p95": 6.874622218310833,
  "summary_bg_stdv": 3.3611670502252875,
  "summary_csf_k": -0.6749363975229348,
  "summary_csf_mad": 142.59302281412886,
  "summary_csf_mean": 361.35580877437445,
  "summary_csf_median": 350.76248347759247,
  "summary_csf_n": 649751.7295932355,
  "summary_csf_p05": 84.71236433833838,
  "summary_csf_p95": 665.0693155825138,
  "summary_csf_stdv": 178.98541154531526,
  "summary_gm_k": -0.48972940373620943,
  "summary_gm_mad": 89.10818934414944,
  "summary_gm_mean": 646.7438157462157,
  "summary_gm_median": 647.9163493961096,
  "summary_gm_n": 874786.5590693742,
  "summary_gm_p05": 435.3404903784394,
  "summary_gm_p95": 862.821070663631,
  "summary_gm_stdv": 125.6690131446274,
  "summary_wm_k": -0.5962309773607832,
  "summary_wm_mad": 72.74070151007132,
  "summary_wm_mean": 925.5017366846482,
  "summary_wm_median": 957.587849907577,
  "summary_wm_n": 766871.7123913837,
  "summary_wm_p05": 716.8865006417036,
  "summary_wm_p95": 1043.0839659646153,
  "summary_wm_stdv": 101.75987672985485,
  "tpm_overlap_csf": 0.1940098546093673,
  "tpm_overlap_gm": 0.5271568596442533,
  "tpm_overlap_wm": 0.5495854042522706,
  "wm2max": 0.8678014579929071
}