{
  "bids_meta": {
    "AcquisitionMatrixPE": 320,
    "AcquisitionNumber": 1,
    "AcquisitionTime": "11:58:50.585000",
    "BaseResolution": 320,
    "BodyPartExamined": "HEAD",
    "CoilString": "HC1-7;NC1_2",
    "ConsistencyInfo": "N4_VE11C_LATEST_20160120",
    "ConversionSoftware": "dcm2niix",
    "ConversionSoftwareVersion": "v1.0.20200427",
    "DeviceSerialNumber": "66072",
    "DwellTime": 7.4e-06,
    "EchoTime": 0.00228,
    "FlipAngle": 9,
    "ImageOrientationPatientDICOM": [
      0.0120133,
      0.990511,
      0.136909,
      0.0174409,
      0.136691,
      -0.99046
    ],
    "ImageType": [
      "ORIGINAL",
      "PRIMARY",
      "M",
      "NORM",
      "DIS3D",
      "DIS2D"
    ],
    "ImagingFrequency": 123.232,
    "InPlanePhaseEncodingDirectionDICOM": "ROW",
    "InstitutionalDepartmentName": "Department",
    "InversionTime": 0.9,
    "MRAcquisitionType": "3D",
    "MagneticFieldStrength": 3,
    "Manufacturer": "Siemens",
    "ManufacturersModelName": "Prisma",
    "Modality": "MR",
    "PartialFourier": 1,
    "PatientPosition": "HFS",
    "PercentPhaseFOV": 100,
    "PercentSampling": 100,
    "PhaseEncodingSteps": 320,
    "PhaseResolution": 1,
    "PixelBandwidth": 210,
    "ProcedureStepDescription": "Projets_PredictEye",
    "ProtocolName": "T1w_CS_0p8mm",
    "PulseSequenceDetails": "%CustomerSeq%_cstfl_wip925b",
    "ReceiveCoilActiveElements": "HC1-7;NC1,2",
    "ReceiveCoilName": "HeadNeck_64",
    "ReconMatrixPE": 320,
    "RefLinesPE": 32,
    "RepetitionTime": 2.3,
    "SAR": 0.0568575,
    "ScanOptions": "IR_WE",
    "ScanningSequence": "GR_IR",
    "SequenceName": "WIP_cmp3d1_16ns",
    "SequenceVariant": "SK_SP_MP",
    "SeriesDescription": "T1w_CS_0p8mm",
    "SeriesNumber": 34,
    "ShimSetting": [
      -607,
      -10856,
      -618,
      -1,
      41,
      -278,
      69,
      11
    ],
    "SliceThickness": 1,
    "SoftwareVersions": "syngo_MR_E11",
    "StationName": "AWP66072",
    "TxRefAmp": 255.085,
    "WipMemBlock": "WIP_Identifier: WIP#925B",
    "dataset": "ds004158",
    "modality": "T1w",
    "session_id": "01",
    "subject_id": "05"
  },
  "cjv": 0.5042808328194522,
  "cnr": 2.161459500311094,
  "efc": 0.555994025379711,
  "fber": -1.0,
  "fwhm_avg": 5.240375778791918,
  "fwhm_x": 4.74049,
  "fwhm_y": 5.688887415228972,
  "fwhm_z": 5.291749921146781,
  "icvs_csf": 0.27454687773459846,
  "icvs_gm": 0.38558748777612234,
  "icvs_wm": 0.3398656344892792,
  "inu_med": 0.532991349697113,
  "inu_range": 0.2312455773353576,
  "provenance": {
    "md5sum": "2db43fd0c1cbea526da4a9eab5c8229a",
    "settings": {
      "testing": false
    },
    "software": "mriqc",
    "version": "23.1.0",
    "warnings": {
      "large_rot_frame": true,
      "small_air_mask": false
    }
  },
  "qi_1": 0.0,
  "qi_2": 0.0023207151728492624,
  "rpve_csf": 7.697593230627796,
  "rpve_gm": 7.643293487249101,
  "rpve_wm": 7.742355793172544,
  "size_x": 208,
  "size_y": 320,
  "size_z": 320,
  "snr_csf": 1.9514424896937888,
  "snr_gm": 5.446603875581747,
  "snr_total": 6.873647683293505,
  "snr_wm": 13.22289668460498,
  "snrd_csf": 79.48402156188646,
  "snrd_gm": 141.8150680454915,
  "snrd_total": 142.94758067557075,
  "snrd_wm": 207.54365241933428,
  "spacing_x": 1.0,
  "spacing_y": 0.800000011920929,
  "spacing_z": 0.800000011920929,
  "summary_bg_k": 4.616216444454871,
  "summary_bg_mad": 0.0,
  "summary_bg_mean": 1.580600812610169,
  "summary_bg_median": 0.0,
  "summary_bg_n": 5922467.0,
  "summary_bg_p05": 0.0,
  "summary_bg_p95": 7.388527505099773,
  "summary_bg_stdv": 3.0647749740028414,
  "summary_csf_k": -0.647778427130381,
  "summary_csf_mad": 152.25554539610232,
  "summary_csf_mean": 384.1416462811238,
  "summary_csf_median": 371.8319423496723,
  "summary_csf_n": 749517.6443003174,
  "summary_csf_p05": 90.69560701027513,
  "summary_csf_p95": 698.1872115284204,
  "summary_csf_stdv": 190.54196896186502,
  "summary_gm_k": -0.6711403505265578,
  "summary_gm_mad": 96.63514258826794,
  "summary_gm_mean": 666.165043318106,
  "summary_gm_median": 663.4210394695401,
  "summary_gm_n": 1052660.3977227318,
  "summary_gm_p05": 468.627380207181,
  "summary_gm_p95": 874.5668274350464,
  "summary_gm_stdv": 121.80447477139859,
  "summary_wm_k": -0.4222694038257737,
  "summary_wm_mad": 58.42265210960311,
  "summary_wm_mean": 953.6317754244168,
  "summary_wm_median": 970.9040620364249,
  "summary_wm_n": 927838.9608469236,
  "summary_wm_p05": 806.0081652365625,
  "summary_wm_p95": 1045.4480042681098,
  "summary_wm_stdv": 73.42593396796867,
  "tpm_overlap_csf": 0.2002621053305619,
  "tpm_overlap_gm": 0.5125110843124381,
  "tpm_overlap_wm": 0.5291895944047598,
  "wm2max": 0.7651769144073429
}