{
  "bids_meta": {
    "AcquisitionMatrixPE": 300,
    "AcquisitionNumber": 1,
    "AcquisitionTime": "14:03:1.290000",
    "BaseResolution": 320,
    "BodyPartExamined": "HEAD",
    "CoilString": "HC1-7;NC1_2",
    "ConsistencyInfo": "N4_VE11C_LATEST_20160120",
    "ConversionSoftware": "dcm2niix",
    "ConversionSoftwareVersion": "v1.0.20200427",
    "DeviceSerialNumber": "66072",
    "DwellTime": 2.1e-06,
    "EchoTime": 0.564,
    "EchoTrainLength": 282,
    "FlipAngle": 120,
    "ImageOrientationPatientDICOM": [
      0.0336316,
      0.986609,
      0.159597,
      -0.0323788,
      0.16068,
      -0.986475
    ],
    "ImageType": [
      "ORIGINAL",
      "PRIMARY",
      "M",
      "ND",
      "NORM"
    ],
    "ImagingFrequency": 123.232,
    "InPlanePhaseEncodingDirectionDICOM": "ROW",
    "InstitutionalDepartmentName": "Department",
    "MRAcquisitionType": "3D",
    "MagneticFieldStrength": 3,
    "Manufacturer": "Siemens",
    "ManufacturersModelName": "Prisma",
    "Modality": "MR",
    "ParallelReductionFactorInPlane": 2,
    "PartialFourier": 1,
    "PatientPosition": "HFS",
    "PercentPhaseFOV": 93.75,
    "PercentSampling": 100,
    "PhaseEncodingDirection": "i",
    "PhaseEncodingSteps": 295,
    "PhaseResolution": 1,
    "PixelBandwidth": 745,
    "ProcedureStepDescription": "Projets_PredictEye",
    "ProtocolName": "T2w_vNav_0p8mm",
    "PulseSequenceDetails": "%CustomerSeq%_tse_vfl_mgh_epinav_ABCD",
    "ReceiveCoilActiveElements": "HC1-7;NC1,2",
    "ReceiveCoilName": "HeadNeck_64",
    "ReconMatrixPE": 300,
    "RefLinesPE": 32,
    "RepetitionTime": 3.2,
    "SAR": 0.149304,
    "ScanOptions": "PFP",
    "ScanningSequence": "SE",
    "SequenceName": "spc_282ns",
    "SequenceVariant": "SK_SP",
    "SeriesDescription": "T2w_vNav_0p8mm",
    "SeriesNumber": 33,
    "ShimSetting": [
      -583,
      -10831,
      -605,
      251,
      103,
      -324,
      -127,
      -11
    ],
    "SliceThickness": 1,
    "SoftwareVersions": "syngo_MR_E11",
    "StationName": "AWP66072",
    "TxRefAmp": 235.66,
    "WipMemBlock": "Prisma_epi_moco_navigator_ABCD_tse_vfl.prot",
    "dataset": "ds004158",
    "modality": "T2w",
    "session_id": "01",
    "subject_id": "21"
  },
  "cjv": 0.7551646084907642,
  "cnr": 1.1605573716110762,
  "efc": 0.5446789879864588,
  "fber": 6285.663782962454,
  "fwhm_avg": 2.5462772925114554,
  "fwhm_x": 2.2814821757909547,
  "fwhm_y": 2.931662237888971,
  "fwhm_z": 2.42568746385444,
  "icvs_csf": 0.25863788033016016,
  "icvs_gm": 0.3785897702495341,
  "icvs_wm": 0.3627723494203058,
  "inu_med": 0.9760186672210693,
  "inu_range": 0.28783715963363665,
  "provenance": {
    "md5sum": "cb33c0fec890315c35c68cb66baf3e3c",
    "settings": {
      "testing": false
    },
    "software": "mriqc",
    "version": "23.1.0",
    "warnings": {
      "large_rot_frame": true,
      "small_air_mask": false
    }
  },
  "qi_1": 0.0,
  "qi_2": 0.0020078593490400407,
  "rpve_csf": 7.5840492699130815,
  "rpve_gm": 7.479958410167762,
  "rpve_wm": 7.5381846082630295,
  "size_x": 208,
  "size_y": 300,
  "size_z": 320,
  "snr_csf": 1.7609705693104314,
  "snr_gm": 4.820556338690809,
  "snr_total": 3.8826600933214537,
  "snr_wm": 5.066453371963122,
  "snrd_csf": 73.32140312954449,
  "snrd_gm": 69.00506970698744,
  "snrd_total": 63.7581301544274,
  "snrd_wm": 48.94791762675028,
  "spacing_x": 0.9999990463256836,
  "spacing_y": 0.8000000715255737,
  "spacing_z": 0.800000011920929,
  "summary_bg_k": 911.9090379023804,
  "summary_bg_mad": 0.0,
  "summary_bg_mean": 6.601193769886189,
  "summary_bg_median": 0.0,
  "summary_bg_n": 5531602.0,
  "summary_bg_p05": 0.0,
  "summary_bg_p95": 29.5911580696702,
  "summary_bg_stdv": 14.766520310400004,
  "summary_csf_k": -1.3262993421210285,
  "summary_csf_mad": 1603.7423881211762,
  "summary_csf_mean": 1645.0862350956245,
  "summary_csf_median": 1652.635983131826,
  "summary_csf_n": 668964.0326133836,
  "summary_csf_p05": 54.35110665857792,
  "summary_csf_p95": 3123.437319431454,
  "summary_csf_stdv": 938.4794821177238,
  "summary_gm_k": 9.6679065828027,
  "summary_gm_mad": 179.427185450806,
  "summary_gm_mean": 1547.5146592016636,
  "summary_gm_median": 1555.3475022129714,
  "summary_gm_n": 979218.2764914554,
  "summary_gm_p05": 999.5772415697575,
  "summary_gm_p95": 2073.313548669219,
  "summary_gm_stdv": 322.6487979304555,
  "summary_wm_k": 17.114603530757606,
  "summary_wm_mad": 161.96795333358685,
  "summary_wm_mean": 1136.6959357692733,
  "summary_wm_median": 1103.2670750506222,
  "summary_wm_n": 938306.6914987384,
  "summary_wm_p05": 836.5843117125332,
  "summary_wm_p95": 1523.9446405880153,
  "summary_wm_stdv": 217.75913171381757,
  "tpm_overlap_csf": 0.2322281611051291,
  "tpm_overlap_gm": 0.5041738914498546,
  "tpm_overlap_wm": 0.533111706065858,
  "wm2max": 0.3043666594472119
}