{
  "bids_meta": {
    "AcquisitionMatrixPE": 320,
    "AcquisitionNumber": 1,
    "AcquisitionTime": "14:56:0.317500",
    "BaseResolution": 320,
    "BodyPartExamined": "HEAD",
    "CoilString": "HC1-7;NC1_2",
    "ConsistencyInfo": "N4_VE11C_LATEST_20160120",
    "ConversionSoftware": "dcm2niix",
    "ConversionSoftwareVersion": "v1.0.20200427",
    "DeviceSerialNumber": "66072",
    "DwellTime": 2.1e-06,
    "EchoTime": 0.564,
    "EchoTrainLength": 326,
    "FlipAngle": 120,
    "ImageOrientationPatientDICOM": [
      0.0502198,
      0.990202,
      0.130298,
      -0.0228307,
      0.131566,
      -0.991044
    ],
    "ImageType": [
      "ORIGINAL",
      "PRIMARY",
      "M",
      "ND",
      "NORM"
    ],
    "ImagingFrequency": 123.232,
    "InPlanePhaseEncodingDirectionDICOM": "ROW",
    "InstitutionalDepartmentName": "Department",
    "MRAcquisitionType": "3D",
    "MagneticFieldStrength": 3,
    "Manufacturer": "Siemens",
    "ManufacturersModelName": "Prisma",
    "Modality": "MR",
    "ParallelReductionFactorInPlane": 2,
    "PartialFourier": 1,
    "PatientPosition": "HFS",
    "PercentPhaseFOV": 100,
    "PercentSampling": 100,
    "PhaseEncodingDirection": "i",
    "PhaseEncodingSteps": 287,
    "PhaseResolution": 1,
    "PixelBandwidth": 745,
    "ProcedureStepDescription": "Projets_PredictEye",
    "ProtocolName": "T2w_vNav_0p8mm",
    "PulseSequenceDetails": "%CustomerSeq%_tse_vfl_mgh_epinav_ABCD",
    "ReceiveCoilActiveElements": "HC1-7;NC1,2",
    "ReceiveCoilName": "HeadNeck_64",
    "ReconMatrixPE": 320,
    "RefLinesPE": 32,
    "RepetitionTime": 3.2,
    "SAR": 0.148248,
    "ScanOptions": "PFP",
    "ScanningSequence": "SE",
    "SequenceName": "spc_360ns",
    "SequenceVariant": "SK_SP",
    "SeriesDescription": "T2w_vNav_0p8mm",
    "SeriesNumber": 33,
    "ShimSetting": [
      -598,
      -10785,
      -626,
      -41,
      83,
      -354,
      -52,
      16
    ],
    "SliceThickness": 0.8,
    "SoftwareVersions": "syngo_MR_E11",
    "StationName": "AWP66072",
    "TxRefAmp": 238.359,
    "WipMemBlock": "Prisma_epi_moco_navigator_ABCD_tse_vfl.prot",
    "dataset": "ds004158",
    "modality": "T2w",
    "session_id": "01",
    "subject_id": "23"
  },
  "cjv": 0.6240728570837982,
  "cnr": 1.4857930199989724,
  "efc": 0.5853528824597558,
  "fber": 6521.608526403393,
  "fwhm_avg": 2.5998120813552266,
  "fwhm_x": 2.5286236435405733,
  "fwhm_y": 2.8674249572720387,
  "fwhm_z": 2.4033876432530668,
  "icvs_csf": 0.2456574453111136,
  "icvs_gm": 0.40027074844765814,
  "icvs_wm": 0.35407180624122825,
  "inu_med": 1.0090969800949097,
  "inu_range": 0.4219811320304869,
  "provenance": {
    "md5sum": "67e389369d686a1390b6f3565a885f23",
    "settings": {
      "testing": false
    },
    "software": "mriqc",
    "version": "23.1.0",
    "warnings": {
      "large_rot_frame": true,
      "small_air_mask": false
    }
  },
  "qi_1": 0.0,
  "qi_2": 0.00210813961715785,
  "rpve_csf": 7.83430634134353,
  "rpve_gm": 7.764679581592138,
  "rpve_wm": 7.812781749163339,
  "size_x": 240,
  "size_y": 320,
  "size_z": 320,
  "snr_csf": 1.8163815394074307,
  "snr_gm": 5.991404196122623,
  "snr_total": 4.150281254109092,
  "snr_wm": 4.6430580267972195,
  "snrd_csf": 46.72146029141367,
  "snrd_gm": 52.269917848725974,
  "snrd_total": 44.69453998198241,
  "snrd_wm": 35.09224180580758,
  "spacing_x": 0.8000004291534424,
  "spacing_y": 0.800000011920929,
  "spacing_z": 0.7999999523162842,
  "summary_bg_k": 127.47200789628681,
  "summary_bg_mad": 0.0,
  "summary_bg_mean": 10.748257585958497,
  "summary_bg_median": 0.0,
  "summary_bg_n": 5305686.0,
  "summary_bg_p05": 0.0,
  "summary_bg_p95": 53.373740304261446,
  "summary_bg_stdv": 21.3892558715439,
  "summary_csf_k": -1.7244036731803432,
  "summary_csf_mad": 1672.6841417968685,
  "summary_csf_mean": 1403.7991774312277,
  "summary_csf_median": 1525.3881006538868,
  "summary_csf_n": 756504.3137846459,
  "summary_csf_p05": 32.09846027567983,
  "summary_csf_p95": 2737.151361119002,
  "summary_csf_stdv": 839.7944261034309,
  "summary_gm_k": 2.391197487267548,
  "summary_gm_mad": 185.03873468622302,
  "summary_gm_mean": 1689.3227455105334,
  "summary_gm_median": 1706.5372146181762,
  "summary_gm_n": 1232637.3723335434,
  "summary_gm_p05": 1158.0802864395082,
  "summary_gm_p95": 2130.867727048695,
  "summary_gm_stdv": 284.8308120310762,
  "summary_wm_k": 17.471412817998434,
  "summary_wm_mad": 164.95772234911558,
  "summary_wm_mean": 1197.526352511741,
  "summary_wm_median": 1145.7109375856817,
  "summary_wm_n": 1090367.3140123328,
  "summary_wm_p05": 875.1314314082265,
  "summary_wm_p95": 1663.6155740953982,
  "summary_wm_stdv": 246.75771993257666,
  "tpm_overlap_csf": 0.24325731415363835,
  "tpm_overlap_gm": 0.5175713554275765,
  "tpm_overlap_wm": 0.5471099376808365,
  "wm2max": 0.39262021922492196
}