{
  "bids_meta": {
    "AcquisitionMatrixPE": 320,
    "AcquisitionNumber": 1,
    "AcquisitionTime": "15:02:59.165000",
    "BaseResolution": 320,
    "BodyPartExamined": "HEAD",
    "CoilString": "HC1-7;NC1_2",
    "ConsistencyInfo": "N4_VE11C_LATEST_20160120",
    "ConversionSoftware": "dcm2niix",
    "ConversionSoftwareVersion": "v1.0.20200427",
    "DeviceSerialNumber": "66072",
    "DwellTime": 7.4e-06,
    "EchoTime": 0.00228,
    "FlipAngle": 9,
    "ImageOrientationPatientDICOM": [
      0.0502198,
      0.990202,
      0.130298,
      -0.0228307,
      0.131566,
      -0.991044
    ],
    "ImageType": [
      "ORIGINAL",
      "PRIMARY",
      "M",
      "NORM",
      "DIS3D",
      "DIS2D"
    ],
    "ImagingFrequency": 123.232,
    "InPlanePhaseEncodingDirectionDICOM": "ROW",
    "InstitutionalDepartmentName": "Department",
    "InversionTime": 0.9,
    "MRAcquisitionType": "3D",
    "MagneticFieldStrength": 3,
    "Manufacturer": "Siemens",
    "ManufacturersModelName": "Prisma",
    "Modality": "MR",
    "PartialFourier": 1,
    "PatientPosition": "HFS",
    "PercentPhaseFOV": 100,
    "PercentSampling": 100,
    "PhaseEncodingSteps": 320,
    "PhaseResolution": 1,
    "PixelBandwidth": 210,
    "ProcedureStepDescription": "Projets_PredictEye",
    "ProtocolName": "T1w_CS_0p8mm",
    "PulseSequenceDetails": "%CustomerSeq%_cstfl_wip925b",
    "ReceiveCoilActiveElements": "HC1-7;NC1,2",
    "ReceiveCoilName": "HeadNeck_64",
    "ReconMatrixPE": 320,
    "RefLinesPE": 32,
    "RepetitionTime": 2.3,
    "SAR": 0.0509637,
    "ScanOptions": "IR_WE",
    "ScanningSequence": "GR_IR",
    "SequenceName": "WIP_cmp3d1_16ns",
    "SequenceVariant": "SK_SP_MP",
    "SeriesDescription": "T1w_CS_0p8mm",
    "SeriesNumber": 34,
    "ShimSetting": [
      -598,
      -10785,
      -626,
      -41,
      83,
      -354,
      -52,
      16
    ],
    "SliceThickness": 0.8,
    "SoftwareVersions": "syngo_MR_E11",
    "StationName": "AWP66072",
    "TxRefAmp": 238.359,
    "WipMemBlock": "WIP_Identifier: WIP#925B",
    "dataset": "ds004158",
    "modality": "T1w",
    "session_id": "01",
    "subject_id": "23"
  },
  "cjv": 0.4285744499145314,
  "cnr": 2.6504999598812304,
  "efc": 0.6114207922371111,
  "fber": 21012.91840277778,
  "fwhm_avg": 4.507645766164178,
  "fwhm_x": 4.422874934094028,
  "fwhm_y": 4.6614999305382385,
  "fwhm_z": 4.438562433860266,
  "icvs_csf": 0.26343491081112325,
  "icvs_gm": 0.39826225115316155,
  "icvs_wm": 0.3383028380357152,
  "inu_med": 0.5493195056915283,
  "inu_range": 0.2324118047952652,
  "provenance": {
    "md5sum": "3f87596bb72c19893d80d3ec28a7ea89",
    "settings": {
      "testing": false
    },
    "software": "mriqc",
    "version": "23.1.0",
    "warnings": {
      "large_rot_frame": true,
      "small_air_mask": false
    }
  },
  "qi_1": 0.0,
  "qi_2": 0.0028789206329011613,
  "rpve_csf": 7.729891552609119,
  "rpve_gm": 7.696319765309867,
  "rpve_wm": 7.814756271607935,
  "size_x": 240,
  "size_y": 320,
  "size_z": 320,
  "snr_csf": 2.586445666829521,
  "snr_gm": 6.635829517250038,
  "snr_total": 7.338128981678264,
  "snr_wm": 12.792111760955237,
  "snrd_csf": 43.36319979618246,
  "snrd_gm": 60.18561455749268,
  "snrd_total": 64.7680896006649,
  "snrd_wm": 90.75545444831954,
  "spacing_x": 0.800000011920929,
  "spacing_y": 0.800000011920929,
  "spacing_z": 0.800000011920929,
  "summary_bg_k": 6993.821365504591,
  "summary_bg_mad": 0.0,
  "summary_bg_mean": 2.336748438921165,
  "summary_bg_median": 0.0,
  "summary_bg_n": 5170958.0,
  "summary_bg_p05": 0.0,
  "summary_bg_p95": 11.984924716874957,
  "summary_bg_stdv": 7.03932081176508,
  "summary_csf_k": -0.3630795372088196,
  "summary_csf_mad": 138.16511737327477,
  "summary_csf_mean": 456.10352792482183,
  "summary_csf_median": 465.92965188622475,
  "summary_csf_n": 823976.7197070522,
  "summary_csf_p05": 154.62311678752303,
  "summary_csf_p95": 727.1105584520847,
  "summary_csf_stdv": 180.1427244845187,
  "summary_gm_k": -0.5235662803591681,
  "summary_gm_mad": 78.5630176705949,
  "summary_gm_mean": 650.8940551773757,
  "summary_gm_median": 646.6834221445024,
  "summary_gm_n": 1245692.2367575287,
  "summary_gm_p05": 493.4422149155289,
  "summary_gm_p95": 814.6231219507754,
  "summary_gm_stdv": 97.45325145793508,
  "summary_wm_k": -0.39666356714979223,
  "summary_wm_mad": 62.209691564672106,
  "summary_wm_mean": 958.9614998158149,
  "summary_wm_median": 975.1507613975555,
  "summary_wm_n": 1058150.0450869047,
  "summary_wm_p05": 807.0100565645844,
  "summary_wm_p95": 1056.0050333868712,
  "summary_wm_stdv": 76.23059576393824,
  "tpm_overlap_csf": 0.22007824790174516,
  "tpm_overlap_gm": 0.5035091294297801,
  "tpm_overlap_wm": 0.5068148579495566,
  "wm2max": 0.8717263375409909
}