{
  "aor": 0.0002228282828282828,
  "aqi": 0.004710517050505051,
  "bids_meta": {
    "AcquisitionMatrixPE": 100,
    "AcquisitionNumber": 1,
    "AcquisitionTime": "09:22:59.292500",
    "BandwidthPerPixelPhaseEncode": 17.241,
    "BaseResolution": 100,
    "BodyPartExamined": "HEAD",
    "ConsistencyInfo": "N4_VE11C_LATEST_20160120",
    "ConversionSoftware": "dcm2niix",
    "ConversionSoftwareVersion": "v1.0.20200427",
    "DerivedVendorReportedEchoSpacing": 0.000580013,
    "DeviceSerialNumber": "66072",
    "DwellTime": 2.1e-06,
    "EchoTime": 0.0352,
    "EchoTrainLength": 100,
    "EffectiveEchoSpacing": 0.000580013,
    "FlipAngle": 56,
    "ImageComments": "Unaliased_MB6_PE3_LB_SENSE1",
    "ImageOrientationPatientDICOM": [
      0.999676,
      -0.021725,
      -0.0132686,
      0.0209402,
      0.998173,
      -0.0566676
    ],
    "ImageType": [
      "ORIGINAL",
      "PRIMARY",
      "M",
      "MB",
      "ND",
      "MOSAIC"
    ],
    "ImagingFrequency": 123.232,
    "InPlanePhaseEncodingDirectionDICOM": "COL",
    "InstitutionalDepartmentName": "Department",
    "MRAcquisitionType": "2D",
    "MagneticFieldStrength": 3,
    "Manufacturer": "Siemens",
    "ManufacturersModelName": "Prisma",
    "Modality": "MR",
    "MultibandAccelerationFactor": 6,
    "PartialFourier": 1,
    "PatientPosition": "HFS",
    "PercentPhaseFOV": 100,
    "PercentSampling": 100,
    "PhaseEncodingDirection": "j",
    "PhaseEncodingSteps": 100,
    "PhaseResolution": 1,
    "PixelBandwidth": 2380,
    "ProcedureStepDescription": "Projets_PredictEye",
    "ProtocolName": "task-rest_run2_bold",
    "PulseSequenceDetails": "%CustomerSeq%_cmrr_mbep2d_bold",
    "ReceiveCoilActiveElements": "HC1-6",
    "ReceiveCoilName": "HeadNeck_64",
    "ReconMatrixPE": 100,
    "RepetitionTime": 0.8,
    "SAR": 0.101284,
    "ScanOptions": "FS_EXT",
    "ScanningSequence": "EP",
    "SequenceName": "epfid2d1_100",
    "SequenceVariant": "SK_SS",
    "SeriesDescription": "task-rest_run2_bold",
    "SeriesNumber": 13,
    "ShimSetting": [
      -607,
      -10788,
      -562,
      431,
      15,
      -267,
      6,
      55
    ],
    "SliceThickness": 2,
    "SliceTiming": [
      0.72,
      0.64,
      0.56,
      0.48,
      0.4,
      0.32,
      0.24,
      0.16,
      0.08,
      0,
      0.72,
      0.64,
      0.56,
      0.48,
      0.4,
      0.32,
      0.24,
      0.16,
      0.08,
      0,
      0.72,
      0.64,
      0.56,
      0.48,
      0.4,
      0.32,
      0.24,
      0.16,
      0.08,
      0,
      0.72,
      0.64,
      0.56,
      0.48,
      0.4,
      0.32,
      0.24,
      0.16,
      0.08,
      0,
      0.72,
      0.64,
      0.56,
      0.48,
      0.4,
      0.32,
      0.24,
      0.16,
      0.08,
      0,
      0.72,
      0.64,
      0.56,
      0.48,
      0.4,
      0.32,
      0.24,
      0.16,
      0.08,
      0
    ],
    "SoftwareVersions": "syngo_MR_E11",
    "SpacingBetweenSlices": 2,
    "StationName": "AWP66072",
    "TaskName": "rest",
    "TotalReadoutTime": 0.0574213,
    "TxRefAmp": 230.77,
    "WipMemBlock": "8ec3c141-a4bf-413e-86ed-1560c64512df||Sequence: R016 ve11c/master r/e634e98; Dec 19 2017 11:00:25 by eja",
    "dataset": "ds004158",
    "modality": "bold",
    "run_id": 2,
    "session_id": "01",
    "subject_id": "11",
    "task_id": "rest"
  },
  "dummy_trs": 5,
  "dvars_nstd": 41.22141490568824,
  "dvars_std": 1.0107935055668011,
  "dvars_vstd": 1.0013950067206483,
  "efc": 0.5117205817913946,
  "fber": 13281.857421875,
  "fd_mean": 0.05174115206680492,
  "fd_num": 0,
  "fd_perc": 0.0,
  "fwhm_avg": 3.167625063785318,
  "fwhm_x": 2.9694,
  "fwhm_y": 3.323055,
  "fwhm_z": 3.210420191355955,
  "gcor": 0.00361603,
  "gsr_x": -0.007945912890136242,
  "gsr_y": 0.0442129522562027,
  "provenance": {
    "md5sum": "29cba41c2515dbc10aa3b52b0e2b9444",
    "settings": {
      "fd_thres": 0.2,
      "testing": false
    },
    "software": "mriqc",
    "version": "23.1.0"
  },
  "size_t": 495,
  "size_x": 100,
  "size_y": 100,
  "size_z": 60,
  "snr": 2.1487825165873904,
  "spacing_tr": 0.800000011920929,
  "spacing_x": 2.0,
  "spacing_y": 2.0,
  "spacing_z": 1.9999998807907104,
  "summary_bg_k": 16.878011703972533,
  "summary_bg_mad": 52.878016191161116,
  "summary_bg_mean": 470.97127776857855,
  "summary_bg_median": 70.18367004394531,
  "summary_bg_n": 431400.0,
  "summary_bg_p05": 27.896760940551758,
  "summary_bg_p95": 2594.3565673828125,
  "summary_bg_stdv": 998.9416587447715,
  "summary_fg_k": 1.0268711264086203,
  "summary_fg_mad": 3530.0161582955166,
  "summary_fg_mean": 8716.108653196796,
  "summary_fg_median": 8088.442138671875,
  "summary_fg_n": 168600.0,
  "summary_fg_p05": 3916.0306396484375,
  "summary_fg_p95": 15847.93115234375,
  "summary_fg_stdv": 3764.1865052055964,
  "tsnr": 32.55378341674805
}