{
  "aor": 0.00020686746987951806,
  "aqi": 0.004825432269076305,
  "bids_meta": {
    "AcquisitionMatrixPE": 100,
    "AcquisitionNumber": 1,
    "AcquisitionTime": "09:15:18.870000",
    "BandwidthPerPixelPhaseEncode": 17.241,
    "BaseResolution": 100,
    "BodyPartExamined": "HEAD",
    "ConsistencyInfo": "N4_VE11C_LATEST_20160120",
    "ConversionSoftware": "dcm2niix",
    "ConversionSoftwareVersion": "v1.0.20200427",
    "DerivedVendorReportedEchoSpacing": 0.000580013,
    "DeviceSerialNumber": "66072",
    "DwellTime": 2.1e-06,
    "EchoTime": 0.0352,
    "EchoTrainLength": 100,
    "EffectiveEchoSpacing": 0.000580013,
    "FlipAngle": 56,
    "ImageComments": "Unaliased_MB6_PE3_LB_SENSE1",
    "ImageOrientationPatientDICOM": [
      0.999676,
      -0.021725,
      -0.0132686,
      0.0209402,
      0.998173,
      -0.0566676
    ],
    "ImageType": [
      "ORIGINAL",
      "PRIMARY",
      "M",
      "MB",
      "ND",
      "MOSAIC"
    ],
    "ImagingFrequency": 123.232,
    "InPlanePhaseEncodingDirectionDICOM": "COL",
    "InstitutionalDepartmentName": "Department",
    "MRAcquisitionType": "2D",
    "MagneticFieldStrength": 3,
    "Manufacturer": "Siemens",
    "ManufacturersModelName": "Prisma",
    "Modality": "MR",
    "MultibandAccelerationFactor": 6,
    "PartialFourier": 1,
    "PatientPosition": "HFS",
    "PercentPhaseFOV": 100,
    "PercentSampling": 100,
    "PhaseEncodingDirection": "j-",
    "PhaseEncodingSteps": 100,
    "PhaseResolution": 1,
    "PixelBandwidth": 2380,
    "ProcedureStepDescription": "Projets_PredictEye",
    "ProtocolName": "task-rest_run1_bold",
    "PulseSequenceDetails": "%CustomerSeq%_cmrr_mbep2d_bold",
    "ReceiveCoilActiveElements": "HC1-6",
    "ReceiveCoilName": "HeadNeck_64",
    "ReconMatrixPE": 100,
    "RepetitionTime": 0.8,
    "SAR": 0.101284,
    "ScanOptions": "FS_EXT",
    "ScanningSequence": "EP",
    "SequenceName": "epfid2d1_100",
    "SequenceVariant": "SK_SS",
    "SeriesDescription": "task-rest_run1_bold",
    "SeriesNumber": 10,
    "ShimSetting": [
      -607,
      -10788,
      -562,
      431,
      15,
      -267,
      6,
      55
    ],
    "SliceThickness": 2,
    "SliceTiming": [
      0.72,
      0.64,
      0.56,
      0.48,
      0.4,
      0.32,
      0.24,
      0.16,
      0.08,
      0,
      0.72,
      0.64,
      0.56,
      0.48,
      0.4,
      0.32,
      0.24,
      0.16,
      0.08,
      0,
      0.72,
      0.64,
      0.56,
      0.48,
      0.4,
      0.32,
      0.24,
      0.16,
      0.08,
      0,
      0.72,
      0.64,
      0.56,
      0.48,
      0.4,
      0.32,
      0.24,
      0.16,
      0.08,
      0,
      0.72,
      0.64,
      0.56,
      0.48,
      0.4,
      0.32,
      0.24,
      0.16,
      0.08,
      0,
      0.72,
      0.64,
      0.56,
      0.48,
      0.4,
      0.32,
      0.24,
      0.16,
      0.08,
      0
    ],
    "SoftwareVersions": "syngo_MR_E11",
    "SpacingBetweenSlices": 2,
    "StationName": "AWP66072",
    "TaskName": "rest",
    "TotalReadoutTime": 0.0574213,
    "TxRefAmp": 230.77,
    "WipMemBlock": "4d0d0f43-3ddb-47c1-999f-b7c6ba85e05e||Sequence: R016 ve11c/master r/e634e98; Dec 19 2017 11:00:25 by eja",
    "dataset": "ds004158",
    "modality": "bold",
    "run_id": 1,
    "session_id": "01",
    "subject_id": "11",
    "task_id": "rest"
  },
  "dummy_trs": 2,
  "dvars_nstd": 43.181797326861194,
  "dvars_std": 1.0273063953118713,
  "dvars_vstd": 1.003075434486922,
  "efc": 0.512204278388167,
  "fber": 13145.1083984375,
  "fd_mean": 0.052013889776532714,
  "fd_num": 0,
  "fd_perc": 0.0,
  "fwhm_avg": 3.1599117301986652,
  "fwhm_x": 2.999655,
  "fwhm_y": 3.28241,
  "fwhm_z": 3.197670190595996,
  "gcor": 0.00302595,
  "gsr_x": -0.009705513715744019,
  "gsr_y": 0.039995815604925156,
  "provenance": {
    "md5sum": "95fbc235362d3f3e8abd5d7e55013882",
    "settings": {
      "fd_thres": 0.2,
      "testing": false
    },
    "software": "mriqc",
    "version": "23.1.0"
  },
  "size_t": 498,
  "size_x": 100,
  "size_y": 100,
  "size_z": 60,
  "snr": 2.1330178881934496,
  "spacing_tr": 0.800000011920929,
  "spacing_x": 2.0,
  "spacing_y": 2.0,
  "spacing_z": 1.9999998807907104,
  "summary_bg_k": 19.752547545735684,
  "summary_bg_mad": 52.50348866883458,
  "summary_bg_mean": 453.0743345008309,
  "summary_bg_median": 70.02840805053711,
  "summary_bg_n": 429132.0,
  "summary_bg_p05": 28.35779571533203,
  "summary_bg_p95": 2401.533447265625,
  "summary_bg_stdv": 967.4931834903507,
  "summary_fg_k": 1.4134580700531183,
  "summary_fg_mad": 3442.5563820141115,
  "summary_fg_mean": 8654.654321937407,
  "summary_fg_median": 8028.905517578125,
  "summary_fg_n": 170868.0,
  "summary_fg_p05": 3866.70556640625,
  "summary_fg_p95": 15796.6708984375,
  "summary_fg_stdv": 3764.0950258864323,
  "tsnr": 32.15654182434082
}