{
  "aor": 0.0001730985915492958,
  "aqi": 0.004578433943661972,
  "bids_meta": {
    "AcquisitionMatrixPE": 100,
    "AcquisitionNumber": 1,
    "AcquisitionTime": "16:05:9.185000",
    "BandwidthPerPixelPhaseEncode": 17.241,
    "BaseResolution": 100,
    "BodyPartExamined": "HEAD",
    "ConsistencyInfo": "N4_VE11C_LATEST_20160120",
    "ConversionSoftware": "dcm2niix",
    "ConversionSoftwareVersion": "v1.0.20200427",
    "DerivedVendorReportedEchoSpacing": 0.000580013,
    "DeviceSerialNumber": "66072",
    "DwellTime": 2.1e-06,
    "EchoTime": 0.0352,
    "EchoTrainLength": 100,
    "EffectiveEchoSpacing": 0.000580013,
    "FlipAngle": 56,
    "ImageComments": "Unaliased_MB6_PE3_LB_SENSE1",
    "ImageOrientationPatientDICOM": [
      0.993017,
      0.0447838,
      -0.109141,
      -0.0513467,
      0.996991,
      -0.0580818
    ],
    "ImageType": [
      "ORIGINAL",
      "PRIMARY",
      "M",
      "MB",
      "ND",
      "MOSAIC"
    ],
    "ImagingFrequency": 123.232,
    "InPlanePhaseEncodingDirectionDICOM": "COL",
    "InstitutionalDepartmentName": "Department",
    "MRAcquisitionType": "2D",
    "MagneticFieldStrength": 3,
    "Manufacturer": "Siemens",
    "ManufacturersModelName": "Prisma",
    "Modality": "MR",
    "MultibandAccelerationFactor": 6,
    "PartialFourier": 1,
    "PatientPosition": "HFS",
    "PercentPhaseFOV": 100,
    "PercentSampling": 100,
    "PhaseEncodingDirection": "j-",
    "PhaseEncodingSteps": 100,
    "PhaseResolution": 1,
    "PixelBandwidth": 2380,
    "ProcedureStepDescription": "Projets_PredictEye",
    "ProtocolName": "task-rest_run1_bold",
    "PulseSequenceDetails": "%CustomerSeq%_cmrr_mbep2d_bold",
    "ReceiveCoilActiveElements": "HC1-6",
    "ReceiveCoilName": "HeadNeck_64",
    "ReconMatrixPE": 100,
    "RepetitionTime": 0.8,
    "SAR": 0.0863876,
    "ScanOptions": "FS_EXT",
    "ScanningSequence": "EP",
    "SequenceName": "epfid2d1_100",
    "SequenceVariant": "SK_SS",
    "SeriesDescription": "task-rest_run1_bold",
    "SeriesNumber": 10,
    "ShimSetting": [
      -623,
      -10739,
      -606,
      345,
      30,
      156,
      -89,
      10
    ],
    "SliceThickness": 2,
    "SliceTiming": [
      0.72,
      0.64,
      0.56,
      0.48,
      0.4,
      0.32,
      0.24,
      0.16,
      0.08,
      0,
      0.72,
      0.64,
      0.56,
      0.48,
      0.4,
      0.32,
      0.24,
      0.16,
      0.08,
      0,
      0.72,
      0.64,
      0.56,
      0.48,
      0.4,
      0.32,
      0.24,
      0.16,
      0.08,
      0,
      0.72,
      0.64,
      0.56,
      0.48,
      0.4,
      0.32,
      0.24,
      0.16,
      0.08,
      0,
      0.72,
      0.64,
      0.56,
      0.48,
      0.4,
      0.32,
      0.24,
      0.16,
      0.08,
      0,
      0.72,
      0.64,
      0.56,
      0.48,
      0.4,
      0.32,
      0.24,
      0.16,
      0.08,
      0
    ],
    "SoftwareVersions": "syngo_MR_E11",
    "SpacingBetweenSlices": 2,
    "StationName": "AWP66072",
    "TaskName": "rest",
    "TotalReadoutTime": 0.0574213,
    "TxRefAmp": 221.348,
    "WipMemBlock": "1b2d0f6e-93df-400d-af80-11c6d02ec95b||Sequence: R016 ve11c/master r/e634e98; Dec 19 2017 11:00:25 by eja",
    "dataset": "ds004158",
    "modality": "bold",
    "run_id": 1,
    "session_id": "01",
    "subject_id": "13",
    "task_id": "rest"
  },
  "dummy_trs": 3,
  "dvars_nstd": 39.13199107860887,
  "dvars_std": 1.0003311279637104,
  "dvars_vstd": 0.9928680102419356,
  "efc": 0.49780822822234205,
  "fber": 11114.591796875,
  "fd_mean": 0.08260237930366583,
  "fd_num": 0,
  "fd_perc": 0.0,
  "fwhm_avg": 3.1351416666666663,
  "fwhm_x": 2.935335,
  "fwhm_y": 3.35463,
  "fwhm_z": 3.11546,
  "gcor": 0.00483173,
  "gsr_x": 0.0014071662444621325,
  "gsr_y": 0.03282088786363602,
  "provenance": {
    "md5sum": "3ca89500ab80ec5145c6b6990ab5c3d1",
    "settings": {
      "fd_thres": 0.2,
      "testing": false
    },
    "software": "mriqc",
    "version": "23.1.0"
  },
  "size_t": 497,
  "size_x": 100,
  "size_y": 100,
  "size_z": 60,
  "snr": 2.023039590594512,
  "spacing_tr": 0.800000011920929,
  "spacing_x": 2.0,
  "spacing_y": 2.0,
  "spacing_z": 2.0,
  "summary_bg_k": 36.64131884666915,
  "summary_bg_mad": 69.83049436119884,
  "summary_bg_mean": 461.00687961926883,
  "summary_bg_median": 81.68564224243164,
  "summary_bg_n": 435676.0,
  "summary_bg_p05": 27.77016258239746,
  "summary_bg_p95": 2441.000732421875,
  "summary_bg_stdv": 1027.9821682807344,
  "summary_fg_k": 2.440506990717818,
  "summary_fg_mad": 3550.358141224666,
  "summary_fg_mean": 9474.588293980605,
  "summary_fg_median": 8611.77099609375,
  "summary_fg_n": 164324.0,
  "summary_fg_p05": 4341.52685546875,
  "summary_fg_p95": 17837.861328125,
  "summary_fg_stdv": 4256.834533768029,
  "tsnr": 33.408138275146484
}