{
  "bids_meta": {
    "AcquisitionMatrixPE": 300,
    "AcquisitionNumber": 1,
    "AcquisitionTime": "10:40:9.295000",
    "BaseResolution": 320,
    "BodyPartExamined": "HEAD",
    "CoilString": "HC1-7;NC1_2",
    "ConsistencyInfo": "N4_VE11C_LATEST_20160120",
    "ConversionSoftware": "dcm2niix",
    "ConversionSoftwareVersion": "v1.0.20200427",
    "DeviceSerialNumber": "66072",
    "DwellTime": 2.1e-06,
    "EchoTime": 0.564,
    "EchoTrainLength": 282,
    "FlipAngle": 120,
    "ImageOrientationPatientDICOM": [
      0.0136698,
      0.990684,
      0.135492,
      0.0598223,
      0.134451,
      -0.989113
    ],
    "ImageType": [
      "ORIGINAL",
      "PRIMARY",
      "M",
      "ND",
      "NORM"
    ],
    "ImagingFrequency": 123.232,
    "InPlanePhaseEncodingDirectionDICOM": "ROW",
    "InstitutionalDepartmentName": "Department",
    "MRAcquisitionType": "3D",
    "MagneticFieldStrength": 3,
    "Manufacturer": "Siemens",
    "ManufacturersModelName": "Prisma",
    "Modality": "MR",
    "ParallelReductionFactorInPlane": 2,
    "PartialFourier": 1,
    "PatientPosition": "HFS",
    "PercentPhaseFOV": 93.75,
    "PercentSampling": 100,
    "PhaseEncodingDirection": "i",
    "PhaseEncodingSteps": 295,
    "PhaseResolution": 1,
    "PixelBandwidth": 745,
    "ProcedureStepDescription": "Projets_PredictEye",
    "ProtocolName": "T2w_vNav_0p8mm",
    "PulseSequenceDetails": "%CustomerSeq%_tse_vfl_mgh_epinav_ABCD",
    "ReceiveCoilActiveElements": "HC1-7;NC1,2",
    "ReceiveCoilName": "HeadNeck_64",
    "ReconMatrixPE": 300,
    "RefLinesPE": 32,
    "RepetitionTime": 3.2,
    "SAR": 0.130342,
    "ScanOptions": "PFP",
    "ScanningSequence": "SE",
    "SequenceName": "spc_282ns",
    "SequenceVariant": "SK_SP",
    "SeriesDescription": "T2w_vNav_0p8mm",
    "SeriesNumber": 8,
    "ShimSetting": [
      -601,
      -10858,
      -600,
      265,
      38,
      -441,
      30,
      -5
    ],
    "SliceThickness": 1,
    "SoftwareVersions": "syngo_MR_E11",
    "StationName": "AWP66072",
    "TxRefAmp": 239.265,
    "WipMemBlock": "Prisma_epi_moco_navigator_ABCD_tse_vfl.prot",
    "dataset": "ds004158",
    "modality": "T2w",
    "session_id": "01",
    "subject_id": "08"
  },
  "cjv": 0.8348633851779118,
  "cnr": 0.9041125419426798,
  "efc": 0.5253159793469315,
  "fber": 9112.423810803546,
  "fwhm_avg": 2.478629788701015,
  "fwhm_x": 2.183089479510908,
  "fwhm_y": 2.8621872441005194,
  "fwhm_z": 2.390612642491617,
  "icvs_csf": 0.2642227477961018,
  "icvs_gm": 0.3624926443251461,
  "icvs_wm": 0.373284607878752,
  "inu_med": 0.8356813490390778,
  "inu_range": 0.1998881578445435,
  "provenance": {
    "md5sum": "a2a79bfe51503eb1796ecc4e3777b5f8",
    "settings": {
      "testing": false
    },
    "software": "mriqc",
    "version": "23.1.0",
    "warnings": {
      "large_rot_frame": true,
      "small_air_mask": false
    }
  },
  "qi_1": 0.0,
  "qi_2": 0.002830276893861753,
  "rpve_csf": 8.763243825226773,
  "rpve_gm": 8.64929408909228,
  "rpve_wm": 8.713580169431019,
  "size_x": 208,
  "size_y": 300,
  "size_z": 320,
  "snr_csf": 1.6337502430044495,
  "snr_gm": 3.587956453650092,
  "snr_total": 3.306920493659026,
  "snr_wm": 4.699054784322536,
  "snrd_csf": 102.43810521688324,
  "snrd_gm": 102.13912628963796,
  "snrd_total": 92.46853881962392,
  "snrd_wm": 72.82838495235056,
  "spacing_x": 1.000000238418579,
  "spacing_y": 0.8000000715255737,
  "spacing_z": 0.7999999523162842,
  "summary_bg_k": 689.0656722180171,
  "summary_bg_mad": 0.0,
  "summary_bg_mean": 5.184658186543266,
  "summary_bg_median": 0.0,
  "summary_bg_n": 5902699.0,
  "summary_bg_p05": 0.0,
  "summary_bg_p95": 24.196396339684725,
  "summary_bg_stdv": 10.707254137717815,
  "summary_csf_k": -1.7687891344963655,
  "summary_csf_mad": 1970.0820508204345,
  "summary_csf_mean": 1656.0525624526988,
  "summary_csf_median": 1674.2022362723947,
  "summary_csf_n": 591698.8361469321,
  "summary_csf_p05": 23.195572160184383,
  "summary_csf_p95": 3172.1416729316115,
  "summary_csf_stdv": 1024.759340479784,
  "summary_gm_k": 1.8336787312828777,
  "summary_gm_mad": 194.6428148212117,
  "summary_gm_mean": 1690.1479337542019,
  "summary_gm_median": 1669.3158593960106,
  "summary_gm_n": 811763.8528402937,
  "summary_gm_p05": 986.9303850084543,
  "summary_gm_p95": 2550.512113440782,
  "summary_gm_stdv": 465.25504218274233,
  "summary_wm_k": 12.364885073479602,
  "summary_wm_mad": 205.29143518362775,
  "summary_wm_mean": 1236.7774302556404,
  "summary_wm_median": 1190.2743094787002,
  "summary_wm_n": 835931.3112732687,
  "summary_wm_p05": 891.8520879559219,
  "summary_wm_p95": 1670.1989395543933,
  "summary_wm_stdv": 253.300642823862,
  "tpm_overlap_csf": 0.24164374479892095,
  "tpm_overlap_gm": 0.5197757934940329,
  "tpm_overlap_wm": 0.5477062004401569,
  "wm2max": 0.3589015319617276
}