{
  "bids_meta": {
    "AcquisitionMatrixPE": 320,
    "AcquisitionNumber": 1,
    "AcquisitionTime": "15:11:40.275000",
    "BaseResolution": 320,
    "BodyPartExamined": "HEAD",
    "CoilString": "HC1-7;NC1_2",
    "ConsistencyInfo": "N4_VE11C_LATEST_20160120",
    "ConversionSoftware": "dcm2niix",
    "ConversionSoftwareVersion": "v1.0.20200427",
    "DeviceSerialNumber": "66072",
    "DwellTime": 2.1e-06,
    "EchoTime": 0.564,
    "EchoTrainLength": 326,
    "FlipAngle": 120,
    "ImageOrientationPatientDICOM": [
      -0.012312,
      0.999559,
      0.0270303,
      0.0372087,
      0.0274716,
      -0.99893
    ],
    "ImageType": [
      "ORIGINAL",
      "PRIMARY",
      "M",
      "ND",
      "NORM"
    ],
    "ImagingFrequency": 123.232,
    "InPlanePhaseEncodingDirectionDICOM": "ROW",
    "InstitutionalDepartmentName": "Department",
    "MRAcquisitionType": "3D",
    "MagneticFieldStrength": 3,
    "Manufacturer": "Siemens",
    "ManufacturersModelName": "Prisma",
    "Modality": "MR",
    "ParallelReductionFactorInPlane": 2,
    "PartialFourier": 1,
    "PatientPosition": "HFS",
    "PercentPhaseFOV": 100,
    "PercentSampling": 100,
    "PhaseEncodingDirection": "i",
    "PhaseEncodingSteps": 287,
    "PhaseResolution": 1,
    "PixelBandwidth": 745,
    "ProcedureStepDescription": "Projets_PredictEye",
    "ProtocolName": "T2w_vNav_0p8mm",
    "PulseSequenceDetails": "%CustomerSeq%_tse_vfl_mgh_epinav_ABCD",
    "ReceiveCoilActiveElements": "HC1-7;NC1,2",
    "ReceiveCoilName": "HeadNeck_64",
    "ReconMatrixPE": 320,
    "RefLinesPE": 32,
    "RepetitionTime": 3.2,
    "SAR": 0.120258,
    "ScanOptions": "PFP",
    "ScanningSequence": "SE",
    "SequenceName": "spc_360ns",
    "SequenceVariant": "SK_SP",
    "SeriesDescription": "T2w_vNav_0p8mm",
    "SeriesNumber": 33,
    "ShimSetting": [
      -587,
      -10785,
      -619,
      67,
      48,
      -261,
      -35,
      10
    ],
    "SliceThickness": 0.8,
    "SoftwareVersions": "syngo_MR_E11",
    "StationName": "AWP66072",
    "TxRefAmp": 232.462,
    "WipMemBlock": "Prisma_epi_moco_navigator_ABCD_tse_vfl.prot",
    "dataset": "ds004158",
    "modality": "T2w",
    "session_id": "01",
    "subject_id": "20"
  },
  "cjv": 0.8098247412005388,
  "cnr": 1.1371506466923764,
  "efc": 0.582585365694736,
  "fber": 9808.334705075446,
  "fwhm_avg": 2.596037894909918,
  "fwhm_x": 2.4941137636165016,
  "fwhm_y": 2.8458624575933444,
  "fwhm_z": 2.448137463519909,
  "icvs_csf": 0.24234914715195116,
  "icvs_gm": 0.3948295035999713,
  "icvs_wm": 0.3628213492480775,
  "inu_med": 0.9827385544776917,
  "inu_range": 0.3612422257661819,
  "provenance": {
    "md5sum": "0da1231b00c9aa6bb23f0aeb9504b16f",
    "settings": {
      "testing": false
    },
    "software": "mriqc",
    "version": "23.1.0",
    "warnings": {
      "large_rot_frame": true,
      "small_air_mask": false
    }
  },
  "qi_1": 0.0,
  "qi_2": 0.0026136592562558867,
  "rpve_csf": 7.501471031440424,
  "rpve_gm": 7.4007635384615655,
  "rpve_wm": 7.449840716769696,
  "size_x": 240,
  "size_y": 320,
  "size_z": 320,
  "snr_csf": 1.9774593291640834,
  "snr_gm": 5.587541031743113,
  "snr_total": 4.279275226356748,
  "snr_wm": 5.272825318163047,
  "snrd_csf": 52.799987089179105,
  "snrd_gm": 56.945143633613064,
  "snrd_total": 50.645655621135624,
  "snrd_wm": 42.191836140614704,
  "spacing_x": 0.7999995946884155,
  "spacing_y": 0.800000011920929,
  "spacing_z": 0.800000011920929,
  "summary_bg_k": 1439.1071196762168,
  "summary_bg_mad": 0.0,
  "summary_bg_mean": 8.015992954244398,
  "summary_bg_median": 0.0,
  "summary_bg_n": 5075278.0,
  "summary_bg_p05": 0.0,
  "summary_bg_p95": 36.789380718022585,
  "summary_bg_stdv": 18.400657295759263,
  "summary_csf_k": -1.7584406132979649,
  "summary_csf_mad": 1378.714142550699,
  "summary_csf_mean": 1377.662312007125,
  "summary_csf_median": 1482.9804413989186,
  "summary_csf_n": 778242.2447301559,
  "summary_csf_p05": 47.134816996753216,
  "summary_csf_p95": 2480.734688553959,
  "summary_csf_stdv": 749.941840396739,
  "summary_gm_k": 1.3483364176140071,
  "summary_gm_mad": 163.55723208421492,
  "summary_gm_mean": 1594.3413687508676,
  "summary_gm_median": 1599.4044486917555,
  "summary_gm_n": 1267893.874512696,
  "summary_gm_p05": 1097.32276314497,
  "summary_gm_p95": 2078.6757088825107,
  "summary_gm_stdv": 286.24466628031144,
  "summary_wm_k": 8.43756211921111,
  "summary_wm_mad": 172.0119288936917,
  "summary_wm_mean": 1215.667866597462,
  "summary_wm_median": 1185.0318765714765,
  "summary_wm_n": 1165107.8808947003,
  "summary_wm_p05": 896.823161508888,
  "summary_wm_p95": 1610.4059370271862,
  "summary_wm_stdv": 224.74314935847912,
  "tpm_overlap_csf": 0.2507509038728743,
  "tpm_overlap_gm": 0.5170619442937802,
  "tpm_overlap_wm": 0.5397919376912212,
  "wm2max": 0.44699522205090136
}