{
  "aor": 0.0002231111111111111,
  "aqi": 0.004156298808080808,
  "bids_meta": {
    "AcquisitionMatrixPE": 100,
    "AcquisitionNumber": 1,
    "AcquisitionTime": "14:29:28.127500",
    "BandwidthPerPixelPhaseEncode": 17.241,
    "BaseResolution": 100,
    "BodyPartExamined": "HEAD",
    "ConsistencyInfo": "N4_VE11C_LATEST_20160120",
    "ConversionSoftware": "dcm2niix",
    "ConversionSoftwareVersion": "v1.0.20200427",
    "DerivedVendorReportedEchoSpacing": 0.000580013,
    "DeviceSerialNumber": "66072",
    "DwellTime": 2.1e-06,
    "EchoTime": 0.0352,
    "EchoTrainLength": 100,
    "EffectiveEchoSpacing": 0.000580013,
    "FlipAngle": 56,
    "ImageComments": "Unaliased_MB6_PE3_LB_SENSE1",
    "ImageOrientationPatientDICOM": [
      0.999227,
      0.00985414,
      0.0380621,
      -0.00470879,
      0.991108,
      -0.132976
    ],
    "ImageType": [
      "ORIGINAL",
      "PRIMARY",
      "M",
      "MB",
      "ND",
      "MOSAIC"
    ],
    "ImagingFrequency": 123.232,
    "InPlanePhaseEncodingDirectionDICOM": "COL",
    "InstitutionalDepartmentName": "Department",
    "MRAcquisitionType": "2D",
    "MagneticFieldStrength": 3,
    "Manufacturer": "Siemens",
    "ManufacturersModelName": "Prisma",
    "Modality": "MR",
    "MultibandAccelerationFactor": 6,
    "PartialFourier": 1,
    "PatientPosition": "HFS",
    "PercentPhaseFOV": 100,
    "PercentSampling": 100,
    "PhaseEncodingDirection": "j-",
    "PhaseEncodingSteps": 100,
    "PhaseResolution": 1,
    "PixelBandwidth": 2380,
    "ProcedureStepDescription": "Projets_PredictEye",
    "ProtocolName": "task-rest_run1_bold",
    "PulseSequenceDetails": "%CustomerSeq%_cmrr_mbep2d_bold",
    "ReceiveCoilActiveElements": "HC1-6",
    "ReceiveCoilName": "HeadNeck_64",
    "ReconMatrixPE": 100,
    "RepetitionTime": 0.8,
    "SAR": 0.0815722,
    "ScanOptions": "FS_EXT",
    "ScanningSequence": "EP",
    "SequenceName": "epfid2d1_100",
    "SequenceVariant": "SK_SS",
    "SeriesDescription": "task-rest_run1_bold",
    "SeriesNumber": 10,
    "ShimSetting": [
      -587,
      -10754,
      -574,
      291,
      81,
      70,
      -144,
      33
    ],
    "SliceThickness": 2,
    "SliceTiming": [
      0.72,
      0.64,
      0.56,
      0.48,
      0.4,
      0.32,
      0.24,
      0.16,
      0.08,
      0,
      0.72,
      0.64,
      0.56,
      0.48,
      0.4,
      0.32,
      0.24,
      0.16,
      0.08,
      0,
      0.72,
      0.64,
      0.56,
      0.48,
      0.4,
      0.32,
      0.24,
      0.16,
      0.08,
      0,
      0.72,
      0.64,
      0.56,
      0.48,
      0.4,
      0.32,
      0.24,
      0.16,
      0.08,
      0,
      0.72,
      0.64,
      0.56,
      0.48,
      0.4,
      0.32,
      0.24,
      0.16,
      0.08,
      0,
      0.72,
      0.64,
      0.56,
      0.48,
      0.4,
      0.32,
      0.24,
      0.16,
      0.08,
      0
    ],
    "SoftwareVersions": "syngo_MR_E11",
    "SpacingBetweenSlices": 2,
    "StationName": "AWP66072",
    "TaskName": "rest",
    "TotalReadoutTime": 0.0574213,
    "TxRefAmp": 232.462,
    "WipMemBlock": "4d730fb8-e3a6-477b-9f44-d7fdc1d35c0f||Sequence: R016 ve11c/master r/e634e98; Dec 19 2017 11:00:25 by eja",
    "dataset": "ds004158",
    "modality": "bold",
    "run_id": 1,
    "session_id": "01",
    "subject_id": "20",
    "task_id": "rest"
  },
  "dummy_trs": 5,
  "dvars_nstd": 39.303019535182194,
  "dvars_std": 1.0051056692712563,
  "dvars_vstd": 2.5523984032995957,
  "efc": 0.5315098324284313,
  "fber": 7545.607421875,
  "fd_mean": 0.06210781347830275,
  "fd_num": 0,
  "fd_perc": 0.0,
  "fwhm_avg": 3.396831666666667,
  "fwhm_x": 3.165675,
  "fwhm_y": 3.589985,
  "fwhm_z": 3.434835,
  "gcor": 0.00401306,
  "gsr_x": 0.001465069712139666,
  "gsr_y": 0.025222860276699066,
  "provenance": {
    "md5sum": "4fd79eb0a1c2005ac001387db9644c31",
    "settings": {
      "fd_thres": 0.2,
      "testing": false
    },
    "software": "mriqc",
    "version": "23.1.0"
  },
  "size_t": 495,
  "size_x": 100,
  "size_y": 100,
  "size_z": 60,
  "snr": 1.8644780811435149,
  "spacing_tr": 0.800000011920929,
  "spacing_x": 2.0,
  "spacing_y": 2.0,
  "spacing_z": 2.0,
  "summary_bg_k": 41.893799271881115,
  "summary_bg_mad": 92.43992368787099,
  "summary_bg_mean": 552.878710265312,
  "summary_bg_median": 98.65413284301758,
  "summary_bg_n": 408466.0,
  "summary_bg_p05": 29.11959457397461,
  "summary_bg_p95": 2837.353271484375,
  "summary_bg_stdv": 1230.9886364196416,
  "summary_fg_k": 2.342616222325356,
  "summary_fg_mad": 3929.585781341718,
  "summary_fg_mean": 9520.374770316312,
  "summary_fg_median": 8569.63623046875,
  "summary_fg_n": 191534.0,
  "summary_fg_p05": 4044.899169921875,
  "summary_fg_p95": 18348.19140625,
  "summary_fg_stdv": 4596.253474927541,
  "tsnr": 32.95719337463379
}