{
  "bids_meta": {
    "AcquisitionMatrixPE": 320,
    "AcquisitionNumber": 1,
    "AcquisitionTime": "17:02:13.632500",
    "BaseResolution": 320,
    "BodyPartExamined": "HEAD",
    "CoilString": "HC1-7;NC1_2",
    "ConsistencyInfo": "N4_VE11C_LATEST_20160120",
    "ConversionSoftware": "dcm2niix",
    "ConversionSoftwareVersion": "v1.0.20200427",
    "DeviceSerialNumber": "66072",
    "DwellTime": 7.4e-06,
    "EchoTime": 0.00228,
    "FlipAngle": 9,
    "ImageOrientationPatientDICOM": [
      -4.4665e-05,
      0.99497,
      0.100178,
      -0.0141682,
      0.100167,
      -0.99487
    ],
    "ImageType": [
      "ORIGINAL",
      "PRIMARY",
      "M",
      "NORM",
      "DIS3D",
      "DIS2D"
    ],
    "ImagingFrequency": 123.232,
    "InPlanePhaseEncodingDirectionDICOM": "ROW",
    "InstitutionalDepartmentName": "Department",
    "InversionTime": 0.9,
    "MRAcquisitionType": "3D",
    "MagneticFieldStrength": 3,
    "Manufacturer": "Siemens",
    "ManufacturersModelName": "Prisma",
    "Modality": "MR",
    "PartialFourier": 1,
    "PatientPosition": "HFS",
    "PercentPhaseFOV": 100,
    "PercentSampling": 100,
    "PhaseEncodingSteps": 320,
    "PhaseResolution": 1,
    "PixelBandwidth": 210,
    "ProcedureStepDescription": "Projets_PredictEye",
    "ProtocolName": "T1w_CS_0p8mm",
    "PulseSequenceDetails": "%CustomerSeq%_cstfl_wip925b",
    "ReceiveCoilActiveElements": "HC1-7;NC1,2",
    "ReceiveCoilName": "HeadNeck_64",
    "ReconMatrixPE": 320,
    "RefLinesPE": 32,
    "RepetitionTime": 2.3,
    "SAR": 0.0400346,
    "ScanOptions": "IR_WE",
    "ScanningSequence": "GR_IR",
    "SequenceName": "WIP_cmp3d1_16ns",
    "SequenceVariant": "SK_SP_MP",
    "SeriesDescription": "T1w_CS_0p8mm",
    "SeriesNumber": 38,
    "ShimSetting": [
      -616,
      -10806,
      -650,
      -5,
      127,
      -338,
      171,
      3
    ],
    "SliceThickness": 0.8,
    "SoftwareVersions": "syngo_MR_E11",
    "StationName": "AWP66072",
    "TxRefAmp": 220.476,
    "WipMemBlock": "WIP_Identifier: WIP#925B",
    "dataset": "ds004158",
    "modality": "T1w",
    "session_id": "01",
    "subject_id": "24"
  },
  "cjv": 0.4612328902984073,
  "cnr": 2.5152098210535603,
  "efc": 0.5689791314545339,
  "fber": -1.0,
  "fwhm_avg": 5.085979090879673,
  "fwhm_x": 4.903887426926383,
  "fwhm_y": 5.367437420018949,
  "fwhm_z": 4.986612425693685,
  "icvs_csf": 0.26940886404199327,
  "icvs_gm": 0.3911019884654999,
  "icvs_wm": 0.3394891474925068,
  "inu_med": 0.4979926347732544,
  "inu_range": 0.20185741782188416,
  "provenance": {
    "md5sum": "b2768def07332f846bec88f0c0949773",
    "settings": {
      "testing": false
    },
    "software": "mriqc",
    "version": "23.1.0",
    "warnings": {
      "large_rot_frame": true,
      "small_air_mask": false
    }
  },
  "qi_1": 0.0,
  "qi_2": 0.004000879689336832,
  "rpve_csf": 8.850957560405805,
  "rpve_gm": 8.81796331538315,
  "rpve_wm": 8.91524443689703,
  "size_x": 240,
  "size_y": 320,
  "size_z": 320,
  "snr_csf": 1.900514520381874,
  "snr_gm": 5.713974387428481,
  "snr_total": 7.686914523252429,
  "snr_wm": 15.446254661946927,
  "snrd_csf": 95.76275819779067,
  "snrd_gm": 167.78428418040477,
  "snrd_total": 171.9541689033531,
  "snrd_wm": 252.3154643318639,
  "spacing_x": 0.800000011920929,
  "spacing_y": 0.800000011920929,
  "spacing_z": 0.800000011920929,
  "summary_bg_k": 14.984194086284507,
  "summary_bg_mad": 0.0,
  "summary_bg_mean": 0.9500792789490697,
  "summary_bg_median": 0.0,
  "summary_bg_n": 5593972.0,
  "summary_bg_p05": 0.0,
  "summary_bg_p95": 6.0576835088431835,
  "summary_bg_stdv": 2.5489978829715105,
  "summary_csf_k": -0.6607033007116097,
  "summary_csf_mad": 152.32183704684743,
  "summary_csf_mean": 377.16014120285513,
  "summary_csf_median": 372.59274238720536,
  "summary_csf_n": 739541.6112303187,
  "summary_csf_p05": 71.51683067902923,
  "summary_csf_p95": 696.7842921614647,
  "summary_csf_stdv": 196.04822088092152,
  "summary_gm_k": -0.7480490022128103,
  "summary_gm_mad": 100.71382244165271,
  "summary_gm_mean": 657.3130105512771,
  "summary_gm_median": 652.8133456967771,
  "summary_gm_n": 1073595.6878541068,
  "summary_gm_p05": 473.1322059966624,
  "summary_gm_p95": 843.9468223787844,
  "summary_gm_stdv": 114.24850680144841,
  "summary_wm_k": -0.041747194584656366,
  "summary_wm_mad": 50.98246291301054,
  "summary_wm_mean": 970.1753770880524,
  "summary_wm_median": 981.7063811793923,
  "summary_wm_n": 931915.7037560636,
  "summary_wm_p05": 844.0673732943833,
  "summary_wm_p95": 1055.6945056281984,
  "summary_wm_stdv": 63.55623909811665,
  "tpm_overlap_csf": 0.20022941979295578,
  "tpm_overlap_gm": 0.5183908924739673,
  "tpm_overlap_wm": 0.5255206787226021,
  "wm2max": 0.8439516024561494
}