{
  "aor": 0.0003586746987951807,
  "aqi": 0.005129497008032128,
  "bids_meta": {
    "AcquisitionMatrixPE": 100,
    "AcquisitionNumber": 1,
    "AcquisitionTime": "14:22:40.337500",
    "BandwidthPerPixelPhaseEncode": 17.241,
    "BaseResolution": 100,
    "BodyPartExamined": "HEAD",
    "ConsistencyInfo": "N4_VE11C_LATEST_20160120",
    "ConversionSoftware": "dcm2niix",
    "ConversionSoftwareVersion": "v1.0.20200427",
    "DerivedVendorReportedEchoSpacing": 0.000580013,
    "DeviceSerialNumber": "66072",
    "DwellTime": 2.1e-06,
    "EchoTime": 0.0352,
    "EchoTrainLength": 100,
    "EffectiveEchoSpacing": 0.000580013,
    "FlipAngle": 56,
    "ImageComments": "Unaliased_MB6_PE3_LB_SENSE1",
    "ImageOrientationPatientDICOM": [
      0.999843,
      0.0162898,
      0.00702071,
      -0.016405,
      0.999726,
      0.0166837
    ],
    "ImageType": [
      "ORIGINAL",
      "PRIMARY",
      "M",
      "MB",
      "ND",
      "MOSAIC"
    ],
    "ImagingFrequency": 123.232,
    "InPlanePhaseEncodingDirectionDICOM": "COL",
    "InstitutionalDepartmentName": "Department",
    "MRAcquisitionType": "2D",
    "MagneticFieldStrength": 3,
    "Manufacturer": "Siemens",
    "ManufacturersModelName": "Prisma",
    "Modality": "MR",
    "MultibandAccelerationFactor": 6,
    "PartialFourier": 1,
    "PatientPosition": "HFS",
    "PercentPhaseFOV": 100,
    "PercentSampling": 100,
    "PhaseEncodingDirection": "j",
    "PhaseEncodingSteps": 100,
    "PhaseResolution": 1,
    "PixelBandwidth": 2380,
    "ProcedureStepDescription": "Projets_PredictEye",
    "ProtocolName": "task-rest_run2_bold",
    "PulseSequenceDetails": "%CustomerSeq%_cmrr_mbep2d_bold",
    "ReceiveCoilActiveElements": "HC1-6",
    "ReceiveCoilName": "HeadNeck_64",
    "ReconMatrixPE": 100,
    "RepetitionTime": 0.8,
    "SAR": 0.0962087,
    "ScanOptions": "FS_EXT",
    "ScanningSequence": "EP",
    "SequenceName": "epfid2d1_100",
    "SequenceVariant": "SK_SS",
    "SeriesDescription": "task-rest_run2_bold",
    "SeriesNumber": 13,
    "ShimSetting": [
      -605,
      -10801,
      -528,
      382,
      67,
      -18,
      13,
      11
    ],
    "SliceThickness": 2,
    "SliceTiming": [
      0.72,
      0.64,
      0.56,
      0.48,
      0.4,
      0.32,
      0.24,
      0.16,
      0.08,
      0,
      0.72,
      0.64,
      0.56,
      0.48,
      0.4,
      0.32,
      0.24,
      0.16,
      0.08,
      0,
      0.72,
      0.64,
      0.56,
      0.48,
      0.4,
      0.32,
      0.24,
      0.16,
      0.08,
      0,
      0.72,
      0.64,
      0.56,
      0.48,
      0.4,
      0.32,
      0.24,
      0.16,
      0.08,
      0,
      0.72,
      0.64,
      0.56,
      0.48,
      0.4,
      0.32,
      0.24,
      0.16,
      0.08,
      0,
      0.72,
      0.64,
      0.56,
      0.48,
      0.4,
      0.32,
      0.24,
      0.16,
      0.08,
      0
    ],
    "SoftwareVersions": "syngo_MR_E11",
    "SpacingBetweenSlices": 2,
    "StationName": "AWP66072",
    "TaskName": "rest",
    "TotalReadoutTime": 0.0574213,
    "TxRefAmp": 250.329,
    "WipMemBlock": "4d8ac090-2115-4371-8c96-d4e8d0fc266a||Sequence: R016 ve11c/master r/e634e98; Dec 19 2017 11:00:25 by eja",
    "dataset": "ds004158",
    "modality": "bold",
    "run_id": 2,
    "session_id": "01",
    "subject_id": "09",
    "task_id": "rest"
  },
  "dummy_trs": 2,
  "dvars_nstd": 42.773410705010065,
  "dvars_std": 1.0222158483299808,
  "dvars_vstd": 1.0006290876257526,
  "efc": 0.5500670757576148,
  "fber": 5616.55322265625,
  "fd_mean": 0.05075137690665154,
  "fd_num": 0,
  "fd_perc": 0.0,
  "fwhm_avg": 3.15186673196644,
  "fwhm_x": 2.804705,
  "fwhm_y": 3.36425,
  "fwhm_z": 3.2866451958993195,
  "gcor": 0.00358432,
  "gsr_x": 0.00903413537889719,
  "gsr_y": 0.050630681216716766,
  "provenance": {
    "md5sum": "19ff8a2c57d9bd744ff43666a4a91792",
    "settings": {
      "fd_thres": 0.2,
      "testing": false
    },
    "software": "mriqc",
    "version": "23.1.0"
  },
  "size_t": 498,
  "size_x": 100,
  "size_y": 100,
  "size_z": 60,
  "snr": 1.9652479829469685,
  "spacing_tr": 0.800000011920929,
  "spacing_x": 2.0,
  "spacing_y": 2.0,
  "spacing_z": 1.9999998807907104,
  "summary_bg_k": 20.364795553469225,
  "summary_bg_mad": 111.55620228887734,
  "summary_bg_mean": 688.3997588327906,
  "summary_bg_median": 107.6611099243164,
  "summary_bg_n": 410259.0,
  "summary_bg_p05": 20.846153259277344,
  "summary_bg_p95": 3515.5224609375,
  "summary_bg_stdv": 1411.2330953594962,
  "summary_fg_k": 0.7607826698129765,
  "summary_fg_mad": 3829.3892358062176,
  "summary_fg_mean": 8814.574211771562,
  "summary_fg_median": 8068.5185546875,
  "summary_fg_n": 189741.0,
  "summary_fg_p05": 3570.9560546875,
  "summary_fg_p95": 16577.84765625,
  "summary_fg_stdv": 4105.58736746979,
  "tsnr": 30.956039428710938
}