{
  "aor": 0.0004722044088176353,
  "aqi": 0.006395905270541083,
  "bids_meta": {
    "AcquisitionMatrixPE": 100,
    "AcquisitionNumber": 1,
    "AcquisitionTime": "10:51:2.222500",
    "BandwidthPerPixelPhaseEncode": 17.241,
    "BaseResolution": 100,
    "BodyPartExamined": "HEAD",
    "ConsistencyInfo": "N4_VE11C_LATEST_20160120",
    "ConversionSoftware": "dcm2niix",
    "ConversionSoftwareVersion": "v1.0.20200427",
    "DerivedVendorReportedEchoSpacing": 0.000580013,
    "DeviceSerialNumber": "66072",
    "DwellTime": 2.1e-06,
    "EchoTime": 0.0352,
    "EchoTrainLength": 100,
    "EffectiveEchoSpacing": 0.000580013,
    "FlipAngle": 56,
    "ImageComments": "Unaliased_MB6_PE3_LB_SENSE1",
    "ImageOrientationPatientDICOM": [
      0.999743,
      -0.00366885,
      -0.0223803,
      0.00261733,
      0.998899,
      -0.046834
    ],
    "ImageType": [
      "ORIGINAL",
      "PRIMARY",
      "M",
      "MB",
      "ND",
      "MOSAIC"
    ],
    "ImagingFrequency": 123.232,
    "InPlanePhaseEncodingDirectionDICOM": "COL",
    "InstitutionalDepartmentName": "Department",
    "MRAcquisitionType": "2D",
    "MagneticFieldStrength": 3,
    "Manufacturer": "Siemens",
    "ManufacturersModelName": "Prisma",
    "Modality": "MR",
    "MultibandAccelerationFactor": 6,
    "PartialFourier": 1,
    "PatientPosition": "HFS",
    "PercentPhaseFOV": 100,
    "PercentSampling": 100,
    "PhaseEncodingDirection": "j",
    "PhaseEncodingSteps": 100,
    "PhaseResolution": 1,
    "PixelBandwidth": 2380,
    "ProcedureStepDescription": "Projets_PredictEye",
    "ProtocolName": "task-rest_run2_bold",
    "PulseSequenceDetails": "%CustomerSeq%_cmrr_mbep2d_bold",
    "ReceiveCoilActiveElements": "HC1-6",
    "ReceiveCoilName": "HeadNeck_64",
    "ReconMatrixPE": 100,
    "RepetitionTime": 0.8,
    "SAR": 0.0969138,
    "ScanOptions": "FS_EXT",
    "ScanningSequence": "EP",
    "SequenceName": "epfid2d1_100",
    "SequenceVariant": "SK_SS",
    "SeriesDescription": "task-rest_run2_bold",
    "SeriesNumber": 13,
    "ShimSetting": [
      -606,
      -10781,
      -574,
      380,
      6,
      -111,
      -37,
      11
    ],
    "SliceThickness": 2,
    "SliceTiming": [
      0.72,
      0.64,
      0.56,
      0.48,
      0.4,
      0.32,
      0.24,
      0.16,
      0.08,
      0,
      0.72,
      0.64,
      0.56,
      0.48,
      0.4,
      0.32,
      0.24,
      0.16,
      0.08,
      0,
      0.72,
      0.64,
      0.56,
      0.48,
      0.4,
      0.32,
      0.24,
      0.16,
      0.08,
      0,
      0.72,
      0.64,
      0.56,
      0.48,
      0.4,
      0.32,
      0.24,
      0.16,
      0.08,
      0,
      0.72,
      0.64,
      0.56,
      0.48,
      0.4,
      0.32,
      0.24,
      0.16,
      0.08,
      0,
      0.72,
      0.64,
      0.56,
      0.48,
      0.4,
      0.32,
      0.24,
      0.16,
      0.08,
      0
    ],
    "SoftwareVersions": "syngo_MR_E11",
    "SpacingBetweenSlices": 2,
    "StationName": "AWP66072",
    "TaskName": "rest",
    "TotalReadoutTime": 0.0574213,
    "TxRefAmp": 251.232,
    "WipMemBlock": "c95049a8-ac98-4419-85f1-bfd09c05e594||Sequence: R016 ve11c/master r/e634e98; Dec 19 2017 11:00:25 by eja",
    "dataset": "ds004158",
    "modality": "bold",
    "run_id": 2,
    "session_id": "01",
    "subject_id": "17",
    "task_id": "rest"
  },
  "dummy_trs": 1,
  "dvars_nstd": 45.05720965835342,
  "dvars_std": 1.0239574486144574,
  "dvars_vstd": 1.54529219064257,
  "efc": 0.5211284782296461,
  "fber": 6941.08642578125,
  "fd_mean": 0.07059188889352319,
  "fd_num": 1,
  "fd_perc": 0.20040080160320642,
  "fwhm_avg": 3.246045,
  "fwhm_x": 3.064055,
  "fwhm_y": 3.377365,
  "fwhm_z": 3.296715,
  "gcor": 0.00625286,
  "gsr_x": 0.006655294913798571,
  "gsr_y": 0.04418136551976204,
  "provenance": {
    "md5sum": "2660cec100a3f4ebce5ac82dbb548a42",
    "settings": {
      "fd_thres": 0.2,
      "testing": false
    },
    "software": "mriqc",
    "version": "23.1.0"
  },
  "size_t": 499,
  "size_x": 100,
  "size_y": 100,
  "size_z": 60,
  "snr": 2.034052565662705,
  "spacing_tr": 0.800000011920929,
  "spacing_x": 2.0,
  "spacing_y": 2.0,
  "spacing_z": 2.0,
  "summary_bg_k": 38.492930202278394,
  "summary_bg_mad": 89.99771116503538,
  "summary_bg_mean": 602.4053752516452,
  "summary_bg_median": 94.05450439453125,
  "summary_bg_n": 433253.0,
  "summary_bg_p05": 24.630691528320312,
  "summary_bg_p95": 3063.18212890625,
  "summary_bg_stdv": 1302.1485070857505,
  "summary_fg_k": 1.4050478332438834,
  "summary_fg_mad": 3541.051337454594,
  "summary_fg_mean": 8533.223224285426,
  "summary_fg_median": 7835.97998046875,
  "summary_fg_n": 166747.0,
  "summary_fg_p05": 3656.225341796875,
  "summary_fg_p95": 15766.328125,
  "summary_fg_stdv": 3852.3864211276923,
  "tsnr": 28.9866943359375
}