{
  "bids_meta": {
    "AcquisitionMatrixPE": 320,
    "AcquisitionNumber": 1,
    "AcquisitionTime": "12:12:15.340000",
    "BaseResolution": 320,
    "BodyPartExamined": "HEAD",
    "CoilString": "HC1-7;NC1_2",
    "ConsistencyInfo": "N4_VE11C_LATEST_20160120",
    "ConversionSoftware": "dcm2niix",
    "ConversionSoftwareVersion": "v1.0.20200427",
    "DeviceSerialNumber": "66072",
    "DwellTime": 2.1e-06,
    "EchoTime": 0.564,
    "EchoTrainLength": 326,
    "FlipAngle": 120,
    "ImageOrientationPatientDICOM": [
      -0.0345615,
      0.998308,
      0.0467558,
      0.00763746,
      0.0470462,
      -0.998864
    ],
    "ImageType": [
      "ORIGINAL",
      "PRIMARY",
      "M",
      "ND",
      "NORM"
    ],
    "ImagingFrequency": 123.232,
    "InPlanePhaseEncodingDirectionDICOM": "ROW",
    "InstitutionalDepartmentName": "Department",
    "MRAcquisitionType": "3D",
    "MagneticFieldStrength": 3,
    "Manufacturer": "Siemens",
    "ManufacturersModelName": "Prisma",
    "Modality": "MR",
    "ParallelReductionFactorInPlane": 2,
    "PartialFourier": 1,
    "PatientPosition": "HFS",
    "PercentPhaseFOV": 100,
    "PercentSampling": 100,
    "PhaseEncodingDirection": "i",
    "PhaseEncodingSteps": 287,
    "PhaseResolution": 1,
    "PixelBandwidth": 745,
    "ProcedureStepDescription": "Projets_PredictEye",
    "ProtocolName": "T2w_vNav_0p8mm",
    "PulseSequenceDetails": "%CustomerSeq%_tse_vfl_mgh_epinav_ABCD",
    "ReceiveCoilActiveElements": "HC1-7;NC1,2",
    "ReceiveCoilName": "HeadNeck_64",
    "ReconMatrixPE": 320,
    "RefLinesPE": 32,
    "RepetitionTime": 3.2,
    "SAR": 0.130542,
    "ScanOptions": "PFP",
    "ScanningSequence": "SE",
    "SequenceName": "spc_360ns",
    "SequenceVariant": "SK_SP",
    "SeriesDescription": "T2w_vNav_0p8mm",
    "SeriesNumber": 33,
    "ShimSetting": [
      -592,
      -10779,
      -657,
      -22,
      72,
      -322,
      58,
      27
    ],
    "SliceThickness": 0.8,
    "SoftwareVersions": "syngo_MR_E11",
    "StationName": "AWP66072",
    "TxRefAmp": 234.754,
    "WipMemBlock": "Prisma_epi_moco_navigator_ABCD_tse_vfl.prot",
    "dataset": "ds004158",
    "modality": "T2w",
    "session_id": "01",
    "subject_id": "14"
  },
  "cjv": 0.9168156825313873,
  "cnr": 1.0160925343197642,
  "efc": 0.6017041905519935,
  "fber": 1952.452717754511,
  "fwhm_avg": 2.5694367347822724,
  "fwhm_x": 2.4391727828630843,
  "fwhm_y": 2.850112457530015,
  "fwhm_z": 2.419024963953719,
  "icvs_csf": 0.24898104311683925,
  "icvs_gm": 0.38703800076936407,
  "icvs_wm": 0.36398095611379666,
  "inu_med": 0.9651358723640442,
  "inu_range": 0.3592312097549437,
  "provenance": {
    "md5sum": "515b7f54e77fc11d5058c2311fc21af0",
    "settings": {
      "testing": false
    },
    "software": "mriqc",
    "version": "23.1.0",
    "warnings": {
      "large_rot_frame": true,
      "small_air_mask": false
    }
  },
  "qi_1": 0.0,
  "qi_2": 0.0012504301446067513,
  "rpve_csf": 7.924787477557091,
  "rpve_gm": 7.816634809291508,
  "rpve_wm": 7.857860829102131,
  "size_x": 240,
  "size_y": 320,
  "size_z": 320,
  "snr_csf": 1.8566157344392853,
  "snr_gm": 5.7281540467969885,
  "snr_total": 4.474957666562928,
  "snr_wm": 5.84010321845251,
  "snrd_csf": 17.902093418065586,
  "snrd_gm": 20.115392832518907,
  "snrd_total": 17.867390499787962,
  "snrd_wm": 15.58468524877939,
  "spacing_x": 0.8000007271766663,
  "spacing_y": 0.800000011920929,
  "spacing_z": 0.800000011920929,
  "summary_bg_k": 380.40061644306957,
  "summary_bg_mad": 0.0,
  "summary_bg_mean": 18.86270697053069,
  "summary_bg_median": 0.0,
  "summary_bg_n": 5713181.0,
  "summary_bg_p05": 0.0,
  "summary_bg_p95": 84.30775152146816,
  "summary_bg_stdv": 48.848562503184375,
  "summary_csf_k": -1.6759823210547227,
  "summary_csf_mad": 1363.507444004976,
  "summary_csf_mean": 1259.2933341662595,
  "summary_csf_median": 1334.8236020319164,
  "summary_csf_n": 758331.5222764537,
  "summary_csf_p05": 72.66384877637029,
  "summary_csf_p95": 2388.080931354314,
  "summary_csf_stdv": 718.9547611634235,
  "summary_gm_k": 1.639918648135354,
  "summary_gm_mad": 153.32994121643648,
  "summary_gm_mean": 1496.4472684700206,
  "summary_gm_median": 1499.8525865077972,
  "summary_gm_n": 1178817.1204846909,
  "summary_gm_p05": 1052.913416583091,
  "summary_gm_p95": 1925.125253856182,
  "summary_gm_stdv": 261.83861992640664,
  "summary_wm_k": 8.137100411827165,
  "summary_wm_mad": 156.38925595804707,
  "summary_wm_mean": 1176.8990566807577,
  "summary_wm_median": 1162.0320157259703,
  "summary_wm_n": 1108591.3572941676,
  "summary_wm_p05": 879.5813959725201,
  "summary_wm_p95": 1512.8721402101219,
  "summary_wm_stdv": 198.97447838786772,
  "tpm_overlap_csf": 0.24292409667184722,
  "tpm_overlap_gm": 0.5243509786860844,
  "tpm_overlap_wm": 0.5418455485649613,
  "wm2max": 0.45364225708696154
}