{
  "bids_meta": {
    "AcquisitionMatrixPE": 320,
    "AcquisitionNumber": 1,
    "AcquisitionTime": "13:13:43.327500",
    "BaseResolution": 320,
    "BodyPartExamined": "HEAD",
    "CoilString": "HC1-7;NC1_2",
    "ConsistencyInfo": "N4_VE11C_LATEST_20160120",
    "ConversionSoftware": "dcm2niix",
    "ConversionSoftwareVersion": "v1.0.20200427",
    "DeviceSerialNumber": "66072",
    "DwellTime": 7.4e-06,
    "EchoTime": 0.00228,
    "FlipAngle": 9,
    "ImageOrientationPatientDICOM": [
      0.0350373,
      0.992373,
      0.118188,
      0.0311399,
      0.117119,
      -0.99263
    ],
    "ImageType": [
      "ORIGINAL",
      "PRIMARY",
      "M",
      "NORM",
      "DIS3D",
      "DIS2D"
    ],
    "ImagingFrequency": 123.232,
    "InPlanePhaseEncodingDirectionDICOM": "ROW",
    "InstitutionalDepartmentName": "Department",
    "InversionTime": 0.9,
    "MRAcquisitionType": "3D",
    "MagneticFieldStrength": 3,
    "Manufacturer": "Siemens",
    "ManufacturersModelName": "Prisma",
    "Modality": "MR",
    "PartialFourier": 1,
    "PatientPosition": "HFS",
    "PercentPhaseFOV": 100,
    "PercentSampling": 100,
    "PhaseEncodingSteps": 320,
    "PhaseResolution": 1,
    "PixelBandwidth": 210,
    "ProcedureStepDescription": "Projets_PredictEye",
    "ProtocolName": "T1w_CS_0p8mm",
    "PulseSequenceDetails": "%CustomerSeq%_cstfl_wip925b",
    "ReceiveCoilActiveElements": "HC1-7;NC1,2",
    "ReceiveCoilName": "HeadNeck_64",
    "ReconMatrixPE": 320,
    "RefLinesPE": 32,
    "RepetitionTime": 2.3,
    "SAR": 0.0486075,
    "ScanOptions": "IR_WE",
    "ScanningSequence": "GR_IR",
    "SequenceName": "WIP_cmp3d1_16ns",
    "SequenceVariant": "SK_SP_MP",
    "SeriesDescription": "T1w_CS_0p8mm",
    "SeriesNumber": 54,
    "ShimSetting": [
      -592,
      -10804,
      -657,
      103,
      57,
      -332,
      73,
      19
    ],
    "SliceThickness": 0.8,
    "SoftwareVersions": "syngo_MR_E11",
    "StationName": "AWP66072",
    "TxRefAmp": 240.452,
    "WipMemBlock": "WIP_Identifier: WIP#925B",
    "dataset": "ds004158",
    "modality": "T1w",
    "session_id": "01",
    "subject_id": "14"
  },
  "cjv": 0.47832768185176494,
  "cnr": 2.4382660623744425,
  "efc": 0.6034059099173553,
  "fber": 30014.822119950328,
  "fwhm_avg": 4.792329095255399,
  "fwhm_x": 4.554599932131172,
  "fwhm_y": 5.119724923710154,
  "fwhm_z": 4.702662429924869,
  "icvs_csf": 0.2663010016968235,
  "icvs_gm": 0.3942582118302353,
  "icvs_wm": 0.3394407864729412,
  "inu_med": 0.5009402632713318,
  "inu_range": 0.21919812858104704,
  "provenance": {
    "md5sum": "4ebbb053aaaae0a5f542ba9aa1c86f76",
    "settings": {
      "testing": false
    },
    "software": "mriqc",
    "version": "23.1.0",
    "warnings": {
      "large_rot_frame": true,
      "small_air_mask": false
    }
  },
  "qi_1": 0.0,
  "qi_2": 0.003643994516082833,
  "rpve_csf": 7.79985615097859,
  "rpve_gm": 7.763936227436337,
  "rpve_wm": 7.863684918008725,
  "size_x": 240,
  "size_y": 320,
  "size_z": 320,
  "snr_csf": 2.3212664963047396,
  "snr_gm": 6.904704479241884,
  "snr_total": 7.9585401972691185,
  "snr_wm": 14.649649616260731,
  "snrd_csf": 11.23719219753141,
  "snrd_gm": 17.219110378965954,
  "snrd_total": 17.73007517767112,
  "snrd_wm": 24.733922956516004,
  "spacing_x": 0.800000011920929,
  "spacing_y": 0.800000011920929,
  "spacing_z": 0.800000011920929,
  "summary_bg_k": 1195.1640508085345,
  "summary_bg_mad": 0.0,
  "summary_bg_mean": 2.3367301584051696,
  "summary_bg_median": 0.0,
  "summary_bg_n": 5311856.0,
  "summary_bg_p05": 0.0,
  "summary_bg_p95": 8.894695959985256,
  "summary_bg_stdv": 25.847790747426547,
  "summary_csf_k": -0.4928889223449513,
  "summary_csf_mad": 138.8391300985094,
  "summary_csf_mean": 440.63069453360146,
  "summary_csf_median": 443.3528537116945,
  "summary_csf_n": 827657.9217009121,
  "summary_csf_p05": 129.34998531639576,
  "summary_csf_p95": 741.1995370723307,
  "summary_csf_stdv": 190.9959871396012,
  "summary_gm_k": -0.6898462401547873,
  "summary_gm_mad": 85.19589228207431,
  "summary_gm_mean": 681.9318093330442,
  "summary_gm_median": 679.3638117685914,
  "summary_gm_n": 1225346.2440536618,
  "summary_gm_p05": 521.570900388062,
  "summary_gm_p95": 843.614171911031,
  "summary_gm_stdv": 98.39139916819857,
  "summary_wm_k": -0.38947090129727124,
  "summary_wm_mad": 56.62341769512591,
  "summary_wm_mean": 963.2811452368362,
  "summary_wm_median": 975.8536771014333,
  "summary_wm_n": 1054974.8370551048,
  "summary_wm_p05": 832.3827337920666,
  "summary_wm_p95": 1051.3078352026641,
  "summary_wm_stdv": 66.6127341037035,
  "tpm_overlap_csf": 0.2165842897529379,
  "tpm_overlap_gm": 0.512776284605312,
  "tpm_overlap_wm": 0.5320346507176739,
  "wm2max": 0.8517665635897098
}