{
  "aor": 0.0003831325301204819,
  "aqi": 0.006932736184738955,
  "bids_meta": {
    "AcquisitionMatrixPE": 100,
    "AcquisitionNumber": 1,
    "AcquisitionTime": "15:20:38.430000",
    "BandwidthPerPixelPhaseEncode": 17.241,
    "BaseResolution": 100,
    "BodyPartExamined": "HEAD",
    "ConsistencyInfo": "N4_VE11C_LATEST_20160120",
    "ConversionSoftware": "dcm2niix",
    "ConversionSoftwareVersion": "v1.0.20200427",
    "DerivedVendorReportedEchoSpacing": 0.000580013,
    "DeviceSerialNumber": "66072",
    "DwellTime": 2.1e-06,
    "EchoTime": 0.0352,
    "EchoTrainLength": 100,
    "EffectiveEchoSpacing": 0.000580013,
    "FlipAngle": 56,
    "ImageComments": "Unaliased_MB6_PE3_LB_SENSE1",
    "ImageOrientationPatientDICOM": [
      0.999156,
      0.00220734,
      0.0410211,
      0.0036621,
      0.989794,
      -0.142459
    ],
    "ImageType": [
      "ORIGINAL",
      "PRIMARY",
      "M",
      "MB",
      "ND",
      "MOSAIC"
    ],
    "ImagingFrequency": 123.232,
    "InPlanePhaseEncodingDirectionDICOM": "COL",
    "InstitutionalDepartmentName": "Department",
    "MRAcquisitionType": "2D",
    "MagneticFieldStrength": 3,
    "Manufacturer": "Siemens",
    "ManufacturersModelName": "Prisma",
    "Modality": "MR",
    "MultibandAccelerationFactor": 6,
    "PartialFourier": 1,
    "PatientPosition": "HFS",
    "PercentPhaseFOV": 100,
    "PercentSampling": 100,
    "PhaseEncodingDirection": "j-",
    "PhaseEncodingSteps": 100,
    "PhaseResolution": 1,
    "PixelBandwidth": 2380,
    "ProcedureStepDescription": "Projets_PredictEye",
    "ProtocolName": "task-rest_run1_bold",
    "PulseSequenceDetails": "%CustomerSeq%_cmrr_mbep2d_bold",
    "ReceiveCoilActiveElements": "HC1-6",
    "ReceiveCoilName": "HeadNeck_64",
    "ReconMatrixPE": 100,
    "RepetitionTime": 0.8,
    "SAR": 0.107009,
    "ScanOptions": "FS_EXT",
    "ScanningSequence": "EP",
    "SequenceName": "epfid2d1_100",
    "SequenceVariant": "SK_SS",
    "SeriesDescription": "task-rest_run1_bold",
    "SeriesNumber": 10,
    "ShimSetting": [
      -614,
      -10869,
      -564,
      453,
      137,
      -195,
      74,
      1
    ],
    "SliceThickness": 2,
    "SliceTiming": [
      0.72,
      0.64,
      0.56,
      0.48,
      0.4,
      0.32,
      0.24,
      0.16,
      0.08,
      0,
      0.72,
      0.64,
      0.56,
      0.48,
      0.4,
      0.32,
      0.24,
      0.16,
      0.08,
      0,
      0.72,
      0.64,
      0.56,
      0.48,
      0.4,
      0.32,
      0.24,
      0.16,
      0.08,
      0,
      0.72,
      0.64,
      0.56,
      0.48,
      0.4,
      0.32,
      0.24,
      0.16,
      0.08,
      0,
      0.72,
      0.64,
      0.56,
      0.48,
      0.4,
      0.32,
      0.24,
      0.16,
      0.08,
      0,
      0.72,
      0.64,
      0.56,
      0.48,
      0.4,
      0.32,
      0.24,
      0.16,
      0.08,
      0
    ],
    "SoftwareVersions": "syngo_MR_E11",
    "SpacingBetweenSlices": 2,
    "StationName": "AWP66072",
    "TaskName": "rest",
    "TotalReadoutTime": 0.0574213,
    "TxRefAmp": 269.389,
    "WipMemBlock": "214df768-a817-40bb-80a0-3c7bdb20e837||Sequence: R016 ve11c/master r/e634e98; Dec 19 2017 11:00:25 by eja",
    "dataset": "ds004158",
    "modality": "bold",
    "run_id": 1,
    "session_id": "01",
    "subject_id": "03",
    "task_id": "rest"
  },
  "dummy_trs": 2,
  "dvars_nstd": 45.10907571909458,
  "dvars_std": 0.9952323841448694,
  "dvars_vstd": 0.9926314592555332,
  "efc": 0.5419940473688749,
  "fber": 5382.77490234375,
  "fd_mean": 0.11830448710720506,
  "fd_num": 49,
  "fd_perc": 9.839357429718875,
  "fwhm_avg": 3.060456666666667,
  "fwhm_x": 2.897075,
  "fwhm_y": 3.16945,
  "fwhm_z": 3.114845,
  "gcor": 0.00898098,
  "gsr_x": -0.004189938772469759,
  "gsr_y": 0.04555695131421089,
  "provenance": {
    "md5sum": "2f9addd4f30c9c5054099ca2f76ae759",
    "settings": {
      "fd_thres": 0.2,
      "testing": false
    },
    "software": "mriqc",
    "version": "23.1.0"
  },
  "size_t": 498,
  "size_x": 100,
  "size_y": 100,
  "size_z": 60,
  "snr": 1.7942794611345874,
  "spacing_tr": 0.800000011920929,
  "spacing_x": 2.0,
  "spacing_y": 2.0,
  "spacing_z": 2.0,
  "summary_bg_k": 17.957916559613277,
  "summary_bg_mad": 108.30211144317836,
  "summary_bg_mean": 608.5751699540872,
  "summary_bg_median": 109.44636535644531,
  "summary_bg_n": 406149.0,
  "summary_bg_p05": 29.390300750732422,
  "summary_bg_p95": 3048.5947265625,
  "summary_bg_stdv": 1179.3463007354985,
  "summary_fg_k": 4.27189410617089,
  "summary_fg_mad": 3506.451252965592,
  "summary_fg_mean": 8972.81590083999,
  "summary_fg_median": 8029.794921875,
  "summary_fg_n": 193851.0,
  "summary_fg_p05": 3780.764892578125,
  "summary_fg_p95": 17437.572265625,
  "summary_fg_stdv": 4475.20822955636,
  "tsnr": 27.027318954467773
}