{
  "aor": 0.00019732394366197187,
  "aqi": 0.005593554849094567,
  "bids_meta": {
    "AcquisitionMatrixPE": 100,
    "AcquisitionNumber": 1,
    "AcquisitionTime": "15:27:38.320000",
    "BandwidthPerPixelPhaseEncode": 17.241,
    "BaseResolution": 100,
    "BodyPartExamined": "HEAD",
    "ConsistencyInfo": "N4_VE11C_LATEST_20160120",
    "ConversionSoftware": "dcm2niix",
    "ConversionSoftwareVersion": "v1.0.20200427",
    "DerivedVendorReportedEchoSpacing": 0.000580013,
    "DeviceSerialNumber": "66072",
    "DwellTime": 2.1e-06,
    "EchoTime": 0.0352,
    "EchoTrainLength": 100,
    "EffectiveEchoSpacing": 0.000580013,
    "FlipAngle": 56,
    "ImageComments": "Unaliased_MB6_PE3_LB_SENSE1",
    "ImageOrientationPatientDICOM": [
      0.999563,
      0.0141216,
      -0.0259813,
      -0.018669,
      0.982731,
      -0.184097
    ],
    "ImageType": [
      "ORIGINAL",
      "PRIMARY",
      "M",
      "MB",
      "ND",
      "MOSAIC"
    ],
    "ImagingFrequency": 123.232,
    "InPlanePhaseEncodingDirectionDICOM": "COL",
    "InstitutionalDepartmentName": "Department",
    "MRAcquisitionType": "2D",
    "MagneticFieldStrength": 3,
    "Manufacturer": "Siemens",
    "ManufacturersModelName": "Prisma",
    "Modality": "MR",
    "MultibandAccelerationFactor": 6,
    "PartialFourier": 1,
    "PatientPosition": "HFS",
    "PercentPhaseFOV": 100,
    "PercentSampling": 100,
    "PhaseEncodingDirection": "j",
    "PhaseEncodingSteps": 100,
    "PhaseResolution": 1,
    "PixelBandwidth": 2380,
    "ProcedureStepDescription": "Projets_pRFseqTest",
    "ProtocolName": "task-rest_run2_bold",
    "PulseSequenceDetails": "%CustomerSeq%_cmrr_mbep2d_bold",
    "ReceiveCoilActiveElements": "HC1-6",
    "ReceiveCoilName": "HeadNeck_64",
    "ReconMatrixPE": 100,
    "RepetitionTime": 0.8,
    "SAR": 0.115434,
    "ScanOptions": "FS_EXT",
    "ScanningSequence": "EP",
    "SequenceName": "epfid2d1_100",
    "SequenceVariant": "SK_SS",
    "SeriesDescription": "task-rest_run2_bold",
    "SeriesNumber": 22,
    "ShimSetting": [
      -598,
      -10766,
      -563,
      478,
      88,
      146,
      -126,
      1
    ],
    "SliceThickness": 2,
    "SliceTiming": [
      0.72,
      0.64,
      0.56,
      0.48,
      0.4,
      0.32,
      0.24,
      0.16,
      0.08,
      0,
      0.72,
      0.64,
      0.56,
      0.48,
      0.4,
      0.32,
      0.24,
      0.16,
      0.08,
      0,
      0.72,
      0.64,
      0.56,
      0.48,
      0.4,
      0.32,
      0.24,
      0.16,
      0.08,
      0,
      0.72,
      0.64,
      0.56,
      0.48,
      0.4,
      0.32,
      0.24,
      0.16,
      0.08,
      0,
      0.72,
      0.64,
      0.56,
      0.48,
      0.4,
      0.32,
      0.24,
      0.16,
      0.08,
      0,
      0.72,
      0.64,
      0.56,
      0.48,
      0.4,
      0.32,
      0.24,
      0.16,
      0.08,
      0
    ],
    "SoftwareVersions": "syngo_MR_E11",
    "SpacingBetweenSlices": 2,
    "StationName": "AWP66072",
    "TaskName": "rest",
    "TotalReadoutTime": 0.0574213,
    "TxRefAmp": 279.362,
    "WipMemBlock": "3beff63d-4eff-43d8-a648-3a530568cdde||Sequence: R016 ve11c/master r/e634e98; Dec 19 2017 11:00:25 by eja",
    "dataset": "ds004158",
    "modality": "bold",
    "run_id": 2,
    "session_id": "01",
    "subject_id": "01",
    "task_id": "rest"
  },
  "dummy_trs": 3,
  "dvars_nstd": 45.31034508842742,
  "dvars_std": 1.006490171693549,
  "dvars_vstd": 0.997445472600806,
  "efc": 0.5603453323175933,
  "fber": 4962.447265625,
  "fd_mean": 0.10378867417366362,
  "fd_num": 5,
  "fd_perc": 1.0060362173038229,
  "fwhm_avg": 2.9651483333333335,
  "fwhm_x": 2.7495,
  "fwhm_y": 3.17132,
  "fwhm_z": 2.974625,
  "gcor": 0.00300088,
  "gsr_x": 0.02611563168466091,
  "gsr_y": 0.05814169719815254,
  "provenance": {
    "md5sum": "7cbdabc43628a159489393e8e37d76fe",
    "settings": {
      "fd_thres": 0.2,
      "testing": false
    },
    "software": "mriqc",
    "version": "23.1.0"
  },
  "size_t": 497,
  "size_x": 100,
  "size_y": 100,
  "size_z": 60,
  "snr": 2.05741494784295,
  "spacing_tr": 0.800000011920929,
  "spacing_x": 2.0,
  "spacing_y": 2.0,
  "spacing_z": 2.0,
  "summary_bg_k": 21.64361577518818,
  "summary_bg_mad": 113.99651733153293,
  "summary_bg_mean": 792.883255000225,
  "summary_bg_median": 113.29446411132812,
  "summary_bg_n": 412188.0,
  "summary_bg_p05": 28.649763107299805,
  "summary_bg_p95": 3990.623779296875,
  "summary_bg_stdv": 1643.7074847328156,
  "summary_fg_k": 1.2531530979151961,
  "summary_fg_mad": 3633.8236510311663,
  "summary_fg_mean": 8599.012108293698,
  "summary_fg_median": 7980.9873046875,
  "summary_fg_n": 187812.0,
  "summary_fg_p05": 3626.375732421875,
  "summary_fg_p95": 15720.0,
  "summary_fg_stdv": 3879.1232005723186,
  "tsnr": 29.46486759185791
}