{
  "aor": 0.0004324048096192385,
  "aqi": 0.005894874208416835,
  "bids_meta": {
    "AcquisitionMatrixPE": 100,
    "AcquisitionNumber": 1,
    "AcquisitionTime": "15:18:27.760000",
    "BandwidthPerPixelPhaseEncode": 17.241,
    "BaseResolution": 100,
    "BodyPartExamined": "HEAD",
    "ConsistencyInfo": "N4_VE11C_LATEST_20160120",
    "ConversionSoftware": "dcm2niix",
    "ConversionSoftwareVersion": "v1.0.20200427",
    "DerivedVendorReportedEchoSpacing": 0.000580013,
    "DeviceSerialNumber": "66072",
    "DwellTime": 2.1e-06,
    "EchoTime": 0.0352,
    "EchoTrainLength": 100,
    "EffectiveEchoSpacing": 0.000580013,
    "FlipAngle": 56,
    "ImageComments": "Unaliased_MB6_PE3_LB_SENSE1",
    "ImageOrientationPatientDICOM": [
      0.999563,
      0.0141216,
      -0.0259813,
      -0.018669,
      0.982731,
      -0.184097
    ],
    "ImageType": [
      "ORIGINAL",
      "PRIMARY",
      "M",
      "MB",
      "ND",
      "MOSAIC"
    ],
    "ImagingFrequency": 123.232,
    "InPlanePhaseEncodingDirectionDICOM": "COL",
    "InstitutionalDepartmentName": "Department",
    "MRAcquisitionType": "2D",
    "MagneticFieldStrength": 3,
    "Manufacturer": "Siemens",
    "ManufacturersModelName": "Prisma",
    "Modality": "MR",
    "MultibandAccelerationFactor": 6,
    "PartialFourier": 1,
    "PatientPosition": "HFS",
    "PercentPhaseFOV": 100,
    "PercentSampling": 100,
    "PhaseEncodingDirection": "j-",
    "PhaseEncodingSteps": 100,
    "PhaseResolution": 1,
    "PixelBandwidth": 2380,
    "ProcedureStepDescription": "Projets_pRFseqTest",
    "ProtocolName": "task-rest_run1_bold",
    "PulseSequenceDetails": "%CustomerSeq%_cmrr_mbep2d_bold",
    "ReceiveCoilActiveElements": "HC1-6",
    "ReceiveCoilName": "HeadNeck_64",
    "ReconMatrixPE": 100,
    "RepetitionTime": 0.8,
    "SAR": 0.115434,
    "ScanOptions": "FS_EXT",
    "ScanningSequence": "EP",
    "SequenceName": "epfid2d1_100",
    "SequenceVariant": "SK_SS",
    "SeriesDescription": "task-rest_run1_bold",
    "SeriesNumber": 16,
    "ShimSetting": [
      -598,
      -10766,
      -563,
      478,
      88,
      146,
      -126,
      1
    ],
    "SliceThickness": 2,
    "SliceTiming": [
      0.72,
      0.64,
      0.56,
      0.48,
      0.4,
      0.32,
      0.24,
      0.16,
      0.08,
      0,
      0.72,
      0.64,
      0.56,
      0.48,
      0.4,
      0.32,
      0.24,
      0.16,
      0.08,
      0,
      0.72,
      0.64,
      0.56,
      0.48,
      0.4,
      0.32,
      0.24,
      0.16,
      0.08,
      0,
      0.72,
      0.64,
      0.56,
      0.48,
      0.4,
      0.32,
      0.24,
      0.16,
      0.08,
      0,
      0.72,
      0.64,
      0.56,
      0.48,
      0.4,
      0.32,
      0.24,
      0.16,
      0.08,
      0,
      0.72,
      0.64,
      0.56,
      0.48,
      0.4,
      0.32,
      0.24,
      0.16,
      0.08,
      0
    ],
    "SoftwareVersions": "syngo_MR_E11",
    "SpacingBetweenSlices": 2,
    "StationName": "AWP66072",
    "TaskName": "rest",
    "TotalReadoutTime": 0.0574213,
    "TxRefAmp": 279.362,
    "WipMemBlock": "87435600-8f9d-423b-a88e-c63af635bf83||Sequence: R016 ve11c/master r/e634e98; Dec 19 2017 11:00:25 by eja",
    "dataset": "ds004158",
    "modality": "bold",
    "run_id": 1,
    "session_id": "01",
    "subject_id": "01",
    "task_id": "rest"
  },
  "dummy_trs": 1,
  "dvars_nstd": 47.76678929467874,
  "dvars_std": 1.026682511606426,
  "dvars_vstd": 1.0063166708835334,
  "efc": 0.5628842064320654,
  "fber": 4518.380859375,
  "fd_mean": 0.11866810106734733,
  "fd_num": 14,
  "fd_perc": 2.80561122244489,
  "fwhm_avg": 3.017701666666667,
  "fwhm_x": 2.81779,
  "fwhm_y": 3.22019,
  "fwhm_z": 3.015125,
  "gcor": 0.00575849,
  "gsr_x": 0.005834824871271849,
  "gsr_y": 0.06244661286473274,
  "provenance": {
    "md5sum": "15edc044b31e3ffcce0064c649c525b3",
    "settings": {
      "fd_thres": 0.2,
      "testing": false
    },
    "software": "mriqc",
    "version": "23.1.0"
  },
  "size_t": 499,
  "size_x": 100,
  "size_y": 100,
  "size_z": 60,
  "snr": 2.0552848466253293,
  "spacing_tr": 0.800000011920929,
  "spacing_x": 2.0,
  "spacing_y": 2.0,
  "spacing_z": 2.0,
  "summary_bg_k": 20.288200977553263,
  "summary_bg_mad": 118.72831540588416,
  "summary_bg_mean": 756.3855685256938,
  "summary_bg_median": 117.0754165649414,
  "summary_bg_n": 409129.0,
  "summary_bg_p05": 29.90377426147461,
  "summary_bg_p95": 3793.36962890625,
  "summary_bg_stdv": 1525.6887047672049,
  "summary_fg_k": 1.171793248565046,
  "summary_fg_mad": 3516.815713884706,
  "summary_fg_mean": 8530.69531514801,
  "summary_fg_median": 7869.68115234375,
  "summary_fg_n": 190871.0,
  "summary_fg_p05": 3648.854736328125,
  "summary_fg_p95": 15722.248046875,
  "summary_fg_stdv": 3828.987767829562,
  "tsnr": 29.06247329711914
}