{
  "bids_meta": {
    "AcquisitionMatrixPE": 320,
    "AcquisitionNumber": 1,
    "AcquisitionTime": "15:05:0.635000",
    "BaseResolution": 320,
    "BodyPartExamined": "HEAD",
    "CoilString": "HC1-7;NC1_2",
    "ConsistencyInfo": "N4_VE11C_LATEST_20160120",
    "ConversionSoftware": "dcm2niix",
    "ConversionSoftwareVersion": "v1.0.20200427",
    "DeviceSerialNumber": "66072",
    "DwellTime": 7.4e-06,
    "EchoTime": 0.00228,
    "FlipAngle": 9,
    "ImageOrientationPatientDICOM": [
      -0.0189509,
      0.97727,
      0.211149,
      0.00277215,
      0.211238,
      -0.977431
    ],
    "ImageType": [
      "ORIGINAL",
      "PRIMARY",
      "M",
      "NORM",
      "DIS3D",
      "DIS2D"
    ],
    "ImagingFrequency": 123.232,
    "InPlanePhaseEncodingDirectionDICOM": "ROW",
    "InstitutionalDepartmentName": "Department",
    "InversionTime": 0.9,
    "MRAcquisitionType": "3D",
    "MagneticFieldStrength": 3,
    "Manufacturer": "Siemens",
    "ManufacturersModelName": "Prisma",
    "Modality": "MR",
    "PartialFourier": 1,
    "PatientPosition": "HFS",
    "PercentPhaseFOV": 100,
    "PercentSampling": 100,
    "PhaseEncodingSteps": 320,
    "PhaseResolution": 1,
    "PixelBandwidth": 210,
    "ProcedureStepDescription": "Projets_PredictEye",
    "ProtocolName": "T1w_CS_0p8mm",
    "PulseSequenceDetails": "%CustomerSeq%_cstfl_wip925b",
    "ReceiveCoilActiveElements": "HC1-7;NC1,2",
    "ReceiveCoilName": "HeadNeck_64",
    "ReconMatrixPE": 320,
    "RefLinesPE": 32,
    "RepetitionTime": 2.3,
    "SAR": 0.0486094,
    "ScanOptions": "IR_WE",
    "ScanningSequence": "GR_IR",
    "SequenceName": "WIP_cmp3d1_16ns",
    "SequenceVariant": "SK_SP_MP",
    "SeriesDescription": "T1w_CS_0p8mm",
    "SeriesNumber": 34,
    "ShimSetting": [
      -589,
      -10851,
      -599,
      173,
      80,
      -393,
      -44,
      50
    ],
    "SliceThickness": 1,
    "SoftwareVersions": "syngo_MR_E11",
    "StationName": "AWP66072",
    "TxRefAmp": 250.329,
    "WipMemBlock": "WIP_Identifier: WIP#925B",
    "dataset": "ds004158",
    "modality": "T1w",
    "session_id": "01",
    "subject_id": "09"
  },
  "cjv": 0.4562678804235198,
  "cnr": 2.429487890485014,
  "efc": 0.5649450395920105,
  "fber": -1.0,
  "fwhm_avg": 5.110405779961162,
  "fwhm_x": 4.58598,
  "fwhm_y": 5.613987416345068,
  "fwhm_z": 5.131249923538419,
  "icvs_csf": 0.26942220897045543,
  "icvs_gm": 0.3895352751569996,
  "icvs_wm": 0.341042515872545,
  "inu_med": 0.46794235706329346,
  "inu_range": 0.1900199025869369,
  "provenance": {
    "md5sum": "e20c02373d50da0f910712f783fe881b",
    "settings": {
      "testing": false
    },
    "software": "mriqc",
    "version": "23.1.0",
    "warnings": {
      "large_rot_frame": true,
      "small_air_mask": false
    }
  },
  "qi_1": 0.0,
  "qi_2": 0.0023681646670463004,
  "rpve_csf": 7.802246027953004,
  "rpve_gm": 7.766031490794394,
  "rpve_wm": 7.871731627012542,
  "size_x": 208,
  "size_y": 320,
  "size_z": 320,
  "snr_csf": 2.201804247474408,
  "snr_gm": 6.0341411734732455,
  "snr_total": 8.272198910234545,
  "snr_wm": 16.580651309755982,
  "snrd_csf": 121.38515864064887,
  "snrd_gm": 192.11157759908647,
  "snrd_total": 197.71841252498191,
  "snrd_wm": 279.6585013352105,
  "spacing_x": 1.0,
  "spacing_y": 0.800000011920929,
  "spacing_z": 0.800000011920929,
  "summary_bg_k": 15.560940186145853,
  "summary_bg_mad": 0.0,
  "summary_bg_mean": 0.929543646882384,
  "summary_bg_median": 0.0,
  "summary_bg_n": 5553231.0,
  "summary_bg_p05": 0.0,
  "summary_bg_p95": 5.095100346952677,
  "summary_bg_stdv": 2.3004486795506085,
  "summary_csf_k": -0.44161270728699664,
  "summary_csf_mad": 141.39927811837427,
  "summary_csf_mean": 430.5327053426912,
  "summary_csf_median": 426.23235086910427,
  "summary_csf_n": 725022.4395213053,
  "summary_csf_p05": 119.61119066923857,
  "summary_csf_p95": 739.383154232055,
  "summary_csf_stdv": 193.58308415185735,
  "summary_gm_k": -0.6697904090355999,
  "summary_gm_mad": 92.55492167291926,
  "summary_gm_mean": 680.1282912252555,
  "summary_gm_median": 674.5813925378025,
  "summary_gm_n": 1048249.9440307864,
  "summary_gm_p05": 500.4081078618765,
  "summary_gm_p95": 865.6476555485278,
  "summary_gm_stdv": 111.79404846173163,
  "summary_wm_k": -0.2207719953102374,
  "summary_wm_mad": 47.70758839004277,
  "summary_wm_mean": 970.3776680037996,
  "summary_wm_median": 981.9940246362239,
  "summary_wm_n": 917754.6193510378,
  "summary_wm_p05": 851.8463643174618,
  "summary_wm_p95": 1048.8981335610151,
  "summary_wm_stdv": 59.22526632353336,
  "tpm_overlap_csf": 0.19709295112270336,
  "tpm_overlap_gm": 0.5117970377701164,
  "tpm_overlap_wm": 0.5197771161905897,
  "wm2max": 0.8368850746722875
}