{
  "bids_meta": {
    "AcquisitionMatrixPE": 300,
    "AcquisitionNumber": 1,
    "AcquisitionTime": "14:57:20.105000",
    "BaseResolution": 320,
    "BodyPartExamined": "HEAD",
    "CoilString": "HC1-7;NC1_2",
    "ConsistencyInfo": "N4_VE11C_LATEST_20160120",
    "ConversionSoftware": "dcm2niix",
    "ConversionSoftwareVersion": "v1.0.20200427",
    "DeviceSerialNumber": "66072",
    "DwellTime": 2.1e-06,
    "EchoTime": 0.564,
    "EchoTrainLength": 282,
    "FlipAngle": 120,
    "ImageOrientationPatientDICOM": [
      -0.0189509,
      0.97727,
      0.211149,
      0.00277215,
      0.211238,
      -0.977431
    ],
    "ImageType": [
      "ORIGINAL",
      "PRIMARY",
      "M",
      "ND",
      "NORM"
    ],
    "ImagingFrequency": 123.232,
    "InPlanePhaseEncodingDirectionDICOM": "ROW",
    "InstitutionalDepartmentName": "Department",
    "MRAcquisitionType": "3D",
    "MagneticFieldStrength": 3,
    "Manufacturer": "Siemens",
    "ManufacturersModelName": "Prisma",
    "Modality": "MR",
    "ParallelReductionFactorInPlane": 2,
    "PartialFourier": 1,
    "PatientPosition": "HFS",
    "PercentPhaseFOV": 93.75,
    "PercentSampling": 100,
    "PhaseEncodingDirection": "i",
    "PhaseEncodingSteps": 295,
    "PhaseResolution": 1,
    "PixelBandwidth": 745,
    "ProcedureStepDescription": "Projets_PredictEye",
    "ProtocolName": "T2w_vNav_0p8mm",
    "PulseSequenceDetails": "%CustomerSeq%_tse_vfl_mgh_epinav_ABCD",
    "ReceiveCoilActiveElements": "HC1-7;NC1,2",
    "ReceiveCoilName": "HeadNeck_64",
    "ReconMatrixPE": 300,
    "RefLinesPE": 32,
    "RepetitionTime": 3.2,
    "SAR": 0.145749,
    "ScanOptions": "PFP",
    "ScanningSequence": "SE",
    "SequenceName": "spc_282ns",
    "SequenceVariant": "SK_SP",
    "SeriesDescription": "T2w_vNav_0p8mm",
    "SeriesNumber": 33,
    "ShimSetting": [
      -589,
      -10851,
      -599,
      173,
      80,
      -393,
      -44,
      50
    ],
    "SliceThickness": 1,
    "SoftwareVersions": "syngo_MR_E11",
    "StationName": "AWP66072",
    "TxRefAmp": 250.329,
    "WipMemBlock": "Prisma_epi_moco_navigator_ABCD_tse_vfl.prot",
    "dataset": "ds004158",
    "modality": "T2w",
    "session_id": "01",
    "subject_id": "09"
  },
  "cjv": 0.707472987152019,
  "cnr": 1.2064754634572368,
  "efc": 0.5508886798675663,
  "fber": 10120.36,
  "fwhm_avg": 2.492887115200222,
  "fwhm_x": 2.2577989233975777,
  "fwhm_y": 2.878749957103283,
  "fwhm_z": 2.3421124650998046,
  "icvs_csf": 0.2555143755102465,
  "icvs_gm": 0.3793193363191678,
  "icvs_wm": 0.3651662881705858,
  "inu_med": 0.870949387550354,
  "inu_range": 0.20841715335845956,
  "provenance": {
    "md5sum": "b075fd329d522fe3e1bb1427d5f2e1bb",
    "settings": {
      "testing": false
    },
    "software": "mriqc",
    "version": "23.1.0",
    "warnings": {
      "large_rot_frame": true,
      "small_air_mask": false
    }
  },
  "qi_1": 0.0,
  "qi_2": 0.0007896747269511466,
  "rpve_csf": 7.376228010354522,
  "rpve_gm": 7.2968811054958005,
  "rpve_wm": 7.361513478182337,
  "size_x": 208,
  "size_y": 300,
  "size_z": 320,
  "snr_csf": 1.8324205970865064,
  "snr_gm": 4.434594097723006,
  "snr_total": 3.90322883109868,
  "snr_wm": 5.4426717984865265,
  "snrd_csf": 71.32559311137008,
  "snrd_gm": 73.8734612005784,
  "snrd_total": 65.33969705193068,
  "snrd_wm": 50.82003684384355,
  "spacing_x": 1.0000004768371582,
  "spacing_y": 0.800000011920929,
  "spacing_z": 0.800000011920929,
  "summary_bg_k": 133.0386487613066,
  "summary_bg_mad": 0.0,
  "summary_bg_mean": 7.215772322029663,
  "summary_bg_median": 0.0,
  "summary_bg_n": 5136402.0,
  "summary_bg_p05": 0.0,
  "summary_bg_p95": 30.779900778084993,
  "summary_bg_stdv": 14.251538169624279,
  "summary_csf_k": -1.7727957625852129,
  "summary_csf_mad": 1624.0133900190517,
  "summary_csf_mean": 1481.730267686731,
  "summary_csf_median": 1551.5843917354941,
  "summary_csf_n": 677354.5563046206,
  "summary_csf_p05": 39.84850239381194,
  "summary_csf_p95": 2740.157995264977,
  "summary_csf_stdv": 846.7396889531993,
  "summary_gm_k": 1.4639157582652507,
  "summary_gm_mad": 198.1179284113044,
  "summary_gm_mean": 1604.2691771879315,
  "summary_gm_median": 1607.0095510222018,
  "summary_gm_n": 1005554.6981932123,
  "summary_gm_p05": 1003.6808199994266,
  "summary_gm_p95": 2223.674460891634,
  "summary_gm_stdv": 362.3801224064535,
  "summary_wm_k": 17.750777165582797,
  "summary_wm_mad": 156.6752958813549,
  "summary_wm_mean": 1134.328034931058,
  "summary_wm_median": 1105.5158816725016,
  "summary_wm_n": 968035.7459624549,
  "summary_wm_p05": 853.8355144783854,
  "summary_wm_p95": 1499.1998812258244,
  "summary_wm_stdv": 203.1199660008759,
  "tpm_overlap_csf": 0.24090718054565133,
  "tpm_overlap_gm": 0.5208810317278023,
  "tpm_overlap_wm": 0.5429786818370805,
  "wm2max": 0.3802150221993909
}