{
  "bids_meta": {
    "AcquisitionMatrixPE": 320,
    "AcquisitionNumber": 1,
    "AcquisitionTime": "14:10:55.342500",
    "BaseResolution": 320,
    "BodyPartExamined": "HEAD",
    "CoilString": "HC1-7;NC1_2",
    "ConsistencyInfo": "N4_VE11C_LATEST_20160120",
    "ConversionSoftware": "dcm2niix",
    "ConversionSoftwareVersion": "v1.0.20200427",
    "DeviceSerialNumber": "66072",
    "DwellTime": 7.4e-06,
    "EchoTime": 0.00228,
    "FlipAngle": 9,
    "ImageOrientationPatientDICOM": [
      0.0336316,
      0.986609,
      0.159597,
      -0.0323788,
      0.16068,
      -0.986475
    ],
    "ImageType": [
      "ORIGINAL",
      "PRIMARY",
      "M",
      "NORM",
      "DIS3D",
      "DIS2D"
    ],
    "ImagingFrequency": 123.232,
    "InPlanePhaseEncodingDirectionDICOM": "ROW",
    "InstitutionalDepartmentName": "Department",
    "InversionTime": 0.9,
    "MRAcquisitionType": "3D",
    "MagneticFieldStrength": 3,
    "Manufacturer": "Siemens",
    "ManufacturersModelName": "Prisma",
    "Modality": "MR",
    "PartialFourier": 1,
    "PatientPosition": "HFS",
    "PercentPhaseFOV": 100,
    "PercentSampling": 100,
    "PhaseEncodingSteps": 320,
    "PhaseResolution": 1,
    "PixelBandwidth": 210,
    "ProcedureStepDescription": "Projets_PredictEye",
    "ProtocolName": "T1w_CS_0p8mm",
    "PulseSequenceDetails": "%CustomerSeq%_cstfl_wip925b",
    "ReceiveCoilActiveElements": "HC1-7;NC1,2",
    "ReceiveCoilName": "HeadNeck_64",
    "ReconMatrixPE": 320,
    "RefLinesPE": 32,
    "RepetitionTime": 2.3,
    "SAR": 0.0497952,
    "ScanOptions": "IR_WE",
    "ScanningSequence": "GR_IR",
    "SequenceName": "WIP_cmp3d1_16ns",
    "SequenceVariant": "SK_SP_MP",
    "SeriesDescription": "T1w_CS_0p8mm",
    "SeriesNumber": 34,
    "ShimSetting": [
      -583,
      -10831,
      -605,
      251,
      103,
      -324,
      -127,
      -11
    ],
    "SliceThickness": 1,
    "SoftwareVersions": "syngo_MR_E11",
    "StationName": "AWP66072",
    "TxRefAmp": 235.66,
    "WipMemBlock": "WIP_Identifier: WIP#925B",
    "dataset": "ds004158",
    "modality": "T1w",
    "session_id": "01",
    "subject_id": "21"
  },
  "cjv": 0.4706128999119466,
  "cnr": 2.319029943020397,
  "efc": 0.5656251000807745,
  "fber": -1.0,
  "fwhm_avg": 4.874989115635468,
  "fwhm_x": 4.35103,
  "fwhm_y": 5.354999920204283,
  "fwhm_z": 4.91893742670212,
  "icvs_csf": 0.2729313954970876,
  "icvs_gm": 0.38971911995632486,
  "icvs_wm": 0.33734948454658753,
  "inu_med": 0.5178308486938477,
  "inu_range": 0.21841871738433838,
  "provenance": {
    "md5sum": "955d96b8791ccf8aa3ec13b25bc372a8",
    "settings": {
      "testing": false
    },
    "software": "mriqc",
    "version": "23.1.0",
    "warnings": {
      "large_rot_frame": true,
      "small_air_mask": false
    }
  },
  "qi_1": 0.0,
  "qi_2": 0.003273257720848733,
  "rpve_csf": 8.08972819491974,
  "rpve_gm": 8.041392332316306,
  "rpve_wm": 8.146709776708668,
  "size_x": 208,
  "size_y": 320,
  "size_z": 320,
  "snr_csf": 2.289057258894784,
  "snr_gm": 6.15922729101881,
  "snr_total": 7.199338896654001,
  "snr_wm": 13.149732140048407,
  "snrd_csf": 94.53186361713318,
  "snrd_gm": 149.45658920796794,
  "snrd_total": 153.8573823220011,
  "snrd_wm": 217.58369414090214,
  "spacing_x": 1.0,
  "spacing_y": 0.800000011920929,
  "spacing_z": 0.800000011920929,
  "summary_bg_k": 10.20285208102605,
  "summary_bg_mad": 0.0,
  "summary_bg_mean": 1.3674628254023262,
  "summary_bg_median": 0.0,
  "summary_bg_n": 5962980.0,
  "summary_bg_p05": 0.0,
  "summary_bg_p95": 7.704310238361359,
  "summary_bg_stdv": 2.9374797762463403,
  "summary_csf_k": -0.5597212290337614,
  "summary_csf_mad": 139.2379447562826,
  "summary_csf_mean": 427.83956254663485,
  "summary_csf_median": 423.8589667528868,
  "summary_csf_n": 708759.438568008,
  "summary_csf_p05": 136.2151307016611,
  "summary_csf_p95": 720.7430989444256,
  "summary_csf_stdv": 185.16735048503847,
  "summary_gm_k": -0.6395705660503084,
  "summary_gm_mad": 86.8610543222604,
  "summary_gm_mean": 673.4237675484603,
  "summary_gm_median": 670.1287063658237,
  "summary_gm_n": 1012038.5899774965,
  "summary_gm_p05": 496.8792489171028,
  "summary_gm_p95": 855.6416703015566,
  "summary_gm_stdv": 108.80072184773383,
  "summary_wm_k": -0.4133347326699117,
  "summary_wm_mad": 56.89525572336157,
  "summary_wm_mean": 957.2230144845594,
  "summary_wm_median": 975.5948550254107,
  "summary_wm_n": 876042.9734841468,
  "summary_wm_p05": 807.782300055027,
  "summary_wm_p95": 1049.5416048765182,
  "summary_wm_stdv": 74.19119171522513,
  "tpm_overlap_csf": 0.20913914857406346,
  "tpm_overlap_gm": 0.5140185731519475,
  "tpm_overlap_wm": 0.5284340156580832,
  "wm2max": 0.8758125588215981
}