{
  "bids_meta": {
    "AcquisitionMatrixPE": 300,
    "AcquisitionNumber": 1,
    "AcquisitionTime": "16:05:21.130000",
    "BaseResolution": 320,
    "BodyPartExamined": "HEAD",
    "CoilString": "HC1-7;NC1_2",
    "ConsistencyInfo": "N4_VE11C_LATEST_20160120",
    "ConversionSoftware": "dcm2niix",
    "ConversionSoftwareVersion": "v1.0.20200427",
    "DeviceSerialNumber": "66072",
    "DwellTime": 2.1e-06,
    "EchoTime": 0.564,
    "EchoTrainLength": 282,
    "FlipAngle": 120,
    "ImageOrientationPatientDICOM": [
      -0.00527012,
      0.999203,
      0.0395761,
      0.0402946,
      0.0397567,
      -0.998397
    ],
    "ImageType": [
      "ORIGINAL",
      "PRIMARY",
      "M",
      "ND",
      "NORM"
    ],
    "ImagingFrequency": 123.232,
    "InPlanePhaseEncodingDirectionDICOM": "ROW",
    "InstitutionalDepartmentName": "Department",
    "MRAcquisitionType": "3D",
    "MagneticFieldStrength": 3,
    "Manufacturer": "Siemens",
    "ManufacturersModelName": "Prisma",
    "Modality": "MR",
    "ParallelReductionFactorInPlane": 2,
    "PartialFourier": 1,
    "PatientPosition": "HFS",
    "PercentPhaseFOV": 93.75,
    "PercentSampling": 100,
    "PhaseEncodingDirection": "i",
    "PhaseEncodingSteps": 295,
    "PhaseResolution": 1,
    "PixelBandwidth": 745,
    "ProcedureStepDescription": "Projets_PredictEye",
    "ProtocolName": "T2w_vNav_0p8mm",
    "PulseSequenceDetails": "%CustomerSeq%_tse_vfl_mgh_epinav_ABCD",
    "ReceiveCoilActiveElements": "HC1-7;NC1,2",
    "ReceiveCoilName": "HeadNeck_64",
    "ReconMatrixPE": 300,
    "RefLinesPE": 32,
    "RepetitionTime": 3.2,
    "SAR": 0.16211,
    "ScanOptions": "PFP",
    "ScanningSequence": "SE",
    "SequenceName": "spc_282ns",
    "SequenceVariant": "SK_SP",
    "SeriesDescription": "T2w_vNav_0p8mm",
    "SeriesNumber": 34,
    "ShimSetting": [
      -611,
      -10810,
      -628,
      -55,
      89,
      -142,
      112,
      -11
    ],
    "SliceThickness": 1,
    "SoftwareVersions": "syngo_MR_E11",
    "StationName": "AWP66072",
    "TxRefAmp": 269.389,
    "WipMemBlock": "Prisma_epi_moco_navigator_ABCD_tse_vfl.prot",
    "dataset": "ds004158",
    "modality": "T2w",
    "session_id": "01",
    "subject_id": "03"
  },
  "cjv": 2.257241804769772,
  "cnr": 0.47578836292587784,
  "efc": 0.5349570374416452,
  "fber": 7798.02939646202,
  "fwhm_avg": 2.8911756269555973,
  "fwhm_x": 2.5763644717215906,
  "fwhm_y": 3.2855124510420497,
  "fwhm_z": 2.8116499581031507,
  "icvs_csf": 0.25574187449481445,
  "icvs_gm": 0.32942028047685795,
  "icvs_wm": 0.41483784502832755,
  "inu_med": 0.8531821966171265,
  "inu_range": 0.29668903648853295,
  "provenance": {
    "md5sum": "41a55e8f1edc628547d8660da85b17d7",
    "settings": {
      "testing": false
    },
    "software": "mriqc",
    "version": "23.1.0",
    "warnings": {
      "large_rot_frame": true,
      "small_air_mask": false
    }
  },
  "qi_1": 0.0,
  "qi_2": 0.0009205910583467826,
  "rpve_csf": 7.413495125754515,
  "rpve_gm": 7.27294777376412,
  "rpve_wm": 7.332534691018252,
  "size_x": 208,
  "size_y": 300,
  "size_z": 320,
  "snr_csf": 2.506493678657507,
  "snr_gm": 2.6472244815925463,
  "snr_total": 3.6291019255977286,
  "snr_wm": 5.733587616543131,
  "snrd_csf": 74.00507591501501,
  "snrd_gm": 43.78947043444216,
  "snrd_total": 51.059345904777814,
  "snrd_wm": 35.383491364876264,
  "spacing_x": 1.000002145767212,
  "spacing_y": 0.800000011920929,
  "spacing_z": 0.800000011920929,
  "summary_bg_k": 1999.8965511976749,
  "summary_bg_mad": 0.0,
  "summary_bg_mean": 6.879800455280501,
  "summary_bg_median": 0.0,
  "summary_bg_n": 5372942.0,
  "summary_bg_p05": 0.0,
  "summary_bg_p95": 28.927711218595505,
  "summary_bg_stdv": 20.951907103593353,
  "summary_csf_k": 2.575601903140919,
  "summary_csf_mad": 827.4530472759487,
  "summary_csf_mean": 2189.8489757780007,
  "summary_csf_median": 2366.755191385746,
  "summary_csf_n": 677023.41883587,
  "summary_csf_p05": 285.66906067728996,
  "summary_csf_p95": 3405.5575301349163,
  "summary_csf_stdv": 944.2487182893664,
  "summary_gm_k": 2.15542187805585,
  "summary_gm_mad": 419.49814237535344,
  "summary_gm_mean": 1435.9806062155078,
  "summary_gm_median": 1400.4303785562515,
  "summary_gm_n": 872071.6736861008,
  "summary_gm_p05": 679.769564062357,
  "summary_gm_p95": 2420.242972522974,
  "summary_gm_stdv": 529.0180660389111,
  "summary_wm_k": 22.943034168108316,
  "summary_wm_mad": 187.31952845217123,
  "summary_wm_mean": 1145.6451012175553,
  "summary_wm_median": 1131.5988915860653,
  "summary_wm_n": 1098196.909123218,
  "summary_wm_p05": 858.8428573608398,
  "summary_wm_p95": 1462.6534422934055,
  "summary_wm_stdv": 197.36305644188602,
  "tpm_overlap_csf": 0.23337250657084965,
  "tpm_overlap_gm": 0.45004890442228523,
  "tpm_overlap_wm": 0.4925203883274425,
  "wm2max": 0.321823975229077
}