{
  "aor": 0.0011858870967741935,
  "aqi": 0.007034300987903225,
  "bids_meta": {
    "AcquisitionMatrixPE": 100,
    "AcquisitionNumber": 1,
    "AcquisitionTime": "11:08:21.317500",
    "BandwidthPerPixelPhaseEncode": 17.241,
    "BaseResolution": 100,
    "BodyPartExamined": "HEAD",
    "ConsistencyInfo": "N4_VE11C_LATEST_20160120",
    "ConversionSoftware": "dcm2niix",
    "ConversionSoftwareVersion": "v1.0.20200427",
    "DerivedVendorReportedEchoSpacing": 0.000580013,
    "DeviceSerialNumber": "66072",
    "DwellTime": 2.1e-06,
    "EchoTime": 0.0352,
    "EchoTrainLength": 100,
    "EffectiveEchoSpacing": 0.000580013,
    "FlipAngle": 56,
    "ImageComments": "Unaliased_MB6_PE3_LB_SENSE1",
    "ImageOrientationPatientDICOM": [
      0.999747,
      -0.0157556,
      0.016064,
      0.0167525,
      0.997813,
      -0.0639376
    ],
    "ImageType": [
      "ORIGINAL",
      "PRIMARY",
      "M",
      "MB",
      "ND",
      "MOSAIC"
    ],
    "ImagingFrequency": 123.232,
    "InPlanePhaseEncodingDirectionDICOM": "COL",
    "InstitutionalDepartmentName": "Department",
    "MRAcquisitionType": "2D",
    "MagneticFieldStrength": 3,
    "Manufacturer": "Siemens",
    "ManufacturersModelName": "Prisma",
    "Modality": "MR",
    "MultibandAccelerationFactor": 6,
    "PartialFourier": 1,
    "PatientPosition": "HFS",
    "PercentPhaseFOV": 100,
    "PercentSampling": 100,
    "PhaseEncodingDirection": "j-",
    "PhaseEncodingSteps": 100,
    "PhaseResolution": 1,
    "PixelBandwidth": 2380,
    "ProcedureStepDescription": "Projets_PredictEye",
    "ProtocolName": "task-rest_run1_bold",
    "PulseSequenceDetails": "%CustomerSeq%_cmrr_mbep2d_bold",
    "ReceiveCoilActiveElements": "HC1-6",
    "ReceiveCoilName": "HeadNeck_64",
    "ReconMatrixPE": 100,
    "RepetitionTime": 0.8,
    "SAR": 0.112533,
    "ScanOptions": "FS_EXT",
    "ScanningSequence": "EP",
    "SequenceName": "epfid2d1_100",
    "SequenceVariant": "SK_SS",
    "SeriesDescription": "task-rest_run1_bold",
    "SeriesNumber": 10,
    "ShimSetting": [
      -612,
      -10794,
      -438,
      483,
      14,
      7,
      -106,
      -4
    ],
    "SliceThickness": 2,
    "SliceTiming": [
      0.72,
      0.64,
      0.56,
      0.48,
      0.4,
      0.32,
      0.24,
      0.16,
      0.08,
      0,
      0.72,
      0.64,
      0.56,
      0.48,
      0.4,
      0.32,
      0.24,
      0.16,
      0.08,
      0,
      0.72,
      0.64,
      0.56,
      0.48,
      0.4,
      0.32,
      0.24,
      0.16,
      0.08,
      0,
      0.72,
      0.64,
      0.56,
      0.48,
      0.4,
      0.32,
      0.24,
      0.16,
      0.08,
      0,
      0.72,
      0.64,
      0.56,
      0.48,
      0.4,
      0.32,
      0.24,
      0.16,
      0.08,
      0,
      0.72,
      0.64,
      0.56,
      0.48,
      0.4,
      0.32,
      0.24,
      0.16,
      0.08,
      0
    ],
    "SoftwareVersions": "syngo_MR_E11",
    "SpacingBetweenSlices": 2,
    "StationName": "AWP66072",
    "TaskName": "rest",
    "TotalReadoutTime": 0.0574213,
    "TxRefAmp": 255.085,
    "WipMemBlock": "883157ce-8cf7-4527-8d5d-24e8be131481||Sequence: R016 ve11c/master r/e634e98; Dec 19 2017 11:00:25 by eja",
    "dataset": "ds004158",
    "modality": "bold",
    "run_id": 1,
    "session_id": "01",
    "subject_id": "05",
    "task_id": "rest"
  },
  "dummy_trs": 4,
  "dvars_nstd": 43.47832159197982,
  "dvars_std": 1.0187239332525257,
  "dvars_vstd": 1.0023084835757579,
  "efc": 0.538045350947266,
  "fber": 6894.56298828125,
  "fd_mean": 0.13673251063900155,
  "fd_num": 72,
  "fd_perc": 14.516129032258064,
  "fwhm_avg": 3.3059233333333338,
  "fwhm_x": 3.10939,
  "fwhm_y": 3.484315,
  "fwhm_z": 3.324065,
  "gcor": 0.00712339,
  "gsr_x": -0.008786756545305252,
  "gsr_y": 0.0365617461502552,
  "provenance": {
    "md5sum": "5c026c36cb1939039f4db4052a0c2a94",
    "settings": {
      "fd_thres": 0.2,
      "testing": false
    },
    "software": "mriqc",
    "version": "23.1.0"
  },
  "size_t": 496,
  "size_x": 100,
  "size_y": 100,
  "size_z": 60,
  "snr": 1.9175916012400633,
  "spacing_tr": 0.800000011920929,
  "spacing_x": 2.0,
  "spacing_y": 2.0,
  "spacing_z": 2.0,
  "summary_bg_k": 20.105211970541056,
  "summary_bg_mad": 98.72622745097688,
  "summary_bg_mean": 501.4201253282544,
  "summary_bg_median": 101.08687591552734,
  "summary_bg_n": 403511.0,
  "summary_bg_p05": 26.045867919921875,
  "summary_bg_p95": 2542.82373046875,
  "summary_bg_stdv": 974.0255434575876,
  "summary_fg_k": 2.6072751098873566,
  "summary_fg_mad": 3786.4046303725227,
  "summary_fg_mean": 9244.51736847648,
  "summary_fg_median": 8393.59765625,
  "summary_fg_n": 196489.0,
  "summary_fg_p05": 4020.407958984375,
  "summary_fg_p95": 17591.0078125,
  "summary_fg_stdv": 4377.1448998026335,
  "tsnr": 28.01942253112793
}