{
  "aor": 0.0005030241935483871,
  "aqi": 0.006986077096774194,
  "bids_meta": {
    "AcquisitionMatrixPE": 100,
    "AcquisitionNumber": 1,
    "AcquisitionTime": "11:15:53.740000",
    "BandwidthPerPixelPhaseEncode": 17.241,
    "BaseResolution": 100,
    "BodyPartExamined": "HEAD",
    "ConsistencyInfo": "N4_VE11C_LATEST_20160120",
    "ConversionSoftware": "dcm2niix",
    "ConversionSoftwareVersion": "v1.0.20200427",
    "DerivedVendorReportedEchoSpacing": 0.000580013,
    "DeviceSerialNumber": "66072",
    "DwellTime": 2.1e-06,
    "EchoTime": 0.0352,
    "EchoTrainLength": 100,
    "EffectiveEchoSpacing": 0.000580013,
    "FlipAngle": 56,
    "ImageComments": "Unaliased_MB6_PE3_LB_SENSE1",
    "ImageOrientationPatientDICOM": [
      0.999747,
      -0.0157556,
      0.016064,
      0.0167525,
      0.997813,
      -0.0639376
    ],
    "ImageType": [
      "ORIGINAL",
      "PRIMARY",
      "M",
      "MB",
      "ND",
      "MOSAIC"
    ],
    "ImagingFrequency": 123.232,
    "InPlanePhaseEncodingDirectionDICOM": "COL",
    "InstitutionalDepartmentName": "Department",
    "MRAcquisitionType": "2D",
    "MagneticFieldStrength": 3,
    "Manufacturer": "Siemens",
    "ManufacturersModelName": "Prisma",
    "Modality": "MR",
    "MultibandAccelerationFactor": 6,
    "PartialFourier": 1,
    "PatientPosition": "HFS",
    "PercentPhaseFOV": 100,
    "PercentSampling": 100,
    "PhaseEncodingDirection": "j",
    "PhaseEncodingSteps": 100,
    "PhaseResolution": 1,
    "PixelBandwidth": 2380,
    "ProcedureStepDescription": "Projets_PredictEye",
    "ProtocolName": "task-rest_run2_bold",
    "PulseSequenceDetails": "%CustomerSeq%_cmrr_mbep2d_bold",
    "ReceiveCoilActiveElements": "HC1-6",
    "ReceiveCoilName": "HeadNeck_64",
    "ReconMatrixPE": 100,
    "RepetitionTime": 0.8,
    "SAR": 0.112533,
    "ScanOptions": "FS_EXT",
    "ScanningSequence": "EP",
    "SequenceName": "epfid2d1_100",
    "SequenceVariant": "SK_SS",
    "SeriesDescription": "task-rest_run2_bold",
    "SeriesNumber": 13,
    "ShimSetting": [
      -612,
      -10794,
      -438,
      483,
      14,
      7,
      -106,
      -4
    ],
    "SliceThickness": 2,
    "SliceTiming": [
      0.72,
      0.64,
      0.56,
      0.48,
      0.4,
      0.32,
      0.24,
      0.16,
      0.08,
      0,
      0.72,
      0.64,
      0.56,
      0.48,
      0.4,
      0.32,
      0.24,
      0.16,
      0.08,
      0,
      0.72,
      0.64,
      0.56,
      0.48,
      0.4,
      0.32,
      0.24,
      0.16,
      0.08,
      0,
      0.72,
      0.64,
      0.56,
      0.48,
      0.4,
      0.32,
      0.24,
      0.16,
      0.08,
      0,
      0.72,
      0.64,
      0.56,
      0.48,
      0.4,
      0.32,
      0.24,
      0.16,
      0.08,
      0,
      0.72,
      0.64,
      0.56,
      0.48,
      0.4,
      0.32,
      0.24,
      0.16,
      0.08,
      0
    ],
    "SoftwareVersions": "syngo_MR_E11",
    "SpacingBetweenSlices": 2,
    "StationName": "AWP66072",
    "TaskName": "rest",
    "TotalReadoutTime": 0.0574213,
    "TxRefAmp": 255.085,
    "WipMemBlock": "b6f01f18-6a8a-44ab-b7c0-6eed94efd075||Sequence: R016 ve11c/master r/e634e98; Dec 19 2017 11:00:25 by eja",
    "dataset": "ds004158",
    "modality": "bold",
    "run_id": 2,
    "session_id": "01",
    "subject_id": "05",
    "task_id": "rest"
  },
  "dummy_trs": 4,
  "dvars_nstd": 42.38485182157575,
  "dvars_std": 1.0016575624646469,
  "dvars_vstd": 0.9839630141212126,
  "efc": 0.5356622603973142,
  "fber": 8240.2548828125,
  "fd_mean": 0.1261493902861902,
  "fd_num": 25,
  "fd_perc": 5.040322580645161,
  "fwhm_avg": 3.240178333333333,
  "fwhm_x": 3.04255,
  "fwhm_y": 3.442905,
  "fwhm_z": 3.23508,
  "gcor": 0.00241195,
  "gsr_x": -0.005342545919120312,
  "gsr_y": 0.045147936791181564,
  "provenance": {
    "md5sum": "005cb9fff533c54da2d9bd0732395ad2",
    "settings": {
      "fd_thres": 0.2,
      "testing": false
    },
    "software": "mriqc",
    "version": "23.1.0"
  },
  "size_t": 496,
  "size_x": 100,
  "size_y": 100,
  "size_z": 60,
  "snr": 2.013036856052226,
  "spacing_tr": 0.800000011920929,
  "spacing_x": 2.0,
  "spacing_y": 2.0,
  "spacing_z": 2.0,
  "summary_bg_k": 15.81162534588832,
  "summary_bg_mad": 92.54366862880099,
  "summary_bg_mean": 563.6686558727548,
  "summary_bg_median": 95.1800308227539,
  "summary_bg_n": 412900.0,
  "summary_bg_p05": 25.235370635986328,
  "summary_bg_p95": 3001.85986328125,
  "summary_bg_stdv": 1112.9443491543523,
  "summary_fg_k": 1.5917486438546593,
  "summary_fg_mad": 3947.289774776613,
  "summary_fg_mean": 9431.082299476733,
  "summary_fg_median": 8640.0478515625,
  "summary_fg_n": 187100.0,
  "summary_fg_p05": 4175.0009765625,
  "summary_fg_p95": 17604.4912109375,
  "summary_fg_stdv": 4292.035059452747,
  "tsnr": 28.927401542663574
}