{
  "aor": 0.0008536161616161617,
  "aqi": 0.00753524305050505,
  "bids_meta": {
    "AcquisitionMatrixPE": 100,
    "AcquisitionNumber": 1,
    "AcquisitionTime": "15:28:13.045000",
    "BandwidthPerPixelPhaseEncode": 17.241,
    "BaseResolution": 100,
    "BodyPartExamined": "HEAD",
    "ConsistencyInfo": "N4_VE11C_LATEST_20160120",
    "ConversionSoftware": "dcm2niix",
    "ConversionSoftwareVersion": "v1.0.20200427",
    "DerivedVendorReportedEchoSpacing": 0.000580013,
    "DeviceSerialNumber": "66072",
    "DwellTime": 2.1e-06,
    "EchoTime": 0.0352,
    "EchoTrainLength": 100,
    "EffectiveEchoSpacing": 0.000580013,
    "FlipAngle": 56,
    "ImageComments": "Unaliased_MB6_PE3_LB_SENSE1",
    "ImageOrientationPatientDICOM": [
      0.999156,
      0.00220734,
      0.0410211,
      0.0036621,
      0.989794,
      -0.142459
    ],
    "ImageType": [
      "ORIGINAL",
      "PRIMARY",
      "M",
      "MB",
      "ND",
      "MOSAIC"
    ],
    "ImagingFrequency": 123.232,
    "InPlanePhaseEncodingDirectionDICOM": "COL",
    "InstitutionalDepartmentName": "Department",
    "MRAcquisitionType": "2D",
    "MagneticFieldStrength": 3,
    "Manufacturer": "Siemens",
    "ManufacturersModelName": "Prisma",
    "Modality": "MR",
    "MultibandAccelerationFactor": 6,
    "PartialFourier": 1,
    "PatientPosition": "HFS",
    "PercentPhaseFOV": 100,
    "PercentSampling": 100,
    "PhaseEncodingDirection": "j",
    "PhaseEncodingSteps": 100,
    "PhaseResolution": 1,
    "PixelBandwidth": 2380,
    "ProcedureStepDescription": "Projets_PredictEye",
    "ProtocolName": "task-rest_run2_bold",
    "PulseSequenceDetails": "%CustomerSeq%_cmrr_mbep2d_bold",
    "ReceiveCoilActiveElements": "HC1-6",
    "ReceiveCoilName": "HeadNeck_64",
    "ReconMatrixPE": 100,
    "RepetitionTime": 0.8,
    "SAR": 0.107009,
    "ScanOptions": "FS_EXT",
    "ScanningSequence": "EP",
    "SequenceName": "epfid2d1_100",
    "SequenceVariant": "SK_SS",
    "SeriesDescription": "task-rest_run2_bold",
    "SeriesNumber": 13,
    "ShimSetting": [
      -614,
      -10869,
      -564,
      453,
      137,
      -195,
      74,
      1
    ],
    "SliceThickness": 2,
    "SliceTiming": [
      0.72,
      0.64,
      0.56,
      0.48,
      0.4,
      0.32,
      0.24,
      0.16,
      0.08,
      0,
      0.72,
      0.64,
      0.56,
      0.48,
      0.4,
      0.32,
      0.24,
      0.16,
      0.08,
      0,
      0.72,
      0.64,
      0.56,
      0.48,
      0.4,
      0.32,
      0.24,
      0.16,
      0.08,
      0,
      0.72,
      0.64,
      0.56,
      0.48,
      0.4,
      0.32,
      0.24,
      0.16,
      0.08,
      0,
      0.72,
      0.64,
      0.56,
      0.48,
      0.4,
      0.32,
      0.24,
      0.16,
      0.08,
      0,
      0.72,
      0.64,
      0.56,
      0.48,
      0.4,
      0.32,
      0.24,
      0.16,
      0.08,
      0
    ],
    "SoftwareVersions": "syngo_MR_E11",
    "SpacingBetweenSlices": 2,
    "StationName": "AWP66072",
    "TaskName": "rest",
    "TotalReadoutTime": 0.0574213,
    "TxRefAmp": 269.389,
    "WipMemBlock": "2c99aa09-b2fc-4799-937e-37d6b1ad34cf||Sequence: R016 ve11c/master r/e634e98; Dec 19 2017 11:00:25 by eja",
    "dataset": "ds004158",
    "modality": "bold",
    "run_id": 2,
    "session_id": "01",
    "subject_id": "03",
    "task_id": "rest"
  },
  "dummy_trs": 5,
  "dvars_nstd": 45.51838741224696,
  "dvars_std": 1.008306963340081,
  "dvars_vstd": 1.0030352357894738,
  "efc": 0.5387363325485325,
  "fber": 5570.65283203125,
  "fd_mean": 0.12496516517294096,
  "fd_num": 80,
  "fd_perc": 16.161616161616163,
  "fwhm_avg": 3.031071666666667,
  "fwhm_x": 2.86001,
  "fwhm_y": 3.15196,
  "fwhm_z": 3.081245,
  "gcor": 0.0196308,
  "gsr_x": 0.0033706328831613064,
  "gsr_y": 0.04153618961572647,
  "provenance": {
    "md5sum": "48e273b54b7fc6a59fc1bc42b93e04a0",
    "settings": {
      "fd_thres": 0.2,
      "testing": false
    },
    "software": "mriqc",
    "version": "23.1.0"
  },
  "size_t": 495,
  "size_x": 100,
  "size_y": 100,
  "size_z": 60,
  "snr": 1.819580688921732,
  "spacing_tr": 0.800000011920929,
  "spacing_x": 2.0,
  "spacing_y": 2.0,
  "spacing_z": 2.0,
  "summary_bg_k": 20.420196669060527,
  "summary_bg_mad": 108.80954458544575,
  "summary_bg_mean": 630.7364557696317,
  "summary_bg_median": 107.86392974853516,
  "summary_bg_n": 411763.0,
  "summary_bg_p05": 27.002193450927734,
  "summary_bg_p95": 3201.265869140625,
  "summary_bg_stdv": 1248.0977429000077,
  "summary_fg_k": 1.7793588862225906,
  "summary_fg_mad": 3714.260250836579,
  "summary_fg_mean": 9018.643161602176,
  "summary_fg_median": 8050.619140625,
  "summary_fg_n": 188237.0,
  "summary_fg_p05": 3723.93359375,
  "summary_fg_p95": 17857.23828125,
  "summary_fg_stdv": 4424.424706938396,
  "tsnr": 25.823062896728516
}