{
  "bids_meta": {
    "AcquisitionMatrixPE": 320,
    "AcquisitionNumber": 1,
    "AcquisitionTime": "17:01:13.640000",
    "BaseResolution": 320,
    "BodyPartExamined": "HEAD",
    "CoilString": "HC1-7;NC1_2",
    "ConsistencyInfo": "N4_VE11C_LATEST_20160120",
    "ConversionSoftware": "dcm2niix",
    "ConversionSoftwareVersion": "v1.0.20200427",
    "DeviceSerialNumber": "66072",
    "DwellTime": 7.4e-06,
    "EchoTime": 0.00228,
    "FlipAngle": 9,
    "ImageOrientationPatientDICOM": [
      0.0250192,
      0.974911,
      0.221185,
      0.048508,
      0.21981,
      -0.974336
    ],
    "ImageType": [
      "ORIGINAL",
      "PRIMARY",
      "M",
      "NORM",
      "DIS3D",
      "DIS2D"
    ],
    "ImagingFrequency": 123.232,
    "InPlanePhaseEncodingDirectionDICOM": "ROW",
    "InstitutionalDepartmentName": "Department",
    "InversionTime": 0.9,
    "MRAcquisitionType": "3D",
    "MagneticFieldStrength": 3,
    "Manufacturer": "Siemens",
    "ManufacturersModelName": "Prisma",
    "Modality": "MR",
    "PartialFourier": 1,
    "PatientPosition": "HFS",
    "PercentPhaseFOV": 100,
    "PercentSampling": 100,
    "PhaseEncodingSteps": 320,
    "PhaseResolution": 1,
    "PixelBandwidth": 210,
    "ProcedureStepDescription": "Projets_PredictEye",
    "ProtocolName": "T1w_CS_0p8mm",
    "PulseSequenceDetails": "%CustomerSeq%_cstfl_wip925b",
    "ReceiveCoilActiveElements": "HC1-7;NC1,2",
    "ReceiveCoilName": "HeadNeck_64",
    "ReconMatrixPE": 320,
    "RefLinesPE": 32,
    "RepetitionTime": 2.3,
    "SAR": 0.0369027,
    "ScanOptions": "IR_WE",
    "ScanningSequence": "GR_IR",
    "SequenceName": "WIP_cmp3d1_16ns",
    "SequenceVariant": "SK_SP_MP",
    "SeriesDescription": "T1w_CS_0p8mm",
    "SeriesNumber": 34,
    "ShimSetting": [
      -595,
      -10853,
      -638,
      -7,
      65,
      -214,
      19,
      23
    ],
    "SliceThickness": 1,
    "SoftwareVersions": "syngo_MR_E11",
    "StationName": "AWP66072",
    "TxRefAmp": 220.36,
    "WipMemBlock": "WIP_Identifier: WIP#925B",
    "dataset": "ds004158",
    "modality": "T1w",
    "session_id": "01",
    "subject_id": "07"
  },
  "cjv": 0.5066856005442548,
  "cnr": 1.837108667467102,
  "efc": 0.5475673833458966,
  "fber": -1.0,
  "fwhm_avg": 4.855286615286222,
  "fwhm_x": 4.22161,
  "fwhm_y": 5.309774920878188,
  "fwhm_z": 5.034474924980478,
  "icvs_csf": 0.27251933247610644,
  "icvs_gm": 0.3863043585873192,
  "icvs_wm": 0.34117630893657436,
  "inu_med": 0.5959655046463013,
  "inu_range": 0.2968635246157646,
  "provenance": {
    "md5sum": "d97a60bcc6364e280dfba80e15d00092",
    "settings": {
      "testing": false
    },
    "software": "mriqc",
    "version": "23.1.0",
    "warnings": {
      "large_rot_frame": true,
      "small_air_mask": false
    }
  },
  "qi_1": 0.0,
  "qi_2": 0.004315051872741466,
  "rpve_csf": 9.458401429362134,
  "rpve_gm": 9.365195066856105,
  "rpve_wm": 9.463760416795195,
  "size_x": 208,
  "size_y": 320,
  "size_z": 320,
  "snr_csf": 1.8993213266781381,
  "snr_gm": 4.940342310093376,
  "snr_total": 4.884997597529623,
  "snr_wm": 7.815329155817357,
  "snrd_csf": 80.49118670189449,
  "snrd_gm": 148.33905121183432,
  "snrd_total": 151.18469922654776,
  "snrd_wm": 224.72385976591448,
  "spacing_x": 1.0,
  "spacing_y": 0.800000011920929,
  "spacing_z": 0.800000011920929,
  "summary_bg_k": 15.610088141977776,
  "summary_bg_mad": 0.0,
  "summary_bg_mean": 1.0624917008425463,
  "summary_bg_median": 0.0,
  "summary_bg_n": 6469185.0,
  "summary_bg_p05": 0.0,
  "summary_bg_p95": 6.740255869925022,
  "summary_bg_stdv": 2.7636972086789715,
  "summary_csf_k": -0.6730800679249831,
  "summary_csf_mad": 145.45538867689532,
  "summary_csf_mean": 357.9755451287944,
  "summary_csf_median": 339.552600055933,
  "summary_csf_n": 606944.1566364648,
  "summary_csf_p05": 91.5307210162282,
  "summary_csf_p95": 651.5580674260855,
  "summary_csf_stdv": 178.77560556148092,
  "summary_gm_k": -0.1805408003394242,
  "summary_gm_mad": 80.81391325759137,
  "summary_gm_mean": 631.1743145782034,
  "summary_gm_median": 625.7692623585463,
  "summary_gm_n": 860361.615439991,
  "summary_gm_p05": 423.8220792412758,
  "summary_gm_p95": 858.91047988832,
  "summary_gm_stdv": 126.66508905942393,
  "summary_wm_k": -0.5970367130206768,
  "summary_wm_mad": 82.45529500834292,
  "summary_wm_mean": 906.7272962320815,
  "summary_wm_median": 947.9990792125463,
  "summary_wm_n": 759854.2283601356,
  "summary_wm_p05": 656.6702421680093,
  "summary_wm_p95": 1043.7628111615777,
  "summary_wm_stdv": 121.29987573248187,
  "tpm_overlap_csf": 0.20550489651043438,
  "tpm_overlap_gm": 0.5253066343859493,
  "tpm_overlap_wm": 0.5339077313922211,
  "wm2max": 0.7514764089024468
}