{
  "bids_meta": {
    "AcquisitionMatrixPE": 300,
    "AcquisitionNumber": 1,
    "AcquisitionTime": "16:52:5.300000",
    "BaseResolution": 320,
    "BodyPartExamined": "HEAD",
    "CoilString": "HC1-7;NC1_2",
    "ConsistencyInfo": "N4_VE11C_LATEST_20160120",
    "ConversionSoftware": "dcm2niix",
    "ConversionSoftwareVersion": "v1.0.20200427",
    "DeviceSerialNumber": "66072",
    "DwellTime": 2.1e-06,
    "EchoTime": 0.564,
    "EchoTrainLength": 282,
    "FlipAngle": 120,
    "ImageOrientationPatientDICOM": [
      0.0250192,
      0.974911,
      0.221185,
      0.048508,
      0.21981,
      -0.974336
    ],
    "ImageType": [
      "ORIGINAL",
      "PRIMARY",
      "M",
      "ND",
      "NORM"
    ],
    "ImagingFrequency": 123.232,
    "InPlanePhaseEncodingDirectionDICOM": "ROW",
    "InstitutionalDepartmentName": "Department",
    "MRAcquisitionType": "3D",
    "MagneticFieldStrength": 3,
    "Manufacturer": "Siemens",
    "ManufacturersModelName": "Prisma",
    "Modality": "MR",
    "ParallelReductionFactorInPlane": 2,
    "PartialFourier": 1,
    "PatientPosition": "HFS",
    "PercentPhaseFOV": 93.75,
    "PercentSampling": 100,
    "PhaseEncodingDirection": "i",
    "PhaseEncodingSteps": 295,
    "PhaseResolution": 1,
    "PixelBandwidth": 745,
    "ProcedureStepDescription": "Projets_PredictEye",
    "ProtocolName": "T2w_vNav_0p8mm",
    "PulseSequenceDetails": "%CustomerSeq%_tse_vfl_mgh_epinav_ABCD",
    "ReceiveCoilActiveElements": "HC1-7;NC1,2",
    "ReceiveCoilName": "HeadNeck_64",
    "ReconMatrixPE": 300,
    "RefLinesPE": 32,
    "RepetitionTime": 3.2,
    "SAR": 0.110648,
    "ScanOptions": "PFP",
    "ScanningSequence": "SE",
    "SequenceName": "spc_282ns",
    "SequenceVariant": "SK_SP",
    "SeriesDescription": "T2w_vNav_0p8mm",
    "SeriesNumber": 33,
    "ShimSetting": [
      -595,
      -10853,
      -638,
      -7,
      65,
      -214,
      19,
      23
    ],
    "SliceThickness": 1,
    "SoftwareVersions": "syngo_MR_E11",
    "StationName": "AWP66072",
    "TxRefAmp": 220.36,
    "WipMemBlock": "Prisma_epi_moco_navigator_ABCD_tse_vfl.prot",
    "dataset": "ds004158",
    "modality": "T2w",
    "session_id": "01",
    "subject_id": "07"
  },
  "cjv": 0.859456089548553,
  "cnr": 1.0015975133274555,
  "efc": 0.5021969689049769,
  "fber": 6205.39963182117,
  "fwhm_avg": 2.6386717399102673,
  "fwhm_x": 2.3220028030880835,
  "fwhm_y": 3.0218624549707402,
  "fwhm_z": 2.572149961671979,
  "icvs_csf": 0.2578962855215041,
  "icvs_gm": 0.3833138381422653,
  "icvs_wm": 0.3587898763362306,
  "inu_med": 0.9706733226776123,
  "inu_range": 0.32175028920173654,
  "provenance": {
    "md5sum": "ca2d29c070b36d41f48f36a37b4553a9",
    "settings": {
      "testing": false
    },
    "software": "mriqc",
    "version": "23.1.0",
    "warnings": {
      "large_rot_frame": true,
      "small_air_mask": false
    }
  },
  "qi_1": 0.0,
  "qi_2": 0.0025029567339951556,
  "rpve_csf": 9.077845807389725,
  "rpve_gm": 8.933181836625659,
  "rpve_wm": 8.982980118217505,
  "size_x": 208,
  "size_y": 300,
  "size_z": 320,
  "snr_csf": 1.6924986463540317,
  "snr_gm": 5.236015219212722,
  "snr_total": 3.811956387503249,
  "snr_wm": 4.507355296942993,
  "snrd_csf": 88.26180449459828,
  "snrd_gm": 81.09704156666501,
  "snrd_total": 76.63668825911444,
  "snrd_wm": 60.55121871608001,
  "spacing_x": 1.0000030994415283,
  "spacing_y": 0.800000011920929,
  "spacing_z": 0.800000011920929,
  "summary_bg_k": 69.08910573420707,
  "summary_bg_mad": 0.0,
  "summary_bg_mean": 6.612092430820555,
  "summary_bg_median": 0.0,
  "summary_bg_n": 6031336.0,
  "summary_bg_p05": 0.0,
  "summary_bg_p95": 32.71983575820923,
  "summary_bg_stdv": 13.487490223002807,
  "summary_csf_k": -1.3795951556636852,
  "summary_csf_mad": 1833.0318776637087,
  "summary_csf_mean": 1823.4493128568115,
  "summary_csf_median": 1817.0723305642605,
  "summary_csf_n": 559848.993560452,
  "summary_csf_p05": 38.52496790885925,
  "summary_csf_p95": 3562.4380855858326,
  "summary_csf_stdv": 1073.6024585037308,
  "summary_gm_k": 11.389401132575273,
  "summary_gm_mad": 168.61311263964538,
  "summary_gm_mean": 1652.8065387681945,
  "summary_gm_median": 1669.5692000091076,
  "summary_gm_n": 832109.1793462355,
  "summary_gm_p05": 1102.5793041586876,
  "summary_gm_p95": 2171.0534569323063,
  "summary_gm_stdv": 318.86236515649614,
  "summary_wm_k": 33.977651970000586,
  "summary_wm_mad": 194.92223520348796,
  "summary_wm_mean": 1299.5611967074144,
  "summary_wm_median": 1246.58616194129,
  "summary_wm_n": 778871.827332964,
  "summary_wm_p05": 929.7446878552437,
  "summary_wm_p95": 1761.593738079071,
  "summary_wm_stdv": 276.5669177522666,
  "tpm_overlap_csf": 0.23028828646280233,
  "tpm_overlap_gm": 0.5188132242574629,
  "tpm_overlap_wm": 0.5367148847743966,
  "wm2max": 0.3357079410197193
}