{
  "aor": 0.00033214859437751004,
  "aqi": 0.006943566847389558,
  "bids_meta": {
    "AcquisitionMatrixPE": 100,
    "AcquisitionNumber": 1,
    "AcquisitionTime": "13:28:23.967500",
    "BandwidthPerPixelPhaseEncode": 17.241,
    "BaseResolution": 100,
    "BodyPartExamined": "HEAD",
    "ConsistencyInfo": "N4_VE11C_LATEST_20160120",
    "ConversionSoftware": "dcm2niix",
    "ConversionSoftwareVersion": "v1.0.20200427",
    "DerivedVendorReportedEchoSpacing": 0.000580013,
    "DeviceSerialNumber": "66072",
    "DwellTime": 2.1e-06,
    "EchoTime": 0.0352,
    "EchoTrainLength": 100,
    "EffectiveEchoSpacing": 0.000580013,
    "FlipAngle": 56,
    "ImageComments": "Unaliased_MB6_PE3_LB_SENSE1",
    "ImageOrientationPatientDICOM": [
      0.998877,
      -0.0296209,
      -0.036976,
      0.0287736,
      0.999316,
      -0.0232426
    ],
    "ImageType": [
      "ORIGINAL",
      "PRIMARY",
      "M",
      "MB",
      "ND",
      "MOSAIC"
    ],
    "ImagingFrequency": 123.232,
    "InPlanePhaseEncodingDirectionDICOM": "COL",
    "InstitutionalDepartmentName": "Department",
    "MRAcquisitionType": "2D",
    "MagneticFieldStrength": 3,
    "Manufacturer": "Siemens",
    "ManufacturersModelName": "Prisma",
    "Modality": "MR",
    "MultibandAccelerationFactor": 6,
    "PartialFourier": 1,
    "PatientPosition": "HFS",
    "PercentPhaseFOV": 100,
    "PercentSampling": 100,
    "PhaseEncodingDirection": "j",
    "PhaseEncodingSteps": 100,
    "PhaseResolution": 1,
    "PixelBandwidth": 2380,
    "ProcedureStepDescription": "Projets_PredictEye",
    "ProtocolName": "task-rest_run2_bold",
    "PulseSequenceDetails": "%CustomerSeq%_cmrr_mbep2d_bold",
    "ReceiveCoilActiveElements": "HC1-6",
    "ReceiveCoilName": "HeadNeck_64",
    "ReconMatrixPE": 100,
    "RepetitionTime": 0.8,
    "SAR": 0.0985557,
    "ScanOptions": "FS_EXT",
    "ScanningSequence": "EP",
    "SequenceName": "epfid2d1_100",
    "SequenceVariant": "SK_SS",
    "SeriesDescription": "task-rest_run2_bold",
    "SeriesNumber": 13,
    "ShimSetting": [
      -596,
      -10785,
      -521,
      549,
      50,
      -18,
      -138,
      -19
    ],
    "SliceThickness": 2,
    "SliceTiming": [
      0.72,
      0.64,
      0.56,
      0.48,
      0.4,
      0.32,
      0.24,
      0.16,
      0.08,
      0,
      0.72,
      0.64,
      0.56,
      0.48,
      0.4,
      0.32,
      0.24,
      0.16,
      0.08,
      0,
      0.72,
      0.64,
      0.56,
      0.48,
      0.4,
      0.32,
      0.24,
      0.16,
      0.08,
      0,
      0.72,
      0.64,
      0.56,
      0.48,
      0.4,
      0.32,
      0.24,
      0.16,
      0.08,
      0,
      0.72,
      0.64,
      0.56,
      0.48,
      0.4,
      0.32,
      0.24,
      0.16,
      0.08,
      0,
      0.72,
      0.64,
      0.56,
      0.48,
      0.4,
      0.32,
      0.24,
      0.16,
      0.08,
      0
    ],
    "SoftwareVersions": "syngo_MR_E11",
    "SpacingBetweenSlices": 2,
    "StationName": "AWP66072",
    "TaskName": "rest",
    "TotalReadoutTime": 0.0574213,
    "TxRefAmp": 235.66,
    "WipMemBlock": "f8c2d984-9e67-4a65-8f52-0b4312e1fbf0||Sequence: R016 ve11c/master r/e634e98; Dec 19 2017 11:00:25 by eja",
    "dataset": "ds004158",
    "modality": "bold",
    "run_id": 2,
    "session_id": "01",
    "subject_id": "21",
    "task_id": "rest"
  },
  "dummy_trs": 2,
  "dvars_nstd": 43.30592759144869,
  "dvars_std": 1.0373669649496993,
  "dvars_vstd": 1.240231960623743,
  "efc": 0.5436758276019079,
  "fber": 9643.9765625,
  "fd_mean": 0.05375697941805087,
  "fd_num": 4,
  "fd_perc": 0.8032128514056225,
  "fwhm_avg": 3.2285850000000003,
  "fwhm_x": 2.96489,
  "fwhm_y": 3.435915,
  "fwhm_z": 3.28495,
  "gcor": 0.0273137,
  "gsr_x": -0.008685353212058544,
  "gsr_y": 0.057292331010103226,
  "provenance": {
    "md5sum": "fd2724372969ba697719a9abbce754ea",
    "settings": {
      "fd_thres": 0.2,
      "testing": false
    },
    "software": "mriqc",
    "version": "23.1.0"
  },
  "size_t": 498,
  "size_x": 100,
  "size_y": 100,
  "size_z": 60,
  "snr": 1.9281096877765156,
  "spacing_tr": 0.800000011920929,
  "spacing_x": 2.0,
  "spacing_y": 2.0,
  "spacing_z": 2.0,
  "summary_bg_k": 21.026779548628465,
  "summary_bg_mad": 79.81424327340518,
  "summary_bg_mean": 716.1617828876236,
  "summary_bg_median": 87.75048065185547,
  "summary_bg_n": 411051.0,
  "summary_bg_p05": 26.253063201904297,
  "summary_bg_p95": 3861.72314453125,
  "summary_bg_stdv": 1585.9278251863834,
  "summary_fg_k": 1.1659412849513782,
  "summary_fg_mad": 4073.834724436058,
  "summary_fg_mean": 9534.346317340238,
  "summary_fg_median": 8617.4267578125,
  "summary_fg_n": 188949.0,
  "summary_fg_p05": 4051.00341796875,
  "summary_fg_p95": 18111.4453125,
  "summary_fg_stdv": 4469.353589598543,
  "tsnr": 29.58751106262207
}