{
  "aor": 0.00026959919839679355,
  "aqi": 0.007209016973947896,
  "bids_meta": {
    "AcquisitionMatrixPE": 100,
    "AcquisitionNumber": 1,
    "AcquisitionTime": "13:20:39.415000",
    "BandwidthPerPixelPhaseEncode": 17.241,
    "BaseResolution": 100,
    "BodyPartExamined": "HEAD",
    "ConsistencyInfo": "N4_VE11C_LATEST_20160120",
    "ConversionSoftware": "dcm2niix",
    "ConversionSoftwareVersion": "v1.0.20200427",
    "DerivedVendorReportedEchoSpacing": 0.000580013,
    "DeviceSerialNumber": "66072",
    "DwellTime": 2.1e-06,
    "EchoTime": 0.0352,
    "EchoTrainLength": 100,
    "EffectiveEchoSpacing": 0.000580013,
    "FlipAngle": 56,
    "ImageComments": "Unaliased_MB6_PE3_LB_SENSE1",
    "ImageOrientationPatientDICOM": [
      0.998877,
      -0.0296209,
      -0.036976,
      0.0287736,
      0.999316,
      -0.0232426
    ],
    "ImageType": [
      "ORIGINAL",
      "PRIMARY",
      "M",
      "MB",
      "ND",
      "MOSAIC"
    ],
    "ImagingFrequency": 123.232,
    "InPlanePhaseEncodingDirectionDICOM": "COL",
    "InstitutionalDepartmentName": "Department",
    "MRAcquisitionType": "2D",
    "MagneticFieldStrength": 3,
    "Manufacturer": "Siemens",
    "ManufacturersModelName": "Prisma",
    "Modality": "MR",
    "MultibandAccelerationFactor": 6,
    "PartialFourier": 1,
    "PatientPosition": "HFS",
    "PercentPhaseFOV": 100,
    "PercentSampling": 100,
    "PhaseEncodingDirection": "j-",
    "PhaseEncodingSteps": 100,
    "PhaseResolution": 1,
    "PixelBandwidth": 2380,
    "ProcedureStepDescription": "Projets_PredictEye",
    "ProtocolName": "task-rest_run1_bold",
    "PulseSequenceDetails": "%CustomerSeq%_cmrr_mbep2d_bold",
    "ReceiveCoilActiveElements": "HC1-6",
    "ReceiveCoilName": "HeadNeck_64",
    "ReconMatrixPE": 100,
    "RepetitionTime": 0.8,
    "SAR": 0.0985557,
    "ScanOptions": "FS_EXT",
    "ScanningSequence": "EP",
    "SequenceName": "epfid2d1_100",
    "SequenceVariant": "SK_SS",
    "SeriesDescription": "task-rest_run1_bold",
    "SeriesNumber": 10,
    "ShimSetting": [
      -596,
      -10785,
      -521,
      549,
      50,
      -18,
      -138,
      -19
    ],
    "SliceThickness": 2,
    "SliceTiming": [
      0.72,
      0.64,
      0.56,
      0.48,
      0.4,
      0.32,
      0.24,
      0.16,
      0.08,
      0,
      0.72,
      0.64,
      0.56,
      0.48,
      0.4,
      0.32,
      0.24,
      0.16,
      0.08,
      0,
      0.72,
      0.64,
      0.56,
      0.48,
      0.4,
      0.32,
      0.24,
      0.16,
      0.08,
      0,
      0.72,
      0.64,
      0.56,
      0.48,
      0.4,
      0.32,
      0.24,
      0.16,
      0.08,
      0,
      0.72,
      0.64,
      0.56,
      0.48,
      0.4,
      0.32,
      0.24,
      0.16,
      0.08,
      0,
      0.72,
      0.64,
      0.56,
      0.48,
      0.4,
      0.32,
      0.24,
      0.16,
      0.08,
      0
    ],
    "SoftwareVersions": "syngo_MR_E11",
    "SpacingBetweenSlices": 2,
    "StationName": "AWP66072",
    "TaskName": "rest",
    "TotalReadoutTime": 0.0574213,
    "TxRefAmp": 235.66,
    "WipMemBlock": "7ff6baa2-76ec-4bc3-8ea0-2bc2fa4ea9ec||Sequence: R016 ve11c/master r/e634e98; Dec 19 2017 11:00:25 by eja",
    "dataset": "ds004158",
    "modality": "bold",
    "run_id": 1,
    "session_id": "01",
    "subject_id": "21",
    "task_id": "rest"
  },
  "dummy_trs": 1,
  "dvars_nstd": 43.84978794574299,
  "dvars_std": 1.024538276004017,
  "dvars_vstd": 0.9917946699196788,
  "efc": 0.5445377068057365,
  "fber": 9129.138671875,
  "fd_mean": 0.056950285019607326,
  "fd_num": 2,
  "fd_perc": 0.40080160320641284,
  "fwhm_avg": 3.287485,
  "fwhm_x": 3.016175,
  "fwhm_y": 3.49216,
  "fwhm_z": 3.35412,
  "gcor": 0.0169649,
  "gsr_x": -0.01163673959672451,
  "gsr_y": 0.05049782991409302,
  "provenance": {
    "md5sum": "b8a19d16703c47877b67fee0b5efe2a7",
    "settings": {
      "fd_thres": 0.2,
      "testing": false
    },
    "software": "mriqc",
    "version": "23.1.0"
  },
  "size_t": 499,
  "size_x": 100,
  "size_y": 100,
  "size_z": 60,
  "snr": 1.906915922498553,
  "spacing_tr": 0.800000011920929,
  "spacing_x": 2.0,
  "spacing_y": 2.0,
  "spacing_z": 2.0,
  "summary_bg_k": 21.795582157661922,
  "summary_bg_mad": 83.73360594054809,
  "summary_bg_mean": 658.2318223620632,
  "summary_bg_median": 88.71273422241211,
  "summary_bg_n": 407140.0,
  "summary_bg_p05": 21.95360565185547,
  "summary_bg_p95": 3518.984130859375,
  "summary_bg_stdv": 1406.8349803578237,
  "summary_fg_k": 1.8254834556064612,
  "summary_fg_mad": 3916.9974170948462,
  "summary_fg_mean": 9395.507162159121,
  "summary_fg_median": 8476.193359375,
  "summary_fg_n": 192860.0,
  "summary_fg_p05": 3985.3873291015625,
  "summary_fg_p95": 17806.369140625,
  "summary_fg_stdv": 4444.963348593774,
  "tsnr": 28.931961059570312
}