{
  "bids_meta": {
    "AcquisitionMatrixPE": 320,
    "AcquisitionNumber": 1,
    "AcquisitionTime": "16:50:51.297500",
    "BaseResolution": 320,
    "BodyPartExamined": "HEAD",
    "CoilString": "HC1-7;NC1_2",
    "ConsistencyInfo": "N4_VE11C_LATEST_20160120",
    "ConversionSoftware": "dcm2niix",
    "ConversionSoftwareVersion": "v1.0.20200427",
    "DeviceSerialNumber": "66072",
    "DwellTime": 7.4e-06,
    "EchoTime": 0.00228,
    "FlipAngle": 9,
    "ImageOrientationPatientDICOM": [
      -0.0284755,
      0.999564,
      -0.00784677,
      -0.0422898,
      -0.00904759,
      -0.999064
    ],
    "ImageType": [
      "ORIGINAL",
      "PRIMARY",
      "M",
      "NORM",
      "DIS3D",
      "DIS2D"
    ],
    "ImagingFrequency": 123.232,
    "InPlanePhaseEncodingDirectionDICOM": "ROW",
    "InstitutionalDepartmentName": "Department",
    "InversionTime": 0.9,
    "MRAcquisitionType": "3D",
    "MagneticFieldStrength": 3,
    "Manufacturer": "Siemens",
    "ManufacturersModelName": "Prisma",
    "Modality": "MR",
    "PartialFourier": 1,
    "PatientPosition": "HFS",
    "PercentPhaseFOV": 100,
    "PercentSampling": 100,
    "PhaseEncodingSteps": 320,
    "PhaseResolution": 1,
    "PixelBandwidth": 210,
    "ProcedureStepDescription": "Projets_PredictEye",
    "ProtocolName": "T1w_CS_0p8mm",
    "PulseSequenceDetails": "%CustomerSeq%_cstfl_wip925b",
    "ReceiveCoilActiveElements": "HC1-7;NC1,2",
    "ReceiveCoilName": "HeadNeck_64",
    "ReconMatrixPE": 320,
    "RefLinesPE": 32,
    "RepetitionTime": 2.3,
    "SAR": 0.0457358,
    "ScanOptions": "IR_WE",
    "ScanningSequence": "GR_IR",
    "SequenceName": "WIP_cmp3d1_16ns",
    "SequenceVariant": "SK_SP_MP",
    "SeriesDescription": "T1w_CS_0p8mm",
    "SeriesNumber": 38,
    "ShimSetting": [
      -601,
      -10818,
      -643,
      88,
      88,
      -368,
      -22,
      9
    ],
    "SliceThickness": 0.8,
    "SoftwareVersions": "syngo_MR_E11",
    "StationName": "AWP66072",
    "TxRefAmp": 241.191,
    "WipMemBlock": "WIP_Identifier: WIP#925B",
    "dataset": "ds004158",
    "modality": "T1w",
    "session_id": "01",
    "subject_id": "25"
  },
  "cjv": 0.4532814670151137,
  "cnr": 2.185826151760136,
  "efc": 0.6184364975339851,
  "fber": -1.0,
  "fwhm_avg": 5.155391589845345,
  "fwhm_x": 4.87416242736932,
  "fwhm_y": 5.541237417429128,
  "fwhm_z": 5.050774924737588,
  "icvs_csf": 0.26788668445076613,
  "icvs_gm": 0.39065703345054953,
  "icvs_wm": 0.34145628209868445,
  "inu_med": 0.5397867858409882,
  "inu_range": 0.2623393386602401,
  "provenance": {
    "md5sum": "91091034be5d37e414a5e7a17ecc96f7",
    "settings": {
      "testing": false
    },
    "software": "mriqc",
    "version": "23.1.0",
    "warnings": {
      "large_rot_frame": true,
      "small_air_mask": false
    }
  },
  "qi_1": 0.0,
  "qi_2": 0.001009471007348646,
  "rpve_csf": 6.626372568449451,
  "rpve_gm": 6.589402031840412,
  "rpve_wm": 6.689695192385261,
  "size_x": 240,
  "size_y": 320,
  "size_z": 320,
  "snr_csf": 2.1688948405438673,
  "snr_gm": 6.369126183090071,
  "snr_total": 7.938112441077897,
  "snr_wm": 15.276316299599754,
  "snrd_csf": 4.137927682017597,
  "snrd_gm": 6.547945266037959,
  "snrd_total": 6.742642052664728,
  "snrd_wm": 9.542053209938627,
  "spacing_x": 0.800000011920929,
  "spacing_y": 0.800000011920929,
  "spacing_z": 0.800000011920929,
  "summary_bg_k": 204.24240730637771,
  "summary_bg_mad": 0.0,
  "summary_bg_mean": 6.534730165443448,
  "summary_bg_median": 0.0,
  "summary_bg_n": 4827476.0,
  "summary_bg_p05": 0.0,
  "summary_bg_p95": 7.97387183830142,
  "summary_bg_stdv": 67.25984022550153,
  "summary_csf_k": -0.7548540862879918,
  "summary_csf_mad": 151.81121280389925,
  "summary_csf_mean": 422.87298075633254,
  "summary_csf_median": 424.8219985291362,
  "summary_csf_n": 977753.7170607531,
  "summary_csf_p05": 111.98729231208563,
  "summary_csf_p95": 728.6235731802881,
  "summary_csf_stdv": 195.87016085053043,
  "summary_gm_k": -0.6439596922713089,
  "summary_gm_mad": 87.1605756270663,
  "summary_gm_mean": 677.5481557282064,
  "summary_gm_median": 672.2474165670574,
  "summary_gm_n": 1425850.5133815336,
  "summary_gm_p05": 508.8271797038615,
  "summary_gm_p95": 854.028155375272,
  "summary_gm_stdv": 105.54778811200731,
  "summary_wm_k": -0.24449808587005206,
  "summary_wm_mad": 52.17419842340905,
  "summary_wm_mean": 967.4986936597729,
  "summary_wm_median": 979.638704739511,
  "summary_wm_n": 1246273.7732568888,
  "summary_wm_p05": 839.3750624768436,
  "summary_wm_p95": 1051.668366216123,
  "summary_wm_stdv": 64.12791490432878,
  "tpm_overlap_csf": 0.21375587314854078,
  "tpm_overlap_gm": 0.5018540179438117,
  "tpm_overlap_wm": 0.5191239189289528,
  "wm2max": 0.8391893935574936
}