{
  "bids_meta": {
    "AcquisitionMatrixPE": 320,
    "AcquisitionNumber": 1,
    "AcquisitionTime": "16:43:33.267500",
    "BaseResolution": 320,
    "BodyPartExamined": "HEAD",
    "CoilString": "HC1-7;NC1_2",
    "ConsistencyInfo": "N4_VE11C_LATEST_20160120",
    "ConversionSoftware": "dcm2niix",
    "ConversionSoftwareVersion": "v1.0.20200427",
    "DeviceSerialNumber": "66072",
    "DwellTime": 2.1e-06,
    "EchoTime": 0.564,
    "EchoTrainLength": 326,
    "FlipAngle": 120,
    "ImageOrientationPatientDICOM": [
      -0.0284755,
      0.999564,
      -0.00784677,
      -0.0422898,
      -0.00904759,
      -0.999064
    ],
    "ImageType": [
      "ORIGINAL",
      "PRIMARY",
      "M",
      "ND",
      "NORM"
    ],
    "ImagingFrequency": 123.232,
    "InPlanePhaseEncodingDirectionDICOM": "ROW",
    "InstitutionalDepartmentName": "Department",
    "MRAcquisitionType": "3D",
    "MagneticFieldStrength": 3,
    "Manufacturer": "Siemens",
    "ManufacturersModelName": "Prisma",
    "Modality": "MR",
    "ParallelReductionFactorInPlane": 2,
    "PartialFourier": 1,
    "PatientPosition": "HFS",
    "PercentPhaseFOV": 100,
    "PercentSampling": 100,
    "PhaseEncodingDirection": "i",
    "PhaseEncodingSteps": 287,
    "PhaseResolution": 1,
    "PixelBandwidth": 745,
    "ProcedureStepDescription": "Projets_PredictEye",
    "ProtocolName": "T2w_vNav_0p8mm",
    "PulseSequenceDetails": "%CustomerSeq%_tse_vfl_mgh_epinav_ABCD",
    "ReceiveCoilActiveElements": "HC1-7;NC1,2",
    "ReceiveCoilName": "HeadNeck_64",
    "ReconMatrixPE": 320,
    "RefLinesPE": 32,
    "RepetitionTime": 3.2,
    "SAR": 0.13304,
    "ScanOptions": "PFP",
    "ScanningSequence": "SE",
    "SequenceName": "spc_360ns",
    "SequenceVariant": "SK_SP",
    "SeriesDescription": "T2w_vNav_0p8mm",
    "SeriesNumber": 33,
    "ShimSetting": [
      -601,
      -10818,
      -643,
      88,
      88,
      -368,
      -22,
      9
    ],
    "SliceThickness": 0.8,
    "SoftwareVersions": "syngo_MR_E11",
    "StationName": "AWP66072",
    "TxRefAmp": 241.191,
    "WipMemBlock": "Prisma_epi_moco_navigator_ABCD_tse_vfl.prot",
    "dataset": "ds004158",
    "modality": "T2w",
    "session_id": "01",
    "subject_id": "25"
  },
  "cjv": 0.6851446878850356,
  "cnr": 1.275274166521876,
  "efc": 0.5892797192648156,
  "fber": 7355.489587041651,
  "fwhm_avg": 2.6354895219287733,
  "fwhm_x": 2.5002559618175555,
  "fwhm_y": 2.9295249563466763,
  "fwhm_z": 2.4766876476220876,
  "icvs_csf": 0.25515396563554177,
  "icvs_gm": 0.38542000167437096,
  "icvs_wm": 0.3594260326900873,
  "inu_med": 0.999108076095581,
  "inu_range": 0.3748056054115294,
  "provenance": {
    "md5sum": "56bb915e0d708ee368900b6bfee71655",
    "settings": {
      "testing": false
    },
    "software": "mriqc",
    "version": "23.1.0",
    "warnings": {
      "large_rot_frame": true,
      "small_air_mask": false
    }
  },
  "qi_1": 0.0,
  "qi_2": 0.0022176517618174465,
  "rpve_csf": 6.722171365005037,
  "rpve_gm": 6.638488548334569,
  "rpve_wm": 6.694681493740335,
  "size_x": 240,
  "size_y": 320,
  "size_z": 320,
  "snr_csf": 1.9564666075773216,
  "snr_gm": 5.788639561384979,
  "snr_total": 4.538652973942679,
  "snr_wm": 5.870852752865737,
  "snrd_csf": 10.104565236944843,
  "snrd_gm": 9.982865142391889,
  "snrd_total": 9.083252511633987,
  "snrd_wm": 7.162327155565228,
  "spacing_x": 0.800006091594696,
  "spacing_y": 0.800000011920929,
  "spacing_z": 0.7999999523162842,
  "summary_bg_k": 245.3947282139163,
  "summary_bg_mad": 0.0,
  "summary_bg_mean": 14.864466023037194,
  "summary_bg_median": 0.0,
  "summary_bg_n": 4966027.0,
  "summary_bg_p05": 0.0,
  "summary_bg_p95": 37.23545403778553,
  "summary_bg_stdv": 100.50855274384982,
  "summary_csf_k": -1.5449758858131741,
  "summary_csf_mad": 1382.1788123005674,
  "summary_csf_mean": 1477.0518932156735,
  "summary_csf_median": 1550.2042445987463,
  "summary_csf_n": 914067.904402608,
  "summary_csf_p05": 47.366467885673046,
  "summary_csf_p95": 2619.158810444176,
  "summary_csf_stdv": 792.3485075721085,
  "summary_gm_k": 2.869805334601721,
  "summary_gm_mad": 162.0772947286908,
  "summary_gm_mean": 1519.17563774995,
  "summary_gm_median": 1531.5334756225348,
  "summary_gm_n": 1380735.166580018,
  "summary_gm_p05": 1050.0185870826244,
  "summary_gm_p95": 1941.6538896113634,
  "summary_gm_stdv": 264.5756234730955,
  "summary_wm_k": 24.493449114717478,
  "summary_wm_mad": 134.395971223354,
  "summary_wm_mean": 1127.3127065519964,
  "summary_wm_median": 1098.8171878159046,
  "summary_wm_n": 1287613.9301634561,
  "summary_wm_p05": 870.5246035158634,
  "summary_wm_p95": 1469.0500499010086,
  "summary_wm_stdv": 187.16476249418665,
  "tpm_overlap_csf": 0.24279745374995676,
  "tpm_overlap_gm": 0.5151739657472855,
  "tpm_overlap_wm": 0.5452506245579225,
  "wm2max": 0.39477093914578343
}