{
  "bids_meta": {
    "AcquisitionMatrixPE": 320,
    "AcquisitionNumber": 1,
    "AcquisitionTime": "17:15:51.012500",
    "BaseResolution": 320,
    "BodyPartExamined": "HEAD",
    "CoilString": "HC1-7;NC1_2",
    "ConsistencyInfo": "N4_VE11C_LATEST_20160120",
    "ConversionSoftware": "dcm2niix",
    "ConversionSoftwareVersion": "v1.0.20200427",
    "DeviceSerialNumber": "66072",
    "DwellTime": 7.4e-06,
    "EchoTime": 0.00228,
    "FlipAngle": 9,
    "ImageOrientationPatientDICOM": [
      0.0261123,
      0.989973,
      0.138821,
      -0.00599933,
      0.139021,
      -0.990271
    ],
    "ImageType": [
      "ORIGINAL",
      "PRIMARY",
      "M",
      "NORM",
      "DIS3D",
      "DIS2D"
    ],
    "ImagingFrequency": 123.232,
    "InPlanePhaseEncodingDirectionDICOM": "ROW",
    "InstitutionalDepartmentName": "Department",
    "InversionTime": 0.9,
    "MRAcquisitionType": "3D",
    "MagneticFieldStrength": 3,
    "Manufacturer": "Siemens",
    "ManufacturersModelName": "Prisma",
    "Modality": "MR",
    "PartialFourier": 1,
    "PatientPosition": "HFS",
    "PercentPhaseFOV": 100,
    "PercentSampling": 100,
    "PhaseEncodingSteps": 320,
    "PhaseResolution": 1,
    "PixelBandwidth": 210,
    "ProcedureStepDescription": "Projets_PredictEye",
    "ProtocolName": "T1w_CS_0p8mm",
    "PulseSequenceDetails": "%CustomerSeq%_cstfl_wip925b",
    "ReceiveCoilActiveElements": "HC1-7;NC1,2",
    "ReceiveCoilName": "HeadNeck_64",
    "ReconMatrixPE": 320,
    "RefLinesPE": 32,
    "RepetitionTime": 2.3,
    "SAR": 0.0415242,
    "ScanOptions": "IR_WE",
    "ScanningSequence": "GR_IR",
    "SequenceName": "WIP_cmp3d1_16ns",
    "SequenceVariant": "SK_SP_MP",
    "SeriesDescription": "T1w_CS_0p8mm",
    "SeriesNumber": 34,
    "ShimSetting": [
      -604,
      -10814,
      -658,
      14,
      91,
      -282,
      -64,
      22
    ],
    "SliceThickness": 0.8,
    "SoftwareVersions": "syngo_MR_E11",
    "StationName": "AWP66072",
    "TxRefAmp": 222.332,
    "WipMemBlock": "WIP_Identifier: WIP#925B",
    "dataset": "ds004158",
    "modality": "T1w",
    "session_id": "01",
    "subject_id": "04"
  },
  "cjv": 0.46156345883085914,
  "cnr": 2.55035761667619,
  "efc": 0.5997834004015332,
  "fber": 21122.65859504132,
  "fwhm_avg": 4.830541594685988,
  "fwhm_x": 4.708762429833972,
  "fwhm_y": 5.061137424583175,
  "fwhm_z": 4.721724929640816,
  "icvs_csf": 0.26053886819575195,
  "icvs_gm": 0.4010186359127169,
  "icvs_wm": 0.3384424958915311,
  "inu_med": 0.615294873714447,
  "inu_range": 0.3083223938941955,
  "provenance": {
    "md5sum": "45fd720190f9d664e0c3db874652930a",
    "settings": {
      "testing": false
    },
    "software": "mriqc",
    "version": "23.1.0",
    "warnings": {
      "large_rot_frame": true,
      "small_air_mask": false
    }
  },
  "qi_1": 0.0,
  "qi_2": 0.004196112947399826,
  "rpve_csf": 8.124698358804268,
  "rpve_gm": 8.085946703490748,
  "rpve_wm": 8.181278122707141,
  "size_x": 240,
  "size_y": 320,
  "size_z": 320,
  "snr_csf": 2.228717735392762,
  "snr_gm": 7.448631713767922,
  "snr_total": 6.979871766967659,
  "snr_wm": 11.262265851742296,
  "snrd_csf": 74.95990720711885,
  "snrd_gm": 113.38532044006432,
  "snrd_total": 118.68920570946106,
  "snrd_wm": 167.7223894812,
  "spacing_x": 0.800000011920929,
  "spacing_y": 0.800000011920929,
  "spacing_z": 0.800000011920929,
  "summary_bg_k": 16.048607206605045,
  "summary_bg_mad": 0.0,
  "summary_bg_mean": 1.828196553489966,
  "summary_bg_median": 0.0,
  "summary_bg_n": 5254056.0,
  "summary_bg_p05": 0.0,
  "summary_bg_p95": 10.131994983181357,
  "summary_bg_stdv": 3.7787540156838704,
  "summary_csf_k": -0.6058971969260392,
  "summary_csf_mad": 137.99768071197778,
  "summary_csf_mean": 426.6993730138587,
  "summary_csf_median": 432.36042200401425,
  "summary_csf_n": 777964.3710983865,
  "summary_csf_p05": 104.79023557528853,
  "summary_csf_p95": 724.236240785569,
  "summary_csf_stdv": 193.9950211094858,
  "summary_gm_k": -0.5816941338881376,
  "summary_gm_mad": 74.87890131841671,
  "summary_gm_mean": 656.3969213789576,
  "summary_gm_median": 653.9939391743392,
  "summary_gm_n": 1197434.4290624978,
  "summary_gm_p05": 512.3938869629055,
  "summary_gm_p95": 803.5570577792823,
  "summary_gm_stdv": 87.80051037885734,
  "summary_wm_k": -0.49295938860785427,
  "summary_wm_mad": 69.77978595256134,
  "summary_wm_mean": 947.8524241715018,
  "summary_wm_median": 967.4041203819215,
  "summary_wm_n": 1010583.2012419719,
  "summary_wm_p05": 779.2650575749576,
  "summary_wm_p95": 1057.2597333826125,
  "summary_wm_stdv": 85.89778064913915,
  "tpm_overlap_csf": 0.2098636433713912,
  "tpm_overlap_gm": 0.511260005029456,
  "tpm_overlap_wm": 0.5235635917159559,
  "wm2max": 0.7222299329169558
}