{
  "bids_meta": {
    "AcquisitionMatrixPE": 320,
    "AcquisitionNumber": 1,
    "AcquisitionTime": "17:08:34.365000",
    "BaseResolution": 320,
    "BodyPartExamined": "HEAD",
    "CoilString": "HC1-7;NC1_2",
    "ConsistencyInfo": "N4_VE11C_LATEST_20160120",
    "ConversionSoftware": "dcm2niix",
    "ConversionSoftwareVersion": "v1.0.20200427",
    "DeviceSerialNumber": "66072",
    "DwellTime": 2.1e-06,
    "EchoTime": 0.564,
    "EchoTrainLength": 326,
    "FlipAngle": 120,
    "ImageOrientationPatientDICOM": [
      0.0261123,
      0.989973,
      0.138821,
      -0.00599933,
      0.139021,
      -0.990271
    ],
    "ImageType": [
      "ORIGINAL",
      "PRIMARY",
      "M",
      "ND",
      "NORM"
    ],
    "ImagingFrequency": 123.232,
    "InPlanePhaseEncodingDirectionDICOM": "ROW",
    "InstitutionalDepartmentName": "Department",
    "MRAcquisitionType": "3D",
    "MagneticFieldStrength": 3,
    "Manufacturer": "Siemens",
    "ManufacturersModelName": "Prisma",
    "Modality": "MR",
    "ParallelReductionFactorInPlane": 2,
    "PartialFourier": 1,
    "PatientPosition": "HFS",
    "PercentPhaseFOV": 100,
    "PercentSampling": 100,
    "PhaseEncodingDirection": "i",
    "PhaseEncodingSteps": 287,
    "PhaseResolution": 1,
    "PixelBandwidth": 745,
    "ProcedureStepDescription": "Projets_PredictEye",
    "ProtocolName": "T2w_vNav_0p8mm",
    "PulseSequenceDetails": "%CustomerSeq%_tse_vfl_mgh_epinav_ABCD",
    "ReceiveCoilActiveElements": "HC1-7;NC1,2",
    "ReceiveCoilName": "HeadNeck_64",
    "ReconMatrixPE": 320,
    "RefLinesPE": 32,
    "RepetitionTime": 3.2,
    "SAR": 0.120789,
    "ScanOptions": "PFP",
    "ScanningSequence": "SE",
    "SequenceName": "spc_360ns",
    "SequenceVariant": "SK_SP",
    "SeriesDescription": "T2w_vNav_0p8mm",
    "SeriesNumber": 33,
    "ShimSetting": [
      -604,
      -10814,
      -658,
      14,
      91,
      -282,
      -64,
      22
    ],
    "SliceThickness": 0.8,
    "SoftwareVersions": "syngo_MR_E11",
    "StationName": "AWP66072",
    "TxRefAmp": 222.332,
    "WipMemBlock": "Prisma_epi_moco_navigator_ABCD_tse_vfl.prot",
    "dataset": "ds004158",
    "modality": "T2w",
    "session_id": "01",
    "subject_id": "04"
  },
  "cjv": 0.6760327629883909,
  "cnr": 1.4538599624856232,
  "efc": 0.5741517994200027,
  "fber": 10109.388429752065,
  "fwhm_avg": 2.634641003648427,
  "fwhm_x": 2.511585591297371,
  "fwhm_y": 2.966874955790118,
  "fwhm_z": 2.4254624638577926,
  "icvs_csf": 0.2294414933181262,
  "icvs_gm": 0.41403066185098003,
  "icvs_wm": 0.3565278448308939,
  "inu_med": 0.9391863346099854,
  "inu_range": 0.34974405765533434,
  "provenance": {
    "md5sum": "f27565999c03f5abe7d547fae834dc95",
    "settings": {
      "testing": false
    },
    "software": "mriqc",
    "version": "23.1.0",
    "warnings": {
      "large_rot_frame": true,
      "small_air_mask": false
    }
  },
  "qi_1": 0.0,
  "qi_2": 0.002876015311556669,
  "rpve_csf": 8.285148662894521,
  "rpve_gm": 8.211003208507554,
  "rpve_wm": 8.244910884079239,
  "size_x": 240,
  "size_y": 320,
  "size_z": 320,
  "snr_csf": 1.6776495077211135,
  "snr_gm": 7.326018137106913,
  "snr_total": 4.8172556993034465,
  "snr_wm": 5.448099453082313,
  "snrd_csf": 48.825456568921496,
  "snrd_gm": 64.4330683042088,
  "snrd_total": 53.278033190464946,
  "snrd_wm": 46.57557469826453,
  "spacing_x": 0.8000006079673767,
  "spacing_y": 0.800000011920929,
  "spacing_z": 0.800000011920929,
  "summary_bg_k": 1085.2214058341183,
  "summary_bg_mad": 0.0,
  "summary_bg_mean": 7.402056220907639,
  "summary_bg_median": 0.0,
  "summary_bg_n": 5415000.0,
  "summary_bg_p05": 0.0,
  "summary_bg_p95": 33.79155082628131,
  "summary_bg_stdv": 15.957654346325757,
  "summary_csf_k": -1.0706528058794877,
  "summary_csf_mad": 1396.7175288335893,
  "summary_csf_mean": 1108.4366066664059,
  "summary_csf_median": 1189.2786894887686,
  "summary_csf_n": 669932.9089719225,
  "summary_csf_p05": 0.0,
  "summary_csf_p95": 2191.807338900864,
  "summary_csf_stdv": 708.8952706776266,
  "summary_gm_k": 1.1870927998480871,
  "summary_gm_mad": 149.75298476635575,
  "summary_gm_mean": 1566.5384646085656,
  "summary_gm_median": 1569.4451300092041,
  "summary_gm_n": 1208904.116191457,
  "summary_gm_p05": 1185.7386222593486,
  "summary_gm_p95": 1921.1071330979466,
  "summary_gm_stdv": 214.22885550074645,
  "summary_wm_k": 13.98077129139558,
  "summary_wm_mad": 144.299985776229,
  "summary_wm_mean": 1177.1837320147943,
  "summary_wm_median": 1134.4766097813845,
  "summary_wm_n": 1041004.9758780117,
  "summary_wm_p05": 899.6828001625836,
  "summary_wm_p95": 1557.307756651193,
  "summary_wm_stdv": 208.23336186429393,
  "tpm_overlap_csf": 0.23539999478110796,
  "tpm_overlap_gm": 0.5303894092684566,
  "tpm_overlap_wm": 0.5570871649097695,
  "wm2max": 0.4688936982775182
}