{
  "aor": 0.00020535211267605635,
  "aqi": 0.005198766680080484,
  "bids_meta": {
    "AcquisitionMatrixPE": 100,
    "AcquisitionNumber": 1,
    "AcquisitionTime": "09:26:6.602500",
    "BandwidthPerPixelPhaseEncode": 17.241,
    "BaseResolution": 100,
    "BodyPartExamined": "HEAD",
    "ConsistencyInfo": "N4_VE11C_LATEST_20160120",
    "ConversionSoftware": "dcm2niix",
    "ConversionSoftwareVersion": "v1.0.20200427",
    "DerivedVendorReportedEchoSpacing": 0.000580013,
    "DeviceSerialNumber": "66072",
    "DwellTime": 2.1e-06,
    "EchoTime": 0.0352,
    "EchoTrainLength": 100,
    "EffectiveEchoSpacing": 0.000580013,
    "FlipAngle": 56,
    "ImageComments": "Unaliased_MB6_PE3_LB_SENSE1",
    "ImageOrientationPatientDICOM": [
      0.99998,
      -0.00287567,
      0.00561896,
      0.0036651,
      0.989283,
      -0.145966
    ],
    "ImageType": [
      "ORIGINAL",
      "PRIMARY",
      "M",
      "MB",
      "ND",
      "MOSAIC"
    ],
    "ImagingFrequency": 123.232,
    "InPlanePhaseEncodingDirectionDICOM": "COL",
    "InstitutionalDepartmentName": "Department",
    "MRAcquisitionType": "2D",
    "MagneticFieldStrength": 3,
    "Manufacturer": "Siemens",
    "ManufacturersModelName": "Prisma",
    "Modality": "MR",
    "MultibandAccelerationFactor": 6,
    "PartialFourier": 1,
    "PatientPosition": "HFS",
    "PercentPhaseFOV": 100,
    "PercentSampling": 100,
    "PhaseEncodingDirection": "j",
    "PhaseEncodingSteps": 100,
    "PhaseResolution": 1,
    "PixelBandwidth": 2380,
    "ProcedureStepDescription": "Projets_PredictEye",
    "ProtocolName": "task-rest_run2_bold",
    "PulseSequenceDetails": "%CustomerSeq%_cmrr_mbep2d_bold",
    "ReceiveCoilActiveElements": "HC1-6",
    "ReceiveCoilName": "HeadNeck_64",
    "ReconMatrixPE": 100,
    "RepetitionTime": 0.8,
    "SAR": 0.0862428,
    "ScanOptions": "FS_EXT",
    "ScanningSequence": "EP",
    "SequenceName": "epfid2d1_100",
    "SequenceVariant": "SK_SS",
    "SeriesDescription": "task-rest_run2_bold",
    "SeriesNumber": 13,
    "ShimSetting": [
      -605,
      -10749,
      -543,
      533,
      11,
      106,
      47,
      -5
    ],
    "SliceThickness": 2,
    "SliceTiming": [
      0.72,
      0.64,
      0.56,
      0.48,
      0.4,
      0.32,
      0.24,
      0.16,
      0.08,
      0,
      0.72,
      0.64,
      0.56,
      0.48,
      0.4,
      0.32,
      0.24,
      0.16,
      0.08,
      0,
      0.72,
      0.64,
      0.56,
      0.48,
      0.4,
      0.32,
      0.24,
      0.16,
      0.08,
      0,
      0.72,
      0.64,
      0.56,
      0.48,
      0.4,
      0.32,
      0.24,
      0.16,
      0.08,
      0,
      0.72,
      0.64,
      0.56,
      0.48,
      0.4,
      0.32,
      0.24,
      0.16,
      0.08,
      0,
      0.72,
      0.64,
      0.56,
      0.48,
      0.4,
      0.32,
      0.24,
      0.16,
      0.08,
      0
    ],
    "SoftwareVersions": "syngo_MR_E11",
    "SpacingBetweenSlices": 2,
    "StationName": "AWP66072",
    "TaskName": "rest",
    "TotalReadoutTime": 0.0574213,
    "TxRefAmp": 257.045,
    "WipMemBlock": "2b3c1c37-75b1-4196-a8ff-56315cbbe32e||Sequence: R016 ve11c/master r/e634e98; Dec 19 2017 11:00:25 by eja",
    "dataset": "ds004158",
    "modality": "bold",
    "run_id": 2,
    "session_id": "01",
    "subject_id": "06",
    "task_id": "rest"
  },
  "dummy_trs": 3,
  "dvars_nstd": 45.947145723588754,
  "dvars_std": 1.0240944907459677,
  "dvars_vstd": 1.0006212038709685,
  "efc": 0.5163657084486737,
  "fber": 9821.7939453125,
  "fd_mean": 0.08237247335028113,
  "fd_num": 0,
  "fd_perc": 0.0,
  "fwhm_avg": 3.088783333333333,
  "fwhm_x": 2.7817,
  "fwhm_y": 3.338555,
  "fwhm_z": 3.146095,
  "gcor": 0.00433202,
  "gsr_x": -0.003176637925207615,
  "gsr_y": 0.05601940304040909,
  "provenance": {
    "md5sum": "925614c9ca8971cb64661277a5e5cc32",
    "settings": {
      "fd_thres": 0.2,
      "testing": false
    },
    "software": "mriqc",
    "version": "23.1.0"
  },
  "size_t": 497,
  "size_x": 100,
  "size_y": 100,
  "size_z": 60,
  "snr": 2.0441781471803178,
  "spacing_tr": 0.800000011920929,
  "spacing_x": 2.0,
  "spacing_y": 2.0,
  "spacing_z": 2.0,
  "summary_bg_k": 31.920037752337215,
  "summary_bg_mad": 65.5831871687567,
  "summary_bg_mean": 536.9679290822385,
  "summary_bg_median": 78.90876007080078,
  "summary_bg_n": 431568.0,
  "summary_bg_p05": 28.34612464904785,
  "summary_bg_p95": 2812.221435546875,
  "summary_bg_stdv": 1156.3623885071238,
  "summary_fg_k": 1.0635736420958217,
  "summary_fg_mad": 3550.357779261234,
  "summary_fg_mean": 8427.433212037811,
  "summary_fg_median": 7820.250244140625,
  "summary_fg_n": 168432.0,
  "summary_fg_p05": 3468.12548828125,
  "summary_fg_p95": 15596.0009765625,
  "summary_fg_stdv": 3825.609348203934,
  "tsnr": 30.818163871765137
}