{
  "aor": 0.0004088977955911823,
  "aqi": 0.005477472104208418,
  "bids_meta": {
    "AcquisitionMatrixPE": 100,
    "AcquisitionNumber": 1,
    "AcquisitionTime": "09:18:2.292500",
    "BandwidthPerPixelPhaseEncode": 17.241,
    "BaseResolution": 100,
    "BodyPartExamined": "HEAD",
    "ConsistencyInfo": "N4_VE11C_LATEST_20160120",
    "ConversionSoftware": "dcm2niix",
    "ConversionSoftwareVersion": "v1.0.20200427",
    "DerivedVendorReportedEchoSpacing": 0.000580013,
    "DeviceSerialNumber": "66072",
    "DwellTime": 2.1e-06,
    "EchoTime": 0.0352,
    "EchoTrainLength": 100,
    "EffectiveEchoSpacing": 0.000580013,
    "FlipAngle": 56,
    "ImageComments": "Unaliased_MB6_PE3_LB_SENSE1",
    "ImageOrientationPatientDICOM": [
      0.99998,
      -0.00287567,
      0.00561896,
      0.0036651,
      0.989283,
      -0.145966
    ],
    "ImageType": [
      "ORIGINAL",
      "PRIMARY",
      "M",
      "MB",
      "ND",
      "MOSAIC"
    ],
    "ImagingFrequency": 123.232,
    "InPlanePhaseEncodingDirectionDICOM": "COL",
    "InstitutionalDepartmentName": "Department",
    "MRAcquisitionType": "2D",
    "MagneticFieldStrength": 3,
    "Manufacturer": "Siemens",
    "ManufacturersModelName": "Prisma",
    "Modality": "MR",
    "MultibandAccelerationFactor": 6,
    "PartialFourier": 1,
    "PatientPosition": "HFS",
    "PercentPhaseFOV": 100,
    "PercentSampling": 100,
    "PhaseEncodingDirection": "j-",
    "PhaseEncodingSteps": 100,
    "PhaseResolution": 1,
    "PixelBandwidth": 2380,
    "ProcedureStepDescription": "Projets_PredictEye",
    "ProtocolName": "task-rest_run1_bold",
    "PulseSequenceDetails": "%CustomerSeq%_cmrr_mbep2d_bold",
    "ReceiveCoilActiveElements": "HC1-6",
    "ReceiveCoilName": "HeadNeck_64",
    "ReconMatrixPE": 100,
    "RepetitionTime": 0.8,
    "SAR": 0.0862428,
    "ScanOptions": "FS_EXT",
    "ScanningSequence": "EP",
    "SequenceName": "epfid2d1_100",
    "SequenceVariant": "SK_SS",
    "SeriesDescription": "task-rest_run1_bold",
    "SeriesNumber": 10,
    "ShimSetting": [
      -605,
      -10749,
      -543,
      533,
      11,
      106,
      47,
      -5
    ],
    "SliceThickness": 2,
    "SliceTiming": [
      0.72,
      0.64,
      0.56,
      0.48,
      0.4,
      0.32,
      0.24,
      0.16,
      0.08,
      0,
      0.72,
      0.64,
      0.56,
      0.48,
      0.4,
      0.32,
      0.24,
      0.16,
      0.08,
      0,
      0.72,
      0.64,
      0.56,
      0.48,
      0.4,
      0.32,
      0.24,
      0.16,
      0.08,
      0,
      0.72,
      0.64,
      0.56,
      0.48,
      0.4,
      0.32,
      0.24,
      0.16,
      0.08,
      0,
      0.72,
      0.64,
      0.56,
      0.48,
      0.4,
      0.32,
      0.24,
      0.16,
      0.08,
      0,
      0.72,
      0.64,
      0.56,
      0.48,
      0.4,
      0.32,
      0.24,
      0.16,
      0.08,
      0
    ],
    "SoftwareVersions": "syngo_MR_E11",
    "SpacingBetweenSlices": 2,
    "StationName": "AWP66072",
    "TaskName": "rest",
    "TotalReadoutTime": 0.0574213,
    "TxRefAmp": 257.045,
    "WipMemBlock": "4f4249aa-71de-4b32-95b9-fc930292c937||Sequence: R016 ve11c/master r/e634e98; Dec 19 2017 11:00:25 by eja",
    "dataset": "ds004158",
    "modality": "bold",
    "run_id": 1,
    "session_id": "01",
    "subject_id": "06",
    "task_id": "rest"
  },
  "dummy_trs": 1,
  "dvars_nstd": 45.293199753554234,
  "dvars_std": 1.031129487028112,
  "dvars_vstd": 1.0076270292168676,
  "efc": 0.5160961194942575,
  "fber": 9545.1748046875,
  "fd_mean": 0.08848538686253153,
  "fd_num": 1,
  "fd_perc": 0.20040080160320642,
  "fwhm_avg": 3.037193333333333,
  "fwhm_x": 2.778705,
  "fwhm_y": 3.251125,
  "fwhm_z": 3.08175,
  "gcor": 0.00349106,
  "gsr_x": -0.005457035731524229,
  "gsr_y": 0.05246567353606224,
  "provenance": {
    "md5sum": "67adca73c05c27fe2f1b043a5ca0f695",
    "settings": {
      "fd_thres": 0.2,
      "testing": false
    },
    "software": "mriqc",
    "version": "23.1.0"
  },
  "size_t": 499,
  "size_x": 100,
  "size_y": 100,
  "size_z": 60,
  "snr": 2.075891984272667,
  "spacing_tr": 0.800000011920929,
  "spacing_x": 2.0,
  "spacing_y": 2.0,
  "spacing_z": 2.0,
  "summary_bg_k": 26.920258520647664,
  "summary_bg_mad": 71.05442280625249,
  "summary_bg_mean": 518.2311027000077,
  "summary_bg_median": 80.35033416748047,
  "summary_bg_n": 430651.0,
  "summary_bg_p05": 23.887126922607422,
  "summary_bg_p95": 2687.74072265625,
  "summary_bg_stdv": 1130.4619051497625,
  "summary_fg_k": 1.5447624079643232,
  "summary_fg_mad": 3366.521981471752,
  "summary_fg_mean": 8432.901513466039,
  "summary_fg_median": 7850.18017578125,
  "summary_fg_n": 169349.0,
  "summary_fg_p05": 3484.843017578125,
  "summary_fg_p95": 15470.552734375,
  "summary_fg_stdv": 3781.5825956744125,
  "tsnr": 30.574771881103516
}