{
  "aor": 0.001085430861723447,
  "aqi": 0.007286570761523047,
  "bids_meta": {
    "AcquisitionMatrixPE": 100,
    "AcquisitionNumber": 1,
    "AcquisitionTime": "16:34:41.145000",
    "BandwidthPerPixelPhaseEncode": 17.241,
    "BaseResolution": 100,
    "BodyPartExamined": "HEAD",
    "ConsistencyInfo": "N4_VE11C_LATEST_20160120",
    "ConversionSoftware": "dcm2niix",
    "ConversionSoftwareVersion": "v1.0.20200427",
    "DerivedVendorReportedEchoSpacing": 0.000580013,
    "DeviceSerialNumber": "66072",
    "DwellTime": 2.1e-06,
    "EchoTime": 0.0352,
    "EchoTrainLength": 100,
    "EffectiveEchoSpacing": 0.000580013,
    "FlipAngle": 56,
    "ImageComments": "Unaliased_MB6_PE3_LB_SENSE1",
    "ImageOrientationPatientDICOM": [
      0.999604,
      -0.0265971,
      -0.00922107,
      0.0265247,
      0.999617,
      -0.00789042
    ],
    "ImageType": [
      "ORIGINAL",
      "PRIMARY",
      "M",
      "MB",
      "ND",
      "MOSAIC"
    ],
    "ImagingFrequency": 123.232,
    "InPlanePhaseEncodingDirectionDICOM": "COL",
    "InstitutionalDepartmentName": "Department",
    "MRAcquisitionType": "2D",
    "MagneticFieldStrength": 3,
    "Manufacturer": "Siemens",
    "ManufacturersModelName": "Prisma",
    "Modality": "MR",
    "MultibandAccelerationFactor": 6,
    "PartialFourier": 1,
    "PatientPosition": "HFS",
    "PercentPhaseFOV": 100,
    "PercentSampling": 100,
    "PhaseEncodingDirection": "j",
    "PhaseEncodingSteps": 100,
    "PhaseResolution": 1,
    "PixelBandwidth": 2380,
    "ProcedureStepDescription": "Projets_PredictEye",
    "ProtocolName": "task-rest_run2_bold",
    "PulseSequenceDetails": "%CustomerSeq%_cmrr_mbep2d_bold",
    "ReceiveCoilActiveElements": "HC1-6",
    "ReceiveCoilName": "HeadNeck_64",
    "ReconMatrixPE": 100,
    "RepetitionTime": 0.8,
    "SAR": 0.0819322,
    "ScanOptions": "FS_EXT",
    "ScanningSequence": "EP",
    "SequenceName": "epfid2d1_100",
    "SequenceVariant": "SK_SS",
    "SeriesDescription": "task-rest_run2_bold",
    "SeriesNumber": 13,
    "ShimSetting": [
      -610,
      -10761,
      -543,
      524,
      72,
      74,
      -144,
      -9
    ],
    "SliceThickness": 2,
    "SliceTiming": [
      0.72,
      0.64,
      0.56,
      0.48,
      0.4,
      0.32,
      0.24,
      0.16,
      0.08,
      0,
      0.72,
      0.64,
      0.56,
      0.48,
      0.4,
      0.32,
      0.24,
      0.16,
      0.08,
      0,
      0.72,
      0.64,
      0.56,
      0.48,
      0.4,
      0.32,
      0.24,
      0.16,
      0.08,
      0,
      0.72,
      0.64,
      0.56,
      0.48,
      0.4,
      0.32,
      0.24,
      0.16,
      0.08,
      0,
      0.72,
      0.64,
      0.56,
      0.48,
      0.4,
      0.32,
      0.24,
      0.16,
      0.08,
      0,
      0.72,
      0.64,
      0.56,
      0.48,
      0.4,
      0.32,
      0.24,
      0.16,
      0.08,
      0
    ],
    "SoftwareVersions": "syngo_MR_E11",
    "SpacingBetweenSlices": 2,
    "StationName": "AWP66072",
    "TaskName": "rest",
    "TotalReadoutTime": 0.0574213,
    "TxRefAmp": 222.332,
    "WipMemBlock": "0dfaddb2-e1e0-4f39-84c0-b705c93d4b0c||Sequence: R016 ve11c/master r/e634e98; Dec 19 2017 11:00:25 by eja",
    "dataset": "ds004158",
    "modality": "bold",
    "run_id": 2,
    "session_id": "01",
    "subject_id": "04",
    "task_id": "rest"
  },
  "dummy_trs": 1,
  "dvars_nstd": 41.320561136907635,
  "dvars_std": 1.0420873315863455,
  "dvars_vstd": 1.017958620602409,
  "efc": 0.5065123979927653,
  "fber": 14091.783203125,
  "fd_mean": 0.10618182308942341,
  "fd_num": 27,
  "fd_perc": 5.410821643286573,
  "fwhm_avg": 3.2460166666666663,
  "fwhm_x": 3.05515,
  "fwhm_y": 3.44201,
  "fwhm_z": 3.24089,
  "gcor": 0.026637,
  "gsr_x": -4.826413714908995e-05,
  "gsr_y": 0.03863239288330078,
  "provenance": {
    "md5sum": "fc60260753655edbb7861e0209964233",
    "settings": {
      "fd_thres": 0.2,
      "testing": false
    },
    "software": "mriqc",
    "version": "23.1.0"
  },
  "size_t": 499,
  "size_x": 100,
  "size_y": 100,
  "size_z": 60,
  "snr": 2.288627701957017,
  "spacing_tr": 0.800000011920929,
  "spacing_x": 2.0,
  "spacing_y": 2.0,
  "spacing_z": 2.0,
  "summary_bg_k": 20.135197591493156,
  "summary_bg_mad": 60.88829522529864,
  "summary_bg_mean": 507.2161806630705,
  "summary_bg_median": 74.4059829711914,
  "summary_bg_n": 438303.0,
  "summary_bg_p05": 27.49211883544922,
  "summary_bg_p95": 2788.07568359375,
  "summary_bg_stdv": 1106.475734717236,
  "summary_fg_k": 0.4061332346619646,
  "summary_fg_mad": 3893.556665222184,
  "summary_fg_mean": 9405.329579912803,
  "summary_fg_median": 8832.646484375,
  "summary_fg_n": 161697.0,
  "summary_fg_p05": 4230.79736328125,
  "summary_fg_p95": 16469.48828125,
  "summary_fg_stdv": 3859.3516824257545,
  "tsnr": 29.900243759155273
}