{
  "aor": 0.00032961770623742454,
  "aqi": 0.0050038817303822945,
  "bids_meta": {
    "AcquisitionMatrixPE": 100,
    "AcquisitionNumber": 1,
    "AcquisitionTime": "13:52:55.555000",
    "BandwidthPerPixelPhaseEncode": 17.241,
    "BaseResolution": 100,
    "BodyPartExamined": "HEAD",
    "ConsistencyInfo": "N4_VE11C_LATEST_20160120",
    "ConversionSoftware": "dcm2niix",
    "ConversionSoftwareVersion": "v1.0.20200427",
    "DerivedVendorReportedEchoSpacing": 0.000580013,
    "DeviceSerialNumber": "66072",
    "DwellTime": 2.1e-06,
    "EchoTime": 0.0352,
    "EchoTrainLength": 100,
    "EffectiveEchoSpacing": 0.000580013,
    "FlipAngle": 56,
    "ImageComments": "Unaliased_MB6_PE3_LB_SENSE1",
    "ImageOrientationPatientDICOM": [
      0.996785,
      -0.0340478,
      0.0725347,
      0.0384668,
      0.997431,
      -0.0604234
    ],
    "ImageType": [
      "ORIGINAL",
      "PRIMARY",
      "M",
      "MB",
      "ND",
      "MOSAIC"
    ],
    "ImagingFrequency": 123.232,
    "InPlanePhaseEncodingDirectionDICOM": "COL",
    "InstitutionalDepartmentName": "Department",
    "MRAcquisitionType": "2D",
    "MagneticFieldStrength": 3,
    "Manufacturer": "Siemens",
    "ManufacturersModelName": "Prisma",
    "Modality": "MR",
    "MultibandAccelerationFactor": 6,
    "PartialFourier": 1,
    "PatientPosition": "HFS",
    "PercentPhaseFOV": 100,
    "PercentSampling": 100,
    "PhaseEncodingDirection": "j",
    "PhaseEncodingSteps": 100,
    "PhaseResolution": 1,
    "PixelBandwidth": 2380,
    "ProcedureStepDescription": "Projets_PredictEye",
    "ProtocolName": "task-rest_run2_bold",
    "PulseSequenceDetails": "%CustomerSeq%_cmrr_mbep2d_bold",
    "ReceiveCoilActiveElements": "HC1-6",
    "ReceiveCoilName": "HeadNeck_64",
    "ReconMatrixPE": 100,
    "RepetitionTime": 0.8,
    "SAR": 0.0898956,
    "ScanOptions": "FS_EXT",
    "ScanningSequence": "EP",
    "SequenceName": "epfid2d1_100",
    "SequenceVariant": "SK_SS",
    "SeriesDescription": "task-rest_run2_bold",
    "SeriesNumber": 13,
    "ShimSetting": [
      -581,
      -10750,
      -450,
      567,
      140,
      168,
      -165,
      31
    ],
    "SliceThickness": 2,
    "SliceTiming": [
      0.72,
      0.64,
      0.56,
      0.48,
      0.4,
      0.32,
      0.24,
      0.16,
      0.08,
      0,
      0.72,
      0.64,
      0.56,
      0.48,
      0.4,
      0.32,
      0.24,
      0.16,
      0.08,
      0,
      0.72,
      0.64,
      0.56,
      0.48,
      0.4,
      0.32,
      0.24,
      0.16,
      0.08,
      0,
      0.72,
      0.64,
      0.56,
      0.48,
      0.4,
      0.32,
      0.24,
      0.16,
      0.08,
      0,
      0.72,
      0.64,
      0.56,
      0.48,
      0.4,
      0.32,
      0.24,
      0.16,
      0.08,
      0,
      0.72,
      0.64,
      0.56,
      0.48,
      0.4,
      0.32,
      0.24,
      0.16,
      0.08,
      0
    ],
    "SoftwareVersions": "syngo_MR_E11",
    "SpacingBetweenSlices": 2,
    "StationName": "AWP66072",
    "TaskName": "rest",
    "TotalReadoutTime": 0.0574213,
    "TxRefAmp": 222.435,
    "WipMemBlock": "63cf22bc-f757-48d5-8942-6960c1a71167||Sequence: R016 ve11c/master r/e634e98; Dec 19 2017 11:00:25 by eja",
    "dataset": "ds004158",
    "modality": "bold",
    "run_id": 2,
    "session_id": "01",
    "subject_id": "02",
    "task_id": "rest"
  },
  "dummy_trs": 3,
  "dvars_nstd": 42.07966126935485,
  "dvars_std": 1.0109873727419356,
  "dvars_vstd": 1.0000778564112909,
  "efc": 0.5213232076852965,
  "fber": 12252.9150390625,
  "fd_mean": 0.08520998935074119,
  "fd_num": 7,
  "fd_perc": 1.408450704225352,
  "fwhm_avg": 3.0858683333333334,
  "fwhm_x": 2.840485,
  "fwhm_y": 3.24871,
  "fwhm_z": 3.16841,
  "gcor": 0.00418497,
  "gsr_x": -0.008236047811806202,
  "gsr_y": 0.047328826040029526,
  "provenance": {
    "md5sum": "1352a9e56e9ceeb125d227746ae875dc",
    "settings": {
      "fd_thres": 0.2,
      "testing": false
    },
    "software": "mriqc",
    "version": "23.1.0"
  },
  "size_t": 497,
  "size_x": 100,
  "size_y": 100,
  "size_z": 60,
  "snr": 2.0452228820180007,
  "spacing_tr": 0.800000011920929,
  "spacing_x": 2.0,
  "spacing_y": 2.0,
  "spacing_z": 2.0,
  "summary_bg_k": 46.737784899647714,
  "summary_bg_mad": 58.57851607323837,
  "summary_bg_mean": 429.8599916964476,
  "summary_bg_median": 72.16312408447266,
  "summary_bg_n": 415595.0,
  "summary_bg_p05": 25.565866470336914,
  "summary_bg_p95": 2243.142822265625,
  "summary_bg_stdv": 984.1832290958517,
  "summary_fg_k": 1.8520648732446583,
  "summary_fg_mad": 3418.0880159572853,
  "summary_fg_mean": 8630.862500473619,
  "summary_fg_median": 7987.9443359375,
  "summary_fg_n": 184405.0,
  "summary_fg_p05": 3709.93310546875,
  "summary_fg_p95": 15998.8701171875,
  "summary_fg_stdv": 3905.6489869352204,
  "tsnr": 31.32206916809082
}