{
  "aor": 0.00029255533199195173,
  "aqi": 0.005487863400402415,
  "bids_meta": {
    "AcquisitionMatrixPE": 100,
    "AcquisitionNumber": 1,
    "AcquisitionTime": "09:39:56.502500",
    "BandwidthPerPixelPhaseEncode": 17.241,
    "BaseResolution": 100,
    "BodyPartExamined": "HEAD",
    "ConsistencyInfo": "N4_VE11C_LATEST_20160120",
    "ConversionSoftware": "dcm2niix",
    "ConversionSoftwareVersion": "v1.0.20200427",
    "DerivedVendorReportedEchoSpacing": 0.000580013,
    "DeviceSerialNumber": "66072",
    "DwellTime": 2.1e-06,
    "EchoTime": 0.0352,
    "EchoTrainLength": 100,
    "EffectiveEchoSpacing": 0.000580013,
    "FlipAngle": 56,
    "ImageComments": "Unaliased_MB6_PE3_LB_SENSE1",
    "ImageOrientationPatientDICOM": [
      0.999902,
      -0.00904205,
      0.0107032,
      0.00907507,
      0.999954,
      -0.00304051
    ],
    "ImageType": [
      "ORIGINAL",
      "PRIMARY",
      "M",
      "MB",
      "ND",
      "MOSAIC"
    ],
    "ImagingFrequency": 123.232,
    "InPlanePhaseEncodingDirectionDICOM": "COL",
    "InstitutionalDepartmentName": "Department",
    "MRAcquisitionType": "2D",
    "MagneticFieldStrength": 3,
    "Manufacturer": "Siemens",
    "ManufacturersModelName": "Prisma",
    "Modality": "MR",
    "MultibandAccelerationFactor": 6,
    "PartialFourier": 1,
    "PatientPosition": "HFS",
    "PercentPhaseFOV": 100,
    "PercentSampling": 100,
    "PhaseEncodingDirection": "j",
    "PhaseEncodingSteps": 100,
    "PhaseResolution": 1,
    "PixelBandwidth": 2380,
    "ProcedureStepDescription": "Projets_PredictEye",
    "ProtocolName": "task-rest_run2_bold",
    "PulseSequenceDetails": "%CustomerSeq%_cmrr_mbep2d_bold",
    "ReceiveCoilActiveElements": "HC1-6",
    "ReceiveCoilName": "HeadNeck_64",
    "ReconMatrixPE": 100,
    "RepetitionTime": 0.8,
    "SAR": 0.0941973,
    "ScanOptions": "FS_EXT",
    "ScanningSequence": "EP",
    "SequenceName": "epfid2d1_100",
    "SequenceVariant": "SK_SS",
    "SeriesDescription": "task-rest_run2_bold",
    "SeriesNumber": 13,
    "ShimSetting": [
      -592,
      -10764,
      -537,
      466,
      58,
      86,
      3,
      8
    ],
    "SliceThickness": 2,
    "SliceTiming": [
      0.72,
      0.64,
      0.56,
      0.48,
      0.4,
      0.32,
      0.24,
      0.16,
      0.08,
      0,
      0.72,
      0.64,
      0.56,
      0.48,
      0.4,
      0.32,
      0.24,
      0.16,
      0.08,
      0,
      0.72,
      0.64,
      0.56,
      0.48,
      0.4,
      0.32,
      0.24,
      0.16,
      0.08,
      0,
      0.72,
      0.64,
      0.56,
      0.48,
      0.4,
      0.32,
      0.24,
      0.16,
      0.08,
      0,
      0.72,
      0.64,
      0.56,
      0.48,
      0.4,
      0.32,
      0.24,
      0.16,
      0.08,
      0,
      0.72,
      0.64,
      0.56,
      0.48,
      0.4,
      0.32,
      0.24,
      0.16,
      0.08,
      0
    ],
    "SoftwareVersions": "syngo_MR_E11",
    "SpacingBetweenSlices": 2,
    "StationName": "AWP66072",
    "TaskName": "rest",
    "TotalReadoutTime": 0.0574213,
    "TxRefAmp": 243.133,
    "WipMemBlock": "9fd28220-1232-4e0b-97af-f25fd965fd85||Sequence: R016 ve11c/master r/e634e98; Dec 19 2017 11:00:25 by eja",
    "dataset": "ds004158",
    "modality": "bold",
    "run_id": 2,
    "session_id": "01",
    "subject_id": "22",
    "task_id": "rest"
  },
  "dummy_trs": 3,
  "dvars_nstd": 43.022149231975824,
  "dvars_std": 1.0179823384072577,
  "dvars_vstd": 1.0010523416733885,
  "efc": 0.5426155233469202,
  "fber": 9573.3271484375,
  "fd_mean": 0.08153529910806133,
  "fd_num": 0,
  "fd_perc": 0.0,
  "fwhm_avg": 3.146698333333333,
  "fwhm_x": 2.925535,
  "fwhm_y": 3.270805,
  "fwhm_z": 3.243755,
  "gcor": 0.00504308,
  "gsr_x": -0.010557105764746666,
  "gsr_y": 0.08462466299533844,
  "provenance": {
    "md5sum": "eb6e8217488dce70cdeb8058e99ced94",
    "settings": {
      "fd_thres": 0.2,
      "testing": false
    },
    "software": "mriqc",
    "version": "23.1.0"
  },
  "size_t": 497,
  "size_x": 100,
  "size_y": 100,
  "size_z": 60,
  "snr": 2.147752684734514,
  "spacing_tr": 0.800000011920929,
  "spacing_x": 2.0,
  "spacing_y": 2.0,
  "spacing_z": 2.0,
  "summary_bg_k": 21.733501387273613,
  "summary_bg_mad": 77.02314324730736,
  "summary_bg_mean": 724.6612565614204,
  "summary_bg_median": 84.1413459777832,
  "summary_bg_n": 422340.0,
  "summary_bg_p05": 23.962902069091797,
  "summary_bg_p95": 3860.23779296875,
  "summary_bg_stdv": 1616.8370665362538,
  "summary_fg_k": 0.3558095471272784,
  "summary_fg_mad": 3806.3118952195373,
  "summary_fg_mean": 8851.887802578713,
  "summary_fg_median": 8232.66064453125,
  "summary_fg_n": 177660.0,
  "summary_fg_p05": 3852.99658203125,
  "summary_fg_p95": 15914.8037109375,
  "summary_fg_stdv": 3833.1403486562494,
  "tsnr": 30.473029136657715
}