{
  "aor": 0.00016618473895582328,
  "aqi": 0.004850162088353414,
  "bids_meta": {
    "AcquisitionMatrixPE": 100,
    "AcquisitionNumber": 1,
    "AcquisitionTime": "09:32:6.060000",
    "BandwidthPerPixelPhaseEncode": 17.241,
    "BaseResolution": 100,
    "BodyPartExamined": "HEAD",
    "ConsistencyInfo": "N4_VE11C_LATEST_20160120",
    "ConversionSoftware": "dcm2niix",
    "ConversionSoftwareVersion": "v1.0.20200427",
    "DerivedVendorReportedEchoSpacing": 0.000580013,
    "DeviceSerialNumber": "66072",
    "DwellTime": 2.1e-06,
    "EchoTime": 0.0352,
    "EchoTrainLength": 100,
    "EffectiveEchoSpacing": 0.000580013,
    "FlipAngle": 56,
    "ImageComments": "Unaliased_MB6_PE3_LB_SENSE1",
    "ImageOrientationPatientDICOM": [
      0.999902,
      -0.00904205,
      0.0107032,
      0.00907507,
      0.999954,
      -0.00304051
    ],
    "ImageType": [
      "ORIGINAL",
      "PRIMARY",
      "M",
      "MB",
      "ND",
      "MOSAIC"
    ],
    "ImagingFrequency": 123.232,
    "InPlanePhaseEncodingDirectionDICOM": "COL",
    "InstitutionalDepartmentName": "Department",
    "MRAcquisitionType": "2D",
    "MagneticFieldStrength": 3,
    "Manufacturer": "Siemens",
    "ManufacturersModelName": "Prisma",
    "Modality": "MR",
    "MultibandAccelerationFactor": 6,
    "PartialFourier": 1,
    "PatientPosition": "HFS",
    "PercentPhaseFOV": 100,
    "PercentSampling": 100,
    "PhaseEncodingDirection": "j-",
    "PhaseEncodingSteps": 100,
    "PhaseResolution": 1,
    "PixelBandwidth": 2380,
    "ProcedureStepDescription": "Projets_PredictEye",
    "ProtocolName": "task-rest_run1_bold",
    "PulseSequenceDetails": "%CustomerSeq%_cmrr_mbep2d_bold",
    "ReceiveCoilActiveElements": "HC1-6",
    "ReceiveCoilName": "HeadNeck_64",
    "ReconMatrixPE": 100,
    "RepetitionTime": 0.8,
    "SAR": 0.0941973,
    "ScanOptions": "FS_EXT",
    "ScanningSequence": "EP",
    "SequenceName": "epfid2d1_100",
    "SequenceVariant": "SK_SS",
    "SeriesDescription": "task-rest_run1_bold",
    "SeriesNumber": 10,
    "ShimSetting": [
      -592,
      -10764,
      -537,
      466,
      58,
      86,
      3,
      8
    ],
    "SliceThickness": 2,
    "SliceTiming": [
      0.72,
      0.64,
      0.56,
      0.48,
      0.4,
      0.32,
      0.24,
      0.16,
      0.08,
      0,
      0.72,
      0.64,
      0.56,
      0.48,
      0.4,
      0.32,
      0.24,
      0.16,
      0.08,
      0,
      0.72,
      0.64,
      0.56,
      0.48,
      0.4,
      0.32,
      0.24,
      0.16,
      0.08,
      0,
      0.72,
      0.64,
      0.56,
      0.48,
      0.4,
      0.32,
      0.24,
      0.16,
      0.08,
      0,
      0.72,
      0.64,
      0.56,
      0.48,
      0.4,
      0.32,
      0.24,
      0.16,
      0.08,
      0,
      0.72,
      0.64,
      0.56,
      0.48,
      0.4,
      0.32,
      0.24,
      0.16,
      0.08,
      0
    ],
    "SoftwareVersions": "syngo_MR_E11",
    "SpacingBetweenSlices": 2,
    "StationName": "AWP66072",
    "TaskName": "rest",
    "TotalReadoutTime": 0.0574213,
    "TxRefAmp": 243.133,
    "WipMemBlock": "0156b942-5fb7-40c3-8d9b-6063f7ab7d81||Sequence: R016 ve11c/master r/e634e98; Dec 19 2017 11:00:25 by eja",
    "dataset": "ds004158",
    "modality": "bold",
    "run_id": 1,
    "session_id": "01",
    "subject_id": "22",
    "task_id": "rest"
  },
  "dummy_trs": 2,
  "dvars_nstd": 43.759907789798824,
  "dvars_std": 1.024068229356137,
  "dvars_vstd": 1.0024990992555336,
  "efc": 0.5429761281855954,
  "fber": 9278.0517578125,
  "fd_mean": 0.08277187903277386,
  "fd_num": 0,
  "fd_perc": 0.0,
  "fwhm_avg": 3.22523,
  "fwhm_x": 2.96503,
  "fwhm_y": 3.38688,
  "fwhm_z": 3.32378,
  "gcor": 0.00377053,
  "gsr_x": -0.015070234425365925,
  "gsr_y": 0.07151838392019272,
  "provenance": {
    "md5sum": "9274bc8baf4e8b1e3cddfedcff911d12",
    "settings": {
      "fd_thres": 0.2,
      "testing": false
    },
    "software": "mriqc",
    "version": "23.1.0"
  },
  "size_t": 498,
  "size_x": 100,
  "size_y": 100,
  "size_z": 60,
  "snr": 2.127873348845146,
  "spacing_tr": 0.800000011920929,
  "spacing_x": 2.0,
  "spacing_y": 2.0,
  "spacing_z": 2.0,
  "summary_bg_k": 21.289304322327773,
  "summary_bg_mad": 73.22672937787905,
  "summary_bg_mean": 706.9095936435929,
  "summary_bg_median": 84.73893737792969,
  "summary_bg_n": 422088.0,
  "summary_bg_p05": 29.155424118041992,
  "summary_bg_p95": 3707.41162109375,
  "summary_bg_stdv": 1524.7563115447729,
  "summary_fg_k": 0.7835406948622401,
  "summary_fg_mad": 3644.9808118669125,
  "summary_fg_mean": 8830.281637280685,
  "summary_fg_median": 8162.278564453125,
  "summary_fg_n": 177912.0,
  "summary_fg_p05": 3887.9697265625,
  "summary_fg_p95": 15985.798828125,
  "summary_fg_stdv": 3835.874738391417,
  "tsnr": 31.7988338470459
}