{
  "bids_meta": {
    "AcquisitionMatrixPE": 320,
    "AcquisitionNumber": 1,
    "AcquisitionTime": "10:00:37.970000",
    "BaseResolution": 320,
    "BodyPartExamined": "HEAD",
    "CoilString": "HC1-7;NC1_2",
    "ConsistencyInfo": "N4_VE11C_LATEST_20160120",
    "ConversionSoftware": "dcm2niix",
    "ConversionSoftwareVersion": "v1.0.20200427",
    "DeviceSerialNumber": "66072",
    "DwellTime": 2.1e-06,
    "EchoTime": 0.564,
    "EchoTrainLength": 326,
    "FlipAngle": 120,
    "ImageOrientationPatientDICOM": [
      0.000633488,
      0.990073,
      0.140554,
      0.00519613,
      0.140549,
      -0.99006
    ],
    "ImageType": [
      "ORIGINAL",
      "PRIMARY",
      "M",
      "ND",
      "NORM"
    ],
    "ImagingFrequency": 123.232,
    "InPlanePhaseEncodingDirectionDICOM": "ROW",
    "InstitutionalDepartmentName": "Department",
    "MRAcquisitionType": "3D",
    "MagneticFieldStrength": 3,
    "Manufacturer": "Siemens",
    "ManufacturersModelName": "Prisma",
    "Modality": "MR",
    "ParallelReductionFactorInPlane": 2,
    "PartialFourier": 1,
    "PatientPosition": "HFS",
    "PercentPhaseFOV": 100,
    "PercentSampling": 100,
    "PhaseEncodingDirection": "i",
    "PhaseEncodingSteps": 287,
    "PhaseResolution": 1,
    "PixelBandwidth": 745,
    "ProcedureStepDescription": "Projets_PredictEye",
    "ProtocolName": "T2w_vNav_0p8mm",
    "PulseSequenceDetails": "%CustomerSeq%_tse_vfl_mgh_epinav_ABCD",
    "ReceiveCoilActiveElements": "HC1-7;NC1,2",
    "ReceiveCoilName": "HeadNeck_64",
    "ReconMatrixPE": 320,
    "RefLinesPE": 32,
    "RepetitionTime": 3.2,
    "SAR": 0.127144,
    "ScanOptions": "PFP",
    "ScanningSequence": "SE",
    "SequenceName": "spc_360ns",
    "SequenceVariant": "SK_SP",
    "SeriesDescription": "T2w_vNav_0p8mm",
    "SeriesNumber": 33,
    "ShimSetting": [
      -612,
      -10805,
      -621,
      0,
      59,
      -308,
      100,
      -14
    ],
    "SliceThickness": 0.8,
    "SoftwareVersions": "syngo_MR_E11",
    "StationName": "AWP66072",
    "TxRefAmp": 257.045,
    "WipMemBlock": "Prisma_epi_moco_navigator_ABCD_tse_vfl.prot",
    "dataset": "ds004158",
    "modality": "T2w",
    "session_id": "01",
    "subject_id": "06"
  },
  "cjv": 0.828605956119238,
  "cnr": 1.005699008969087,
  "efc": 0.5833805785187316,
  "fber": 10053.249891409669,
  "fwhm_avg": 2.4953012781646167,
  "fwhm_x": 2.407403910169396,
  "fwhm_y": 2.7541874589594086,
  "fwhm_z": 2.3243124653650455,
  "icvs_csf": 0.2483354528020033,
  "icvs_gm": 0.3783372767905562,
  "icvs_wm": 0.3733272704074405,
  "inu_med": 0.9353802800178528,
  "inu_range": 0.3421590983867644,
  "provenance": {
    "md5sum": "027ce58ffa1ed3a3f17c06a67da6b3d8",
    "settings": {
      "testing": false
    },
    "software": "mriqc",
    "version": "23.1.0",
    "warnings": {
      "large_rot_frame": true,
      "small_air_mask": false
    }
  },
  "qi_1": 0.0,
  "qi_2": 0.0009427878732217424,
  "rpve_csf": 8.52704840264752,
  "rpve_gm": 8.431871653423231,
  "rpve_wm": 8.48379631784904,
  "size_x": 240,
  "size_y": 320,
  "size_z": 320,
  "snr_csf": 1.7562450204034903,
  "snr_gm": 4.68444564041656,
  "snr_total": 4.193874338451365,
  "snr_wm": 6.140932354534045,
  "snrd_csf": 14.937756725809496,
  "snrd_gm": 16.822162116142277,
  "snrd_total": 14.789982231233074,
  "snrd_wm": 12.610027851747443,
  "spacing_x": 0.7999987006187439,
  "spacing_y": 0.800000011920929,
  "spacing_z": 0.800000011920929,
  "summary_bg_k": 583.0586101766216,
  "summary_bg_mad": 0.0,
  "summary_bg_mean": 9.148617922570837,
  "summary_bg_median": 0.0,
  "summary_bg_n": 5397594.0,
  "summary_bg_p05": 0.0,
  "summary_bg_p95": 32.370580807328224,
  "summary_bg_stdv": 58.59072351672917,
  "summary_csf_k": -1.742841725648149,
  "summary_csf_mad": 1471.9247920818527,
  "summary_csf_mean": 1251.133472225728,
  "summary_csf_median": 1335.9263418763876,
  "summary_csf_n": 703228.1401993949,
  "summary_csf_p05": 26.197586327791214,
  "summary_csf_p95": 2430.5036556869745,
  "summary_csf_stdv": 760.6714191374011,
  "summary_gm_k": 0.9620947708874246,
  "summary_gm_mad": 159.90124245192104,
  "summary_gm_mean": 1517.5197017407718,
  "summary_gm_median": 1504.4541098624468,
  "summary_gm_n": 1071363.015322878,
  "summary_gm_p05": 999.2723014801741,
  "summary_gm_p95": 2120.2479494065046,
  "summary_gm_stdv": 321.1593266790382,
  "summary_wm_k": 13.510003657382509,
  "summary_wm_mad": 152.2372927206284,
  "summary_wm_mean": 1146.6357325873532,
  "summary_wm_median": 1127.7508857697248,
  "summary_wm_n": 1057175.844576885,
  "summary_wm_p05": 881.583910793066,
  "summary_wm_p95": 1461.0424007177353,
  "summary_wm_stdv": 183.64480949833285,
  "tpm_overlap_csf": 0.24256230591326913,
  "tpm_overlap_gm": 0.5251270510763416,
  "tpm_overlap_wm": 0.5494362086165274,
  "wm2max": 0.4342725726654298
}