{
  "bids_meta": {
    "AcquisitionMatrixPE": 320,
    "AcquisitionNumber": 1,
    "AcquisitionTime": "10:08:52.302500",
    "BaseResolution": 320,
    "BodyPartExamined": "HEAD",
    "CoilString": "HC1-7;NC1_2",
    "ConsistencyInfo": "N4_VE11C_LATEST_20160120",
    "ConversionSoftware": "dcm2niix",
    "ConversionSoftwareVersion": "v1.0.20200427",
    "DeviceSerialNumber": "66072",
    "DwellTime": 7.4e-06,
    "EchoTime": 0.00228,
    "FlipAngle": 9,
    "ImageOrientationPatientDICOM": [
      0.000633488,
      0.990073,
      0.140554,
      0.00519613,
      0.140549,
      -0.99006
    ],
    "ImageType": [
      "ORIGINAL",
      "PRIMARY",
      "M",
      "NORM",
      "DIS3D",
      "DIS2D"
    ],
    "ImagingFrequency": 123.232,
    "InPlanePhaseEncodingDirectionDICOM": "ROW",
    "InstitutionalDepartmentName": "Department",
    "InversionTime": 0.9,
    "MRAcquisitionType": "3D",
    "MagneticFieldStrength": 3,
    "Manufacturer": "Siemens",
    "ManufacturersModelName": "Prisma",
    "Modality": "MR",
    "PartialFourier": 1,
    "PatientPosition": "HFS",
    "PercentPhaseFOV": 100,
    "PercentSampling": 100,
    "PhaseEncodingSteps": 320,
    "PhaseResolution": 1,
    "PixelBandwidth": 210,
    "ProcedureStepDescription": "Projets_PredictEye",
    "ProtocolName": "T1w_CS_0p8mm",
    "PulseSequenceDetails": "%CustomerSeq%_cstfl_wip925b",
    "ReceiveCoilActiveElements": "HC1-7;NC1,2",
    "ReceiveCoilName": "HeadNeck_64",
    "ReconMatrixPE": 320,
    "RefLinesPE": 32,
    "RepetitionTime": 2.3,
    "SAR": 0.0437088,
    "ScanOptions": "IR_WE",
    "ScanningSequence": "GR_IR",
    "SequenceName": "WIP_cmp3d1_16ns",
    "SequenceVariant": "SK_SP_MP",
    "SeriesDescription": "T1w_CS_0p8mm",
    "SeriesNumber": 38,
    "ShimSetting": [
      -612,
      -10805,
      -621,
      0,
      59,
      -308,
      100,
      -14
    ],
    "SliceThickness": 0.8,
    "SoftwareVersions": "syngo_MR_E11",
    "StationName": "AWP66072",
    "TxRefAmp": 257.045,
    "WipMemBlock": "WIP_Identifier: WIP#925B",
    "dataset": "ds004158",
    "modality": "T1w",
    "session_id": "01",
    "subject_id": "06"
  },
  "cjv": 0.4703265184908701,
  "cnr": 2.3090499478023436,
  "efc": 0.5957233355093257,
  "fber": -1.0,
  "fwhm_avg": 5.131374923536555,
  "fwhm_x": 4.895687427048572,
  "fwhm_y": 5.489637418198027,
  "fwhm_z": 5.008799925363065,
  "icvs_csf": 0.27497976088491266,
  "icvs_gm": 0.38870966462819423,
  "icvs_wm": 0.3363105744868932,
  "inu_med": 0.5324270725250244,
  "inu_range": 0.21961643546819687,
  "provenance": {
    "md5sum": "b0c69bb3c35912cb7c8fa009ff67a87f",
    "settings": {
      "testing": false
    },
    "software": "mriqc",
    "version": "23.1.0",
    "warnings": {
      "large_rot_frame": true,
      "small_air_mask": false
    }
  },
  "qi_1": 0.0,
  "qi_2": 0.0016248435169908511,
  "rpve_csf": 8.42206293165858,
  "rpve_gm": 8.38077779454573,
  "rpve_wm": 8.467053701094958,
  "size_x": 240,
  "size_y": 320,
  "size_z": 320,
  "snr_csf": 1.9102762116149228,
  "snr_gm": 6.309087512990655,
  "snr_total": 7.469215186865093,
  "snr_wm": 14.188281835989704,
  "snrd_csf": 6.2832079322304795,
  "snrd_gm": 11.518751383943096,
  "snrd_total": 11.521684720979616,
  "snrd_wm": 16.763094846765274,
  "spacing_x": 0.800000011920929,
  "spacing_y": 0.800000011920929,
  "spacing_z": 0.800000011920929,
  "summary_bg_k": 469.74368840782864,
  "summary_bg_mad": 0.0,
  "summary_bg_mean": 3.048127223613323,
  "summary_bg_median": 0.0,
  "summary_bg_n": 5306548.0,
  "summary_bg_p05": 0.0,
  "summary_bg_p95": 6.962999068200588,
  "summary_bg_stdv": 38.1749732612893,
  "summary_csf_k": -0.7602539682285747,
  "summary_csf_mad": 161.13241134204506,
  "summary_csf_mean": 378.0990374035132,
  "summary_csf_median": 366.12420681864023,
  "summary_csf_n": 793859.9710818371,
  "summary_csf_p05": 85.09432582184672,
  "summary_csf_p95": 695.7061627134681,
  "summary_csf_stdv": 191.66022902603072,
  "summary_gm_k": -0.6347655133881878,
  "summary_gm_mad": 87.86858090566946,
  "summary_gm_mean": 673.4344034723144,
  "summary_gm_median": 671.200724132359,
  "summary_gm_n": 1122195.474052068,
  "summary_gm_p05": 498.07034032419324,
  "summary_gm_p95": 848.2444213703275,
  "summary_gm_stdv": 106.38629178836229,
  "summary_wm_k": -0.32939623885882163,
  "summary_wm_mad": 55.858168918176034,
  "summary_wm_mean": 962.635676560983,
  "summary_wm_median": 976.7900204472244,
  "summary_wm_n": 970920.5582167255,
  "summary_wm_p05": 824.1707966849208,
  "summary_wm_p95": 1051.1429756134748,
  "summary_wm_stdv": 68.84480649001229,
  "tpm_overlap_csf": 0.19504714124062233,
  "tpm_overlap_gm": 0.5092393665833076,
  "tpm_overlap_wm": 0.5407160579855089,
  "wm2max": 0.7221413036972006
}